STORAGE: NONE
STRATEGY: MIN
LOWEST_MATCHING: TRUE
COPY-LOCAL: TRUE
SPECIFIC-VERSION: FALSE
RESTRICTION: || (== net6.0) (== net6.0-windows7.0) (== net8.0) (== net8.0-windows7.0) (== netstandard2.0)
NUGET
  remote: https://api.nuget.org/v3/index.json
    akarnokd.reactive_extensions (0.0.27-alpha)
      System.Reactive (>= 4.1.6)
    Azure.Core (1.18)
      Microsoft.Bcl.AsyncInterfaces (>= 1.0)
      System.Buffers (>= 4.5.1)
      System.Diagnostics.DiagnosticSource (>= 4.6)
      System.Memory (>= 4.5.4)
      System.Memory.Data (>= 1.0.2)
      System.Numerics.Vectors (>= 4.5)
      System.Text.Encodings.Web (>= 4.7.2)
      System.Text.Json (>= 4.6)
      System.Threading.Tasks.Extensions (>= 4.5.2)
    Azure.Identity (1.3)
      Azure.Core (>= 1.6)
      Microsoft.Identity.Client (>= 4.22)
      Microsoft.Identity.Client.Extensions.Msal (>= 2.16.5)
      System.Memory (>= 4.5.3)
      System.Security.Cryptography.ProtectedData (>= 4.5)
      System.Text.Json (>= 4.6)
      System.Threading.Tasks.Extensions (>= 4.5.2)
    Castle.Core (4.4)
      NETStandard.Library (>= 1.6.1)
      System.Collections.Specialized (>= 4.3)
      System.ComponentModel (>= 4.3)
      System.ComponentModel.TypeConverter (>= 4.3)
      System.Diagnostics.TraceSource (>= 4.3)
      System.Dynamic.Runtime (>= 4.3)
      System.Reflection (>= 4.3)
      System.Reflection.Emit (>= 4.3)
      System.Reflection.TypeExtensions (>= 4.3)
      System.Xml.XmlDocument (>= 4.3)
    DevExpress.Data (24.1.7) - restriction: || (== net6.0) (== net6.0-windows7.0) (== net8.0) (== net8.0-windows7.0) (&& (== netstandard2.0) (>= net452)) (&& (== netstandard2.0) (>= net6.0)) (&& (== netstandard2.0) (>= net6.0-windows7.0))
      System.Drawing.Common (>= 4.7.2) - restriction: || (== net6.0) (== net6.0-windows7.0) (== net8.0) (== net8.0-windows7.0) (&& (== netstandard2.0) (>= net6.0))
    DevExpress.Xpo (24.1.7) - restriction: || (== net6.0) (== net6.0-windows7.0) (== net8.0) (== net8.0-windows7.0) (&& (== netstandard2.0) (>= net452)) (&& (== netstandard2.0) (>= net6.0)) (&& (== netstandard2.0) (>= net6.0-windows7.0))
      DevExpress.Data (24.1.7) - restriction: || (== net6.0) (== net6.0-windows7.0) (== net8.0) (== net8.0-windows7.0) (&& (== netstandard2.0) (>= net452)) (&& (== netstandard2.0) (>= net6.0))
      Microsoft.Extensions.DependencyInjection (>= 6.0) - restriction: || (== net6.0) (== net6.0-windows7.0) (== net8.0) (== net8.0-windows7.0) (&& (== netstandard2.0) (>= net6.0))
      System.Data.SqlClient (>= 4.8.6) - restriction: || (== net6.0) (== net6.0-windows7.0) (== net8.0) (== net8.0-windows7.0) (&& (== netstandard2.0) (>= net6.0))
      System.Drawing.Common (>= 4.7.2) - restriction: || (== net6.0) (== net6.0-windows7.0) (== net8.0) (== net8.0-windows7.0) (&& (== netstandard2.0) (>= net6.0))
      System.Formats.Asn1 (>= 6.0.1) - restriction: || (== net6.0) (== net6.0-windows7.0) (== net8.0) (== net8.0-windows7.0) (&& (== netstandard2.0) (>= net6.0))
      System.Security.Cryptography.Pkcs (>= 6.0.3) - restriction: || (== net6.0) (== net6.0-windows7.0) (== net8.0) (== net8.0-windows7.0) (&& (== netstandard2.0) (>= net6.0))
      System.ServiceModel.Http (>= 6.2) - restriction: || (== net6.0) (== net6.0-windows7.0) (== net8.0) (== net8.0-windows7.0) (&& (== netstandard2.0) (>= net6.0))
      System.ServiceModel.NetTcp (>= 6.2) - restriction: || (== net6.0) (== net6.0-windows7.0) (== net8.0) (== net8.0-windows7.0) (&& (== netstandard2.0) (>= net6.0))
    DevExtreme.AspNet.Data (4.0) - restriction: || (== net6.0) (== net6.0-windows7.0) (== net8.0) (== net8.0-windows7.0) (&& (== netstandard2.0) (>= net6.0))
    DiffEngine (6.4.9)
      EmptyFiles (>= 2.3.3)
      Microsoft.Windows.Compatibility (>= 5.0)
    EmptyFiles (2.3.3)
    Enums.NET (4.0)
      System.ComponentModel.Annotations (>= 4.6) - restriction: || (&& (== net6.0) (< netcoreapp3.0)) (&& (== net6.0) (< netstandard1.3)) (&& (== net6.0) (< netstandard2.0)) (&& (== net6.0) (< netstandard2.1)) (&& (== net6.0-windows7.0) (< netcoreapp3.0)) (&& (== net6.0-windows7.0) (< netstandard1.3)) (&& (== net6.0-windows7.0) (< netstandard2.0)) (&& (== net6.0-windows7.0) (< netstandard2.1)) (&& (== net8.0) (< netcoreapp3.0)) (&& (== net8.0) (< netstandard1.3)) (&& (== net8.0) (< netstandard2.0)) (&& (== net8.0) (< netstandard2.1)) (&& (== net8.0-windows7.0) (< netcoreapp3.0)) (&& (== net8.0-windows7.0) (< netstandard1.3)) (&& (== net8.0-windows7.0) (< netstandard2.0)) (&& (== net8.0-windows7.0) (< netstandard2.1)) (== netstandard2.0)
      System.Runtime.CompilerServices.Unsafe (>= 5.0) - restriction: || (&& (== net6.0) (>= net45)) (&& (== net6.0) (< netcoreapp3.0)) (&& (== net6.0) (< netstandard1.1)) (&& (== net6.0) (< netstandard1.3)) (&& (== net6.0) (< netstandard2.0)) (&& (== net6.0) (< netstandard2.1)) (&& (== net6.0-windows7.0) (>= net45)) (&& (== net6.0-windows7.0) (< netcoreapp3.0)) (&& (== net6.0-windows7.0) (< netstandard1.1)) (&& (== net6.0-windows7.0) (< netstandard1.3)) (&& (== net6.0-windows7.0) (< netstandard2.0)) (&& (== net6.0-windows7.0) (< netstandard2.1)) (&& (== net8.0) (>= net45)) (&& (== net8.0) (< netcoreapp3.0)) (&& (== net8.0) (< netstandard1.1)) (&& (== net8.0) (< netstandard1.3)) (&& (== net8.0) (< netstandard2.0)) (&& (== net8.0) (< netstandard2.1)) (&& (== net8.0-windows7.0) (>= net45)) (&& (== net8.0-windows7.0) (< netcoreapp3.0)) (&& (== net8.0-windows7.0) (< netstandard1.1)) (&& (== net8.0-windows7.0) (< netstandard1.3)) (&& (== net8.0-windows7.0) (< netstandard2.0)) (&& (== net8.0-windows7.0) (< netstandard2.1)) (== netstandard2.0)
    Fasterflect.Xpand (2.0.7)
      System.Reflection.Emit.Lightweight (>= 4.6)
    Google.Apis (1.55)
      Google.Apis.Core (>= 1.55)
    Google.Apis.Auth (1.55)
      Google.Apis (>= 1.55)
      Google.Apis.Core (>= 1.55)
    Google.Apis.Calendar.v3 (1.55.0.2410)
      Google.Apis (>= 1.55)
      Google.Apis.Auth (>= 1.55)
    Google.Apis.Core (1.55)
      Newtonsoft.Json (>= 13.0.1)
    Google.Apis.People.v1 (1.25.0.830)
      Google.Apis (>= 1.25)
      Google.Apis.Auth (>= 1.25)
    Google.Apis.Tasks.v1 (1.55.0.2384)
      Google.Apis (>= 1.55)
      Google.Apis.Auth (>= 1.55)
    Grpc (2.23)
      Grpc.Core (>= 2.23)
    Grpc.Core (2.25)
      Grpc.Core.Api (>= 2.25)
      System.Memory (>= 4.5.3)
    Grpc.Core.Api (2.25)
      System.Memory (>= 4.5.3)
    Hangfire.AspNetCore (1.7.35)
      Hangfire.Core (1.7.35)
      Microsoft.AspNetCore.Antiforgery (>= 2.0) - restriction: || (&& (== net6.0) (>= net461)) (&& (== net6.0) (< netcoreapp3.0)) (&& (== net6.0-windows7.0) (>= net461)) (&& (== net6.0-windows7.0) (< netcoreapp3.0)) (&& (== net8.0) (>= net461)) (&& (== net8.0) (< netcoreapp3.0)) (&& (== net8.0-windows7.0) (>= net461)) (&& (== net8.0-windows7.0) (< netcoreapp3.0)) (== netstandard2.0)
      Microsoft.AspNetCore.Hosting.Abstractions (>= 2.0) - restriction: || (&& (== net6.0) (>= net461)) (&& (== net6.0) (< netcoreapp3.0)) (&& (== net6.0-windows7.0) (>= net461)) (&& (== net6.0-windows7.0) (< netcoreapp3.0)) (&& (== net8.0) (>= net461)) (&& (== net8.0) (< netcoreapp3.0)) (&& (== net8.0-windows7.0) (>= net461)) (&& (== net8.0-windows7.0) (< netcoreapp3.0)) (== netstandard2.0)
      Microsoft.AspNetCore.Http.Abstractions (>= 2.0) - restriction: || (&& (== net6.0) (>= net461)) (&& (== net6.0) (< netcoreapp3.0)) (&& (== net6.0-windows7.0) (>= net461)) (&& (== net6.0-windows7.0) (< netcoreapp3.0)) (&& (== net8.0) (>= net461)) (&& (== net8.0) (< netcoreapp3.0)) (&& (== net8.0-windows7.0) (>= net461)) (&& (== net8.0-windows7.0) (< netcoreapp3.0)) (== netstandard2.0)
      Microsoft.Extensions.DependencyInjection.Abstractions (>= 2.0) - restriction: || (&& (== net6.0) (>= net461)) (&& (== net6.0) (< netcoreapp3.0)) (&& (== net6.0-windows7.0) (>= net461)) (&& (== net6.0-windows7.0) (< netcoreapp3.0)) (&& (== net8.0) (>= net461)) (&& (== net8.0) (< netcoreapp3.0)) (&& (== net8.0-windows7.0) (>= net461)) (&& (== net8.0-windows7.0) (< netcoreapp3.0)) (== netstandard2.0)
      Microsoft.Extensions.Logging.Abstractions (>= 2.0) - restriction: || (&& (== net6.0) (>= net461)) (&& (== net6.0) (< netcoreapp3.0)) (&& (== net6.0-windows7.0) (>= net461)) (&& (== net6.0-windows7.0) (< netcoreapp3.0)) (&& (== net8.0) (>= net461)) (&& (== net8.0) (< netcoreapp3.0)) (&& (== net8.0-windows7.0) (>= net461)) (&& (== net8.0-windows7.0) (< netcoreapp3.0)) (== netstandard2.0)
    Hangfire.Core (1.7.35)
      Newtonsoft.Json (>= 11.0.1)
    hangfire.memorystorage (1.8)
      Hangfire.Core (>= 1.7.35)
    Hangfire.SqlServer (1.7.35)
      Hangfire.Core (1.7.35)
      System.Data.SqlClient (>= 4.4)
    Humanizer.Core (2.2)
      NETStandard.Library (>= 1.6.1)
    MagicOnion (2.6.3)
      Grpc (>= 2.23)
      MessagePack (>= 1.7.3.7)
      System.Buffers (>= 4.5)
      System.Collections.Immutable (>= 1.5)
      System.Runtime.CompilerServices.Unsafe (>= 4.5.2)
      System.Threading.Tasks.Extensions (>= 4.5.3)
      System.Threading.Tasks.Parallel (>= 4.3)
    MessagePack (2.5.187)
      MessagePack.Annotations (>= 2.5.187)
      Microsoft.Bcl.AsyncInterfaces (>= 6.0) - restriction: || (&& (== net6.0) (>= net472)) (&& (== net6.0-windows7.0) (>= net472)) (&& (== net6.0-windows7.0) (< net6.0)) (&& (== net8.0) (>= net472)) (&& (== net8.0) (< net6.0)) (&& (== net8.0-windows7.0) (>= net472)) (&& (== net8.0-windows7.0) (< net6.0)) (== netstandard2.0)
      Microsoft.NET.StringTools (>= 17.6.3)
      System.Collections.Immutable (>= 6.0) - restriction: || (&& (== net6.0) (>= net472)) (&& (== net6.0-windows7.0) (>= net472)) (&& (== net6.0-windows7.0) (< net6.0)) (&& (== net8.0) (>= net472)) (&& (== net8.0) (< net6.0)) (&& (== net8.0-windows7.0) (>= net472)) (&& (== net8.0-windows7.0) (< net6.0)) (== netstandard2.0)
      System.Reflection.Emit (>= 4.7) - restriction: || (&& (== net6.0-windows7.0) (< net6.0)) (&& (== net8.0) (< net6.0)) (&& (== net8.0-windows7.0) (< net6.0)) (== netstandard2.0)
      System.Reflection.Emit.Lightweight (>= 4.7) - restriction: || (&& (== net6.0-windows7.0) (< net6.0)) (&& (== net8.0) (< net6.0)) (&& (== net8.0-windows7.0) (< net6.0)) (== netstandard2.0)
      System.Runtime.CompilerServices.Unsafe (>= 6.0) - restriction: || (&& (== net6.0) (>= net472)) (&& (== net6.0-windows7.0) (>= net472)) (&& (== net6.0-windows7.0) (< net6.0)) (&& (== net8.0) (>= net472)) (&& (== net8.0) (< net6.0)) (&& (== net8.0-windows7.0) (>= net472)) (&& (== net8.0-windows7.0) (< net6.0)) (== netstandard2.0)
      System.Threading.Tasks.Extensions (>= 4.5.4) - restriction: || (&& (== net6.0) (>= net472)) (&& (== net6.0-windows7.0) (>= net472)) (&& (== net6.0-windows7.0) (< net6.0)) (&& (== net8.0) (>= net472)) (&& (== net8.0) (< net6.0)) (&& (== net8.0-windows7.0) (>= net472)) (&& (== net8.0-windows7.0) (< net6.0)) (== netstandard2.0)
    MessagePack.Annotations (2.5.187)
    Microsoft.AspNetCore (2.2)
      Microsoft.AspNetCore.Diagnostics (>= 2.2)
      Microsoft.AspNetCore.HostFiltering (>= 2.2)
      Microsoft.AspNetCore.Hosting (>= 2.2)
      Microsoft.AspNetCore.Routing (>= 2.2)
      Microsoft.AspNetCore.Server.IIS (>= 2.2)
      Microsoft.AspNetCore.Server.IISIntegration (>= 2.2)
      Microsoft.AspNetCore.Server.Kestrel (>= 2.2)
      Microsoft.AspNetCore.Server.Kestrel.Https (>= 2.2)
      Microsoft.Extensions.Configuration.CommandLine (>= 2.2)
      Microsoft.Extensions.Configuration.EnvironmentVariables (>= 2.2)
      Microsoft.Extensions.Configuration.FileExtensions (>= 2.2)
      Microsoft.Extensions.Configuration.Json (>= 2.2)
      Microsoft.Extensions.Configuration.UserSecrets (>= 2.2)
      Microsoft.Extensions.Logging (>= 2.2)
      Microsoft.Extensions.Logging.Configuration (>= 2.2)
      Microsoft.Extensions.Logging.Console (>= 2.2)
      Microsoft.Extensions.Logging.Debug (>= 2.2)
      Microsoft.Extensions.Logging.EventSource (>= 2.2)
    Microsoft.AspNetCore.Antiforgery (2.0) - restriction: || (&& (== net6.0) (>= net461)) (&& (== net6.0) (< netcoreapp3.0)) (&& (== net6.0-windows7.0) (>= net461)) (&& (== net6.0-windows7.0) (< netcoreapp3.0)) (&& (== net8.0) (>= net461)) (&& (== net8.0) (< netcoreapp3.0)) (&& (== net8.0-windows7.0) (>= net461)) (&& (== net8.0-windows7.0) (< netcoreapp3.0)) (== netstandard2.0)
      Microsoft.AspNetCore.DataProtection (>= 2.0)
      Microsoft.AspNetCore.Http.Abstractions (>= 2.0)
      Microsoft.AspNetCore.Http.Extensions (>= 2.0)
      Microsoft.AspNetCore.WebUtilities (>= 2.0)
      Microsoft.Extensions.ObjectPool (>= 2.0)
    Microsoft.AspNetCore.Authentication.Abstractions (2.2)
      Microsoft.AspNetCore.Http.Abstractions (>= 2.2)
      Microsoft.Extensions.Logging.Abstractions (>= 2.2)
      Microsoft.Extensions.Options (>= 2.2)
    Microsoft.AspNetCore.Authentication.Core (2.2)
      Microsoft.AspNetCore.Authentication.Abstractions (>= 2.2)
      Microsoft.AspNetCore.Http (>= 2.2)
      Microsoft.AspNetCore.Http.Extensions (>= 2.2)
    Microsoft.AspNetCore.Authorization (6.0) - restriction: || (== net6.0) (== net6.0-windows7.0) (== net8.0) (== net8.0-windows7.0) (&& (== netstandard2.0) (>= net6.0))
      Microsoft.AspNetCore.Metadata (>= 6.0)
      Microsoft.Extensions.Logging.Abstractions (>= 6.0)
      Microsoft.Extensions.Options (>= 6.0)
    Microsoft.AspNetCore.Components (6.0)
      Microsoft.AspNetCore.Authorization (>= 6.0) - restriction: || (== net6.0) (== net6.0-windows7.0) (== net8.0) (== net8.0-windows7.0) (&& (== netstandard2.0) (>= net6.0))
      Microsoft.AspNetCore.Components.Analyzers (>= 6.0) - restriction: || (== net6.0) (== net6.0-windows7.0) (== net8.0) (== net8.0-windows7.0) (&& (== netstandard2.0) (>= net6.0))
    Microsoft.AspNetCore.Components.Analyzers (6.0) - restriction: || (== net6.0) (== net6.0-windows7.0) (== net8.0) (== net8.0-windows7.0) (&& (== netstandard2.0) (>= net6.0))
    Microsoft.AspNetCore.Connections.Abstractions (2.2)
      Microsoft.AspNetCore.Http.Features (>= 2.2)
      System.IO.Pipelines (>= 4.5.2)
    Microsoft.AspNetCore.Cryptography.Internal (6.0) - restriction: || (== net6.0) (== net6.0-windows7.0) (== net8.0) (== net8.0-windows7.0) (&& (== netstandard2.0) (>= net6.0))
    Microsoft.AspNetCore.DataProtection (6.0)
      Microsoft.AspNetCore.Cryptography.Internal (>= 6.0)
      Microsoft.AspNetCore.DataProtection.Abstractions (>= 6.0)
      Microsoft.Extensions.DependencyInjection.Abstractions (>= 6.0)
      Microsoft.Extensions.Hosting.Abstractions (>= 6.0)
      Microsoft.Extensions.Logging.Abstractions (>= 6.0)
      Microsoft.Extensions.Options (>= 6.0)
      System.Security.Cryptography.Xml (>= 6.0)
    Microsoft.AspNetCore.DataProtection.Abstractions (6.0) - restriction: || (== net6.0) (== net6.0-windows7.0) (== net8.0) (== net8.0-windows7.0) (&& (== netstandard2.0) (>= net6.0))
    Microsoft.AspNetCore.DataProtection.Extensions (6.0) - restriction: || (== net6.0) (== net6.0-windows7.0) (== net8.0) (== net8.0-windows7.0) (&& (== netstandard2.0) (>= net6.0))
      Microsoft.AspNetCore.DataProtection (>= 6.0)
      Microsoft.Extensions.DependencyInjection (>= 6.0)
    Microsoft.AspNetCore.Diagnostics (2.2)
      Microsoft.AspNetCore.Diagnostics.Abstractions (>= 2.2)
      Microsoft.AspNetCore.Hosting.Abstractions (>= 2.2)
      Microsoft.AspNetCore.Http.Extensions (>= 2.2)
      Microsoft.AspNetCore.WebUtilities (>= 2.2)
      Microsoft.Extensions.FileProviders.Physical (>= 2.2)
      Microsoft.Extensions.Logging.Abstractions (>= 2.2)
      Microsoft.Extensions.Options (>= 2.2)
      System.Diagnostics.DiagnosticSource (>= 4.5)
      System.Reflection.Metadata (>= 1.6)
    Microsoft.AspNetCore.Diagnostics.Abstractions (2.2)
    Microsoft.AspNetCore.HostFiltering (2.2)
      Microsoft.AspNetCore.Hosting.Abstractions (>= 2.2)
      Microsoft.AspNetCore.Http (>= 2.2)
      Microsoft.AspNetCore.Http.Extensions (>= 2.2)
      Microsoft.Extensions.Options (>= 2.2)
    Microsoft.AspNetCore.Hosting (2.2.7)
      Microsoft.AspNetCore.Hosting.Abstractions (>= 2.2)
      Microsoft.AspNetCore.Http (>= 2.2)
      Microsoft.AspNetCore.Http.Extensions (>= 2.2)
      Microsoft.Extensions.Configuration (>= 2.2)
      Microsoft.Extensions.Configuration.EnvironmentVariables (>= 2.2.4)
      Microsoft.Extensions.Configuration.FileExtensions (>= 2.2)
      Microsoft.Extensions.DependencyInjection (>= 2.2)
      Microsoft.Extensions.FileProviders.Physical (>= 2.2)
      Microsoft.Extensions.Hosting.Abstractions (>= 2.2)
      Microsoft.Extensions.Logging (>= 2.2)
      Microsoft.Extensions.Options (>= 2.2)
      System.Diagnostics.DiagnosticSource (>= 4.5.1)
      System.Reflection.Metadata (>= 1.6)
    Microsoft.AspNetCore.Hosting.Abstractions (2.2)
      Microsoft.AspNetCore.Hosting.Server.Abstractions (>= 2.2)
      Microsoft.AspNetCore.Http.Abstractions (>= 2.2)
      Microsoft.Extensions.Hosting.Abstractions (>= 2.2)
    Microsoft.AspNetCore.Hosting.Server.Abstractions (2.2)
      Microsoft.AspNetCore.Http.Features (>= 2.2)
      Microsoft.Extensions.Configuration.Abstractions (>= 2.2)
    Microsoft.AspNetCore.Html.Abstractions (2.2)
      System.Text.Encodings.Web (>= 4.5)
    Microsoft.AspNetCore.Http (2.2)
      Microsoft.AspNetCore.Http.Abstractions (>= 2.2)
      Microsoft.AspNetCore.WebUtilities (>= 2.2)
      Microsoft.Extensions.ObjectPool (>= 2.2)
      Microsoft.Extensions.Options (>= 2.2)
      Microsoft.Net.Http.Headers (>= 2.2)
    Microsoft.AspNetCore.Http.Abstractions (2.2)
      Microsoft.AspNetCore.Http.Features (>= 2.2)
      System.Text.Encodings.Web (>= 4.5)
    Microsoft.AspNetCore.Http.Extensions (2.2)
      Microsoft.AspNetCore.Http.Abstractions (>= 2.2)
      Microsoft.Extensions.FileProviders.Abstractions (>= 2.2)
      Microsoft.Net.Http.Headers (>= 2.2)
      System.Buffers (>= 4.5)
    Microsoft.AspNetCore.Http.Features (2.2)
      Microsoft.Extensions.Primitives (>= 2.2)
    Microsoft.AspNetCore.HttpOverrides (2.2)
      Microsoft.AspNetCore.Http.Extensions (>= 2.2)
      Microsoft.Extensions.Logging.Abstractions (>= 2.2)
      Microsoft.Extensions.Options (>= 2.2)
    Microsoft.AspNetCore.Metadata (6.0) - restriction: || (== net6.0) (== net6.0-windows7.0) (== net8.0) (== net8.0-windows7.0) (&& (== netstandard2.0) (>= net6.0))
    Microsoft.AspNetCore.Mvc.Razor.Extensions (5.0)
      Microsoft.AspNetCore.Razor.Language (>= 5.0)
      Microsoft.CodeAnalysis.Razor (>= 5.0)
    Microsoft.AspNetCore.Razor (2.2)
      Microsoft.AspNetCore.Html.Abstractions (>= 2.2)
    Microsoft.AspNetCore.Razor.Language (5.0)
    Microsoft.AspNetCore.Razor.Runtime (2.2)
      Microsoft.AspNetCore.Html.Abstractions (>= 2.2)
      Microsoft.AspNetCore.Razor (>= 2.2)
    Microsoft.AspNetCore.Routing (2.2)
      Microsoft.AspNetCore.Http.Extensions (>= 2.2)
      Microsoft.AspNetCore.Routing.Abstractions (>= 2.2)
      Microsoft.Extensions.Logging.Abstractions (>= 2.2)
      Microsoft.Extensions.ObjectPool (>= 2.2)
      Microsoft.Extensions.Options (>= 2.2)
    Microsoft.AspNetCore.Routing.Abstractions (2.2)
      Microsoft.AspNetCore.Http.Abstractions (>= 2.2)
    Microsoft.AspNetCore.Server.IIS (2.2)
      Microsoft.AspNetCore.Authentication.Core (>= 2.2)
      Microsoft.AspNetCore.Connections.Abstractions (>= 2.2)
      Microsoft.AspNetCore.Hosting.Abstractions (>= 2.2)
      System.IO.Pipelines (>= 4.5.2)
      System.Security.Principal.Windows (>= 4.5)
    Microsoft.AspNetCore.Server.IISIntegration (2.2)
      Microsoft.AspNetCore.Authentication.Core (>= 2.2)
      Microsoft.AspNetCore.Hosting.Abstractions (>= 2.2)
      Microsoft.AspNetCore.Http (>= 2.2)
      Microsoft.AspNetCore.Http.Extensions (>= 2.2)
      Microsoft.AspNetCore.HttpOverrides (>= 2.2)
      Microsoft.Extensions.Logging.Abstractions (>= 2.2)
      Microsoft.Extensions.Options (>= 2.2)
      System.Buffers (>= 4.5)
      System.IO.Pipelines (>= 4.5.2)
      System.Memory (>= 4.5.1)
      System.Numerics.Vectors (>= 4.5)
      System.Runtime.CompilerServices.Unsafe (>= 4.5.1)
      System.Security.Principal.Windows (>= 4.5)
    Microsoft.AspNetCore.Server.Kestrel (2.2)
      Microsoft.AspNetCore.Hosting (>= 2.2)
      Microsoft.AspNetCore.Server.Kestrel.Core (>= 2.2)
      Microsoft.AspNetCore.Server.Kestrel.Https (>= 2.2)
      Microsoft.AspNetCore.Server.Kestrel.Transport.Sockets (>= 2.2)
    Microsoft.AspNetCore.Server.Kestrel.Core (2.2)
      Microsoft.AspNetCore.Hosting.Abstractions (>= 2.2)
      Microsoft.AspNetCore.Http (>= 2.2)
      Microsoft.AspNetCore.Server.Kestrel.Transport.Abstractions (>= 2.2)
      Microsoft.AspNetCore.WebUtilities (>= 2.2)
      Microsoft.Extensions.Configuration.Binder (>= 2.2)
      Microsoft.Extensions.Logging.Abstractions (>= 2.2)
      Microsoft.Extensions.Options (>= 2.2)
      Microsoft.Net.Http.Headers (>= 2.2)
      System.Memory (>= 4.5.1)
      System.Numerics.Vectors (>= 4.5)
      System.Runtime.CompilerServices.Unsafe (>= 4.5.1)
      System.Security.Cryptography.Cng (>= 4.5)
      System.Threading.Tasks.Extensions (>= 4.5.1)
    Microsoft.AspNetCore.Server.Kestrel.Https (2.2)
      Microsoft.AspNetCore.Http.Abstractions (>= 2.2)
      Microsoft.AspNetCore.Server.Kestrel.Core (>= 2.2)
    Microsoft.AspNetCore.Server.Kestrel.Transport.Abstractions (2.2)
      Microsoft.AspNetCore.Connections.Abstractions (>= 2.2)
    Microsoft.AspNetCore.Server.Kestrel.Transport.Sockets (2.2)
      Microsoft.AspNetCore.Hosting.Abstractions (>= 2.2)
      Microsoft.AspNetCore.Server.Kestrel.Transport.Abstractions (>= 2.2)
      Microsoft.Extensions.Options (>= 2.2)
    Microsoft.AspNetCore.WebUtilities (2.2)
      Microsoft.Net.Http.Headers (>= 2.2)
      System.Text.Encodings.Web (>= 4.5)
    Microsoft.Bcl.AsyncInterfaces (8.0)
      System.Threading.Tasks.Extensions (>= 4.5.4) - restriction: || (&& (== net6.0) (>= net462)) (&& (== net6.0) (< netstandard2.1)) (&& (== net6.0-windows7.0) (>= net462)) (&& (== net6.0-windows7.0) (< netstandard2.1)) (&& (== net8.0) (>= net462)) (&& (== net8.0) (< netstandard2.1)) (&& (== net8.0-windows7.0) (>= net462)) (&& (== net8.0-windows7.0) (< netstandard2.1)) (== netstandard2.0)
    Microsoft.CodeAnalysis (4.2)
      Microsoft.CodeAnalysis.CSharp.Workspaces (4.2)
      Microsoft.CodeAnalysis.VisualBasic.Workspaces (4.2)
    Microsoft.CodeAnalysis.Analyzers (3.3.3)
    Microsoft.CodeAnalysis.Common (4.2)
      Microsoft.CodeAnalysis.Analyzers (>= 3.3.3)
      System.Collections.Immutable (>= 5.0)
      System.Memory (>= 4.5.4)
      System.Reflection.Metadata (>= 5.0)
      System.Runtime.CompilerServices.Unsafe (>= 6.0)
      System.Text.Encoding.CodePages (>= 6.0)
      System.Threading.Tasks.Extensions (>= 4.5.4)
    Microsoft.CodeAnalysis.CSharp (4.2)
      Microsoft.CodeAnalysis.Common (4.2)
    Microsoft.CodeAnalysis.CSharp.Workspaces (4.2)
      Humanizer.Core (>= 2.2)
      Microsoft.CodeAnalysis.Common (4.2)
      Microsoft.CodeAnalysis.CSharp (4.2)
      Microsoft.CodeAnalysis.Workspaces.Common (4.2)
    Microsoft.CodeAnalysis.Razor (5.0)
      Microsoft.AspNetCore.Razor.Language (>= 5.0)
      Microsoft.CodeAnalysis.Common (>= 3.7)
      Microsoft.CodeAnalysis.CSharp (>= 3.7)
    Microsoft.CodeAnalysis.VisualBasic (4.2)
      Microsoft.CodeAnalysis.Common (4.2)
    Microsoft.CodeAnalysis.VisualBasic.Workspaces (4.2)
      Microsoft.CodeAnalysis.Common (4.2)
      Microsoft.CodeAnalysis.VisualBasic (4.2)
      Microsoft.CodeAnalysis.Workspaces.Common (4.2)
    Microsoft.CodeAnalysis.Workspaces.Common (4.2)
      Humanizer.Core (>= 2.2)
      Microsoft.Bcl.AsyncInterfaces (>= 6.0)
      Microsoft.CodeAnalysis.Common (4.2)
      System.Composition (>= 6.0)
      System.IO.Pipelines (>= 6.0.1)
    Microsoft.CodeCoverage (17.0) - restriction: || (== net6.0) (== net6.0-windows7.0) (== net8.0) (== net8.0-windows7.0) (&& (== netstandard2.0) (>= net45)) (&& (== netstandard2.0) (>= netcoreapp1.0))
    Microsoft.CognitiveServices.Speech (1.23)
    Microsoft.CSharp (4.7)
    Microsoft.Data.SqlClient (4.1)
      Azure.Identity (>= 1.3)
      Microsoft.Data.SqlClient.SNI.runtime (>= 4.0)
      Microsoft.Identity.Client (>= 4.22)
      Microsoft.IdentityModel.JsonWebTokens (>= 6.8)
      Microsoft.IdentityModel.Protocols.OpenIdConnect (>= 6.8)
      Microsoft.Win32.Registry (>= 5.0)
      System.Buffers (>= 4.5.1)
      System.Configuration.ConfigurationManager (>= 5.0)
      System.Diagnostics.DiagnosticSource (>= 5.0) - restriction: || (== net6.0) (== net6.0-windows7.0) (== net8.0) (== net8.0-windows7.0) (&& (== netstandard2.0) (>= netcoreapp3.1))
      System.IO (>= 4.3)
      System.Resources.ResourceManager (>= 4.3)
      System.Runtime.Caching (>= 5.0)
      System.Runtime.Loader (>= 4.3) - restriction: || (&& (== net6.0) (< netcoreapp3.1)) (&& (== net6.0) (< netstandard2.1)) (&& (== net6.0-windows7.0) (< netcoreapp3.1)) (&& (== net6.0-windows7.0) (< netstandard2.1)) (&& (== net8.0) (< netcoreapp3.1)) (&& (== net8.0) (< netstandard2.1)) (&& (== net8.0-windows7.0) (< netcoreapp3.1)) (&& (== net8.0-windows7.0) (< netstandard2.1)) (== netstandard2.0)
      System.Security.Cryptography.Cng (>= 5.0)
      System.Security.Principal.Windows (>= 5.0)
      System.Text.Encoding.CodePages (>= 5.0)
      System.Text.Encodings.Web (>= 4.7.2)
    Microsoft.Data.SqlClient.SNI.runtime (4.0)
    Microsoft.Extensions.Caching.Abstractions (5.0)
      Microsoft.Extensions.Primitives (>= 5.0)
    Microsoft.Extensions.Caching.Memory (5.0)
      Microsoft.Extensions.Caching.Abstractions (>= 5.0)
      Microsoft.Extensions.DependencyInjection.Abstractions (>= 5.0)
      Microsoft.Extensions.Logging.Abstractions (>= 5.0)
      Microsoft.Extensions.Options (>= 5.0)
      Microsoft.Extensions.Primitives (>= 5.0)
    Microsoft.Extensions.Configuration (6.0)
      Microsoft.Extensions.Configuration.Abstractions (>= 6.0)
      Microsoft.Extensions.Primitives (>= 6.0)
    Microsoft.Extensions.Configuration.Abstractions (6.0)
      Microsoft.Extensions.Primitives (>= 6.0)
    Microsoft.Extensions.Configuration.Binder (6.0)
      Microsoft.Extensions.Configuration.Abstractions (>= 6.0)
    Microsoft.Extensions.Configuration.CommandLine (6.0)
      Microsoft.Extensions.Configuration (>= 6.0)
      Microsoft.Extensions.Configuration.Abstractions (>= 6.0)
    Microsoft.Extensions.Configuration.EnvironmentVariables (6.0)
      Microsoft.Extensions.Configuration (>= 6.0)
      Microsoft.Extensions.Configuration.Abstractions (>= 6.0)
    Microsoft.Extensions.Configuration.FileExtensions (6.0)
      Microsoft.Extensions.Configuration (>= 6.0)
      Microsoft.Extensions.Configuration.Abstractions (>= 6.0)
      Microsoft.Extensions.FileProviders.Abstractions (>= 6.0)
      Microsoft.Extensions.FileProviders.Physical (>= 6.0)
      Microsoft.Extensions.Primitives (>= 6.0)
    Microsoft.Extensions.Configuration.Json (6.0)
      Microsoft.Extensions.Configuration (>= 6.0)
      Microsoft.Extensions.Configuration.Abstractions (>= 6.0)
      Microsoft.Extensions.Configuration.FileExtensions (>= 6.0)
      Microsoft.Extensions.FileProviders.Abstractions (>= 6.0)
      System.Memory (>= 4.5.4) - restriction: || (&& (== net6.0) (>= net461)) (&& (== net6.0) (< netstandard2.1)) (&& (== net6.0-windows7.0) (>= net461)) (&& (== net6.0-windows7.0) (< netstandard2.1)) (&& (== net8.0) (>= net461)) (&& (== net8.0) (< netstandard2.1)) (&& (== net8.0-windows7.0) (>= net461)) (&& (== net8.0-windows7.0) (< netstandard2.1)) (== netstandard2.0)
      System.Text.Json (>= 6.0)
    Microsoft.Extensions.Configuration.UserSecrets (6.0)
      Microsoft.Extensions.Configuration.Abstractions (>= 6.0)
      Microsoft.Extensions.Configuration.Json (>= 6.0)
      Microsoft.Extensions.FileProviders.Abstractions (>= 6.0)
      Microsoft.Extensions.FileProviders.Physical (>= 6.0)
    Microsoft.Extensions.DependencyInjection (6.0.1)
      Microsoft.Bcl.AsyncInterfaces (>= 6.0) - restriction: || (&& (== net6.0) (>= net461)) (&& (== net6.0) (< netstandard2.1)) (&& (== net6.0-windows7.0) (>= net461)) (&& (== net6.0-windows7.0) (< netstandard2.1)) (&& (== net8.0) (>= net461)) (&& (== net8.0) (< netstandard2.1)) (&& (== net8.0-windows7.0) (>= net461)) (&& (== net8.0-windows7.0) (< netstandard2.1)) (== netstandard2.0)
      Microsoft.Extensions.DependencyInjection.Abstractions (>= 6.0)
      System.Runtime.CompilerServices.Unsafe (>= 6.0)
      System.Threading.Tasks.Extensions (>= 4.5.4) - restriction: || (&& (== net6.0) (>= net461)) (&& (== net6.0) (< netstandard2.1)) (&& (== net6.0-windows7.0) (>= net461)) (&& (== net6.0-windows7.0) (< netstandard2.1)) (&& (== net8.0) (>= net461)) (&& (== net8.0) (< netstandard2.1)) (&& (== net8.0-windows7.0) (>= net461)) (&& (== net8.0-windows7.0) (< netstandard2.1)) (== netstandard2.0)
    Microsoft.Extensions.DependencyInjection.Abstractions (6.0)
    Microsoft.Extensions.DependencyModel (6.0.1)
      System.Buffers (>= 4.5.1)
      System.Memory (>= 4.5.4)
      System.Runtime.CompilerServices.Unsafe (>= 6.0)
      System.Text.Encodings.Web (>= 6.0)
      System.Text.Json (>= 6.0.10)
    Microsoft.Extensions.FileProviders.Abstractions (6.0)
      Microsoft.Extensions.Primitives (>= 6.0)
    Microsoft.Extensions.FileProviders.Physical (6.0)
      Microsoft.Extensions.FileProviders.Abstractions (>= 6.0)
      Microsoft.Extensions.FileSystemGlobbing (>= 6.0)
      Microsoft.Extensions.Primitives (>= 6.0)
    Microsoft.Extensions.FileSystemGlobbing (6.0)
    Microsoft.Extensions.Hosting (6.0)
      Microsoft.Bcl.AsyncInterfaces (>= 6.0) - restriction: || (&& (== net6.0) (>= net461)) (&& (== net6.0) (< netstandard2.1)) (&& (== net6.0-windows7.0) (>= net461)) (&& (== net6.0-windows7.0) (< netstandard2.1)) (&& (== net8.0) (>= net461)) (&& (== net8.0) (< netstandard2.1)) (&& (== net8.0-windows7.0) (>= net461)) (&& (== net8.0-windows7.0) (< netstandard2.1)) (== netstandard2.0)
      Microsoft.Extensions.Configuration (>= 6.0)
      Microsoft.Extensions.Configuration.Abstractions (>= 6.0)
      Microsoft.Extensions.Configuration.Binder (>= 6.0)
      Microsoft.Extensions.Configuration.CommandLine (>= 6.0)
      Microsoft.Extensions.Configuration.EnvironmentVariables (>= 6.0)
      Microsoft.Extensions.Configuration.FileExtensions (>= 6.0)
      Microsoft.Extensions.Configuration.Json (>= 6.0)
      Microsoft.Extensions.Configuration.UserSecrets (>= 6.0)
      Microsoft.Extensions.DependencyInjection (>= 6.0)
      Microsoft.Extensions.DependencyInjection.Abstractions (>= 6.0)
      Microsoft.Extensions.FileProviders.Abstractions (>= 6.0)
      Microsoft.Extensions.FileProviders.Physical (>= 6.0)
      Microsoft.Extensions.Hosting.Abstractions (>= 6.0)
      Microsoft.Extensions.Logging (>= 6.0)
      Microsoft.Extensions.Logging.Abstractions (>= 6.0)
      Microsoft.Extensions.Logging.Configuration (>= 6.0)
      Microsoft.Extensions.Logging.Console (>= 6.0)
      Microsoft.Extensions.Logging.Debug (>= 6.0)
      Microsoft.Extensions.Logging.EventLog (>= 6.0)
      Microsoft.Extensions.Logging.EventSource (>= 6.0)
      Microsoft.Extensions.Options (>= 6.0)
      System.Runtime.CompilerServices.Unsafe (>= 6.0) - restriction: || (&& (== net6.0) (>= net461)) (&& (== net6.0) (< netstandard2.1)) (&& (== net6.0-windows7.0) (>= net461)) (&& (== net6.0-windows7.0) (< netstandard2.1)) (&& (== net8.0) (>= net461)) (&& (== net8.0) (< netstandard2.1)) (&& (== net8.0-windows7.0) (>= net461)) (&& (== net8.0-windows7.0) (< netstandard2.1)) (== netstandard2.0)
      System.Threading.Tasks.Extensions (>= 4.5.4) - restriction: || (&& (== net6.0) (>= net461)) (&& (== net6.0) (< netstandard2.1)) (&& (== net6.0-windows7.0) (>= net461)) (&& (== net6.0-windows7.0) (< netstandard2.1)) (&& (== net8.0) (>= net461)) (&& (== net8.0) (< netstandard2.1)) (&& (== net8.0-windows7.0) (>= net461)) (&& (== net8.0-windows7.0) (< netstandard2.1)) (== netstandard2.0)
    Microsoft.Extensions.Hosting.Abstractions (6.0)
      Microsoft.Bcl.AsyncInterfaces (>= 6.0) - restriction: || (&& (== net6.0) (>= net461)) (&& (== net6.0) (< netstandard2.1)) (&& (== net6.0-windows7.0) (>= net461)) (&& (== net6.0-windows7.0) (< netstandard2.1)) (&& (== net8.0) (>= net461)) (&& (== net8.0) (< netstandard2.1)) (&& (== net8.0-windows7.0) (>= net461)) (&& (== net8.0-windows7.0) (< netstandard2.1)) (== netstandard2.0)
      Microsoft.Extensions.Configuration.Abstractions (>= 6.0)
      Microsoft.Extensions.DependencyInjection.Abstractions (>= 6.0)
      Microsoft.Extensions.FileProviders.Abstractions (>= 6.0)
      System.Runtime.CompilerServices.Unsafe (>= 6.0) - restriction: || (&& (== net6.0) (>= net461)) (&& (== net6.0) (< netstandard2.1)) (&& (== net6.0-windows7.0) (>= net461)) (&& (== net6.0-windows7.0) (< netstandard2.1)) (&& (== net8.0) (>= net461)) (&& (== net8.0) (< netstandard2.1)) (&& (== net8.0-windows7.0) (>= net461)) (&& (== net8.0-windows7.0) (< netstandard2.1)) (== netstandard2.0)
      System.Threading.Tasks.Extensions (>= 4.5.4) - restriction: || (&& (== net6.0) (>= net461)) (&& (== net6.0) (< netstandard2.1)) (&& (== net6.0-windows7.0) (>= net461)) (&& (== net6.0-windows7.0) (< netstandard2.1)) (&& (== net8.0) (>= net461)) (&& (== net8.0) (< netstandard2.1)) (&& (== net8.0-windows7.0) (>= net461)) (&& (== net8.0-windows7.0) (< netstandard2.1)) (== netstandard2.0)
    Microsoft.Extensions.Logging (6.0)
      Microsoft.Bcl.AsyncInterfaces (>= 6.0) - restriction: || (&& (== net6.0) (>= net461)) (&& (== net6.0) (< netstandard2.1)) (&& (== net6.0-windows7.0) (>= net461)) (&& (== net6.0-windows7.0) (< netstandard2.1)) (&& (== net8.0) (>= net461)) (&& (== net8.0) (< netstandard2.1)) (&& (== net8.0-windows7.0) (>= net461)) (&& (== net8.0-windows7.0) (< netstandard2.1)) (== netstandard2.0)
      Microsoft.Extensions.DependencyInjection (>= 6.0)
      Microsoft.Extensions.DependencyInjection.Abstractions (>= 6.0)
      Microsoft.Extensions.Logging.Abstractions (>= 6.0)
      Microsoft.Extensions.Options (>= 6.0)
      System.Diagnostics.DiagnosticSource (>= 6.0)
    Microsoft.Extensions.Logging.Abstractions (6.0.4)
    Microsoft.Extensions.Logging.Configuration (6.0)
      Microsoft.Extensions.Configuration (>= 6.0)
      Microsoft.Extensions.Configuration.Abstractions (>= 6.0)
      Microsoft.Extensions.Configuration.Binder (>= 6.0)
      Microsoft.Extensions.DependencyInjection.Abstractions (>= 6.0)
      Microsoft.Extensions.Logging (>= 6.0)
      Microsoft.Extensions.Logging.Abstractions (>= 6.0)
      Microsoft.Extensions.Options (>= 6.0)
      Microsoft.Extensions.Options.ConfigurationExtensions (>= 6.0)
    Microsoft.Extensions.Logging.Console (6.0)
      Microsoft.Bcl.AsyncInterfaces (>= 6.0) - restriction: || (&& (== net6.0) (>= net461)) (&& (== net6.0) (< netcoreapp3.1)) (&& (== net6.0-windows7.0) (>= net461)) (&& (== net6.0-windows7.0) (< netcoreapp3.1)) (&& (== net8.0) (>= net461)) (&& (== net8.0) (< netcoreapp3.1)) (&& (== net8.0-windows7.0) (>= net461)) (&& (== net8.0-windows7.0) (< netcoreapp3.1)) (== netstandard2.0)
      Microsoft.Extensions.DependencyInjection.Abstractions (>= 6.0)
      Microsoft.Extensions.Logging (>= 6.0)
      Microsoft.Extensions.Logging.Abstractions (>= 6.0)
      Microsoft.Extensions.Logging.Configuration (>= 6.0)
      Microsoft.Extensions.Options (>= 6.0)
      System.Buffers (>= 4.5.1) - restriction: || (&& (== net6.0) (>= net461)) (&& (== net6.0) (< netcoreapp3.1)) (&& (== net6.0-windows7.0) (>= net461)) (&& (== net6.0-windows7.0) (< netcoreapp3.1)) (&& (== net8.0) (>= net461)) (&& (== net8.0) (< netcoreapp3.1)) (&& (== net8.0-windows7.0) (>= net461)) (&& (== net8.0-windows7.0) (< netcoreapp3.1)) (== netstandard2.0)
      System.Text.Json (>= 6.0)
    Microsoft.Extensions.Logging.Debug (6.0)
      Microsoft.Extensions.DependencyInjection.Abstractions (>= 6.0)
      Microsoft.Extensions.Logging (>= 6.0)
      Microsoft.Extensions.Logging.Abstractions (>= 6.0)
    Microsoft.Extensions.Logging.EventLog (6.0)
      Microsoft.Extensions.DependencyInjection.Abstractions (>= 6.0)
      Microsoft.Extensions.Logging (>= 6.0)
      Microsoft.Extensions.Logging.Abstractions (>= 6.0)
      Microsoft.Extensions.Options (>= 6.0)
      System.Diagnostics.EventLog (>= 6.0)
    Microsoft.Extensions.Logging.EventSource (6.0)
      Microsoft.Bcl.AsyncInterfaces (>= 6.0) - restriction: || (&& (== net6.0) (>= net461)) (&& (== net6.0) (< netcoreapp3.1)) (&& (== net6.0-windows7.0) (>= net461)) (&& (== net6.0-windows7.0) (< netcoreapp3.1)) (&& (== net8.0) (>= net461)) (&& (== net8.0) (< netcoreapp3.1)) (&& (== net8.0-windows7.0) (>= net461)) (&& (== net8.0-windows7.0) (< netcoreapp3.1)) (== netstandard2.0)
      Microsoft.Extensions.DependencyInjection.Abstractions (>= 6.0)
      Microsoft.Extensions.Logging (>= 6.0)
      Microsoft.Extensions.Logging.Abstractions (>= 6.0)
      Microsoft.Extensions.Options (>= 6.0)
      Microsoft.Extensions.Primitives (>= 6.0)
      System.Memory (>= 4.5.4) - restriction: || (&& (== net6.0) (>= net461)) (&& (== net6.0) (< netcoreapp3.1)) (&& (== net6.0-windows7.0) (>= net461)) (&& (== net6.0-windows7.0) (< netcoreapp3.1)) (&& (== net8.0) (>= net461)) (&& (== net8.0) (< netcoreapp3.1)) (&& (== net8.0-windows7.0) (>= net461)) (&& (== net8.0-windows7.0) (< netcoreapp3.1)) (== netstandard2.0)
      System.Runtime.CompilerServices.Unsafe (>= 6.0)
      System.Text.Json (>= 6.0)
    Microsoft.Extensions.ObjectPool (6.0.16)
    Microsoft.Extensions.Options (6.0)
      Microsoft.Extensions.DependencyInjection.Abstractions (>= 6.0)
      Microsoft.Extensions.Primitives (>= 6.0)
    Microsoft.Extensions.Options.ConfigurationExtensions (6.0)
      Microsoft.Extensions.Configuration.Abstractions (>= 6.0)
      Microsoft.Extensions.Configuration.Binder (>= 6.0)
      Microsoft.Extensions.DependencyInjection.Abstractions (>= 6.0)
      Microsoft.Extensions.Options (>= 6.0)
      Microsoft.Extensions.Primitives (>= 6.0)
    Microsoft.Extensions.Primitives (6.0)
      System.Runtime.CompilerServices.Unsafe (>= 6.0)
    Microsoft.Graph.Beta (4.22.0-preview)
      Microsoft.Graph.Core (>= 2.0.5)
      System.Net.Http (>= 4.3.4)
    Microsoft.Graph.Core (2.0.5)
      Azure.Core (>= 1.18)
      Microsoft.Identity.Client (>= 4.35.1)
      Microsoft.IdentityModel.Protocols.OpenIdConnect (>= 6.12.2)
      System.Diagnostics.DiagnosticSource (>= 4.7.1)
      System.Security.Claims (>= 4.3)
      System.Text.Json (>= 5.0.2)
    Microsoft.Identity.Client (4.61.3)
      Microsoft.IdentityModel.Abstractions (>= 6.35)
      System.Diagnostics.DiagnosticSource (>= 6.0.1)
    Microsoft.Identity.Client.Broker (4.61.3) - restriction: || (&& (== net6.0) (>= net6.0-windows7.0)) (== net6.0-windows7.0) (&& (== net8.0) (>= net6.0-windows7.0)) (&& (== net8.0-windows7.0) (>= net6.0-windows7.0)) (&& (== netstandard2.0) (>= net6.0-windows7.0))
      Microsoft.Identity.Client (>= 4.61.3)
      Microsoft.Identity.Client.NativeInterop (>= 0.16.1)
    Microsoft.Identity.Client.Desktop (4.61.3) - restriction: || (&& (== net6.0) (>= net6.0-windows7.0)) (== net6.0-windows7.0) (&& (== net8.0) (>= net6.0-windows7.0)) (&& (== net8.0-windows7.0) (>= net6.0-windows7.0)) (&& (== netstandard2.0) (>= net6.0-windows7.0))
      Microsoft.Identity.Client (>= 4.61.3) - restriction: || (== net6.0) (== net6.0-windows7.0) (== net8.0) (== net8.0-windows7.0) (&& (== netstandard2.0) (>= net462)) (&& (== netstandard2.0) (>= netcoreapp3.1))
      Microsoft.Identity.Client.Broker (>= 4.61.3) - restriction: || (== net6.0) (== net6.0-windows7.0) (== net8.0) (== net8.0-windows7.0) (&& (== netstandard2.0) (>= net462)) (&& (== netstandard2.0) (>= netcoreapp3.1))
      Microsoft.Web.WebView2 (>= 1.0.864.35) - restriction: || (== net6.0) (== net6.0-windows7.0) (== net8.0) (== net8.0-windows7.0) (&& (== netstandard2.0) (>= net462)) (&& (== netstandard2.0) (>= netcoreapp3.1))
    Microsoft.Identity.Client.Extensions.Msal (2.16.5)
      Microsoft.Identity.Client (>= 4.22)
      System.Security.Cryptography.ProtectedData (>= 4.5)
    Microsoft.Identity.Client.NativeInterop (0.16.1) - restriction: || (&& (== net6.0) (>= net6.0-windows7.0)) (== net6.0-windows7.0) (&& (== net8.0) (>= net6.0-windows7.0)) (&& (== net8.0-windows7.0) (>= net6.0-windows7.0)) (&& (== netstandard2.0) (>= net6.0-windows7.0))
    Microsoft.IdentityModel.Abstractions (6.35)
    Microsoft.IdentityModel.JsonWebTokens (6.15)
      Microsoft.IdentityModel.Tokens (>= 6.15)
    Microsoft.IdentityModel.Logging (6.15)
    Microsoft.IdentityModel.Protocols (6.15)
      Microsoft.IdentityModel.Logging (>= 6.15)
      Microsoft.IdentityModel.Tokens (>= 6.15)
    Microsoft.IdentityModel.Protocols.OpenIdConnect (6.15)
      Microsoft.IdentityModel.Protocols (>= 6.15)
      System.IdentityModel.Tokens.Jwt (>= 6.15)
    Microsoft.IdentityModel.Tokens (6.15)
      Microsoft.CSharp (>= 4.5)
      Microsoft.IdentityModel.Logging (>= 6.15)
      System.Security.Cryptography.Cng (>= 4.5)
    Microsoft.Net.Http.Headers (2.2)
      Microsoft.Extensions.Primitives (>= 2.2)
      System.Buffers (>= 4.5)
    Microsoft.NET.StringTools (17.6.3)
      System.Memory (>= 4.5.5) - restriction: || (== net6.0) (== net6.0-windows7.0) (&& (== net8.0) (>= net472)) (&& (== net8.0) (< net7.0)) (&& (== net8.0-windows7.0) (>= net472)) (&& (== net8.0-windows7.0) (< net7.0)) (== netstandard2.0)
      System.Runtime.CompilerServices.Unsafe (>= 6.0) - restriction: || (== net6.0) (== net6.0-windows7.0) (&& (== net8.0) (>= net472)) (&& (== net8.0) (< net7.0)) (&& (== net8.0-windows7.0) (>= net472)) (&& (== net8.0-windows7.0) (< net7.0)) (== netstandard2.0)
    Microsoft.NET.Test.Sdk (17.0)
      Microsoft.CodeCoverage (>= 17.0) - restriction: || (== net6.0) (== net6.0-windows7.0) (== net8.0) (== net8.0-windows7.0) (&& (== netstandard2.0) (>= net45)) (&& (== netstandard2.0) (>= netcoreapp1.0))
      Microsoft.TestPlatform.TestHost (>= 17.0) - restriction: || (== net6.0) (== net6.0-windows7.0) (== net8.0) (== net8.0-windows7.0) (&& (== netstandard2.0) (>= netcoreapp1.0))
    Microsoft.NETCore.Platforms (6.0.4)
    Microsoft.NETCore.Targets (5.0)
    Microsoft.Reactive.Testing (5.0)
      System.Reactive (>= 5.0)
      System.Threading.Tasks.Extensions (>= 4.5.4) - restriction: || (&& (== net6.0) (>= net472)) (&& (== net6.0) (< netcoreapp3.1)) (&& (== net6.0) (>= uap10.1)) (&& (== net6.0-windows7.0) (>= net472)) (&& (== net6.0-windows7.0) (< netcoreapp3.1)) (&& (== net6.0-windows7.0) (>= uap10.1)) (&& (== net8.0) (>= net472)) (&& (== net8.0) (< netcoreapp3.1)) (&& (== net8.0) (>= uap10.1)) (&& (== net8.0-windows7.0) (>= net472)) (&& (== net8.0-windows7.0) (< netcoreapp3.1)) (&& (== net8.0-windows7.0) (>= uap10.1)) (== netstandard2.0)
    Microsoft.TestPlatform.ObjectModel (17.0) - restriction: || (== net6.0) (== net6.0-windows7.0) (== net8.0) (== net8.0-windows7.0) (&& (== netstandard2.0) (>= netcoreapp1.0))
      NuGet.Frameworks (>= 5.0)
      System.Reflection.Metadata (>= 1.6)
    Microsoft.TestPlatform.TestHost (17.0) - restriction: || (== net6.0) (== net6.0-windows7.0) (== net8.0) (== net8.0-windows7.0) (&& (== netstandard2.0) (>= netcoreapp1.0))
      Microsoft.TestPlatform.ObjectModel (>= 17.0) - restriction: || (== net6.0) (== net6.0-windows7.0) (== net8.0) (== net8.0-windows7.0) (&& (== netstandard2.0) (>= netcoreapp1.0)) (&& (== netstandard2.0) (>= uap10.0))
      Newtonsoft.Json (>= 9.0.1) - restriction: || (== net6.0) (== net6.0-windows7.0) (== net8.0) (== net8.0-windows7.0) (&& (== netstandard2.0) (>= netcoreapp1.0)) (&& (== netstandard2.0) (>= uap10.0))
    Microsoft.VisualBasic (10.3)
    Microsoft.Web.WebView2 (1.0.864.35) - restriction: || (&& (== net6.0) (>= net6.0-windows7.0)) (== net6.0-windows7.0) (&& (== net8.0) (>= net6.0-windows7.0)) (&& (== net8.0-windows7.0) (>= net6.0-windows7.0)) (&& (== netstandard2.0) (>= net6.0-windows7.0))
    Microsoft.Win32.Registry (5.0)
      System.Security.AccessControl (>= 5.0)
      System.Security.Principal.Windows (>= 5.0)
    Microsoft.Win32.Registry.AccessControl (6.0)
      Microsoft.Win32.Registry (>= 5.0) - restriction: || (&& (== net6.0) (>= net461)) (&& (== net6.0-windows7.0) (>= net461)) (&& (== net6.0-windows7.0) (< net6.0)) (&& (== net8.0) (>= net461)) (&& (== net8.0) (< net6.0)) (&& (== net8.0-windows7.0) (>= net461)) (&& (== net8.0-windows7.0) (< net6.0)) (== netstandard2.0)
      System.Security.AccessControl (>= 6.0)
    Microsoft.Win32.SystemEvents (6.0)
    Microsoft.Windows.Compatibility (6.0)
      Microsoft.Win32.Registry (>= 5.0) - restriction: || (&& (== net6.0) (< netcoreapp3.1)) (&& (== net6.0) (< netstandard2.1)) (&& (== net6.0-windows7.0) (< net6.0)) (&& (== net6.0-windows7.0) (< netcoreapp3.1)) (&& (== net6.0-windows7.0) (< netstandard2.1)) (&& (== net8.0) (< net6.0)) (&& (== net8.0) (< netcoreapp3.1)) (&& (== net8.0) (< netstandard2.1)) (&& (== net8.0-windows7.0) (< net6.0)) (&& (== net8.0-windows7.0) (< netcoreapp3.1)) (&& (== net8.0-windows7.0) (< netstandard2.1)) (== netstandard2.0)
      Microsoft.Win32.Registry.AccessControl (>= 6.0)
      Microsoft.Win32.SystemEvents (>= 6.0)
      System.CodeDom (>= 6.0)
      System.ComponentModel.Composition (>= 6.0)
      System.ComponentModel.Composition.Registration (>= 6.0) - restriction: || (== net6.0) (== net6.0-windows7.0) (== net8.0) (== net8.0-windows7.0) (&& (== netstandard2.0) (>= netstandard2.1))
      System.Configuration.ConfigurationManager (>= 6.0)
      System.Data.DataSetExtensions (>= 4.5) - restriction: || (&& (== net6.0) (< netcoreapp3.1)) (&& (== net6.0) (< netstandard2.1)) (&& (== net6.0-windows7.0) (< net6.0)) (&& (== net6.0-windows7.0) (< netcoreapp3.1)) (&& (== net6.0-windows7.0) (< netstandard2.1)) (&& (== net8.0) (< net6.0)) (&& (== net8.0) (< netcoreapp3.1)) (&& (== net8.0) (< netstandard2.1)) (&& (== net8.0-windows7.0) (< net6.0)) (&& (== net8.0-windows7.0) (< netcoreapp3.1)) (&& (== net8.0-windows7.0) (< netstandard2.1)) (== netstandard2.0)
      System.Data.Odbc (>= 6.0)
      System.Data.OleDb (>= 6.0)
      System.Data.SqlClient (>= 4.8.3)
      System.Diagnostics.EventLog (>= 6.0)
      System.Diagnostics.PerformanceCounter (>= 6.0)
      System.DirectoryServices (>= 6.0)
      System.DirectoryServices.AccountManagement (>= 6.0)
      System.DirectoryServices.Protocols (>= 6.0)
      System.Drawing.Common (>= 6.0)
      System.IO.FileSystem.AccessControl (>= 5.0) - restriction: || (&& (== net6.0) (< netcoreapp3.1)) (&& (== net6.0) (< netstandard2.1)) (&& (== net6.0-windows7.0) (< net6.0)) (&& (== net6.0-windows7.0) (< netcoreapp3.1)) (&& (== net6.0-windows7.0) (< netstandard2.1)) (&& (== net8.0) (< net6.0)) (&& (== net8.0) (< netcoreapp3.1)) (&& (== net8.0) (< netstandard2.1)) (&& (== net8.0-windows7.0) (< net6.0)) (&& (== net8.0-windows7.0) (< netcoreapp3.1)) (&& (== net8.0-windows7.0) (< netstandard2.1)) (== netstandard2.0)
      System.IO.Packaging (>= 6.0)
      System.IO.Pipes.AccessControl (>= 5.0) - restriction: || (&& (== net6.0) (< netcoreapp3.1)) (&& (== net6.0) (< netstandard2.1)) (&& (== net6.0-windows7.0) (< net6.0)) (&& (== net6.0-windows7.0) (< netcoreapp3.1)) (&& (== net6.0-windows7.0) (< netstandard2.1)) (&& (== net8.0) (< net6.0)) (&& (== net8.0) (< netcoreapp3.1)) (&& (== net8.0) (< netstandard2.1)) (&& (== net8.0-windows7.0) (< net6.0)) (&& (== net8.0-windows7.0) (< netcoreapp3.1)) (&& (== net8.0-windows7.0) (< netstandard2.1)) (== netstandard2.0)
      System.IO.Ports (>= 6.0)
      System.Management (>= 6.0)
      System.Reflection.Context (>= 6.0)
      System.Reflection.Emit (>= 4.7) - restriction: || (&& (== net6.0) (< netcoreapp3.1)) (&& (== net6.0) (< netstandard2.1)) (&& (== net6.0-windows7.0) (< net6.0)) (&& (== net6.0-windows7.0) (< netcoreapp3.1)) (&& (== net6.0-windows7.0) (< netstandard2.1)) (&& (== net8.0) (< net6.0)) (&& (== net8.0) (< netcoreapp3.1)) (&& (== net8.0) (< netstandard2.1)) (&& (== net8.0-windows7.0) (< net6.0)) (&& (== net8.0-windows7.0) (< netcoreapp3.1)) (&& (== net8.0-windows7.0) (< netstandard2.1)) (== netstandard2.0)
      System.Reflection.Emit.ILGeneration (>= 4.7) - restriction: || (&& (== net6.0) (< netcoreapp3.1)) (&& (== net6.0) (< netstandard2.1)) (&& (== net6.0-windows7.0) (< net6.0)) (&& (== net6.0-windows7.0) (< netcoreapp3.1)) (&& (== net6.0-windows7.0) (< netstandard2.1)) (&& (== net8.0) (< net6.0)) (&& (== net8.0) (< netcoreapp3.1)) (&& (== net8.0) (< netstandard2.1)) (&& (== net8.0-windows7.0) (< net6.0)) (&& (== net8.0-windows7.0) (< netcoreapp3.1)) (&& (== net8.0-windows7.0) (< netstandard2.1)) (== netstandard2.0)
      System.Reflection.Emit.Lightweight (>= 4.7) - restriction: || (&& (== net6.0) (< netcoreapp3.1)) (&& (== net6.0) (< netstandard2.1)) (&& (== net6.0-windows7.0) (< net6.0)) (&& (== net6.0-windows7.0) (< netcoreapp3.1)) (&& (== net6.0-windows7.0) (< netstandard2.1)) (&& (== net8.0) (< net6.0)) (&& (== net8.0) (< netcoreapp3.1)) (&& (== net8.0) (< netstandard2.1)) (&& (== net8.0-windows7.0) (< net6.0)) (&& (== net8.0-windows7.0) (< netcoreapp3.1)) (&& (== net8.0-windows7.0) (< netstandard2.1)) (== netstandard2.0)
      System.Runtime.Caching (>= 6.0)
      System.Security.AccessControl (>= 6.0)
      System.Security.Cryptography.Cng (>= 5.0) - restriction: || (&& (== net6.0) (< netcoreapp3.1)) (&& (== net6.0) (< netstandard2.1)) (&& (== net6.0-windows7.0) (< net6.0)) (&& (== net6.0-windows7.0) (< netcoreapp3.1)) (&& (== net6.0-windows7.0) (< netstandard2.1)) (&& (== net8.0) (< net6.0)) (&& (== net8.0) (< netcoreapp3.1)) (&& (== net8.0) (< netstandard2.1)) (&& (== net8.0-windows7.0) (< net6.0)) (&& (== net8.0-windows7.0) (< netcoreapp3.1)) (&& (== net8.0-windows7.0) (< netstandard2.1)) (== netstandard2.0)
      System.Security.Cryptography.Pkcs (>= 6.0)
      System.Security.Cryptography.ProtectedData (>= 6.0)
      System.Security.Cryptography.Xml (>= 6.0)
      System.Security.Permissions (>= 6.0)
      System.Security.Principal.Windows (>= 5.0) - restriction: || (&& (== net6.0) (< netcoreapp3.1)) (&& (== net6.0) (< netstandard2.1)) (&& (== net6.0-windows7.0) (< net6.0)) (&& (== net6.0-windows7.0) (< netcoreapp3.1)) (&& (== net6.0-windows7.0) (< netstandard2.1)) (&& (== net8.0) (< net6.0)) (&& (== net8.0) (< netcoreapp3.1)) (&& (== net8.0) (< netstandard2.1)) (&& (== net8.0-windows7.0) (< net6.0)) (&& (== net8.0-windows7.0) (< netcoreapp3.1)) (&& (== net8.0-windows7.0) (< netstandard2.1)) (== netstandard2.0)
      System.ServiceModel.Duplex (>= 4.9)
      System.ServiceModel.Http (>= 4.9)
      System.ServiceModel.NetTcp (>= 4.9)
      System.ServiceModel.Primitives (>= 4.9)
      System.ServiceModel.Security (>= 4.9)
      System.ServiceModel.Syndication (>= 6.0)
      System.ServiceProcess.ServiceController (>= 6.0)
      System.Speech (>= 6.0)
      System.Text.Encoding.CodePages (>= 6.0)
      System.Threading.AccessControl (>= 6.0)
      System.Web.Services.Description (>= 4.9)
    Mono.Cecil (0.11.5)
    Moq (4.16)
      Castle.Core (>= 4.4)
      System.Threading.Tasks.Extensions (>= 4.5.4)
    NAudio (2.1)
      NAudio.Asio (>= 2.1) - restriction: || (== net6.0) (== net6.0-windows7.0) (== net8.0) (== net8.0-windows7.0) (&& (== netstandard2.0) (>= net472)) (&& (== netstandard2.0) (>= netcoreapp3.1))
      NAudio.Core (>= 2.1) - restriction: || (== net6.0) (== net6.0-windows7.0) (== net8.0) (== net8.0-windows7.0) (&& (== netstandard2.0) (>= net472)) (&& (== netstandard2.0) (>= netcoreapp3.1))
      NAudio.Midi (>= 2.1) - restriction: || (== net6.0) (== net6.0-windows7.0) (== net8.0) (== net8.0-windows7.0) (&& (== netstandard2.0) (>= net472)) (&& (== netstandard2.0) (>= netcoreapp3.1))
      NAudio.Wasapi (>= 2.1) - restriction: || (== net6.0) (== net6.0-windows7.0) (== net8.0) (== net8.0-windows7.0) (&& (== netstandard2.0) (>= net472)) (&& (== netstandard2.0) (>= netcoreapp3.1))
      NAudio.WinForms (>= 2.1) - restriction: || (&& (== net6.0) (>= net472)) (&& (== net6.0) (>= net6.0-windows7.0)) (== net6.0-windows7.0) (&& (== net8.0) (>= net472)) (&& (== net8.0) (< net6.0)) (&& (== net8.0) (>= net6.0-windows7.0)) (&& (== net8.0-windows7.0) (>= net472)) (&& (== net8.0-windows7.0) (< net6.0)) (&& (== net8.0-windows7.0) (>= net6.0-windows7.0)) (&& (== netstandard2.0) (>= net472)) (&& (== netstandard2.0) (>= net6.0-windows7.0)) (&& (== netstandard2.0) (>= netcoreapp3.1))
      NAudio.WinMM (>= 2.1) - restriction: || (== net6.0) (== net6.0-windows7.0) (== net8.0) (== net8.0-windows7.0) (&& (== netstandard2.0) (>= net472)) (&& (== netstandard2.0) (>= netcoreapp3.1))
    NAudio.Asio (2.1) - restriction: || (== net6.0) (== net6.0-windows7.0) (== net8.0) (== net8.0-windows7.0) (&& (== netstandard2.0) (>= net472)) (&& (== netstandard2.0) (>= netcoreapp3.1))
      Microsoft.Win32.Registry (>= 4.7)
      NAudio.Core (>= 2.1)
    NAudio.Core (2.1) - restriction: || (== net6.0) (== net6.0-windows7.0) (== net8.0) (== net8.0-windows7.0) (&& (== netstandard2.0) (>= net472)) (&& (== netstandard2.0) (>= netcoreapp3.1))
    NAudio.Midi (2.1) - restriction: || (== net6.0) (== net6.0-windows7.0) (== net8.0) (== net8.0-windows7.0) (&& (== netstandard2.0) (>= net472)) (&& (== netstandard2.0) (>= netcoreapp3.1))
      NAudio.Core (>= 2.1)
    NAudio.Wasapi (2.1) - restriction: || (== net6.0) (== net6.0-windows7.0) (== net8.0) (== net8.0-windows7.0) (&& (== netstandard2.0) (>= net472)) (&& (== netstandard2.0) (>= netcoreapp3.1))
      NAudio.Core (>= 2.1)
    NAudio.WinForms (2.1) - restriction: || (&& (== net6.0) (== netstandard2.0)) (&& (== net6.0) (>= net472)) (&& (== net6.0) (>= net6.0-windows7.0)) (== net6.0-windows7.0) (&& (== net8.0) (== netstandard2.0)) (&& (== net8.0) (>= net472)) (&& (== net8.0) (< net6.0)) (&& (== net8.0) (>= net6.0-windows7.0)) (&& (== net8.0-windows7.0) (== netstandard2.0)) (&& (== net8.0-windows7.0) (>= net472)) (&& (== net8.0-windows7.0) (< net6.0)) (&& (== net8.0-windows7.0) (>= net6.0-windows7.0)) (&& (== netstandard2.0) (>= net472)) (&& (== netstandard2.0) (>= net6.0-windows7.0)) (&& (== netstandard2.0) (>= netcoreapp3.1))
      NAudio.WinMM (>= 2.1) - restriction: || (== net6.0) (== net6.0-windows7.0) (== net8.0) (== net8.0-windows7.0) (&& (== netstandard2.0) (>= net472)) (&& (== netstandard2.0) (>= netcoreapp3.1))
    NAudio.WinMM (2.1) - restriction: || (== net6.0) (== net6.0-windows7.0) (== net8.0) (== net8.0-windows7.0) (&& (== netstandard2.0) (>= net472)) (&& (== netstandard2.0) (>= net6.0-windows7.0)) (&& (== netstandard2.0) (>= netcoreapp3.1))
      Microsoft.Win32.Registry (>= 4.7)
      NAudio.Core (>= 2.1)
    NETStandard.Library (2.0)
      Microsoft.NETCore.Platforms (>= 1.1)
    Newtonsoft.Json (13.0.3)
    NuGet.Frameworks (5.0) - restriction: || (== net6.0) (== net6.0-windows7.0) (== net8.0) (== net8.0-windows7.0) (&& (== netstandard2.0) (>= netcoreapp1.0)) (&& (== netstandard2.0) (>= netcoreapp2.1))
    NUnit (3.13.2)
      NETStandard.Library (>= 2.0)
    NUnit3TestAdapter (4.0)
    Polly (7.2.2)
    RazorLight (2.0.0-rc.3)
      Microsoft.AspNetCore.Hosting.Abstractions (>= 2.1) - restriction: || (&& (== net6.0) (< netcoreapp3.1)) (&& (== net6.0-windows7.0) (< netcoreapp3.1)) (&& (== net8.0) (< netcoreapp3.1)) (&& (== net8.0-windows7.0) (< netcoreapp3.1)) (== netstandard2.0)
      Microsoft.AspNetCore.Html.Abstractions (>= 2.1) - restriction: || (&& (== net6.0) (< netcoreapp3.1)) (&& (== net6.0-windows7.0) (< netcoreapp3.1)) (&& (== net8.0) (< netcoreapp3.1)) (&& (== net8.0-windows7.0) (< netcoreapp3.1)) (== netstandard2.0)
      Microsoft.AspNetCore.Mvc.Razor.Extensions (>= 2.1) - restriction: || (&& (== net6.0) (< netcoreapp3.1)) (&& (== net6.0-windows7.0) (< netcoreapp3.1)) (&& (== net8.0) (< netcoreapp3.1)) (&& (== net8.0-windows7.0) (< netcoreapp3.1)) (== netstandard2.0)
      Microsoft.AspNetCore.Mvc.Razor.Extensions (>= 5.0) - restriction: || (== net6.0) (== net6.0-windows7.0) (== net8.0) (== net8.0-windows7.0) (&& (== netstandard2.0) (>= net5.0))
      Microsoft.AspNetCore.Razor.Language (>= 2.1) - restriction: || (&& (== net6.0) (< netcoreapp3.1)) (&& (== net6.0-windows7.0) (< netcoreapp3.1)) (&& (== net8.0) (< netcoreapp3.1)) (&& (== net8.0-windows7.0) (< netcoreapp3.1)) (== netstandard2.0)
      Microsoft.AspNetCore.Razor.Runtime (>= 2.1) - restriction: || (&& (== net6.0) (< netcoreapp3.1)) (&& (== net6.0-windows7.0) (< netcoreapp3.1)) (&& (== net8.0) (< netcoreapp3.1)) (&& (== net8.0-windows7.0) (< netcoreapp3.1)) (== netstandard2.0)
      Microsoft.CodeAnalysis.Razor (>= 2.1) - restriction: || (&& (== net6.0) (< netcoreapp3.1)) (&& (== net6.0-windows7.0) (< netcoreapp3.1)) (&& (== net8.0) (< netcoreapp3.1)) (&& (== net8.0-windows7.0) (< netcoreapp3.1)) (== netstandard2.0)
      Microsoft.CodeAnalysis.Razor (>= 5.0) - restriction: || (== net6.0) (== net6.0-windows7.0) (== net8.0) (== net8.0-windows7.0) (&& (== netstandard2.0) (>= net5.0))
      Microsoft.Extensions.Caching.Abstractions (>= 2.1) - restriction: || (&& (== net6.0) (< netcoreapp3.1)) (&& (== net6.0-windows7.0) (< netcoreapp3.1)) (&& (== net8.0) (< netcoreapp3.1)) (&& (== net8.0-windows7.0) (< netcoreapp3.1)) (== netstandard2.0)
      Microsoft.Extensions.Caching.Abstractions (>= 5.0) - restriction: || (== net6.0) (== net6.0-windows7.0) (== net8.0) (== net8.0-windows7.0) (&& (== netstandard2.0) (>= net5.0))
      Microsoft.Extensions.Caching.Memory (>= 2.1) - restriction: || (&& (== net6.0) (< netcoreapp3.1)) (&& (== net6.0-windows7.0) (< netcoreapp3.1)) (&& (== net8.0) (< netcoreapp3.1)) (&& (== net8.0-windows7.0) (< netcoreapp3.1)) (== netstandard2.0)
      Microsoft.Extensions.Caching.Memory (>= 5.0) - restriction: || (== net6.0) (== net6.0-windows7.0) (== net8.0) (== net8.0-windows7.0) (&& (== netstandard2.0) (>= net5.0))
      Microsoft.Extensions.DependencyInjection (>= 2.1) - restriction: || (&& (== net6.0) (< netcoreapp3.1)) (&& (== net6.0-windows7.0) (< netcoreapp3.1)) (&& (== net8.0) (< netcoreapp3.1)) (&& (== net8.0-windows7.0) (< netcoreapp3.1)) (== netstandard2.0)
      Microsoft.Extensions.DependencyInjection (>= 5.0) - restriction: || (== net6.0) (== net6.0-windows7.0) (== net8.0) (== net8.0-windows7.0) (&& (== netstandard2.0) (>= net5.0))
      Microsoft.Extensions.DependencyModel (>= 2.1) - restriction: || (&& (== net6.0) (< netcoreapp3.1)) (&& (== net6.0-windows7.0) (< netcoreapp3.1)) (&& (== net8.0) (< netcoreapp3.1)) (&& (== net8.0-windows7.0) (< netcoreapp3.1)) (== netstandard2.0)
      Microsoft.Extensions.DependencyModel (>= 5.0) - restriction: || (== net6.0) (== net6.0-windows7.0) (== net8.0) (== net8.0-windows7.0) (&& (== netstandard2.0) (>= net5.0))
      Microsoft.Extensions.FileProviders.Physical (>= 2.1) - restriction: || (&& (== net6.0) (< netcoreapp3.1)) (&& (== net6.0-windows7.0) (< netcoreapp3.1)) (&& (== net8.0) (< netcoreapp3.1)) (&& (== net8.0-windows7.0) (< netcoreapp3.1)) (== netstandard2.0)
      Microsoft.Extensions.FileProviders.Physical (>= 5.0) - restriction: || (== net6.0) (== net6.0-windows7.0) (== net8.0) (== net8.0-windows7.0) (&& (== netstandard2.0) (>= net5.0))
      Microsoft.Extensions.Primitives (>= 2.1) - restriction: || (&& (== net6.0) (< netcoreapp3.1)) (&& (== net6.0-windows7.0) (< netcoreapp3.1)) (&& (== net8.0) (< netcoreapp3.1)) (&& (== net8.0-windows7.0) (< netcoreapp3.1)) (== netstandard2.0)
      Microsoft.Extensions.Primitives (>= 5.0) - restriction: || (== net6.0) (== net6.0-windows7.0) (== net8.0) (== net8.0-windows7.0) (&& (== netstandard2.0) (>= net5.0))
      System.Buffers (>= 4.5) - restriction: || (&& (== net6.0) (< net5.0)) (&& (== net6.0) (< netcoreapp3.1)) (&& (== net6.0-windows7.0) (< net5.0)) (&& (== net6.0-windows7.0) (< netcoreapp3.1)) (&& (== net8.0) (< net5.0)) (&& (== net8.0) (< netcoreapp3.1)) (&& (== net8.0-windows7.0) (< net5.0)) (&& (== net8.0-windows7.0) (< netcoreapp3.1)) (== netstandard2.0)
      System.Buffers (>= 4.5.1) - restriction: || (== net6.0) (== net6.0-windows7.0) (== net8.0) (== net8.0-windows7.0) (&& (== netstandard2.0) (>= net5.0))
    runtime.debian.8-x64.runtime.native.System.Security.Cryptography.OpenSsl (4.3.2)
    runtime.fedora.23-x64.runtime.native.System.Security.Cryptography.OpenSsl (4.3.2)
    runtime.fedora.24-x64.runtime.native.System.Security.Cryptography.OpenSsl (4.3.2)
    runtime.linux-arm.runtime.native.System.IO.Ports (6.0)
    runtime.linux-arm64.runtime.native.System.IO.Ports (6.0)
    runtime.linux-x64.runtime.native.System.IO.Ports (6.0)
    runtime.native.System (4.3)
      Microsoft.NETCore.Platforms (>= 1.1)
      Microsoft.NETCore.Targets (>= 1.1)
    runtime.native.System.Data.SqlClient.sni (4.7) - restriction: || (== net6.0) (== net6.0-windows7.0) (== net8.0) (== net8.0-windows7.0) (&& (== netstandard2.0) (>= net6.0))
      runtime.win-arm64.runtime.native.System.Data.SqlClient.sni (>= 4.4)
      runtime.win-x64.runtime.native.System.Data.SqlClient.sni (>= 4.4)
      runtime.win-x86.runtime.native.System.Data.SqlClient.sni (>= 4.4)
    runtime.native.System.IO.Ports (6.0)
      runtime.linux-arm.runtime.native.System.IO.Ports (>= 6.0)
      runtime.linux-arm64.runtime.native.System.IO.Ports (>= 6.0)
      runtime.linux-x64.runtime.native.System.IO.Ports (>= 6.0)
      runtime.osx-arm64.runtime.native.System.IO.Ports (>= 6.0)
      runtime.osx-x64.runtime.native.System.IO.Ports (>= 6.0)
    runtime.native.System.Net.Http (4.3)
      Microsoft.NETCore.Platforms (>= 1.1)
      Microsoft.NETCore.Targets (>= 1.1)
    runtime.native.System.Security.Cryptography.Apple (4.3)
      runtime.osx.10.10-x64.runtime.native.System.Security.Cryptography.Apple (>= 4.3)
    runtime.native.System.Security.Cryptography.OpenSsl (4.3.2)
      runtime.debian.8-x64.runtime.native.System.Security.Cryptography.OpenSsl (>= 4.3.2)
      runtime.fedora.23-x64.runtime.native.System.Security.Cryptography.OpenSsl (>= 4.3.2)
      runtime.fedora.24-x64.runtime.native.System.Security.Cryptography.OpenSsl (>= 4.3.2)
      runtime.opensuse.13.2-x64.runtime.native.System.Security.Cryptography.OpenSsl (>= 4.3.2)
      runtime.opensuse.42.1-x64.runtime.native.System.Security.Cryptography.OpenSsl (>= 4.3.2)
      runtime.osx.10.10-x64.runtime.native.System.Security.Cryptography.OpenSsl (>= 4.3.2)
      runtime.rhel.7-x64.runtime.native.System.Security.Cryptography.OpenSsl (>= 4.3.2)
      runtime.ubuntu.14.04-x64.runtime.native.System.Security.Cryptography.OpenSsl (>= 4.3.2)
      runtime.ubuntu.16.04-x64.runtime.native.System.Security.Cryptography.OpenSsl (>= 4.3.2)
      runtime.ubuntu.16.10-x64.runtime.native.System.Security.Cryptography.OpenSsl (>= 4.3.2)
    runtime.opensuse.13.2-x64.runtime.native.System.Security.Cryptography.OpenSsl (4.3.2)
    runtime.opensuse.42.1-x64.runtime.native.System.Security.Cryptography.OpenSsl (4.3.2)
    runtime.osx-arm64.runtime.native.System.IO.Ports (6.0)
    runtime.osx-x64.runtime.native.System.IO.Ports (6.0)
    runtime.osx.10.10-x64.runtime.native.System.Security.Cryptography.Apple (4.3)
    runtime.osx.10.10-x64.runtime.native.System.Security.Cryptography.OpenSsl (4.3.2)
    runtime.rhel.7-x64.runtime.native.System.Security.Cryptography.OpenSsl (4.3.2)
    runtime.ubuntu.14.04-x64.runtime.native.System.Security.Cryptography.OpenSsl (4.3.2)
    runtime.ubuntu.16.04-x64.runtime.native.System.Security.Cryptography.OpenSsl (4.3.2)
    runtime.ubuntu.16.10-x64.runtime.native.System.Security.Cryptography.OpenSsl (4.3.2)
    runtime.win-arm64.runtime.native.System.Data.SqlClient.sni (4.4) - restriction: || (== net6.0) (== net6.0-windows7.0) (== net8.0) (== net8.0-windows7.0) (&& (== netstandard2.0) (>= net6.0))
    runtime.win-x64.runtime.native.System.Data.SqlClient.sni (4.4) - restriction: || (== net6.0) (== net6.0-windows7.0) (== net8.0) (== net8.0-windows7.0) (&& (== netstandard2.0) (>= net6.0))
    runtime.win-x86.runtime.native.System.Data.SqlClient.sni (4.4) - restriction: || (== net6.0) (== net6.0-windows7.0) (== net8.0) (== net8.0-windows7.0) (&& (== netstandard2.0) (>= net6.0))
    Selenium.Support (4.4) - restriction: || (== net6.0) (== net6.0-windows7.0) (== net8.0) (== net8.0-windows7.0) (&& (== netstandard2.0) (>= net6.0))
      Selenium.WebDriver (>= 4.4)
    Selenium.WebDriver (4.21)
      Newtonsoft.Json (>= 13.0.1)
    Shouldly (4.0.3)
      DiffEngine (>= 6.4.9)
      EmptyFiles (>= 2.3.3)
      Microsoft.CSharp (>= 4.7)
      System.Memory (>= 4.5.4)
    System.Buffers (4.5.1)
    System.CodeDom (6.0)
    System.Collections (4.3)
      Microsoft.NETCore.Platforms (>= 1.1)
      Microsoft.NETCore.Targets (>= 1.1)
      System.Runtime (>= 4.3)
    System.Collections.Concurrent (4.3)
      System.Collections (>= 4.3)
      System.Diagnostics.Debug (>= 4.3)
      System.Diagnostics.Tracing (>= 4.3)
      System.Globalization (>= 4.3)
      System.Reflection (>= 4.3)
      System.Resources.ResourceManager (>= 4.3)
      System.Runtime (>= 4.3)
      System.Runtime.Extensions (>= 4.3)
      System.Threading (>= 4.3)
      System.Threading.Tasks (>= 4.3)
    System.Collections.Immutable (6.0)
      System.Memory (>= 4.5.4) - restriction: || (&& (== net6.0) (>= net461)) (&& (== net6.0-windows7.0) (>= net461)) (&& (== net6.0-windows7.0) (< net6.0)) (&& (== net8.0) (>= net461)) (&& (== net8.0) (< net6.0)) (&& (== net8.0-windows7.0) (>= net461)) (&& (== net8.0-windows7.0) (< net6.0)) (== netstandard2.0)
      System.Runtime.CompilerServices.Unsafe (>= 6.0)
    System.Collections.NonGeneric (4.3)
      System.Diagnostics.Debug (>= 4.3)
      System.Globalization (>= 4.3)
      System.Resources.ResourceManager (>= 4.3)
      System.Runtime (>= 4.3)
      System.Runtime.Extensions (>= 4.3)
      System.Threading (>= 4.3)
    System.Collections.Specialized (4.3)
      System.Collections.NonGeneric (>= 4.3)
      System.Globalization (>= 4.3)
      System.Globalization.Extensions (>= 4.3)
      System.Resources.ResourceManager (>= 4.3)
      System.Runtime (>= 4.3)
      System.Runtime.Extensions (>= 4.3)
      System.Threading (>= 4.3)
    System.ComponentModel (4.3)
      System.Runtime (>= 4.3)
    System.ComponentModel.Annotations (4.6) - restriction: || (&& (== net6.0) (< netcoreapp3.0)) (&& (== net6.0) (< netstandard1.3)) (&& (== net6.0) (< netstandard2.0)) (&& (== net6.0) (< netstandard2.1)) (&& (== net6.0-windows7.0) (< netcoreapp3.0)) (&& (== net6.0-windows7.0) (< netstandard1.3)) (&& (== net6.0-windows7.0) (< netstandard2.0)) (&& (== net6.0-windows7.0) (< netstandard2.1)) (&& (== net8.0) (< netcoreapp3.0)) (&& (== net8.0) (< netstandard1.3)) (&& (== net8.0) (< netstandard2.0)) (&& (== net8.0) (< netstandard2.1)) (&& (== net8.0-windows7.0) (< netcoreapp3.0)) (&& (== net8.0-windows7.0) (< netstandard1.3)) (&& (== net8.0-windows7.0) (< netstandard2.0)) (&& (== net8.0-windows7.0) (< netstandard2.1)) (== netstandard2.0)
    System.ComponentModel.Composition (6.0)
    System.ComponentModel.Composition.Registration (6.0) - restriction: || (== net6.0) (== net6.0-windows7.0) (== net8.0) (== net8.0-windows7.0) (&& (== netstandard2.0) (>= netstandard2.1))
      System.ComponentModel.Composition (>= 6.0) - restriction: || (== net6.0) (== net6.0-windows7.0) (== net8.0) (== net8.0-windows7.0) (&& (== netstandard2.0) (>= netstandard2.1))
      System.Reflection.Context (>= 6.0) - restriction: || (== net6.0) (== net6.0-windows7.0) (== net8.0) (== net8.0-windows7.0) (&& (== netstandard2.0) (>= netstandard2.1))
    System.ComponentModel.Primitives (4.3)
      System.ComponentModel (>= 4.3)
      System.Resources.ResourceManager (>= 4.3)
      System.Runtime (>= 4.3)
    System.ComponentModel.TypeConverter (4.3)
      System.Collections (>= 4.3)
      System.Collections.NonGeneric (>= 4.3)
      System.Collections.Specialized (>= 4.3)
      System.ComponentModel (>= 4.3)
      System.ComponentModel.Primitives (>= 4.3)
      System.Globalization (>= 4.3)
      System.Linq (>= 4.3)
      System.Reflection (>= 4.3)
      System.Reflection.Extensions (>= 4.3)
      System.Reflection.Primitives (>= 4.3)
      System.Reflection.TypeExtensions (>= 4.3)
      System.Resources.ResourceManager (>= 4.3)
      System.Runtime (>= 4.3)
      System.Runtime.Extensions (>= 4.3)
      System.Threading (>= 4.3)
    System.Composition (6.0)
      System.Composition.AttributedModel (>= 6.0)
      System.Composition.Convention (>= 6.0)
      System.Composition.Hosting (>= 6.0)
      System.Composition.Runtime (>= 6.0)
      System.Composition.TypedParts (>= 6.0)
    System.Composition.AttributedModel (6.0)
    System.Composition.Convention (6.0)
      System.Composition.AttributedModel (>= 6.0)
    System.Composition.Hosting (6.0)
      System.Composition.Runtime (>= 6.0)
    System.Composition.Runtime (6.0)
    System.Composition.TypedParts (6.0)
      System.Composition.AttributedModel (>= 6.0)
      System.Composition.Hosting (>= 6.0)
      System.Composition.Runtime (>= 6.0)
    System.Configuration.ConfigurationManager (6.0.1)
      System.Security.Cryptography.ProtectedData (>= 6.0)
      System.Security.Permissions (>= 6.0)
    System.Data.DataSetExtensions (4.5) - restriction: || (&& (== net6.0) (< netcoreapp3.1)) (&& (== net6.0) (< netstandard2.1)) (&& (== net6.0-windows7.0) (< net6.0)) (&& (== net6.0-windows7.0) (< netcoreapp3.1)) (&& (== net6.0-windows7.0) (< netstandard2.1)) (&& (== net8.0) (< net6.0)) (&& (== net8.0) (< netcoreapp3.1)) (&& (== net8.0) (< netstandard2.1)) (&& (== net8.0-windows7.0) (< net6.0)) (&& (== net8.0-windows7.0) (< netcoreapp3.1)) (&& (== net8.0-windows7.0) (< netstandard2.1)) (== netstandard2.0)
    System.Data.Odbc (6.0)
      System.Text.Encoding.CodePages (>= 6.0) - restriction: || (== net6.0) (== net6.0-windows7.0) (== net8.0) (== net8.0-windows7.0) (&& (== netstandard2.0) (>= netcoreapp3.1))
    System.Data.OleDb (6.0)
      Microsoft.Win32.Registry (>= 5.0) - restriction: || (&& (== net6.0-windows7.0) (< net6.0)) (&& (== net8.0) (< net6.0)) (&& (== net8.0-windows7.0) (< net6.0)) (== netstandard2.0)
      System.Configuration.ConfigurationManager (>= 6.0)
      System.Diagnostics.PerformanceCounter (>= 6.0)
      System.Memory (>= 4.5.4) - restriction: || (&& (== net6.0-windows7.0) (< net6.0)) (&& (== net8.0) (< net6.0)) (&& (== net8.0-windows7.0) (< net6.0)) (== netstandard2.0)
      System.Security.Principal.Windows (>= 5.0) - restriction: || (&& (== net6.0-windows7.0) (< net6.0)) (&& (== net8.0) (< net6.0)) (&& (== net8.0-windows7.0) (< net6.0)) (== netstandard2.0)
    System.Data.SqlClient (4.8.6)
      Microsoft.Win32.Registry (>= 4.7)
      runtime.native.System.Data.SqlClient.sni (>= 4.7)
      System.Security.Principal.Windows (>= 4.7)
    System.Diagnostics.Debug (4.3)
      Microsoft.NETCore.Platforms (>= 1.1)
      Microsoft.NETCore.Targets (>= 1.1)
      System.Runtime (>= 4.3)
    System.Diagnostics.DiagnosticSource (6.0.1)
      System.Runtime.CompilerServices.Unsafe (>= 6.0)
    System.Diagnostics.EventLog (6.0)
    System.Diagnostics.PerformanceCounter (6.0)
      System.Configuration.ConfigurationManager (>= 6.0) - restriction: || (== net6.0) (== net6.0-windows7.0) (== net8.0) (== net8.0-windows7.0) (&& (== netstandard2.0) (>= netcoreapp3.1))
    System.Diagnostics.TraceSource (4.3)
      Microsoft.NETCore.Platforms (>= 1.1)
      runtime.native.System (>= 4.3)
      System.Collections (>= 4.3)
      System.Diagnostics.Debug (>= 4.3)
      System.Globalization (>= 4.3)
      System.Resources.ResourceManager (>= 4.3)
      System.Runtime (>= 4.3)
      System.Runtime.Extensions (>= 4.3)
      System.Threading (>= 4.3)
    System.Diagnostics.Tracing (4.3)
      Microsoft.NETCore.Platforms (>= 1.1)
      Microsoft.NETCore.Targets (>= 1.1)
      System.Runtime (>= 4.3)
    System.DirectoryServices (6.0)
      System.IO.FileSystem.AccessControl (>= 5.0) - restriction: || (&& (== net6.0) (< netcoreapp3.1)) (&& (== net6.0-windows7.0) (< net6.0)) (&& (== net6.0-windows7.0) (< netcoreapp3.1)) (&& (== net8.0) (< net6.0)) (&& (== net8.0) (< netcoreapp3.1)) (&& (== net8.0-windows7.0) (< net6.0)) (&& (== net8.0-windows7.0) (< netcoreapp3.1)) (== netstandard2.0)
      System.Security.AccessControl (>= 6.0)
      System.Security.Permissions (>= 6.0)
      System.Security.Principal.Windows (>= 5.0) - restriction: || (&& (== net6.0) (< netcoreapp3.1)) (&& (== net6.0-windows7.0) (< net6.0)) (&& (== net6.0-windows7.0) (< netcoreapp3.1)) (&& (== net8.0) (< net6.0)) (&& (== net8.0) (< netcoreapp3.1)) (&& (== net8.0-windows7.0) (< net6.0)) (&& (== net8.0-windows7.0) (< netcoreapp3.1)) (== netstandard2.0)
    System.DirectoryServices.AccountManagement (6.0)
      System.Configuration.ConfigurationManager (>= 6.0) - restriction: || (== net6.0) (== net6.0-windows7.0) (== net8.0) (== net8.0-windows7.0) (&& (== netstandard2.0) (>= netcoreapp3.1))
      System.DirectoryServices (>= 6.0) - restriction: || (== net6.0) (== net6.0-windows7.0) (== net8.0) (== net8.0-windows7.0) (&& (== netstandard2.0) (>= netcoreapp3.1))
      System.DirectoryServices.Protocols (>= 6.0) - restriction: || (== net6.0) (== net6.0-windows7.0) (== net8.0) (== net8.0-windows7.0) (&& (== netstandard2.0) (>= netcoreapp3.1))
      System.Security.AccessControl (>= 6.0) - restriction: || (== net6.0) (== net6.0-windows7.0) (== net8.0) (== net8.0-windows7.0) (&& (== netstandard2.0) (>= netcoreapp3.1))
      System.Security.Principal.Windows (>= 5.0) - restriction: || (&& (== net6.0) (< netcoreapp3.1)) (&& (== net6.0-windows7.0) (< net6.0)) (&& (== net6.0-windows7.0) (< netcoreapp3.1)) (&& (== net8.0) (< net6.0)) (&& (== net8.0) (< netcoreapp3.1)) (&& (== net8.0-windows7.0) (< net6.0)) (&& (== net8.0-windows7.0) (< netcoreapp3.1)) (== netstandard2.0)
    System.DirectoryServices.Protocols (6.0)
      System.Security.Principal.Windows (>= 5.0) - restriction: || (&& (== net6.0) (< netcoreapp3.1)) (&& (== net6.0-windows7.0) (< net6.0)) (&& (== net6.0-windows7.0) (< netcoreapp3.1)) (&& (== net8.0) (< net6.0)) (&& (== net8.0) (< netcoreapp3.1)) (&& (== net8.0-windows7.0) (< net6.0)) (&& (== net8.0-windows7.0) (< netcoreapp3.1)) (== netstandard2.0)
    System.Drawing.Common (6.0)
      Microsoft.Win32.SystemEvents (>= 6.0) - restriction: || (== net6.0) (== net6.0-windows7.0) (== net8.0) (== net8.0-windows7.0) (&& (== netstandard2.0) (>= netcoreapp3.1))
    System.Dynamic.Runtime (4.3)
      System.Collections (>= 4.3)
      System.Diagnostics.Debug (>= 4.3)
      System.Linq (>= 4.3)
      System.Linq.Expressions (>= 4.3)
      System.ObjectModel (>= 4.3)
      System.Reflection (>= 4.3)
      System.Reflection.Emit (>= 4.3)
      System.Reflection.Emit.ILGeneration (>= 4.3)
      System.Reflection.Primitives (>= 4.3)
      System.Reflection.TypeExtensions (>= 4.3)
      System.Resources.ResourceManager (>= 4.3)
      System.Runtime (>= 4.3)
      System.Runtime.Extensions (>= 4.3)
      System.Threading (>= 4.3)
    System.Formats.Asn1 (8.0.1)
      System.Buffers (>= 4.5.1) - restriction: || (&& (== net6.0) (>= net462)) (&& (== net6.0-windows7.0) (>= net462)) (&& (== net6.0-windows7.0) (< net6.0)) (&& (== net8.0) (>= net462)) (&& (== net8.0) (< net6.0)) (&& (== net8.0-windows7.0) (>= net462)) (&& (== net8.0-windows7.0) (< net6.0)) (== netstandard2.0)
      System.Memory (>= 4.5.5) - restriction: || (&& (== net6.0) (>= net462)) (&& (== net6.0-windows7.0) (>= net462)) (&& (== net6.0-windows7.0) (< net6.0)) (&& (== net8.0) (>= net462)) (&& (== net8.0) (< net6.0)) (&& (== net8.0-windows7.0) (>= net462)) (&& (== net8.0-windows7.0) (< net6.0)) (== netstandard2.0)
    System.Globalization (4.3)
      Microsoft.NETCore.Platforms (>= 1.1)
      Microsoft.NETCore.Targets (>= 1.1)
      System.Runtime (>= 4.3)
    System.Globalization.Calendars (4.3)
      Microsoft.NETCore.Platforms (>= 1.1)
      Microsoft.NETCore.Targets (>= 1.1)
      System.Globalization (>= 4.3)
      System.Runtime (>= 4.3)
    System.Globalization.Extensions (4.3)
      Microsoft.NETCore.Platforms (>= 1.1)
      System.Globalization (>= 4.3)
      System.Resources.ResourceManager (>= 4.3)
      System.Runtime (>= 4.3)
      System.Runtime.Extensions (>= 4.3)
      System.Runtime.InteropServices (>= 4.3)
    System.IdentityModel.Tokens.Jwt (6.15)
      Microsoft.IdentityModel.JsonWebTokens (>= 6.15)
      Microsoft.IdentityModel.Tokens (>= 6.15)
    System.Interactive (5.0)
    System.Interactive.Async (5.0)
      System.Linq.Async (>= 5.0)
    System.IO (4.3)
      Microsoft.NETCore.Platforms (>= 1.1)
      Microsoft.NETCore.Targets (>= 1.1)
      System.Runtime (>= 4.3)
      System.Text.Encoding (>= 4.3)
      System.Threading.Tasks (>= 4.3)
    System.IO.FileSystem (4.3)
      Microsoft.NETCore.Platforms (>= 1.1)
      Microsoft.NETCore.Targets (>= 1.1)
      System.IO (>= 4.3)
      System.IO.FileSystem.Primitives (>= 4.3)
      System.Runtime (>= 4.3)
      System.Runtime.Handles (>= 4.3)
      System.Text.Encoding (>= 4.3)
      System.Threading.Tasks (>= 4.3)
    System.IO.FileSystem.AccessControl (5.0) - restriction: || (&& (== net6.0) (< netcoreapp3.1)) (&& (== net6.0) (< netstandard2.1)) (&& (== net6.0-windows7.0) (< net6.0)) (&& (== net6.0-windows7.0) (< netcoreapp3.1)) (&& (== net6.0-windows7.0) (< netstandard2.1)) (&& (== net8.0) (< net6.0)) (&& (== net8.0) (< netcoreapp3.1)) (&& (== net8.0) (< netstandard2.1)) (&& (== net8.0-windows7.0) (< net6.0)) (&& (== net8.0-windows7.0) (< netcoreapp3.1)) (&& (== net8.0-windows7.0) (< netstandard2.1)) (== netstandard2.0)
      System.Buffers (>= 4.5.1) - restriction: || (&& (== net6.0) (>= monoandroid) (< netstandard1.3)) (&& (== net6.0) (>= monotouch)) (&& (== net6.0) (< netcoreapp2.0)) (&& (== net6.0) (>= xamarinios)) (&& (== net6.0) (>= xamarinmac)) (&& (== net6.0) (>= xamarintvos)) (&& (== net6.0) (>= xamarinwatchos)) (&& (== net6.0-windows7.0) (>= monoandroid) (< netstandard1.3)) (&& (== net6.0-windows7.0) (>= monotouch)) (&& (== net6.0-windows7.0) (< netcoreapp2.0)) (&& (== net6.0-windows7.0) (>= xamarinios)) (&& (== net6.0-windows7.0) (>= xamarinmac)) (&& (== net6.0-windows7.0) (>= xamarintvos)) (&& (== net6.0-windows7.0) (>= xamarinwatchos)) (&& (== net8.0) (>= monoandroid) (< netstandard1.3)) (&& (== net8.0) (>= monotouch)) (&& (== net8.0) (< netcoreapp2.0)) (&& (== net8.0) (>= xamarinios)) (&& (== net8.0) (>= xamarinmac)) (&& (== net8.0) (>= xamarintvos)) (&& (== net8.0) (>= xamarinwatchos)) (&& (== net8.0-windows7.0) (>= monoandroid) (< netstandard1.3)) (&& (== net8.0-windows7.0) (>= monotouch)) (&& (== net8.0-windows7.0) (< netcoreapp2.0)) (&& (== net8.0-windows7.0) (>= xamarinios)) (&& (== net8.0-windows7.0) (>= xamarinmac)) (&& (== net8.0-windows7.0) (>= xamarintvos)) (&& (== net8.0-windows7.0) (>= xamarinwatchos)) (== netstandard2.0)
      System.Memory (>= 4.5.4) - restriction: || (&& (== net6.0) (< netcoreapp2.0)) (&& (== net6.0) (< netcoreapp2.1)) (&& (== net6.0) (>= uap10.1)) (&& (== net6.0-windows7.0) (< netcoreapp2.0)) (&& (== net6.0-windows7.0) (< netcoreapp2.1)) (&& (== net6.0-windows7.0) (>= uap10.1)) (&& (== net8.0) (< netcoreapp2.0)) (&& (== net8.0) (< netcoreapp2.1)) (&& (== net8.0) (>= uap10.1)) (&& (== net8.0-windows7.0) (< netcoreapp2.0)) (&& (== net8.0-windows7.0) (< netcoreapp2.1)) (&& (== net8.0-windows7.0) (>= uap10.1)) (== netstandard2.0)
      System.Security.AccessControl (>= 5.0)
      System.Security.Principal.Windows (>= 5.0)
    System.IO.FileSystem.Primitives (4.3)
      System.Runtime (>= 4.3)
    System.IO.Packaging (6.0)
    System.IO.Pipelines (6.0.1)
      System.Buffers (>= 4.5.1) - restriction: || (&& (== net6.0) (>= net461)) (&& (== net6.0) (< netcoreapp3.1)) (&& (== net6.0-windows7.0) (>= net461)) (&& (== net6.0-windows7.0) (< netcoreapp3.1)) (&& (== net8.0) (>= net461)) (&& (== net8.0) (< netcoreapp3.1)) (&& (== net8.0-windows7.0) (>= net461)) (&& (== net8.0-windows7.0) (< netcoreapp3.1)) (== netstandard2.0)
      System.Memory (>= 4.5.4) - restriction: || (&& (== net6.0) (>= net461)) (&& (== net6.0) (< netcoreapp3.1)) (&& (== net6.0-windows7.0) (>= net461)) (&& (== net6.0-windows7.0) (< netcoreapp3.1)) (&& (== net8.0) (>= net461)) (&& (== net8.0) (< netcoreapp3.1)) (&& (== net8.0-windows7.0) (>= net461)) (&& (== net8.0-windows7.0) (< netcoreapp3.1)) (== netstandard2.0)
      System.Threading.Tasks.Extensions (>= 4.5.4) - restriction: || (&& (== net6.0) (>= net461)) (&& (== net6.0) (< netcoreapp3.1)) (&& (== net6.0-windows7.0) (>= net461)) (&& (== net6.0-windows7.0) (< netcoreapp3.1)) (&& (== net8.0) (>= net461)) (&& (== net8.0) (< netcoreapp3.1)) (&& (== net8.0-windows7.0) (>= net461)) (&& (== net8.0-windows7.0) (< netcoreapp3.1)) (== netstandard2.0)
    System.IO.Pipes.AccessControl (5.0) - restriction: || (&& (== net6.0) (< netcoreapp3.1)) (&& (== net6.0) (< netstandard2.1)) (&& (== net6.0-windows7.0) (< net6.0)) (&& (== net6.0-windows7.0) (< netcoreapp3.1)) (&& (== net6.0-windows7.0) (< netstandard2.1)) (&& (== net8.0) (< net6.0)) (&& (== net8.0) (< netcoreapp3.1)) (&& (== net8.0) (< netstandard2.1)) (&& (== net8.0-windows7.0) (< net6.0)) (&& (== net8.0-windows7.0) (< netcoreapp3.1)) (&& (== net8.0-windows7.0) (< netstandard2.1)) (== netstandard2.0)
      System.Security.AccessControl (>= 5.0)
      System.Security.Principal.Windows (>= 5.0)
    System.IO.Ports (6.0)
      Microsoft.Win32.Registry (>= 5.0) - restriction: || (&& (== net6.0-windows7.0) (< net6.0)) (&& (== net8.0) (< net6.0)) (&& (== net8.0-windows7.0) (< net6.0)) (== netstandard2.0)
      runtime.native.System.IO.Ports (>= 6.0)
      System.Memory (>= 4.5.4) - restriction: || (&& (== net6.0-windows7.0) (< net6.0)) (&& (== net8.0) (< net6.0)) (&& (== net8.0-windows7.0) (< net6.0)) (== netstandard2.0)
    System.Linq (4.3)
      System.Collections (>= 4.3)
      System.Diagnostics.Debug (>= 4.3)
      System.Resources.ResourceManager (>= 4.3)
      System.Runtime (>= 4.3)
      System.Runtime.Extensions (>= 4.3)
    System.Linq.Async (5.0)
      Microsoft.Bcl.AsyncInterfaces (>= 1.1.1) - restriction: || (&& (== net6.0) (>= net461)) (&& (== net6.0) (< netstandard2.1)) (&& (== net6.0-windows7.0) (>= net461)) (&& (== net6.0-windows7.0) (< netstandard2.1)) (&& (== net8.0) (>= net461)) (&& (== net8.0) (< netstandard2.1)) (&& (== net8.0-windows7.0) (>= net461)) (&& (== net8.0-windows7.0) (< netstandard2.1)) (== netstandard2.0)
    System.Linq.Expressions (4.3)
      System.Collections (>= 4.3)
      System.Diagnostics.Debug (>= 4.3)
      System.Globalization (>= 4.3)
      System.IO (>= 4.3)
      System.Linq (>= 4.3)
      System.ObjectModel (>= 4.3)
      System.Reflection (>= 4.3)
      System.Reflection.Emit (>= 4.3)
      System.Reflection.Emit.ILGeneration (>= 4.3)
      System.Reflection.Emit.Lightweight (>= 4.3)
      System.Reflection.Extensions (>= 4.3)
      System.Reflection.Primitives (>= 4.3)
      System.Reflection.TypeExtensions (>= 4.3)
      System.Resources.ResourceManager (>= 4.3)
      System.Runtime (>= 4.3)
      System.Runtime.Extensions (>= 4.3)
      System.Threading (>= 4.3)
    System.Management (6.0)
      System.CodeDom (>= 6.0)
    System.Memory (4.5.5)
      System.Buffers (>= 4.5.1) - restriction: || (&& (== net6.0) (>= monotouch)) (&& (== net6.0) (>= net461)) (&& (== net6.0) (< netcoreapp2.0)) (&& (== net6.0) (< netstandard1.1)) (&& (== net6.0) (< netstandard2.0)) (&& (== net6.0) (>= xamarinios)) (&& (== net6.0) (>= xamarinmac)) (&& (== net6.0) (>= xamarintvos)) (&& (== net6.0) (>= xamarinwatchos)) (&& (== net6.0-windows7.0) (>= monotouch)) (&& (== net6.0-windows7.0) (>= net461)) (&& (== net6.0-windows7.0) (< netcoreapp2.0)) (&& (== net6.0-windows7.0) (< netstandard1.1)) (&& (== net6.0-windows7.0) (< netstandard2.0)) (&& (== net6.0-windows7.0) (>= xamarinios)) (&& (== net6.0-windows7.0) (>= xamarinmac)) (&& (== net6.0-windows7.0) (>= xamarintvos)) (&& (== net6.0-windows7.0) (>= xamarinwatchos)) (&& (== net8.0) (>= monotouch)) (&& (== net8.0) (>= net461)) (&& (== net8.0) (< netcoreapp2.0)) (&& (== net8.0) (< netstandard1.1)) (&& (== net8.0) (< netstandard2.0)) (&& (== net8.0) (>= xamarinios)) (&& (== net8.0) (>= xamarinmac)) (&& (== net8.0) (>= xamarintvos)) (&& (== net8.0) (>= xamarinwatchos)) (&& (== net8.0-windows7.0) (>= monotouch)) (&& (== net8.0-windows7.0) (>= net461)) (&& (== net8.0-windows7.0) (< netcoreapp2.0)) (&& (== net8.0-windows7.0) (< netstandard1.1)) (&& (== net8.0-windows7.0) (< netstandard2.0)) (&& (== net8.0-windows7.0) (>= xamarinios)) (&& (== net8.0-windows7.0) (>= xamarinmac)) (&& (== net8.0-windows7.0) (>= xamarintvos)) (&& (== net8.0-windows7.0) (>= xamarinwatchos)) (== netstandard2.0)
      System.Numerics.Vectors (>= 4.4) - restriction: || (&& (== net6.0) (< netcoreapp2.0)) (&& (== net6.0-windows7.0) (< netcoreapp2.0)) (&& (== net8.0) (< netcoreapp2.0)) (&& (== net8.0-windows7.0) (< netcoreapp2.0)) (== netstandard2.0)
      System.Runtime.CompilerServices.Unsafe (>= 4.5.3) - restriction: || (&& (== net6.0) (>= monotouch)) (&& (== net6.0) (>= net461)) (&& (== net6.0) (< netcoreapp2.0)) (&& (== net6.0) (< netcoreapp2.1)) (&& (== net6.0) (< netstandard1.1)) (&& (== net6.0) (< netstandard2.0)) (&& (== net6.0) (>= uap10.1)) (&& (== net6.0) (>= xamarinios)) (&& (== net6.0) (>= xamarinmac)) (&& (== net6.0) (>= xamarintvos)) (&& (== net6.0) (>= xamarinwatchos)) (&& (== net6.0-windows7.0) (>= monotouch)) (&& (== net6.0-windows7.0) (>= net461)) (&& (== net6.0-windows7.0) (< netcoreapp2.0)) (&& (== net6.0-windows7.0) (< netcoreapp2.1)) (&& (== net6.0-windows7.0) (< netstandard1.1)) (&& (== net6.0-windows7.0) (< netstandard2.0)) (&& (== net6.0-windows7.0) (>= uap10.1)) (&& (== net6.0-windows7.0) (>= xamarinios)) (&& (== net6.0-windows7.0) (>= xamarinmac)) (&& (== net6.0-windows7.0) (>= xamarintvos)) (&& (== net6.0-windows7.0) (>= xamarinwatchos)) (&& (== net8.0) (>= monotouch)) (&& (== net8.0) (>= net461)) (&& (== net8.0) (< netcoreapp2.0)) (&& (== net8.0) (< netcoreapp2.1)) (&& (== net8.0) (< netstandard1.1)) (&& (== net8.0) (< netstandard2.0)) (&& (== net8.0) (>= uap10.1)) (&& (== net8.0) (>= xamarinios)) (&& (== net8.0) (>= xamarinmac)) (&& (== net8.0) (>= xamarintvos)) (&& (== net8.0) (>= xamarinwatchos)) (&& (== net8.0-windows7.0) (>= monotouch)) (&& (== net8.0-windows7.0) (>= net461)) (&& (== net8.0-windows7.0) (< netcoreapp2.0)) (&& (== net8.0-windows7.0) (< netcoreapp2.1)) (&& (== net8.0-windows7.0) (< netstandard1.1)) (&& (== net8.0-windows7.0) (< netstandard2.0)) (&& (== net8.0-windows7.0) (>= uap10.1)) (&& (== net8.0-windows7.0) (>= xamarinios)) (&& (== net8.0-windows7.0) (>= xamarinmac)) (&& (== net8.0-windows7.0) (>= xamarintvos)) (&& (== net8.0-windows7.0) (>= xamarinwatchos)) (== netstandard2.0)
    System.Memory.Data (1.0.2)
      System.Text.Encodings.Web (>= 4.7.2)
      System.Text.Json (>= 4.6)
    System.Net.Http (4.3.4)
      Microsoft.NETCore.Platforms (>= 1.1.1)
      runtime.native.System (>= 4.3)
      runtime.native.System.Net.Http (>= 4.3)
      runtime.native.System.Security.Cryptography.OpenSsl (>= 4.3.2)
      System.Collections (>= 4.3)
      System.Diagnostics.Debug (>= 4.3)
      System.Diagnostics.DiagnosticSource (>= 4.3)
      System.Diagnostics.Tracing (>= 4.3)
      System.Globalization (>= 4.3)
      System.Globalization.Extensions (>= 4.3)
      System.IO (>= 4.3)
      System.IO.FileSystem (>= 4.3)
      System.Net.Primitives (>= 4.3)
      System.Resources.ResourceManager (>= 4.3)
      System.Runtime (>= 4.3)
      System.Runtime.Extensions (>= 4.3)
      System.Runtime.Handles (>= 4.3)
      System.Runtime.InteropServices (>= 4.3)
      System.Security.Cryptography.Algorithms (>= 4.3)
      System.Security.Cryptography.Encoding (>= 4.3)
      System.Security.Cryptography.OpenSsl (>= 4.3)
      System.Security.Cryptography.Primitives (>= 4.3)
      System.Security.Cryptography.X509Certificates (>= 4.3)
      System.Text.Encoding (>= 4.3)
      System.Threading (>= 4.3)
      System.Threading.Tasks (>= 4.3)
    System.Net.Primitives (4.3)
      Microsoft.NETCore.Platforms (>= 1.1)
      Microsoft.NETCore.Targets (>= 1.1)
      System.Runtime (>= 4.3)
      System.Runtime.Handles (>= 4.3)
    System.Numerics.Vectors (4.5)
    System.ObjectModel (4.3)
      System.Collections (>= 4.3)
      System.Diagnostics.Debug (>= 4.3)
      System.Resources.ResourceManager (>= 4.3)
      System.Runtime (>= 4.3)
      System.Threading (>= 4.3)
    System.Private.ServiceModel (4.10.2)
      Microsoft.Bcl.AsyncInterfaces (>= 5.0)
      Microsoft.Extensions.ObjectPool (>= 5.0.10)
      System.Numerics.Vectors (>= 4.5)
      System.Reflection.DispatchProxy (>= 4.7.1)
      System.Security.Cryptography.Xml (>= 6.0.1)
      System.Security.Principal.Windows (>= 5.0)
    System.Reactive (6.0)
      System.Threading.Tasks.Extensions (>= 4.5.4) - restriction: || (&& (== net6.0) (>= net472)) (&& (== net6.0) (>= uap10.1)) (&& (== net6.0-windows7.0) (>= net472)) (&& (== net6.0-windows7.0) (< net6.0)) (&& (== net6.0-windows7.0) (>= uap10.1)) (&& (== net8.0) (>= net472)) (&& (== net8.0) (< net6.0)) (&& (== net8.0) (>= uap10.1)) (&& (== net8.0-windows7.0) (>= net472)) (&& (== net8.0-windows7.0) (< net6.0)) (&& (== net8.0-windows7.0) (>= uap10.1)) (== netstandard2.0)
    System.Reflection (4.3)
      Microsoft.NETCore.Platforms (>= 1.1)
      Microsoft.NETCore.Targets (>= 1.1)
      System.IO (>= 4.3)
      System.Reflection.Primitives (>= 4.3)
      System.Runtime (>= 4.3)
    System.Reflection.Context (6.0)
    System.Reflection.DispatchProxy (4.7.1)
    System.Reflection.Emit (4.7)
      System.Reflection.Emit.ILGeneration (>= 4.7) - restriction: || (&& (== net6.0) (< netcoreapp2.0) (< netstandard2.1)) (&& (== net6.0) (< netstandard1.1)) (&& (== net6.0) (< netstandard2.0)) (&& (== net6.0) (>= uap10.1)) (&& (== net6.0-windows7.0) (< netcoreapp2.0) (< netstandard2.1)) (&& (== net6.0-windows7.0) (< netstandard1.1)) (&& (== net6.0-windows7.0) (< netstandard2.0)) (&& (== net6.0-windows7.0) (>= uap10.1)) (&& (== net8.0) (< netcoreapp2.0) (< netstandard2.1)) (&& (== net8.0) (< netstandard1.1)) (&& (== net8.0) (< netstandard2.0)) (&& (== net8.0) (>= uap10.1)) (&& (== net8.0-windows7.0) (< netcoreapp2.0) (< netstandard2.1)) (&& (== net8.0-windows7.0) (< netstandard1.1)) (&& (== net8.0-windows7.0) (< netstandard2.0)) (&& (== net8.0-windows7.0) (>= uap10.1)) (== netstandard2.0)
    System.Reflection.Emit.ILGeneration (4.7)
    System.Reflection.Emit.Lightweight (4.7)
      System.Reflection.Emit.ILGeneration (>= 4.7) - restriction: || (&& (== net6.0) (< netcoreapp2.0) (< netstandard2.1)) (&& (== net6.0) (< netstandard2.0)) (&& (== net6.0) (< portable-net45+wp8)) (&& (== net6.0) (>= uap10.1)) (&& (== net6.0-windows7.0) (< netcoreapp2.0) (< netstandard2.1)) (&& (== net6.0-windows7.0) (< netstandard2.0)) (&& (== net6.0-windows7.0) (< portable-net45+wp8)) (&& (== net6.0-windows7.0) (>= uap10.1)) (&& (== net8.0) (< netcoreapp2.0) (< netstandard2.1)) (&& (== net8.0) (< netstandard2.0)) (&& (== net8.0) (< portable-net45+wp8)) (&& (== net8.0) (>= uap10.1)) (&& (== net8.0-windows7.0) (< netcoreapp2.0) (< netstandard2.1)) (&& (== net8.0-windows7.0) (< netstandard2.0)) (&& (== net8.0-windows7.0) (< portable-net45+wp8)) (&& (== net8.0-windows7.0) (>= uap10.1)) (== netstandard2.0)
    System.Reflection.Extensions (4.3)
      Microsoft.NETCore.Platforms (>= 1.1)
      Microsoft.NETCore.Targets (>= 1.1)
      System.Reflection (>= 4.3)
      System.Runtime (>= 4.3)
    System.Reflection.Metadata (5.0)
      System.Collections.Immutable (>= 5.0) - restriction: || (&& (== net6.0) (>= net461)) (&& (== net6.0) (< net5.0)) (&& (== net6.0) (< netstandard1.1)) (&& (== net6.0) (< netstandard2.0)) (&& (== net6.0-windows7.0) (>= net461)) (&& (== net6.0-windows7.0) (< net5.0)) (&& (== net6.0-windows7.0) (< netstandard1.1)) (&& (== net6.0-windows7.0) (< netstandard2.0)) (&& (== net8.0) (>= net461)) (&& (== net8.0) (< net5.0)) (&& (== net8.0) (< netstandard1.1)) (&& (== net8.0) (< netstandard2.0)) (&& (== net8.0-windows7.0) (>= net461)) (&& (== net8.0-windows7.0) (< net5.0)) (&& (== net8.0-windows7.0) (< netstandard1.1)) (&& (== net8.0-windows7.0) (< netstandard2.0)) (== netstandard2.0)
    System.Reflection.Primitives (4.3)
      Microsoft.NETCore.Platforms (>= 1.1)
      Microsoft.NETCore.Targets (>= 1.1)
      System.Runtime (>= 4.3)
    System.Reflection.TypeExtensions (4.3)
      System.Reflection (>= 4.3)
      System.Runtime (>= 4.3)
    System.Resources.Extensions (6.0) - restriction: || (&& (== net6.0) (>= net452)) (&& (== net6.0) (>= net6.0-windows7.0)) (== net6.0-windows7.0) (&& (== net8.0) (>= net452)) (&& (== net8.0) (>= net6.0-windows7.0)) (&& (== net8.0-windows7.0) (>= net452)) (&& (== net8.0-windows7.0) (>= net6.0-windows7.0)) (&& (== netstandard2.0) (>= net452) (>= net6.0)) (&& (== netstandard2.0) (>= net6.0-windows7.0))
    System.Resources.ResourceManager (4.3)
      Microsoft.NETCore.Platforms (>= 1.1)
      Microsoft.NETCore.Targets (>= 1.1)
      System.Globalization (>= 4.3)
      System.Reflection (>= 4.3)
      System.Runtime (>= 4.3)
    System.Runtime (4.3)
      Microsoft.NETCore.Platforms (>= 1.1)
      Microsoft.NETCore.Targets (>= 1.1)
    System.Runtime.Caching (6.0)
      System.Configuration.ConfigurationManager (>= 6.0)
    System.Runtime.CompilerServices.Unsafe (6.0)
    System.Runtime.Extensions (4.3)
      Microsoft.NETCore.Platforms (>= 1.1)
      Microsoft.NETCore.Targets (>= 1.1)
      System.Runtime (>= 4.3)
    System.Runtime.Handles (4.3)
      Microsoft.NETCore.Platforms (>= 1.1)
      Microsoft.NETCore.Targets (>= 1.1)
      System.Runtime (>= 4.3)
    System.Runtime.InteropServices (4.3)
      Microsoft.NETCore.Platforms (>= 1.1)
      Microsoft.NETCore.Targets (>= 1.1)
      System.Reflection (>= 4.3)
      System.Reflection.Primitives (>= 4.3)
      System.Runtime (>= 4.3)
      System.Runtime.Handles (>= 4.3)
    System.Runtime.Loader (4.3) - restriction: || (&& (== net6.0) (< netcoreapp3.1)) (&& (== net6.0) (< netstandard2.1)) (&& (== net6.0-windows7.0) (< netcoreapp3.1)) (&& (== net6.0-windows7.0) (< netstandard2.1)) (&& (== net8.0) (< netcoreapp3.1)) (&& (== net8.0) (< netstandard2.1)) (&& (== net8.0-windows7.0) (< netcoreapp3.1)) (&& (== net8.0-windows7.0) (< netstandard2.1)) (== netstandard2.0)
      System.IO (>= 4.3)
      System.Reflection (>= 4.3)
      System.Runtime (>= 4.3)
    System.Runtime.Numerics (4.3)
      System.Globalization (>= 4.3)
      System.Resources.ResourceManager (>= 4.3)
      System.Runtime (>= 4.3)
      System.Runtime.Extensions (>= 4.3)
    System.Security.AccessControl (6.0)
      System.Security.Principal.Windows (>= 5.0) - restriction: || (&& (== net6.0) (>= net461)) (&& (== net6.0-windows7.0) (>= net461)) (&& (== net6.0-windows7.0) (< net6.0)) (&& (== net8.0) (>= net461)) (&& (== net8.0) (< net6.0)) (&& (== net8.0-windows7.0) (>= net461)) (&& (== net8.0-windows7.0) (< net6.0)) (== netstandard2.0)
    System.Security.Claims (4.3)
      System.Collections (>= 4.3)
      System.Globalization (>= 4.3)
      System.IO (>= 4.3)
      System.Resources.ResourceManager (>= 4.3)
      System.Runtime (>= 4.3)
      System.Runtime.Extensions (>= 4.3)
      System.Security.Principal (>= 4.3)
    System.Security.Cryptography.Algorithms (4.3)
      Microsoft.NETCore.Platforms (>= 1.1)
      runtime.native.System.Security.Cryptography.Apple (>= 4.3)
      runtime.native.System.Security.Cryptography.OpenSsl (>= 4.3)
      System.Collections (>= 4.3)
      System.IO (>= 4.3)
      System.Resources.ResourceManager (>= 4.3)
      System.Runtime (>= 4.3)
      System.Runtime.Extensions (>= 4.3)
      System.Runtime.Handles (>= 4.3)
      System.Runtime.InteropServices (>= 4.3)
      System.Runtime.Numerics (>= 4.3)
      System.Security.Cryptography.Encoding (>= 4.3)
      System.Security.Cryptography.Primitives (>= 4.3)
      System.Text.Encoding (>= 4.3)
    System.Security.Cryptography.Cng (5.0)
      System.Formats.Asn1 (>= 5.0) - restriction: || (== net6.0) (== net6.0-windows7.0) (== net8.0) (== net8.0-windows7.0) (&& (== netstandard2.0) (>= netcoreapp3.0))
    System.Security.Cryptography.Csp (4.3)
      Microsoft.NETCore.Platforms (>= 1.1)
      System.IO (>= 4.3)
      System.Reflection (>= 4.3)
      System.Resources.ResourceManager (>= 4.3)
      System.Runtime (>= 4.3)
      System.Runtime.Extensions (>= 4.3)
      System.Runtime.Handles (>= 4.3)
      System.Runtime.InteropServices (>= 4.3)
      System.Security.Cryptography.Algorithms (>= 4.3)
      System.Security.Cryptography.Encoding (>= 4.3)
      System.Security.Cryptography.Primitives (>= 4.3)
      System.Text.Encoding (>= 4.3)
      System.Threading (>= 4.3)
    System.Security.Cryptography.Encoding (4.3)
      Microsoft.NETCore.Platforms (>= 1.1)
      runtime.native.System.Security.Cryptography.OpenSsl (>= 4.3)
      System.Collections (>= 4.3)
      System.Collections.Concurrent (>= 4.3)
      System.Linq (>= 4.3)
      System.Resources.ResourceManager (>= 4.3)
      System.Runtime (>= 4.3)
      System.Runtime.Extensions (>= 4.3)
      System.Runtime.Handles (>= 4.3)
      System.Runtime.InteropServices (>= 4.3)
      System.Security.Cryptography.Primitives (>= 4.3)
      System.Text.Encoding (>= 4.3)
    System.Security.Cryptography.OpenSsl (4.3)
      runtime.native.System.Security.Cryptography.OpenSsl (>= 4.3)
      System.Collections (>= 4.3)
      System.IO (>= 4.3)
      System.Resources.ResourceManager (>= 4.3)
      System.Runtime (>= 4.3)
      System.Runtime.Extensions (>= 4.3)
      System.Runtime.Handles (>= 4.3)
      System.Runtime.InteropServices (>= 4.3)
      System.Runtime.Numerics (>= 4.3)
      System.Security.Cryptography.Algorithms (>= 4.3)
      System.Security.Cryptography.Encoding (>= 4.3)
      System.Security.Cryptography.Primitives (>= 4.3)
      System.Text.Encoding (>= 4.3)
    System.Security.Cryptography.Pkcs (8.0)
      System.Buffers (>= 4.5.1) - restriction: || (&& (== net6.0) (< netstandard2.1)) (&& (== net6.0-windows7.0) (< netstandard2.1)) (&& (== net8.0) (< netstandard2.1)) (&& (== net8.0-windows7.0) (< netstandard2.1)) (== netstandard2.0)
      System.Formats.Asn1 (>= 8.0)
      System.Memory (>= 4.5.5) - restriction: || (&& (== net6.0) (< netstandard2.1)) (&& (== net6.0-windows7.0) (< netstandard2.1)) (&& (== net8.0) (< netstandard2.1)) (&& (== net8.0-windows7.0) (< netstandard2.1)) (== netstandard2.0)
      System.Security.Cryptography.Cng (>= 5.0) - restriction: || (&& (== net6.0) (< netstandard2.1)) (&& (== net6.0-windows7.0) (< net6.0)) (&& (== net6.0-windows7.0) (< netstandard2.1)) (&& (== net8.0) (< net6.0)) (&& (== net8.0) (< netstandard2.1)) (&& (== net8.0-windows7.0) (< net6.0)) (&& (== net8.0-windows7.0) (< netstandard2.1)) (== netstandard2.0)
    System.Security.Cryptography.Primitives (4.3)
      System.Diagnostics.Debug (>= 4.3)
      System.Globalization (>= 4.3)
      System.IO (>= 4.3)
      System.Resources.ResourceManager (>= 4.3)
      System.Runtime (>= 4.3)
      System.Threading (>= 4.3)
      System.Threading.Tasks (>= 4.3)
    System.Security.Cryptography.ProtectedData (8.0)
      System.Memory (>= 4.5.5) - restriction: || (&& (== net6.0-windows7.0) (< net6.0)) (&& (== net8.0) (< net6.0)) (&& (== net8.0-windows7.0) (< net6.0)) (== netstandard2.0)
    System.Security.Cryptography.X509Certificates (4.3)
      Microsoft.NETCore.Platforms (>= 1.1)
      runtime.native.System (>= 4.3)
      runtime.native.System.Net.Http (>= 4.3)
      runtime.native.System.Security.Cryptography.OpenSsl (>= 4.3)
      System.Collections (>= 4.3)
      System.Diagnostics.Debug (>= 4.3)
      System.Globalization (>= 4.3)
      System.Globalization.Calendars (>= 4.3)
      System.IO (>= 4.3)
      System.IO.FileSystem (>= 4.3)
      System.IO.FileSystem.Primitives (>= 4.3)
      System.Resources.ResourceManager (>= 4.3)
      System.Runtime (>= 4.3)
      System.Runtime.Extensions (>= 4.3)
      System.Runtime.Handles (>= 4.3)
      System.Runtime.InteropServices (>= 4.3)
      System.Runtime.Numerics (>= 4.3)
      System.Security.Cryptography.Algorithms (>= 4.3)
      System.Security.Cryptography.Cng (>= 4.3)
      System.Security.Cryptography.Csp (>= 4.3)
      System.Security.Cryptography.Encoding (>= 4.3)
      System.Security.Cryptography.OpenSsl (>= 4.3)
      System.Security.Cryptography.Primitives (>= 4.3)
      System.Text.Encoding (>= 4.3)
      System.Threading (>= 4.3)
    System.Security.Cryptography.Xml (8.0)
      System.Memory (>= 4.5.5) - restriction: || (&& (== net6.0-windows7.0) (< net6.0)) (&& (== net8.0) (< net6.0)) (&& (== net8.0-windows7.0) (< net6.0)) (== netstandard2.0)
      System.Security.AccessControl (>= 6.0) - restriction: || (&& (== net6.0-windows7.0) (< net6.0)) (&& (== net8.0) (< net6.0)) (&& (== net8.0-windows7.0) (< net6.0)) (== netstandard2.0)
      System.Security.Cryptography.Pkcs (>= 8.0)
    System.Security.Permissions (6.0)
      System.Security.AccessControl (>= 6.0)
      System.Windows.Extensions (>= 6.0) - restriction: || (== net6.0) (== net6.0-windows7.0) (== net8.0) (== net8.0-windows7.0) (&& (== netstandard2.0) (>= netcoreapp3.1))
    System.Security.Principal (4.3)
      System.Runtime (>= 4.3)
    System.Security.Principal.Windows (5.0)
    System.ServiceModel.Duplex (4.10.2)
      System.Private.ServiceModel (>= 4.10.2)
      System.ServiceModel.Primitives (>= 4.10.2)
    System.ServiceModel.Http (6.2)
      System.ServiceModel.Primitives (>= 6.2) - restriction: || (== net6.0) (== net6.0-windows7.0) (== net8.0) (== net8.0-windows7.0) (&& (== netstandard2.0) (>= net6.0))
    System.ServiceModel.NetFramingBase (6.2) - restriction: || (== net6.0) (== net6.0-windows7.0) (== net8.0) (== net8.0-windows7.0) (&& (== netstandard2.0) (>= net6.0))
      System.ServiceModel.Primitives (>= 6.2) - restriction: || (== net6.0) (== net6.0-windows7.0) (== net8.0) (== net8.0-windows7.0) (&& (== netstandard2.0) (>= net6.0))
    System.ServiceModel.NetTcp (6.2)
      System.ServiceModel.NetFramingBase (>= 6.2) - restriction: || (== net6.0) (== net6.0-windows7.0) (== net8.0) (== net8.0-windows7.0) (&& (== netstandard2.0) (>= net6.0))
      System.ServiceModel.Primitives (>= 6.2) - restriction: || (== net6.0) (== net6.0-windows7.0) (== net8.0) (== net8.0-windows7.0) (&& (== netstandard2.0) (>= net6.0))
    System.ServiceModel.Primitives (6.2)
      Microsoft.Extensions.ObjectPool (>= 6.0.16) - restriction: || (== net6.0) (== net6.0-windows7.0) (== net8.0) (== net8.0-windows7.0) (&& (== netstandard2.0) (>= net6.0))
      System.Security.Cryptography.Xml (>= 6.0.1) - restriction: || (== net6.0) (== net6.0-windows7.0) (== net8.0) (== net8.0-windows7.0) (&& (== netstandard2.0) (>= net6.0))
    System.ServiceModel.Security (4.10.2)
      System.Private.ServiceModel (>= 4.10.2)
      System.ServiceModel.Primitives (>= 4.10.2)
    System.ServiceModel.Syndication (6.0)
    System.ServiceProcess.ServiceController (6.0)
      System.Buffers (>= 4.5.1) - restriction: || (&& (== net6.0) (< netcoreapp3.1)) (&& (== net6.0-windows7.0) (< netcoreapp3.1)) (&& (== net8.0) (< netcoreapp3.1)) (&& (== net8.0-windows7.0) (< netcoreapp3.1)) (== netstandard2.0)
      System.Diagnostics.EventLog (>= 6.0)
      System.Memory (>= 4.5.4) - restriction: || (&& (== net6.0) (< netcoreapp3.1)) (&& (== net6.0-windows7.0) (< netcoreapp3.1)) (&& (== net8.0) (< netcoreapp3.1)) (&& (== net8.0-windows7.0) (< netcoreapp3.1)) (== netstandard2.0)
    System.Speech (6.0)
    System.Text.Encoding (4.3)
      Microsoft.NETCore.Platforms (>= 1.1)
      Microsoft.NETCore.Targets (>= 1.1)
      System.Runtime (>= 4.3)
    System.Text.Encoding.CodePages (6.0)
      System.Memory (>= 4.5.4) - restriction: || (&& (== net6.0) (>= net461)) (&& (== net6.0) (< netcoreapp3.1)) (&& (== net6.0-windows7.0) (>= net461)) (&& (== net6.0-windows7.0) (< netcoreapp3.1)) (&& (== net8.0) (>= net461)) (&& (== net8.0) (< netcoreapp3.1)) (&& (== net8.0-windows7.0) (>= net461)) (&& (== net8.0-windows7.0) (< netcoreapp3.1)) (== netstandard2.0)
      System.Runtime.CompilerServices.Unsafe (>= 6.0)
    System.Text.Encoding.Extensions (4.3)
      Microsoft.NETCore.Platforms (>= 1.1)
      Microsoft.NETCore.Targets (>= 1.1)
      System.Runtime (>= 4.3)
      System.Text.Encoding (>= 4.3)
    System.Text.Encodings.Web (8.0)
      System.Buffers (>= 4.5.1) - restriction: || (&& (== net6.0) (>= net462)) (&& (== net6.0-windows7.0) (>= net462)) (&& (== net6.0-windows7.0) (< net6.0)) (&& (== net8.0) (>= net462)) (&& (== net8.0) (< net6.0)) (&& (== net8.0-windows7.0) (>= net462)) (&& (== net8.0-windows7.0) (< net6.0)) (== netstandard2.0)
      System.Memory (>= 4.5.5) - restriction: || (&& (== net6.0) (>= net462)) (&& (== net6.0-windows7.0) (>= net462)) (&& (== net6.0-windows7.0) (< net6.0)) (&& (== net8.0) (>= net462)) (&& (== net8.0) (< net6.0)) (&& (== net8.0-windows7.0) (>= net462)) (&& (== net8.0-windows7.0) (< net6.0)) (== netstandard2.0)
      System.Runtime.CompilerServices.Unsafe (>= 6.0) - restriction: || (== net6.0) (== net6.0-windows7.0) (&& (== net8.0) (>= net462)) (&& (== net8.0) (< net6.0)) (&& (== net8.0) (< net7.0)) (&& (== net8.0-windows7.0) (>= net462)) (&& (== net8.0-windows7.0) (< net6.0)) (&& (== net8.0-windows7.0) (< net7.0)) (== netstandard2.0)
    System.Text.Json (8.0.5)
      Microsoft.Bcl.AsyncInterfaces (>= 8.0) - restriction: || (&& (== net6.0) (>= net462)) (&& (== net6.0-windows7.0) (>= net462)) (&& (== net6.0-windows7.0) (< net6.0)) (&& (== net8.0) (>= net462)) (&& (== net8.0) (< net6.0)) (&& (== net8.0-windows7.0) (>= net462)) (&& (== net8.0-windows7.0) (< net6.0)) (== netstandard2.0)
      System.Buffers (>= 4.5.1) - restriction: || (&& (== net6.0) (>= net462)) (&& (== net6.0-windows7.0) (>= net462)) (&& (== net6.0-windows7.0) (< net6.0)) (&& (== net8.0) (>= net462)) (&& (== net8.0) (< net6.0)) (&& (== net8.0-windows7.0) (>= net462)) (&& (== net8.0-windows7.0) (< net6.0)) (== netstandard2.0)
      System.Memory (>= 4.5.5) - restriction: || (&& (== net6.0) (>= net462)) (&& (== net6.0-windows7.0) (>= net462)) (&& (== net6.0-windows7.0) (< net6.0)) (&& (== net8.0) (>= net462)) (&& (== net8.0) (< net6.0)) (&& (== net8.0-windows7.0) (>= net462)) (&& (== net8.0-windows7.0) (< net6.0)) (== netstandard2.0)
      System.Runtime.CompilerServices.Unsafe (>= 6.0) - restriction: || (== net6.0) (== net6.0-windows7.0) (&& (== net8.0) (>= net462)) (&& (== net8.0) (< net6.0)) (&& (== net8.0) (< net7.0)) (&& (== net8.0-windows7.0) (>= net462)) (&& (== net8.0-windows7.0) (< net6.0)) (&& (== net8.0-windows7.0) (< net7.0)) (== netstandard2.0)
      System.Text.Encodings.Web (>= 8.0) - restriction: || (== net6.0) (== net6.0-windows7.0) (&& (== net8.0) (>= net462)) (&& (== net8.0) (< net6.0)) (&& (== net8.0) (< net7.0)) (&& (== net8.0-windows7.0) (>= net462)) (&& (== net8.0-windows7.0) (< net6.0)) (&& (== net8.0-windows7.0) (< net7.0)) (&& (== net8.0-windows7.0) (< net8.0)) (== netstandard2.0)
      System.Threading.Tasks.Extensions (>= 4.5.4) - restriction: || (&& (== net6.0) (>= net462)) (&& (== net6.0-windows7.0) (>= net462)) (&& (== net6.0-windows7.0) (< net6.0)) (&& (== net8.0) (>= net462)) (&& (== net8.0) (< net6.0)) (&& (== net8.0-windows7.0) (>= net462)) (&& (== net8.0-windows7.0) (< net6.0)) (== netstandard2.0)
    System.Text.RegularExpressions (4.3)
      System.Collections (>= 4.3) - restriction: || (&& (== net6.0) (< netcoreapp1.1)) (&& (== net6.0-windows7.0) (< netcoreapp1.1)) (&& (== net8.0) (< netcoreapp1.1)) (&& (== net8.0-windows7.0) (< netcoreapp1.1)) (== netstandard2.0)
      System.Globalization (>= 4.3) - restriction: || (&& (== net6.0) (< netcoreapp1.1)) (&& (== net6.0-windows7.0) (< netcoreapp1.1)) (&& (== net8.0) (< netcoreapp1.1)) (&& (== net8.0-windows7.0) (< netcoreapp1.1)) (== netstandard2.0)
      System.Resources.ResourceManager (>= 4.3) - restriction: || (&& (== net6.0) (< netcoreapp1.1)) (&& (== net6.0-windows7.0) (< netcoreapp1.1)) (&& (== net8.0) (< netcoreapp1.1)) (&& (== net8.0-windows7.0) (< netcoreapp1.1)) (== netstandard2.0)
      System.Runtime (>= 4.3)
      System.Runtime.Extensions (>= 4.3) - restriction: || (&& (== net6.0) (< netcoreapp1.1)) (&& (== net6.0-windows7.0) (< netcoreapp1.1)) (&& (== net8.0) (< netcoreapp1.1)) (&& (== net8.0-windows7.0) (< netcoreapp1.1)) (== netstandard2.0)
      System.Threading (>= 4.3) - restriction: || (&& (== net6.0) (< netcoreapp1.1)) (&& (== net6.0-windows7.0) (< netcoreapp1.1)) (&& (== net8.0) (< netcoreapp1.1)) (&& (== net8.0-windows7.0) (< netcoreapp1.1)) (== netstandard2.0)
    System.Threading (4.3)
      System.Runtime (>= 4.3)
      System.Threading.Tasks (>= 4.3)
    System.Threading.AccessControl (6.0)
      System.Memory (>= 4.5.4) - restriction: || (&& (== net6.0-windows7.0) (< net6.0)) (&& (== net8.0) (< net6.0)) (&& (== net8.0-windows7.0) (< net6.0)) (== netstandard2.0)
      System.Security.AccessControl (>= 6.0)
      System.Security.Principal.Windows (>= 5.0) - restriction: || (&& (== net6.0) (>= net461)) (&& (== net6.0-windows7.0) (>= net461)) (&& (== net6.0-windows7.0) (< net6.0)) (&& (== net8.0) (>= net461)) (&& (== net8.0) (< net6.0)) (&& (== net8.0-windows7.0) (>= net461)) (&& (== net8.0-windows7.0) (< net6.0)) (== netstandard2.0)
    System.Threading.Tasks (4.3)
      Microsoft.NETCore.Platforms (>= 1.1)
      Microsoft.NETCore.Targets (>= 1.1)
      System.Runtime (>= 4.3)
    System.Threading.Tasks.Dataflow (7.0)
    System.Threading.Tasks.Extensions (4.5.4)
      System.Runtime.CompilerServices.Unsafe (>= 4.5.3) - restriction: || (&& (== net6.0) (>= net461)) (&& (== net6.0) (< netcoreapp2.1)) (&& (== net6.0) (< netstandard1.0)) (&& (== net6.0) (< netstandard2.0)) (&& (== net6.0) (>= wp8)) (&& (== net6.0-windows7.0) (>= net461)) (&& (== net6.0-windows7.0) (< netcoreapp2.1)) (&& (== net6.0-windows7.0) (< netstandard1.0)) (&& (== net6.0-windows7.0) (< netstandard2.0)) (&& (== net6.0-windows7.0) (>= wp8)) (&& (== net8.0) (>= net461)) (&& (== net8.0) (< netcoreapp2.1)) (&& (== net8.0) (< netstandard1.0)) (&& (== net8.0) (< netstandard2.0)) (&& (== net8.0) (>= wp8)) (&& (== net8.0-windows7.0) (>= net461)) (&& (== net8.0-windows7.0) (< netcoreapp2.1)) (&& (== net8.0-windows7.0) (< netstandard1.0)) (&& (== net8.0-windows7.0) (< netstandard2.0)) (&& (== net8.0-windows7.0) (>= wp8)) (== netstandard2.0)
    System.Threading.Tasks.Parallel (4.3)
      System.Collections.Concurrent (>= 4.3)
      System.Diagnostics.Debug (>= 4.3)
      System.Diagnostics.Tracing (>= 4.3)
      System.Resources.ResourceManager (>= 4.3)
      System.Runtime (>= 4.3)
      System.Runtime.Extensions (>= 4.3)
      System.Threading (>= 4.3)
      System.Threading.Tasks (>= 4.3)
    System.ValueTuple (4.5)
    System.Web.Services.Description (4.9)
    System.Windows.Extensions (6.0) - restriction: || (== net6.0) (== net6.0-windows7.0) (== net8.0) (== net8.0-windows7.0) (&& (== netstandard2.0) (>= netcoreapp3.1))
      System.Drawing.Common (>= 6.0) - restriction: || (== net6.0) (== net6.0-windows7.0) (== net8.0) (== net8.0-windows7.0) (&& (== netstandard2.0) (>= netcoreapp3.1))
    System.Xml.ReaderWriter (4.3)
      System.Collections (>= 4.3)
      System.Diagnostics.Debug (>= 4.3)
      System.Globalization (>= 4.3)
      System.IO (>= 4.3)
      System.IO.FileSystem (>= 4.3)
      System.IO.FileSystem.Primitives (>= 4.3)
      System.Resources.ResourceManager (>= 4.3)
      System.Runtime (>= 4.3)
      System.Runtime.Extensions (>= 4.3)
      System.Runtime.InteropServices (>= 4.3)
      System.Text.Encoding (>= 4.3)
      System.Text.Encoding.Extensions (>= 4.3)
      System.Text.RegularExpressions (>= 4.3)
      System.Threading.Tasks (>= 4.3)
      System.Threading.Tasks.Extensions (>= 4.3)
    System.Xml.XmlDocument (4.3)
      System.Collections (>= 4.3)
      System.Diagnostics.Debug (>= 4.3)
      System.Globalization (>= 4.3)
      System.IO (>= 4.3)
      System.Resources.ResourceManager (>= 4.3)
      System.Runtime (>= 4.3)
      System.Runtime.Extensions (>= 4.3)
      System.Text.Encoding (>= 4.3)
      System.Threading (>= 4.3)
      System.Xml.ReaderWriter (>= 4.3)
    TextCopy (6.1)
      Microsoft.Extensions.DependencyInjection.Abstractions (>= 6.0)
    Unofficial.Microsoft.mshtml (7.0.3300)
    Xpand.Collections (1.0.4)
    Xpand.Patcher (3.0.24)
      Mono.Cecil (>= 0.11.5)
      System.Reflection.Emit.ILGeneration (>= 4.7) - restriction: || (&& (== net6.0-windows7.0) (< net6.0)) (&& (== net8.0) (< net6.0)) (&& (== net8.0-windows7.0) (< net6.0)) (== netstandard2.0)
      System.Reflection.Emit.Lightweight (>= 4.7) - restriction: || (&& (== net6.0-windows7.0) (< net6.0)) (&& (== net8.0) (< net6.0)) (&& (== net8.0-windows7.0) (< net6.0)) (== netstandard2.0)
    Xpand.VersionConverter (2.202.11)
    YamlDotNet (11.2.1)
    ZString (2.5)
      System.Memory (>= 4.5.3) - restriction: || (&& (== net6.0) (< netstandard2.1)) (&& (== net6.0-windows7.0) (< netstandard2.1)) (&& (== net8.0) (< netstandard2.1)) (&& (== net8.0-windows7.0) (< netstandard2.1)) (== netstandard2.0)
      System.Runtime.CompilerServices.Unsafe (>= 6.0) - restriction: || (== net6.0) (== net6.0-windows7.0) (== net8.0) (== net8.0-windows7.0) (&& (== netstandard2.0) (>= netstandard2.1))
  remote: c:\DevExpressPackages
    DevExpress.AspNetCore.Common (24.1.7) - restriction: || (== net6.0) (== net6.0-windows7.0) (== net8.0) (== net8.0-windows7.0) (&& (== netstandard2.0) (>= net6.0))
      DevExpress.AspNetCore.Core (24.1.7) - restriction: || (== net6.0) (== net6.0-windows7.0) (== net8.0) (== net8.0-windows7.0) (&& (== netstandard2.0) (>= net6.0))
      DevExpress.Data (24.1.7) - restriction: || (== net6.0) (== net6.0-windows7.0) (== net8.0) (== net8.0-windows7.0) (&& (== netstandard2.0) (>= net6.0))
    DevExpress.AspNetCore.Core (24.1.7) - restriction: || (== net6.0) (== net6.0-windows7.0) (== net8.0) (== net8.0-windows7.0) (&& (== netstandard2.0) (>= net6.0))
      DevExpress.Data (24.1.7) - restriction: || (== net6.0) (== net6.0-windows7.0) (== net8.0) (== net8.0-windows7.0) (&& (== netstandard2.0) (>= net6.0))
      DevExpress.Office.Core (24.1.7) - restriction: || (== net6.0) (== net6.0-windows7.0) (== net8.0) (== net8.0-windows7.0) (&& (== netstandard2.0) (>= net6.0))
      Microsoft.Extensions.DependencyModel (>= 6.0.1) - restriction: || (== net6.0) (== net6.0-windows7.0) (== net8.0) (== net8.0-windows7.0) (&& (== netstandard2.0) (>= net6.0))
    DevExpress.AspNetCore.Dashboard (24.1.7) - restriction: || (== net6.0) (== net6.0-windows7.0) (== net8.0) (== net8.0-windows7.0) (&& (== netstandard2.0) (>= net6.0))
      DevExpress.AspNetCore.Common (24.1.7) - restriction: || (== net6.0) (== net6.0-windows7.0) (== net8.0) (== net8.0-windows7.0) (&& (== netstandard2.0) (>= net6.0))
      DevExpress.AspNetCore.Core (24.1.7) - restriction: || (== net6.0) (== net6.0-windows7.0) (== net8.0) (== net8.0-windows7.0) (&& (== netstandard2.0) (>= net6.0))
      DevExpress.Dashboard.Core (24.1.7) - restriction: || (== net6.0) (== net6.0-windows7.0) (== net8.0) (== net8.0-windows7.0) (&& (== netstandard2.0) (>= net6.0))
      DevExpress.Data (24.1.7) - restriction: || (== net6.0) (== net6.0-windows7.0) (== net8.0) (== net8.0-windows7.0) (&& (== netstandard2.0) (>= net6.0))
      DevExpress.DataAccess (24.1.7) - restriction: || (== net6.0) (== net6.0-windows7.0) (== net8.0) (== net8.0-windows7.0) (&& (== netstandard2.0) (>= net6.0))
      DevExpress.Web.Dashboard.Common (24.1.7) - restriction: || (== net6.0) (== net6.0-windows7.0) (== net8.0) (== net8.0-windows7.0) (&& (== netstandard2.0) (>= net6.0))
      DevExpress.Web.Resources (24.1.7) - restriction: || (== net6.0) (== net6.0-windows7.0) (== net8.0) (== net8.0-windows7.0) (&& (== netstandard2.0) (>= net6.0))
    DevExpress.AspNetCore.Reporting (24.1.7) - restriction: || (== net6.0) (== net6.0-windows7.0) (== net8.0) (== net8.0-windows7.0) (&& (== netstandard2.0) (>= net6.0))
      DevExpress.AspNetCore.Common (24.1.7) - restriction: || (== net6.0) (== net6.0-windows7.0) (== net8.0) (== net8.0-windows7.0) (&& (== netstandard2.0) (>= net6.0))
      DevExpress.AspNetCore.Core (24.1.7) - restriction: || (== net6.0) (== net6.0-windows7.0) (== net8.0) (== net8.0-windows7.0) (&& (== netstandard2.0) (>= net6.0))
      DevExpress.Data (24.1.7) - restriction: || (== net6.0) (== net6.0-windows7.0) (== net8.0) (== net8.0-windows7.0) (&& (== netstandard2.0) (>= net6.0))
      DevExpress.DataAccess (24.1.7) - restriction: || (== net6.0) (== net6.0-windows7.0) (== net8.0) (== net8.0-windows7.0) (&& (== netstandard2.0) (>= net6.0))
      DevExpress.Printing.Core (24.1.7) - restriction: || (== net6.0) (== net6.0-windows7.0) (== net8.0) (== net8.0-windows7.0) (&& (== netstandard2.0) (>= net6.0))
      DevExpress.Reporting.Core (24.1.7) - restriction: || (== net6.0) (== net6.0-windows7.0) (== net8.0) (== net8.0-windows7.0) (&& (== netstandard2.0) (>= net6.0))
      DevExpress.Web.Reporting.Common (24.1.7) - restriction: || (== net6.0) (== net6.0-windows7.0) (== net8.0) (== net8.0-windows7.0) (&& (== netstandard2.0) (>= net6.0))
      DevExpress.Web.Reporting.Common.Services (24.1.7) - restriction: || (== net6.0) (== net6.0-windows7.0) (== net8.0) (== net8.0-windows7.0) (&& (== netstandard2.0) (>= net6.0))
      DevExpress.Web.Resources (24.1.7) - restriction: || (== net6.0) (== net6.0-windows7.0) (== net8.0) (== net8.0-windows7.0) (&& (== netstandard2.0) (>= net6.0))
    DevExpress.Blazor (24.1.7) - restriction: || (== net6.0) (== net6.0-windows7.0) (== net8.0) (== net8.0-windows7.0) (&& (== netstandard2.0) (>= net6.0))
      DevExpress.Blazor.Themes (24.1.7) - restriction: || (== net6.0) (== net6.0-windows7.0) (== net8.0) (== net8.0-windows7.0) (&& (== netstandard2.0) (>= net6.0))
      DevExpress.Data (24.1.7) - restriction: || (== net6.0) (== net6.0-windows7.0) (== net8.0) (== net8.0-windows7.0) (&& (== netstandard2.0) (>= net6.0))
      DevExpress.Printing.Core (24.1.7) - restriction: || (== net6.0) (== net6.0-windows7.0) (== net8.0) (== net8.0-windows7.0) (&& (== netstandard2.0) (>= net6.0))
      DevExtreme.AspNet.Data (>= 4.0) - restriction: || (== net6.0) (== net6.0-windows7.0) (== net8.0) (== net8.0-windows7.0) (&& (== netstandard2.0) (>= net6.0))
      System.Drawing.Common (>= 4.7.2) - restriction: || (== net6.0) (== net6.0-windows7.0) (== net8.0) (== net8.0-windows7.0) (&& (== netstandard2.0) (>= net6.0))
      System.Reactive (>= 5.0) - restriction: || (== net6.0) (== net6.0-windows7.0) (== net8.0) (== net8.0-windows7.0) (&& (== netstandard2.0) (>= net6.0))
    DevExpress.Blazor.Dashboard (24.1.7) - restriction: || (== net6.0) (== net6.0-windows7.0) (== net8.0) (== net8.0-windows7.0) (&& (== netstandard2.0) (>= net6.0))
      DevExpress.Data (24.1.7) - restriction: || (== net6.0) (== net6.0-windows7.0) (== net8.0) (== net8.0-windows7.0) (&& (== netstandard2.0) (>= net6.0))
      DevExpress.Drawing (24.1.7) - restriction: || (== net6.0) (== net6.0-windows7.0) (== net8.0) (== net8.0-windows7.0) (&& (== netstandard2.0) (>= net6.0))
    DevExpress.Blazor.Reporting.JSBasedControls (24.1.7) - restriction: || (== net6.0) (== net6.0-windows7.0) (== net8.0) (== net8.0-windows7.0) (&& (== netstandard2.0) (>= net6.0))
      DevExpress.Blazor.Reporting.JSBasedControls.Common (24.1.7) - restriction: || (== net6.0) (== net6.0-windows7.0) (== net8.0) (== net8.0-windows7.0) (&& (== netstandard2.0) (>= net6.0))
      DevExpress.Data (24.1.7) - restriction: || (== net6.0) (== net6.0-windows7.0) (== net8.0) (== net8.0-windows7.0) (&& (== netstandard2.0) (>= net6.0))
      DevExpress.DataAccess (24.1.7) - restriction: || (== net6.0) (== net6.0-windows7.0) (== net8.0) (== net8.0-windows7.0) (&& (== netstandard2.0) (>= net6.0))
      DevExpress.Printing.Core (24.1.7) - restriction: || (== net6.0) (== net6.0-windows7.0) (== net8.0) (== net8.0-windows7.0) (&& (== netstandard2.0) (>= net6.0))
      DevExpress.Reporting.Core (24.1.7) - restriction: || (== net6.0) (== net6.0-windows7.0) (== net8.0) (== net8.0-windows7.0) (&& (== netstandard2.0) (>= net6.0))
      DevExpress.Web.Reporting.Common (24.1.7) - restriction: || (== net6.0) (== net6.0-windows7.0) (== net8.0) (== net8.0-windows7.0) (&& (== netstandard2.0) (>= net6.0))
      DevExpress.Web.Reporting.Common.Services (24.1.7) - restriction: || (== net6.0) (== net6.0-windows7.0) (== net8.0) (== net8.0-windows7.0) (&& (== netstandard2.0) (>= net6.0))
    DevExpress.Blazor.Reporting.JSBasedControls.Common (24.1.7) - restriction: || (== net6.0) (== net6.0-windows7.0) (== net8.0) (== net8.0-windows7.0) (&& (== netstandard2.0) (>= net6.0))
      DevExpress.Data (24.1.7) - restriction: || (== net6.0) (== net6.0-windows7.0) (== net8.0) (== net8.0-windows7.0) (&& (== netstandard2.0) (>= net6.0))
    DevExpress.Blazor.Reporting.Viewer (24.1.7) - restriction: || (== net6.0) (== net6.0-windows7.0) (== net8.0) (== net8.0-windows7.0) (&& (== netstandard2.0) (>= net6.0))
      DevExpress.Blazor (24.1.7) - restriction: || (== net6.0) (== net6.0-windows7.0) (== net8.0) (== net8.0-windows7.0) (&& (== netstandard2.0) (>= net6.0))
      DevExpress.Data (24.1.7) - restriction: || (== net6.0) (== net6.0-windows7.0) (== net8.0) (== net8.0-windows7.0) (&& (== netstandard2.0) (>= net6.0))
      DevExpress.DataAccess (24.1.7) - restriction: || (== net6.0) (== net6.0-windows7.0) (== net8.0) (== net8.0-windows7.0) (&& (== netstandard2.0) (>= net6.0))
      DevExpress.Drawing (24.1.7) - restriction: || (== net6.0) (== net6.0-windows7.0) (== net8.0) (== net8.0-windows7.0) (&& (== netstandard2.0) (>= net6.0))
      DevExpress.Printing.Core (24.1.7) - restriction: || (== net6.0) (== net6.0-windows7.0) (== net8.0) (== net8.0-windows7.0) (&& (== netstandard2.0) (>= net6.0))
      DevExpress.Reporting.Core (24.1.7) - restriction: || (== net6.0) (== net6.0-windows7.0) (== net8.0) (== net8.0-windows7.0) (&& (== netstandard2.0) (>= net6.0))
      System.Reactive (>= 5.0) - restriction: || (== net6.0) (== net6.0-windows7.0) (== net8.0) (== net8.0-windows7.0) (&& (== netstandard2.0) (>= net6.0))
    DevExpress.Blazor.RichEdit (24.1.7) - restriction: || (== net6.0) (== net6.0-windows7.0) (== net8.0) (== net8.0-windows7.0) (&& (== netstandard2.0) (>= net6.0))
      DevExpress.Blazor (24.1.7) - restriction: || (== net6.0) (== net6.0-windows7.0) (== net8.0) (== net8.0-windows7.0) (&& (== netstandard2.0) (>= net6.0))
      DevExpress.Data (24.1.7) - restriction: || (== net6.0) (== net6.0-windows7.0) (== net8.0) (== net8.0-windows7.0) (&& (== netstandard2.0) (>= net6.0))
      DevExpress.Drawing (24.1.7) - restriction: || (== net6.0) (== net6.0-windows7.0) (== net8.0) (== net8.0-windows7.0) (&& (== netstandard2.0) (>= net6.0))
      DevExpress.SpellChecker.Core (24.1.7) - restriction: || (== net6.0) (== net6.0-windows7.0) (== net8.0) (== net8.0-windows7.0) (&& (== netstandard2.0) (>= net6.0))
      Microsoft.Extensions.FileProviders.Abstractions (>= 6.0) - restriction: || (== net6.0) (== net6.0-windows7.0) (== net8.0) (== net8.0-windows7.0) (&& (== netstandard2.0) (>= net6.0))
    DevExpress.Blazor.Themes (24.1.7) - restriction: || (== net6.0) (== net6.0-windows7.0) (== net8.0) (== net8.0-windows7.0) (&& (== netstandard2.0) (>= net6.0))
    DevExpress.Charts (24.1.7) - restriction: || (== net6.0) (== net6.0-windows7.0) (== net8.0) (== net8.0-windows7.0) (&& (== netstandard2.0) (>= net452)) (&& (== netstandard2.0) (>= net6.0)) (&& (== netstandard2.0) (>= net6.0-windows7.0))
      DevExpress.Charts.Core (24.1.7) - restriction: || (== net6.0) (== net6.0-windows7.0) (== net8.0) (== net8.0-windows7.0) (&& (== netstandard2.0) (>= net452)) (&& (== netstandard2.0) (>= net6.0))
      DevExpress.Data (24.1.7) - restriction: || (== net6.0) (== net6.0-windows7.0) (== net8.0) (== net8.0-windows7.0) (&& (== netstandard2.0) (>= net452)) (&& (== netstandard2.0) (>= net6.0))
      DevExpress.DataVisualization.Core (24.1.7) - restriction: || (== net6.0) (== net6.0-windows7.0) (== net8.0) (== net8.0-windows7.0) (&& (== netstandard2.0) (>= net452)) (&& (== netstandard2.0) (>= net6.0))
      DevExpress.Drawing (24.1.7) - restriction: || (== net6.0) (== net6.0-windows7.0) (== net8.0) (== net8.0-windows7.0) (&& (== netstandard2.0) (>= net452)) (&& (== netstandard2.0) (>= net6.0))
      DevExpress.Printing.Core (24.1.7) - restriction: || (== net6.0) (== net6.0-windows7.0) (== net8.0) (== net8.0-windows7.0) (&& (== netstandard2.0) (>= net452)) (&& (== netstandard2.0) (>= net6.0))
      System.Drawing.Common (>= 4.7.2) - restriction: || (== net6.0) (== net6.0-windows7.0) (== net8.0) (== net8.0-windows7.0) (&& (== netstandard2.0) (>= net6.0))
    DevExpress.Charts.Core (24.1.7) - restriction: || (== net6.0) (== net6.0-windows7.0) (== net8.0) (== net8.0-windows7.0) (&& (== netstandard2.0) (>= net452)) (&& (== netstandard2.0) (>= net6.0)) (&& (== netstandard2.0) (>= net6.0-windows7.0))
      DevExpress.Data (24.1.7) - restriction: || (== net6.0) (== net6.0-windows7.0) (== net8.0) (== net8.0-windows7.0) (&& (== netstandard2.0) (>= net452)) (&& (== netstandard2.0) (>= net6.0))
    DevExpress.CodeParser (24.1.7) - restriction: || (== net6.0) (== net6.0-windows7.0) (== net8.0) (== net8.0-windows7.0) (&& (== netstandard2.0) (>= net452)) (&& (== netstandard2.0) (>= net6.0)) (&& (== netstandard2.0) (>= net6.0-windows7.0))
      DevExpress.Data (24.1.7) - restriction: || (== net6.0) (== net6.0-windows7.0) (== net8.0) (== net8.0-windows7.0) (&& (== netstandard2.0) (>= net452)) (&& (== netstandard2.0) (>= net6.0))
      System.CodeDom (>= 4.4) - restriction: || (== net6.0) (== net6.0-windows7.0) (== net8.0) (== net8.0-windows7.0) (&& (== netstandard2.0) (>= net6.0))
    DevExpress.Dashboard.Core (24.1.7) - restriction: || (== net6.0) (== net6.0-windows7.0) (== net8.0) (== net8.0-windows7.0) (&& (== netstandard2.0) (>= net452)) (&& (== netstandard2.0) (>= net6.0)) (&& (== netstandard2.0) (>= net6.0-windows7.0))
      DevExpress.Charts (24.1.7) - restriction: || (== net6.0) (== net6.0-windows7.0) (== net8.0) (== net8.0-windows7.0) (&& (== netstandard2.0) (>= net452)) (&& (== netstandard2.0) (>= net6.0))
      DevExpress.Charts.Core (24.1.7) - restriction: || (== net6.0) (== net6.0-windows7.0) (== net8.0) (== net8.0-windows7.0) (&& (== netstandard2.0) (>= net452)) (&& (== netstandard2.0) (>= net6.0))
      DevExpress.Data (24.1.7) - restriction: || (== net6.0) (== net6.0-windows7.0) (== net8.0) (== net8.0-windows7.0) (&& (== netstandard2.0) (>= net452)) (&& (== netstandard2.0) (>= net6.0))
      DevExpress.DataAccess (24.1.7) - restriction: || (== net6.0) (== net6.0-windows7.0) (== net8.0) (== net8.0-windows7.0) (&& (== netstandard2.0) (>= net452)) (&& (== netstandard2.0) (>= net6.0))
      DevExpress.Drawing (24.1.7) - restriction: || (== net6.0) (== net6.0-windows7.0) (== net8.0) (== net8.0-windows7.0) (&& (== netstandard2.0) (>= net452)) (&& (== netstandard2.0) (>= net6.0))
      DevExpress.Gauges.Core (24.1.7) - restriction: || (== net6.0) (== net6.0-windows7.0) (== net8.0) (== net8.0-windows7.0) (&& (== netstandard2.0) (>= net452)) (&& (== netstandard2.0) (>= net6.0))
      DevExpress.Map.Core (24.1.7) - restriction: || (== net6.0) (== net6.0-windows7.0) (== net8.0) (== net8.0-windows7.0) (&& (== netstandard2.0) (>= net452)) (&& (== netstandard2.0) (>= net6.0))
      DevExpress.Office.Core (24.1.7) - restriction: || (== net6.0) (== net6.0-windows7.0) (== net8.0) (== net8.0-windows7.0) (&& (== netstandard2.0) (>= net452)) (&& (== netstandard2.0) (>= net6.0))
      DevExpress.PivotGrid.Core (24.1.7) - restriction: || (== net6.0) (== net6.0-windows7.0) (== net8.0) (== net8.0-windows7.0) (&& (== netstandard2.0) (>= net452)) (&& (== netstandard2.0) (>= net6.0))
      DevExpress.Printing.Core (24.1.7) - restriction: || (== net6.0) (== net6.0-windows7.0) (== net8.0) (== net8.0-windows7.0) (&& (== netstandard2.0) (>= net452)) (&& (== netstandard2.0) (>= net6.0))
      DevExpress.Reporting.Core (24.1.7) - restriction: || (== net6.0) (== net6.0-windows7.0) (== net8.0) (== net8.0-windows7.0) (&& (== netstandard2.0) (>= net452)) (&& (== netstandard2.0) (>= net6.0))
      DevExpress.RichEdit.Core (24.1.7) - restriction: || (== net6.0) (== net6.0-windows7.0) (== net8.0) (== net8.0-windows7.0) (&& (== netstandard2.0) (>= net452)) (&& (== netstandard2.0) (>= net6.0))
      DevExpress.Sparkline.Core (24.1.7) - restriction: || (== net6.0) (== net6.0-windows7.0) (== net8.0) (== net8.0-windows7.0) (&& (== netstandard2.0) (>= net452)) (&& (== netstandard2.0) (>= net6.0))
      DevExpress.TreeMap (24.1.7) - restriction: || (== net6.0) (== net6.0-windows7.0) (== net8.0) (== net8.0-windows7.0) (&& (== netstandard2.0) (>= net452)) (&& (== netstandard2.0) (>= net6.0))
      DevExpress.TreeMap.Core (24.1.7) - restriction: || (== net6.0) (== net6.0-windows7.0) (== net8.0) (== net8.0-windows7.0) (&& (== netstandard2.0) (>= net452)) (&& (== netstandard2.0) (>= net6.0))
      DevExpress.Xpo (24.1.7) - restriction: || (== net6.0) (== net6.0-windows7.0) (== net8.0) (== net8.0-windows7.0) (&& (== netstandard2.0) (>= net452)) (&& (== netstandard2.0) (>= net6.0))
      System.Drawing.Common (>= 4.7.2) - restriction: || (== net6.0) (== net6.0-windows7.0) (== net8.0) (== net8.0-windows7.0) (&& (== netstandard2.0) (>= net6.0))
    DevExpress.Data.Desktop (24.1.7) - restriction: || (&& (== net6.0) (>= net452)) (&& (== net6.0) (>= net6.0-windows7.0)) (== net6.0-windows7.0) (&& (== net8.0) (>= net452)) (&& (== net8.0) (>= net6.0-windows7.0)) (&& (== net8.0-windows7.0) (>= net452)) (&& (== net8.0-windows7.0) (>= net6.0-windows7.0)) (&& (== netstandard2.0) (>= net452)) (&& (== netstandard2.0) (>= net6.0-windows7.0))
      DevExpress.Data (24.1.7) - restriction: || (&& (== net6.0) (>= net452)) (&& (== net6.0) (>= net6.0-windows7.0)) (== net6.0-windows7.0) (&& (== net8.0) (>= net452)) (&& (== net8.0) (>= net6.0-windows7.0)) (&& (== net8.0-windows7.0) (>= net452)) (&& (== net8.0-windows7.0) (>= net6.0-windows7.0)) (&& (== netstandard2.0) (>= net452)) (&& (== netstandard2.0) (>= net6.0-windows7.0))
      DevExpress.Drawing (24.1.7) - restriction: || (&& (== net6.0) (>= net452)) (&& (== net6.0) (>= net6.0-windows7.0)) (== net6.0-windows7.0) (&& (== net8.0) (>= net452)) (&& (== net8.0) (>= net6.0-windows7.0)) (&& (== net8.0-windows7.0) (>= net452)) (&& (== net8.0-windows7.0) (>= net6.0-windows7.0)) (&& (== netstandard2.0) (>= net452)) (&& (== netstandard2.0) (>= net6.0-windows7.0))
    DevExpress.DataAccess (24.1.7) - restriction: || (== net6.0) (== net6.0-windows7.0) (== net8.0) (== net8.0-windows7.0) (&& (== netstandard2.0) (>= net452)) (&& (== netstandard2.0) (>= net6.0)) (&& (== netstandard2.0) (>= net6.0-windows7.0))
      DevExpress.CodeParser (24.1.7) - restriction: || (== net6.0) (== net6.0-windows7.0) (== net8.0) (== net8.0-windows7.0) (&& (== netstandard2.0) (>= net452)) (&& (== netstandard2.0) (>= net6.0))
      DevExpress.Data (24.1.7) - restriction: || (== net6.0) (== net6.0-windows7.0) (== net8.0) (== net8.0-windows7.0) (&& (== netstandard2.0) (>= net452)) (&& (== netstandard2.0) (>= net6.0))
      DevExpress.Office.Core (24.1.7) - restriction: || (== net6.0) (== net6.0-windows7.0) (== net8.0) (== net8.0-windows7.0) (&& (== netstandard2.0) (>= net452)) (&& (== netstandard2.0) (>= net6.0))
      DevExpress.Printing.Core (24.1.7) - restriction: || (== net6.0) (== net6.0-windows7.0) (== net8.0) (== net8.0-windows7.0) (&& (== netstandard2.0) (>= net452)) (&& (== netstandard2.0) (>= net6.0))
      DevExpress.RichEdit.Core (24.1.7) - restriction: || (== net6.0) (== net6.0-windows7.0) (== net8.0) (== net8.0-windows7.0) (&& (== netstandard2.0) (>= net452)) (&& (== netstandard2.0) (>= net6.0))
      DevExpress.Xpo (24.1.7) - restriction: || (== net6.0) (== net6.0-windows7.0) (== net8.0) (== net8.0-windows7.0) (&& (== netstandard2.0) (>= net452)) (&& (== netstandard2.0) (>= net6.0))
      System.Configuration.ConfigurationManager (>= 4.7) - restriction: || (== net6.0) (== net6.0-windows7.0) (== net8.0) (== net8.0-windows7.0) (&& (== netstandard2.0) (>= net6.0))
      System.Data.SqlClient (>= 4.8.6) - restriction: || (== net6.0) (== net6.0-windows7.0) (== net8.0) (== net8.0-windows7.0) (&& (== netstandard2.0) (>= net6.0))
    DevExpress.DataAccess.UI (24.1.7) - restriction: || (&& (== net6.0) (>= net452)) (&& (== net6.0) (>= net6.0-windows7.0)) (== net6.0-windows7.0) (&& (== net8.0) (>= net452)) (&& (== net8.0) (>= net6.0-windows7.0)) (&& (== net8.0-windows7.0) (>= net452)) (&& (== net8.0-windows7.0) (>= net6.0-windows7.0)) (&& (== netstandard2.0) (>= net452)) (&& (== netstandard2.0) (>= net6.0-windows7.0))
      DevExpress.CodeParser (24.1.7) - restriction: || (&& (== net6.0) (>= net452)) (&& (== net6.0) (>= net6.0-windows7.0)) (== net6.0-windows7.0) (&& (== net8.0) (>= net452)) (&& (== net8.0) (>= net6.0-windows7.0)) (&& (== net8.0-windows7.0) (>= net452)) (&& (== net8.0-windows7.0) (>= net6.0-windows7.0)) (&& (== netstandard2.0) (>= net452)) (&& (== netstandard2.0) (>= net6.0-windows7.0))
      DevExpress.Data (24.1.7) - restriction: || (&& (== net6.0) (>= net452)) (&& (== net6.0) (>= net6.0-windows7.0)) (== net6.0-windows7.0) (&& (== net8.0) (>= net452)) (&& (== net8.0) (>= net6.0-windows7.0)) (&& (== net8.0-windows7.0) (>= net452)) (&& (== net8.0-windows7.0) (>= net6.0-windows7.0)) (&& (== netstandard2.0) (>= net452)) (&& (== netstandard2.0) (>= net6.0-windows7.0))
      DevExpress.Data.Desktop (24.1.7) - restriction: || (&& (== net6.0) (>= net452)) (&& (== net6.0) (>= net6.0-windows7.0)) (== net6.0-windows7.0) (&& (== net8.0) (>= net452)) (&& (== net8.0) (>= net6.0-windows7.0)) (&& (== net8.0-windows7.0) (>= net452)) (&& (== net8.0-windows7.0) (>= net6.0-windows7.0)) (&& (== netstandard2.0) (>= net452)) (&& (== netstandard2.0) (>= net6.0-windows7.0))
      DevExpress.DataAccess (24.1.7) - restriction: || (&& (== net6.0) (>= net452)) (&& (== net6.0) (>= net6.0-windows7.0)) (== net6.0-windows7.0) (&& (== net8.0) (>= net452)) (&& (== net8.0) (>= net6.0-windows7.0)) (&& (== net8.0-windows7.0) (>= net452)) (&& (== net8.0-windows7.0) (>= net6.0-windows7.0)) (&& (== netstandard2.0) (>= net452)) (&& (== netstandard2.0) (>= net6.0-windows7.0))
      DevExpress.Diagram.Core (24.1.7) - restriction: || (&& (== net6.0) (>= net452)) (&& (== net6.0) (>= net6.0-windows7.0)) (== net6.0-windows7.0) (&& (== net8.0) (>= net452)) (&& (== net8.0) (>= net6.0-windows7.0)) (&& (== net8.0-windows7.0) (>= net452)) (&& (== net8.0-windows7.0) (>= net6.0-windows7.0)) (&& (== netstandard2.0) (>= net452)) (&& (== netstandard2.0) (>= net6.0-windows7.0))
      DevExpress.Printing.Core (24.1.7) - restriction: || (&& (== net6.0) (>= net452)) (&& (== net6.0) (>= net6.0-windows7.0)) (== net6.0-windows7.0) (&& (== net8.0) (>= net452)) (&& (== net8.0) (>= net6.0-windows7.0)) (&& (== net8.0-windows7.0) (>= net452)) (&& (== net8.0-windows7.0) (>= net6.0-windows7.0)) (&& (== netstandard2.0) (>= net452)) (&& (== netstandard2.0) (>= net6.0-windows7.0))
      DevExpress.RichEdit.Core (24.1.7) - restriction: || (&& (== net6.0) (>= net452)) (&& (== net6.0) (>= net6.0-windows7.0)) (== net6.0-windows7.0) (&& (== net8.0) (>= net452)) (&& (== net8.0) (>= net6.0-windows7.0)) (&& (== net8.0-windows7.0) (>= net452)) (&& (== net8.0-windows7.0) (>= net6.0-windows7.0)) (&& (== netstandard2.0) (>= net452)) (&& (== netstandard2.0) (>= net6.0-windows7.0))
      DevExpress.Utils (24.1.7) - restriction: || (&& (== net6.0) (>= net452)) (&& (== net6.0) (>= net6.0-windows7.0)) (== net6.0-windows7.0) (&& (== net8.0) (>= net452)) (&& (== net8.0) (>= net6.0-windows7.0)) (&& (== net8.0-windows7.0) (>= net452)) (&& (== net8.0-windows7.0) (>= net6.0-windows7.0)) (&& (== netstandard2.0) (>= net452)) (&& (== netstandard2.0) (>= net6.0-windows7.0))
      DevExpress.Utils.UI (24.1.7) - restriction: || (&& (== net6.0) (>= net452)) (&& (== net6.0) (>= net6.0-windows7.0)) (== net6.0-windows7.0) (&& (== net8.0) (>= net452)) (&& (== net8.0) (>= net6.0-windows7.0)) (&& (== net8.0-windows7.0) (>= net452)) (&& (== net8.0-windows7.0) (>= net6.0-windows7.0)) (&& (== netstandard2.0) (>= net452)) (&& (== netstandard2.0) (>= net6.0-windows7.0))
      DevExpress.Win.Diagram (24.1.7) - restriction: || (&& (== net6.0) (>= net452)) (&& (== net6.0) (>= net6.0-windows7.0)) (== net6.0-windows7.0) (&& (== net8.0) (>= net452)) (&& (== net8.0) (>= net6.0-windows7.0)) (&& (== net8.0-windows7.0) (>= net452)) (&& (== net8.0-windows7.0) (>= net6.0-windows7.0)) (&& (== netstandard2.0) (>= net452)) (&& (== netstandard2.0) (>= net6.0-windows7.0))
      DevExpress.Win.Grid (24.1.7) - restriction: || (&& (== net6.0) (>= net452)) (&& (== net6.0) (>= net6.0-windows7.0)) (== net6.0-windows7.0) (&& (== net8.0) (>= net452)) (&& (== net8.0) (>= net6.0-windows7.0)) (&& (== net8.0-windows7.0) (>= net452)) (&& (== net8.0-windows7.0) (>= net6.0-windows7.0)) (&& (== netstandard2.0) (>= net452)) (&& (== netstandard2.0) (>= net6.0-windows7.0))
      DevExpress.Win.Navigation (24.1.7) - restriction: || (&& (== net6.0) (>= net452)) (&& (== net6.0) (>= net6.0-windows7.0)) (== net6.0-windows7.0) (&& (== net8.0) (>= net452)) (&& (== net8.0) (>= net6.0-windows7.0)) (&& (== net8.0-windows7.0) (>= net452)) (&& (== net8.0-windows7.0) (>= net6.0-windows7.0)) (&& (== netstandard2.0) (>= net452)) (&& (== netstandard2.0) (>= net6.0-windows7.0))
      DevExpress.Win.Printing (24.1.7) - restriction: || (&& (== net6.0) (>= net452)) (&& (== net6.0) (>= net6.0-windows7.0)) (== net6.0-windows7.0) (&& (== net8.0) (>= net452)) (&& (== net8.0) (>= net6.0-windows7.0)) (&& (== net8.0-windows7.0) (>= net452)) (&& (== net8.0-windows7.0) (>= net6.0-windows7.0)) (&& (== netstandard2.0) (>= net452)) (&& (== netstandard2.0) (>= net6.0-windows7.0))
      DevExpress.Win.RichEdit (24.1.7) - restriction: || (&& (== net6.0) (>= net452)) (&& (== net6.0) (>= net6.0-windows7.0)) (== net6.0-windows7.0) (&& (== net8.0) (>= net452)) (&& (== net8.0) (>= net6.0-windows7.0)) (&& (== net8.0-windows7.0) (>= net452)) (&& (== net8.0-windows7.0) (>= net6.0-windows7.0)) (&& (== netstandard2.0) (>= net452)) (&& (== netstandard2.0) (>= net6.0-windows7.0))
      DevExpress.Win.TreeList (24.1.7) - restriction: || (&& (== net6.0) (>= net452)) (&& (== net6.0) (>= net6.0-windows7.0)) (== net6.0-windows7.0) (&& (== net8.0) (>= net452)) (&& (== net8.0) (>= net6.0-windows7.0)) (&& (== net8.0-windows7.0) (>= net452)) (&& (== net8.0-windows7.0) (>= net6.0-windows7.0)) (&& (== netstandard2.0) (>= net452)) (&& (== netstandard2.0) (>= net6.0-windows7.0))
      DevExpress.Xpo (24.1.7) - restriction: || (&& (== net6.0) (>= net452)) (&& (== net6.0) (>= net6.0-windows7.0)) (== net6.0-windows7.0) (&& (== net8.0) (>= net452)) (&& (== net8.0) (>= net6.0-windows7.0)) (&& (== net8.0-windows7.0) (>= net452)) (&& (== net8.0-windows7.0) (>= net6.0-windows7.0)) (&& (== netstandard2.0) (>= net452)) (&& (== netstandard2.0) (>= net6.0-windows7.0))
      System.Data.SqlClient (>= 4.8.6) - restriction: || (&& (== net6.0) (>= net6.0-windows7.0)) (== net6.0-windows7.0) (&& (== net8.0) (>= net6.0-windows7.0)) (&& (== net8.0-windows7.0) (>= net6.0-windows7.0)) (&& (== netstandard2.0) (>= net6.0-windows7.0))
    DevExpress.DataVisualization.Core (24.1.7) - restriction: || (== net6.0) (== net6.0-windows7.0) (== net8.0) (== net8.0-windows7.0) (&& (== netstandard2.0) (>= net452)) (&& (== netstandard2.0) (>= net6.0)) (&& (== netstandard2.0) (>= net6.0-windows7.0))
      DevExpress.Data (24.1.7) - restriction: || (== net6.0) (== net6.0-windows7.0) (== net8.0) (== net8.0-windows7.0) (&& (== netstandard2.0) (>= net452)) (&& (== netstandard2.0) (>= net6.0))
      DevExpress.Drawing (24.1.7) - restriction: || (== net6.0) (== net6.0-windows7.0) (== net8.0) (== net8.0-windows7.0) (&& (== netstandard2.0) (>= net452)) (&& (== netstandard2.0) (>= net6.0))
    DevExpress.Diagram.Core (24.1.7) - restriction: || (&& (== net6.0) (>= net452)) (&& (== net6.0) (>= net6.0-windows7.0)) (== net6.0-windows7.0) (&& (== net8.0) (>= net452)) (&& (== net8.0) (>= net6.0-windows7.0)) (&& (== net8.0-windows7.0) (>= net452)) (&& (== net8.0-windows7.0) (>= net6.0-windows7.0)) (&& (== netstandard2.0) (>= net452)) (&& (== netstandard2.0) (>= net6.0-windows7.0))
      DevExpress.Data (24.1.7) - restriction: || (&& (== net6.0) (>= net452)) (&& (== net6.0) (>= net6.0-windows7.0)) (== net6.0-windows7.0) (&& (== net8.0) (>= net452)) (&& (== net8.0) (>= net6.0-windows7.0)) (&& (== net8.0-windows7.0) (>= net452)) (&& (== net8.0-windows7.0) (>= net6.0-windows7.0)) (&& (== netstandard2.0) (>= net452)) (&& (== netstandard2.0) (>= net6.0-windows7.0))
      DevExpress.Data.Desktop (24.1.7) - restriction: || (&& (== net6.0) (>= net452)) (&& (== net6.0) (>= net6.0-windows7.0)) (== net6.0-windows7.0) (&& (== net8.0) (>= net452)) (&& (== net8.0) (>= net6.0-windows7.0)) (&& (== net8.0-windows7.0) (>= net452)) (&& (== net8.0-windows7.0) (>= net6.0-windows7.0)) (&& (== netstandard2.0) (>= net452)) (&& (== netstandard2.0) (>= net6.0-windows7.0))
      DevExpress.Drawing (24.1.7) - restriction: || (&& (== net6.0) (>= net452)) (&& (== net6.0) (>= net6.0-windows7.0)) (== net6.0-windows7.0) (&& (== net8.0) (>= net452)) (&& (== net8.0) (>= net6.0-windows7.0)) (&& (== net8.0-windows7.0) (>= net452)) (&& (== net8.0-windows7.0) (>= net6.0-windows7.0)) (&& (== netstandard2.0) (>= net452)) (&& (== netstandard2.0) (>= net6.0-windows7.0))
      DevExpress.Printing.Core (24.1.7) - restriction: || (&& (== net6.0) (>= net452)) (&& (== net6.0) (>= net6.0-windows7.0)) (== net6.0-windows7.0) (&& (== net8.0) (>= net452)) (&& (== net8.0) (>= net6.0-windows7.0)) (&& (== net8.0-windows7.0) (>= net452)) (&& (== net8.0-windows7.0) (>= net6.0-windows7.0)) (&& (== netstandard2.0) (>= net452)) (&& (== netstandard2.0) (>= net6.0-windows7.0))
    DevExpress.Drawing (24.1.7) - restriction: || (== net6.0) (== net6.0-windows7.0) (== net8.0) (== net8.0-windows7.0) (&& (== netstandard2.0) (>= net452)) (&& (== netstandard2.0) (>= net6.0)) (&& (== netstandard2.0) (>= net6.0-windows7.0))
      DevExpress.Data (24.1.7) - restriction: || (== net6.0) (== net6.0-windows7.0) (== net8.0) (== net8.0-windows7.0) (&& (== netstandard2.0) (>= net452)) (&& (== netstandard2.0) (>= net6.0))
      System.Drawing.Common (>= 4.7.2) - restriction: || (== net6.0) (== net6.0-windows7.0) (== net8.0) (== net8.0-windows7.0) (&& (== netstandard2.0) (>= net6.0))
    DevExpress.EasyTest (24.1.7)
      Microsoft.Win32.Registry (>= 5.0) - restriction: || (== net6.0) (== net6.0-windows7.0) (== net8.0) (== net8.0-windows7.0) (&& (== netstandard2.0) (>= net6.0))
      System.Configuration.ConfigurationManager (>= 6.0.1) - restriction: || (== net6.0) (== net6.0-windows7.0) (== net8.0) (== net8.0-windows7.0) (&& (== netstandard2.0) (>= net6.0))
      System.Data.SqlClient (>= 4.8.6) - restriction: || (== net6.0) (== net6.0-windows7.0) (== net8.0) (== net8.0-windows7.0) (&& (== netstandard2.0) (>= net6.0))
      System.Drawing.Common (>= 6.0) - restriction: || (== net6.0) (== net6.0-windows7.0) (== net8.0) (== net8.0-windows7.0) (&& (== netstandard2.0) (>= net6.0))
      System.ServiceProcess.ServiceController (>= 4.5) - restriction: || (== net6.0) (== net6.0-windows7.0) (== net8.0) (== net8.0-windows7.0) (&& (== netstandard2.0) (>= net6.0))
    DevExpress.ExpressApp (24.1.7) - restriction: || (== net6.0) (== net6.0-windows7.0) (== net8.0) (== net8.0-windows7.0) (&& (== netstandard2.0) (>= net452)) (&& (== netstandard2.0) (>= net6.0)) (&& (== netstandard2.0) (>= net6.0-windows7.0))
      DevExpress.Data (24.1.7) - restriction: || (== net6.0) (== net6.0-windows7.0) (== net8.0) (== net8.0-windows7.0) (&& (== netstandard2.0) (>= net452)) (&& (== netstandard2.0) (>= net6.0))
      DevExpress.Drawing (24.1.7) - restriction: || (== net6.0) (== net6.0-windows7.0) (== net8.0) (== net8.0-windows7.0) (&& (== netstandard2.0) (>= net452)) (&& (== netstandard2.0) (>= net6.0))
      DevExpress.Images (24.1.7) - restriction: || (== net6.0) (== net6.0-windows7.0) (== net8.0) (== net8.0-windows7.0) (&& (== netstandard2.0) (>= net452)) (&& (== netstandard2.0) (>= net6.0))
      DevExpress.Printing.Core (24.1.7) - restriction: || (== net6.0) (== net6.0-windows7.0) (== net8.0) (== net8.0-windows7.0) (&& (== netstandard2.0) (>= net452)) (&& (== netstandard2.0) (>= net6.0))
      Microsoft.CodeAnalysis.CSharp (>= 3.3.1) - restriction: || (== net6.0) (== net6.0-windows7.0) (== net8.0) (== net8.0-windows7.0) (&& (== netstandard2.0) (>= net6.0))
      Microsoft.Extensions.Configuration.Abstractions (>= 6.0) - restriction: || (== net6.0) (== net6.0-windows7.0) (== net8.0) (== net8.0-windows7.0) (&& (== netstandard2.0) (>= net6.0))
      Microsoft.Extensions.DependencyInjection.Abstractions (>= 6.0) - restriction: || (== net6.0) (== net6.0-windows7.0) (== net8.0) (== net8.0-windows7.0) (&& (== netstandard2.0) (>= net6.0))
      Microsoft.Extensions.Options (>= 6.0) - restriction: || (== net6.0) (== net6.0-windows7.0) (== net8.0) (== net8.0-windows7.0) (&& (== netstandard2.0) (>= net6.0))
      Microsoft.Win32.Registry (>= 5.0) - restriction: || (== net6.0) (== net6.0-windows7.0) (== net8.0) (== net8.0-windows7.0) (&& (== netstandard2.0) (>= net6.0))
      System.Configuration.ConfigurationManager (>= 6.0.1) - restriction: || (== net6.0) (== net6.0-windows7.0) (== net8.0) (== net8.0-windows7.0) (&& (== netstandard2.0) (>= net6.0))
      System.Diagnostics.EventLog (>= 6.0) - restriction: || (== net6.0) (== net6.0-windows7.0) (== net8.0) (== net8.0-windows7.0) (&& (== netstandard2.0) (>= net6.0))
      System.Formats.Asn1 (>= 8.0.1) - restriction: || (== net6.0) (== net6.0-windows7.0) (== net8.0) (== net8.0-windows7.0) (&& (== netstandard2.0) (>= net6.0))
      System.Resources.Extensions (>= 6.0) - restriction: || (== net6.0) (== net6.0-windows7.0) (== net8.0) (== net8.0-windows7.0) (&& (== netstandard2.0) (>= net6.0))
      System.Security.Cryptography.Pkcs (>= 6.0.3) - restriction: || (== net6.0) (== net6.0-windows7.0) (== net8.0) (== net8.0-windows7.0) (&& (== netstandard2.0) (>= net6.0))
      System.Security.Cryptography.Xml (>= 6.0.1) - restriction: || (== net6.0) (== net6.0-windows7.0) (== net8.0) (== net8.0-windows7.0) (&& (== netstandard2.0) (>= net6.0))
      System.ServiceModel.Primitives (>= 6.2) - restriction: || (== net6.0) (== net6.0-windows7.0) (== net8.0) (== net8.0-windows7.0) (&& (== netstandard2.0) (>= net6.0))
    DevExpress.ExpressApp.AspNetCore (24.1.7) - restriction: || (== net6.0) (== net6.0-windows7.0) (== net8.0) (== net8.0-windows7.0) (&& (== netstandard2.0) (>= net6.0))
      DevExpress.Data (24.1.7) - restriction: || (== net6.0) (== net6.0-windows7.0) (== net8.0) (== net8.0-windows7.0) (&& (== netstandard2.0) (>= net6.0))
      DevExpress.Drawing (24.1.7) - restriction: || (== net6.0) (== net6.0-windows7.0) (== net8.0) (== net8.0-windows7.0) (&& (== netstandard2.0) (>= net6.0))
      DevExpress.ExpressApp (24.1.7) - restriction: || (== net6.0) (== net6.0-windows7.0) (== net8.0) (== net8.0-windows7.0) (&& (== netstandard2.0) (>= net6.0))
      DevExpress.Persistent.Base (24.1.7) - restriction: || (== net6.0) (== net6.0-windows7.0) (== net8.0) (== net8.0-windows7.0) (&& (== netstandard2.0) (>= net6.0))
      Microsoft.Extensions.Configuration.Abstractions (>= 6.0) - restriction: || (== net6.0) (== net6.0-windows7.0) (== net8.0) (== net8.0-windows7.0) (&& (== netstandard2.0) (>= net6.0))
      Microsoft.Extensions.DependencyInjection.Abstractions (>= 6.0) - restriction: || (== net6.0) (== net6.0-windows7.0) (== net8.0) (== net8.0-windows7.0) (&& (== netstandard2.0) (>= net6.0))
      Microsoft.Extensions.Options (>= 6.0) - restriction: || (== net6.0) (== net6.0-windows7.0) (== net8.0) (== net8.0-windows7.0) (&& (== netstandard2.0) (>= net6.0))
      System.Diagnostics.EventLog (>= 6.0) - restriction: || (== net6.0) (== net6.0-windows7.0) (== net8.0) (== net8.0-windows7.0) (&& (== netstandard2.0) (>= net6.0))
      System.Drawing.Common (>= 6.0) - restriction: || (== net6.0) (== net6.0-windows7.0) (== net8.0) (== net8.0-windows7.0) (&& (== netstandard2.0) (>= net6.0))
    DevExpress.ExpressApp.AuditTrail.Xpo (24.1.7) - restriction: || (== net6.0) (== net6.0-windows7.0) (== net8.0) (== net8.0-windows7.0) (&& (== netstandard2.0) (>= net452)) (&& (== netstandard2.0) (>= net6.0))
      DevExpress.Data (24.1.7) - restriction: || (== net6.0) (== net6.0-windows7.0) (== net8.0) (== net8.0-windows7.0) (&& (== netstandard2.0) (>= net452)) (&& (== netstandard2.0) (>= net6.0))
      DevExpress.ExpressApp (24.1.7) - restriction: || (== net6.0) (== net6.0-windows7.0) (== net8.0) (== net8.0-windows7.0) (&& (== netstandard2.0) (>= net452)) (&& (== netstandard2.0) (>= net6.0))
      DevExpress.ExpressApp.Xpo (24.1.7) - restriction: || (== net6.0) (== net6.0-windows7.0) (== net8.0) (== net8.0-windows7.0) (&& (== netstandard2.0) (>= net452)) (&& (== netstandard2.0) (>= net6.0))
      DevExpress.Persistent.BaseImpl.Xpo (24.1.7) - restriction: || (== net6.0) (== net6.0-windows7.0) (== net8.0) (== net8.0-windows7.0) (&& (== netstandard2.0) (>= net452)) (&& (== netstandard2.0) (>= net6.0))
      DevExpress.Xpo (24.1.7) - restriction: || (== net6.0) (== net6.0-windows7.0) (== net8.0) (== net8.0-windows7.0) (&& (== netstandard2.0) (>= net452)) (&& (== netstandard2.0) (>= net6.0))
      Microsoft.Extensions.Configuration.Abstractions (>= 6.0) - restriction: || (== net6.0) (== net6.0-windows7.0) (== net8.0) (== net8.0-windows7.0) (&& (== netstandard2.0) (>= net6.0))
      Microsoft.Extensions.DependencyInjection.Abstractions (>= 6.0) - restriction: || (== net6.0) (== net6.0-windows7.0) (== net8.0) (== net8.0-windows7.0) (&& (== netstandard2.0) (>= net6.0))
      Microsoft.Extensions.Options (>= 6.0) - restriction: || (== net6.0) (== net6.0-windows7.0) (== net8.0) (== net8.0-windows7.0) (&& (== netstandard2.0) (>= net6.0))
      System.Configuration.ConfigurationManager (>= 6.0.1) - restriction: || (== net6.0) (== net6.0-windows7.0) (== net8.0) (== net8.0-windows7.0) (&& (== netstandard2.0) (>= net6.0))
    DevExpress.ExpressApp.Blazor (24.1.7)
      DevExpress.Blazor (24.1.7) - restriction: || (== net6.0) (== net6.0-windows7.0) (== net8.0) (== net8.0-windows7.0) (&& (== netstandard2.0) (>= net6.0))
      DevExpress.Data (24.1.7) - restriction: || (== net6.0) (== net6.0-windows7.0) (== net8.0) (== net8.0-windows7.0) (&& (== netstandard2.0) (>= net6.0))
      DevExpress.Drawing (24.1.7) - restriction: || (== net6.0) (== net6.0-windows7.0) (== net8.0) (== net8.0-windows7.0) (&& (== netstandard2.0) (>= net6.0))
      DevExpress.ExpressApp (24.1.7) - restriction: || (== net6.0) (== net6.0-windows7.0) (== net8.0) (== net8.0-windows7.0) (&& (== netstandard2.0) (>= net6.0))
      DevExpress.ExpressApp.AspNetCore (24.1.7) - restriction: || (== net6.0) (== net6.0-windows7.0) (== net8.0) (== net8.0-windows7.0) (&& (== netstandard2.0) (>= net6.0))
      DevExpress.ExpressApp.Security (24.1.7) - restriction: || (== net6.0) (== net6.0-windows7.0) (== net8.0) (== net8.0-windows7.0) (&& (== netstandard2.0) (>= net6.0))
      DevExpress.ExpressApp.Security.AspNetCore (24.1.7) - restriction: || (== net6.0) (== net6.0-windows7.0) (== net8.0) (== net8.0-windows7.0) (&& (== netstandard2.0) (>= net6.0))
      DevExpress.Persistent.Base (24.1.7) - restriction: || (== net6.0) (== net6.0-windows7.0) (== net8.0) (== net8.0-windows7.0) (&& (== netstandard2.0) (>= net6.0))
      DevExpress.Printing.Core (24.1.7) - restriction: || (== net6.0) (== net6.0-windows7.0) (== net8.0) (== net8.0-windows7.0) (&& (== netstandard2.0) (>= net6.0))
      DevExtreme.AspNet.Data (>= 4.0) - restriction: || (== net6.0) (== net6.0-windows7.0) (== net8.0) (== net8.0-windows7.0) (&& (== netstandard2.0) (>= net6.0))
      Microsoft.AspNetCore.DataProtection.Extensions (>= 6.0) - restriction: || (== net6.0) (== net6.0-windows7.0) (== net8.0) (== net8.0-windows7.0) (&& (== netstandard2.0) (>= net6.0))
      System.Diagnostics.EventLog (>= 6.0) - restriction: || (== net6.0) (== net6.0-windows7.0) (== net8.0) (== net8.0-windows7.0) (&& (== netstandard2.0) (>= net6.0))
      System.Drawing.Common (>= 6.0) - restriction: || (== net6.0) (== net6.0-windows7.0) (== net8.0) (== net8.0-windows7.0) (&& (== netstandard2.0) (>= net6.0))
    DevExpress.ExpressApp.Blazor.All (24.1.7)
      DevExpress.ExpressApp.AspNetCore (24.1.7) - restriction: || (== net6.0) (== net6.0-windows7.0) (== net8.0) (== net8.0-windows7.0) (&& (== netstandard2.0) (>= net6.0))
      DevExpress.ExpressApp.Blazor (24.1.7) - restriction: || (== net6.0) (== net6.0-windows7.0) (== net8.0) (== net8.0-windows7.0) (&& (== netstandard2.0) (>= net6.0))
      DevExpress.ExpressApp.Core.All (24.1.7) - restriction: || (== net6.0) (== net6.0-windows7.0) (== net8.0) (== net8.0-windows7.0) (&& (== netstandard2.0) (>= net6.0))
      DevExpress.ExpressApp.Dashboards.Blazor (24.1.7) - restriction: || (== net6.0) (== net6.0-windows7.0) (== net8.0) (== net8.0-windows7.0) (&& (== netstandard2.0) (>= net6.0))
      DevExpress.ExpressApp.EasyTest.BlazorAdapter (24.1.7) - restriction: || (== net6.0) (== net6.0-windows7.0) (== net8.0) (== net8.0-windows7.0) (&& (== netstandard2.0) (>= net6.0))
      DevExpress.ExpressApp.FileAttachment.Blazor (24.1.7) - restriction: || (== net6.0) (== net6.0-windows7.0) (== net8.0) (== net8.0-windows7.0) (&& (== netstandard2.0) (>= net6.0))
      DevExpress.ExpressApp.Notifications.Blazor (24.1.7) - restriction: || (== net6.0) (== net6.0-windows7.0) (== net8.0) (== net8.0-windows7.0) (&& (== netstandard2.0) (>= net6.0))
      DevExpress.ExpressApp.Office.Blazor (24.1.7) - restriction: || (== net6.0) (== net6.0-windows7.0) (== net8.0) (== net8.0-windows7.0) (&& (== netstandard2.0) (>= net6.0))
      DevExpress.ExpressApp.ReportsV2.Blazor (24.1.7) - restriction: || (== net6.0) (== net6.0-windows7.0) (== net8.0) (== net8.0-windows7.0) (&& (== netstandard2.0) (>= net6.0))
      DevExpress.ExpressApp.Scheduler.Blazor (24.1.7) - restriction: || (== net6.0) (== net6.0-windows7.0) (== net8.0) (== net8.0-windows7.0) (&& (== netstandard2.0) (>= net6.0))
      DevExpress.ExpressApp.Security.AspNetCore (24.1.7) - restriction: || (== net6.0) (== net6.0-windows7.0) (== net8.0) (== net8.0-windows7.0) (&& (== netstandard2.0) (>= net6.0))
      DevExpress.ExpressApp.Validation.Blazor (24.1.7) - restriction: || (== net6.0) (== net6.0-windows7.0) (== net8.0) (== net8.0-windows7.0) (&& (== netstandard2.0) (>= net6.0))
    DevExpress.ExpressApp.Chart (24.1.7) - restriction: || (== net6.0) (== net6.0-windows7.0) (== net8.0) (== net8.0-windows7.0) (&& (== netstandard2.0) (>= net452)) (&& (== netstandard2.0) (>= net6.0)) (&& (== netstandard2.0) (>= net6.0-windows7.0))
      DevExpress.Charts (24.1.7) - restriction: || (== net6.0) (== net6.0-windows7.0) (== net8.0) (== net8.0-windows7.0) (&& (== netstandard2.0) (>= net452)) (&& (== netstandard2.0) (>= net6.0))
      DevExpress.Data (24.1.7) - restriction: || (== net6.0) (== net6.0-windows7.0) (== net8.0) (== net8.0-windows7.0) (&& (== netstandard2.0) (>= net452)) (&& (== netstandard2.0) (>= net6.0))
      DevExpress.Drawing (24.1.7) - restriction: || (== net6.0) (== net6.0-windows7.0) (== net8.0) (== net8.0-windows7.0) (&& (== netstandard2.0) (>= net452)) (&& (== netstandard2.0) (>= net6.0))
      DevExpress.ExpressApp (24.1.7) - restriction: || (== net6.0) (== net6.0-windows7.0) (== net8.0) (== net8.0-windows7.0) (&& (== netstandard2.0) (>= net452)) (&& (== netstandard2.0) (>= net6.0))
      DevExpress.Persistent.Base (24.1.7) - restriction: || (== net6.0) (== net6.0-windows7.0) (== net8.0) (== net8.0-windows7.0) (&& (== netstandard2.0) (>= net452)) (&& (== netstandard2.0) (>= net6.0))
    DevExpress.ExpressApp.Chart.Win (24.1.7) - restriction: || (&& (== net6.0) (>= net452)) (&& (== net6.0) (>= net6.0-windows7.0)) (== net6.0-windows7.0) (&& (== net8.0) (>= net452)) (&& (== net8.0) (>= net6.0-windows7.0)) (&& (== net8.0-windows7.0) (>= net452)) (&& (== net8.0-windows7.0) (>= net6.0-windows7.0)) (&& (== netstandard2.0) (>= net452)) (&& (== netstandard2.0) (>= net6.0-windows7.0))
      DevExpress.Charts (24.1.7) - restriction: || (&& (== net6.0) (>= net452)) (&& (== net6.0) (>= net6.0-windows7.0)) (== net6.0-windows7.0) (&& (== net8.0) (>= net452)) (&& (== net8.0) (>= net6.0-windows7.0)) (&& (== net8.0-windows7.0) (>= net452)) (&& (== net8.0-windows7.0) (>= net6.0-windows7.0)) (&& (== netstandard2.0) (>= net452)) (&& (== netstandard2.0) (>= net6.0-windows7.0))
      DevExpress.Data (24.1.7) - restriction: || (&& (== net6.0) (>= net452)) (&& (== net6.0) (>= net6.0-windows7.0)) (== net6.0-windows7.0) (&& (== net8.0) (>= net452)) (&& (== net8.0) (>= net6.0-windows7.0)) (&& (== net8.0-windows7.0) (>= net452)) (&& (== net8.0-windows7.0) (>= net6.0-windows7.0)) (&& (== netstandard2.0) (>= net452)) (&& (== netstandard2.0) (>= net6.0-windows7.0))
      DevExpress.Drawing (24.1.7) - restriction: || (&& (== net6.0) (>= net452)) (&& (== net6.0) (>= net6.0-windows7.0)) (== net6.0-windows7.0) (&& (== net8.0) (>= net452)) (&& (== net8.0) (>= net6.0-windows7.0)) (&& (== net8.0-windows7.0) (>= net452)) (&& (== net8.0-windows7.0) (>= net6.0-windows7.0)) (&& (== netstandard2.0) (>= net452)) (&& (== netstandard2.0) (>= net6.0-windows7.0))
      DevExpress.ExpressApp (24.1.7) - restriction: || (&& (== net6.0) (>= net452)) (&& (== net6.0) (>= net6.0-windows7.0)) (== net6.0-windows7.0) (&& (== net8.0) (>= net452)) (&& (== net8.0) (>= net6.0-windows7.0)) (&& (== net8.0-windows7.0) (>= net452)) (&& (== net8.0-windows7.0) (>= net6.0-windows7.0)) (&& (== netstandard2.0) (>= net452)) (&& (== netstandard2.0) (>= net6.0-windows7.0))
      DevExpress.ExpressApp.Chart (24.1.7) - restriction: || (&& (== net6.0) (>= net452)) (&& (== net6.0) (>= net6.0-windows7.0)) (== net6.0-windows7.0) (&& (== net8.0) (>= net452)) (&& (== net8.0) (>= net6.0-windows7.0)) (&& (== net8.0-windows7.0) (>= net452)) (&& (== net8.0-windows7.0) (>= net6.0-windows7.0)) (&& (== netstandard2.0) (>= net452)) (&& (== netstandard2.0) (>= net6.0-windows7.0))
      DevExpress.ExpressApp.Win (24.1.7) - restriction: || (&& (== net6.0) (>= net452)) (&& (== net6.0) (>= net6.0-windows7.0)) (== net6.0-windows7.0) (&& (== net8.0) (>= net452)) (&& (== net8.0) (>= net6.0-windows7.0)) (&& (== net8.0-windows7.0) (>= net452)) (&& (== net8.0-windows7.0) (>= net6.0-windows7.0)) (&& (== netstandard2.0) (>= net452)) (&& (== netstandard2.0) (>= net6.0-windows7.0))
      DevExpress.Persistent.Base (24.1.7) - restriction: || (&& (== net6.0) (>= net452)) (&& (== net6.0) (>= net6.0-windows7.0)) (== net6.0-windows7.0) (&& (== net8.0) (>= net452)) (&& (== net8.0) (>= net6.0-windows7.0)) (&& (== net8.0-windows7.0) (>= net452)) (&& (== net8.0-windows7.0) (>= net6.0-windows7.0)) (&& (== netstandard2.0) (>= net452)) (&& (== netstandard2.0) (>= net6.0-windows7.0))
      DevExpress.Printing.Core (24.1.7) - restriction: || (&& (== net6.0) (>= net452)) (&& (== net6.0) (>= net6.0-windows7.0)) (== net6.0-windows7.0) (&& (== net8.0) (>= net452)) (&& (== net8.0) (>= net6.0-windows7.0)) (&& (== net8.0-windows7.0) (>= net452)) (&& (== net8.0-windows7.0) (>= net6.0-windows7.0)) (&& (== netstandard2.0) (>= net452)) (&& (== netstandard2.0) (>= net6.0-windows7.0))
      DevExpress.Utils (24.1.7) - restriction: || (&& (== net6.0) (>= net452)) (&& (== net6.0) (>= net6.0-windows7.0)) (== net6.0-windows7.0) (&& (== net8.0) (>= net452)) (&& (== net8.0) (>= net6.0-windows7.0)) (&& (== net8.0-windows7.0) (>= net452)) (&& (== net8.0-windows7.0) (>= net6.0-windows7.0)) (&& (== netstandard2.0) (>= net452)) (&& (== netstandard2.0) (>= net6.0-windows7.0))
      DevExpress.Win.Charts (24.1.7) - restriction: || (&& (== net6.0) (>= net452)) (&& (== net6.0) (>= net6.0-windows7.0)) (== net6.0-windows7.0) (&& (== net8.0) (>= net452)) (&& (== net8.0) (>= net6.0-windows7.0)) (&& (== net8.0-windows7.0) (>= net452)) (&& (== net8.0-windows7.0) (>= net6.0-windows7.0)) (&& (== netstandard2.0) (>= net452)) (&& (== netstandard2.0) (>= net6.0-windows7.0))
      DevExpress.Win.Navigation (24.1.7) - restriction: || (&& (== net6.0) (>= net452)) (&& (== net6.0) (>= net6.0-windows7.0)) (== net6.0-windows7.0) (&& (== net8.0) (>= net452)) (&& (== net8.0) (>= net6.0-windows7.0)) (&& (== net8.0-windows7.0) (>= net452)) (&& (== net8.0-windows7.0) (>= net6.0-windows7.0)) (&& (== netstandard2.0) (>= net452)) (&& (== netstandard2.0) (>= net6.0-windows7.0))
      System.Configuration.ConfigurationManager (>= 6.0.1) - restriction: || (&& (== net6.0) (>= net6.0-windows7.0)) (== net6.0-windows7.0) (&& (== net8.0) (>= net6.0-windows7.0)) (&& (== net8.0-windows7.0) (>= net6.0-windows7.0)) (&& (== netstandard2.0) (>= net6.0-windows7.0))
      System.Diagnostics.EventLog (>= 6.0) - restriction: || (&& (== net6.0) (>= net6.0-windows7.0)) (== net6.0-windows7.0) (&& (== net8.0) (>= net6.0-windows7.0)) (&& (== net8.0-windows7.0) (>= net6.0-windows7.0)) (&& (== netstandard2.0) (>= net6.0-windows7.0))
      System.Drawing.Common (>= 6.0) - restriction: || (&& (== net6.0) (>= net6.0-windows7.0)) (== net6.0-windows7.0) (&& (== net8.0) (>= net6.0-windows7.0)) (&& (== net8.0-windows7.0) (>= net6.0-windows7.0)) (&& (== netstandard2.0) (>= net6.0-windows7.0))
    DevExpress.ExpressApp.CloneObject.Xpo (24.1.7) - restriction: || (== net6.0) (== net6.0-windows7.0) (== net8.0) (== net8.0-windows7.0) (&& (== netstandard2.0) (>= net452)) (&& (== netstandard2.0) (>= net6.0))
      DevExpress.Data (24.1.7) - restriction: || (== net6.0) (== net6.0-windows7.0) (== net8.0) (== net8.0-windows7.0) (&& (== netstandard2.0) (>= net452)) (&& (== netstandard2.0) (>= net6.0))
      DevExpress.ExpressApp (24.1.7) - restriction: || (== net6.0) (== net6.0-windows7.0) (== net8.0) (== net8.0-windows7.0) (&& (== netstandard2.0) (>= net452)) (&& (== netstandard2.0) (>= net6.0))
      DevExpress.Persistent.Base (24.1.7) - restriction: || (== net6.0) (== net6.0-windows7.0) (== net8.0) (== net8.0-windows7.0) (&& (== netstandard2.0) (>= net452)) (&& (== netstandard2.0) (>= net6.0))
    DevExpress.ExpressApp.ConditionalAppearance (24.1.7) - restriction: || (== net6.0) (== net6.0-windows7.0) (== net8.0) (== net8.0-windows7.0) (&& (== netstandard2.0) (>= net452)) (&& (== netstandard2.0) (>= net6.0))
      DevExpress.Data (24.1.7) - restriction: || (== net6.0) (== net6.0-windows7.0) (== net8.0) (== net8.0-windows7.0) (&& (== netstandard2.0) (>= net452)) (&& (== netstandard2.0) (>= net6.0))
      DevExpress.Drawing (24.1.7) - restriction: || (== net6.0) (== net6.0-windows7.0) (== net8.0) (== net8.0-windows7.0) (&& (== netstandard2.0) (>= net452)) (&& (== netstandard2.0) (>= net6.0))
      DevExpress.ExpressApp (24.1.7) - restriction: || (== net6.0) (== net6.0-windows7.0) (== net8.0) (== net8.0-windows7.0) (&& (== netstandard2.0) (>= net452)) (&& (== netstandard2.0) (>= net6.0))
      DevExpress.Persistent.Base (24.1.7) - restriction: || (== net6.0) (== net6.0-windows7.0) (== net8.0) (== net8.0-windows7.0) (&& (== netstandard2.0) (>= net452)) (&& (== netstandard2.0) (>= net6.0))
    DevExpress.ExpressApp.Core.All (24.1.7)
      DevExpress.EasyTest (24.1.7) - restriction: || (== net6.0) (== net6.0-windows7.0) (== net8.0) (== net8.0-windows7.0) (&& (== netstandard2.0) (>= net452)) (&& (== netstandard2.0) (>= net6.0))
      DevExpress.ExpressApp.AuditTrail.Xpo (24.1.7) - restriction: || (== net6.0) (== net6.0-windows7.0) (== net8.0) (== net8.0-windows7.0) (&& (== netstandard2.0) (>= net452)) (&& (== netstandard2.0) (>= net6.0))
      DevExpress.ExpressApp.Chart (24.1.7) - restriction: || (== net6.0) (== net6.0-windows7.0) (== net8.0) (== net8.0-windows7.0) (&& (== netstandard2.0) (>= net452)) (&& (== netstandard2.0) (>= net6.0))
      DevExpress.ExpressApp.CloneObject.Xpo (24.1.7) - restriction: || (== net6.0) (== net6.0-windows7.0) (== net8.0) (== net8.0-windows7.0) (&& (== netstandard2.0) (>= net452)) (&& (== netstandard2.0) (>= net6.0))
      DevExpress.ExpressApp.ConditionalAppearance (24.1.7) - restriction: || (== net6.0) (== net6.0-windows7.0) (== net8.0) (== net8.0-windows7.0) (&& (== netstandard2.0) (>= net452)) (&& (== netstandard2.0) (>= net6.0))
      DevExpress.ExpressApp.Dashboards (24.1.7) - restriction: || (== net6.0) (== net6.0-windows7.0) (== net8.0) (== net8.0-windows7.0) (&& (== netstandard2.0) (>= net452)) (&& (== netstandard2.0) (>= net6.0))
      DevExpress.ExpressApp.Kpi (24.1.7) - restriction: || (== net6.0) (== net6.0-windows7.0) (== net8.0) (== net8.0-windows7.0) (&& (== netstandard2.0) (>= net452)) (&& (== netstandard2.0) (>= net6.0))
      DevExpress.ExpressApp.Notifications (24.1.7) - restriction: || (== net6.0) (== net6.0-windows7.0) (== net8.0) (== net8.0-windows7.0) (&& (== netstandard2.0) (>= net452)) (&& (== netstandard2.0) (>= net6.0))
      DevExpress.ExpressApp.Objects (24.1.7) - restriction: || (== net6.0) (== net6.0-windows7.0) (== net8.0) (== net8.0-windows7.0) (&& (== netstandard2.0) (>= net452)) (&& (== netstandard2.0) (>= net6.0))
      DevExpress.ExpressApp.Office (24.1.7) - restriction: || (== net6.0) (== net6.0-windows7.0) (== net8.0) (== net8.0-windows7.0) (&& (== netstandard2.0) (>= net452)) (&& (== netstandard2.0) (>= net6.0))
      DevExpress.ExpressApp.PivotChart (24.1.7) - restriction: || (== net6.0) (== net6.0-windows7.0) (== net8.0) (== net8.0-windows7.0) (&& (== netstandard2.0) (>= net452)) (&& (== netstandard2.0) (>= net6.0))
      DevExpress.ExpressApp.PivotGrid (24.1.7) - restriction: || (== net6.0) (== net6.0-windows7.0) (== net8.0) (== net8.0-windows7.0) (&& (== netstandard2.0) (>= net452)) (&& (== netstandard2.0) (>= net6.0))
      DevExpress.ExpressApp.ReportsV2 (24.1.7) - restriction: || (== net6.0) (== net6.0-windows7.0) (== net8.0) (== net8.0-windows7.0) (&& (== netstandard2.0) (>= net452)) (&& (== netstandard2.0) (>= net6.0))
      DevExpress.ExpressApp.Scheduler (24.1.7) - restriction: || (== net6.0) (== net6.0-windows7.0) (== net8.0) (== net8.0-windows7.0) (&& (== netstandard2.0) (>= net452)) (&& (== netstandard2.0) (>= net6.0))
      DevExpress.ExpressApp.ScriptRecorder (24.1.7) - restriction: || (== net6.0) (== net6.0-windows7.0) (== net8.0) (== net8.0-windows7.0) (&& (== netstandard2.0) (>= net452)) (&& (== netstandard2.0) (>= net6.0))
      DevExpress.ExpressApp.Security (24.1.7) - restriction: || (== net6.0) (== net6.0-windows7.0) (== net8.0) (== net8.0-windows7.0) (&& (== netstandard2.0) (>= net452)) (&& (== netstandard2.0) (>= net6.0))
      DevExpress.ExpressApp.StateMachine (24.1.7) - restriction: || (== net6.0) (== net6.0-windows7.0) (== net8.0) (== net8.0-windows7.0) (&& (== netstandard2.0) (>= net452)) (&& (== netstandard2.0) (>= net6.0))
      DevExpress.ExpressApp.TreeListEditors (24.1.7) - restriction: || (== net6.0) (== net6.0-windows7.0) (== net8.0) (== net8.0-windows7.0) (&& (== netstandard2.0) (>= net452)) (&& (== netstandard2.0) (>= net6.0))
      DevExpress.ExpressApp.Validation (24.1.7) - restriction: || (== net6.0) (== net6.0-windows7.0) (== net8.0) (== net8.0-windows7.0) (&& (== netstandard2.0) (>= net452)) (&& (== netstandard2.0) (>= net6.0))
      DevExpress.ExpressApp.ViewVariantsModule (24.1.7) - restriction: || (== net6.0) (== net6.0-windows7.0) (== net8.0) (== net8.0-windows7.0) (&& (== netstandard2.0) (>= net452)) (&& (== netstandard2.0) (>= net6.0))
      DevExpress.Persistent.Base (24.1.7) - restriction: || (== net6.0) (== net6.0-windows7.0) (== net8.0) (== net8.0-windows7.0) (&& (== netstandard2.0) (>= net452)) (&& (== netstandard2.0) (>= net6.0))
    DevExpress.ExpressApp.Dashboards (24.1.7) - restriction: || (== net6.0) (== net6.0-windows7.0) (== net8.0) (== net8.0-windows7.0) (&& (== netstandard2.0) (>= net452)) (&& (== netstandard2.0) (>= net6.0)) (&& (== netstandard2.0) (>= net6.0-windows7.0))
      DevExpress.Dashboard.Core (24.1.7) - restriction: || (== net6.0) (== net6.0-windows7.0) (== net8.0) (== net8.0-windows7.0) (&& (== netstandard2.0) (>= net452)) (&& (== netstandard2.0) (>= net6.0))
      DevExpress.Data (24.1.7) - restriction: || (== net6.0) (== net6.0-windows7.0) (== net8.0) (== net8.0-windows7.0) (&& (== netstandard2.0) (>= net452)) (&& (== netstandard2.0) (>= net6.0))
      DevExpress.DataAccess (24.1.7) - restriction: || (== net6.0) (== net6.0-windows7.0) (== net8.0) (== net8.0-windows7.0) (&& (== netstandard2.0) (>= net452)) (&& (== netstandard2.0) (>= net6.0))
      DevExpress.ExpressApp (24.1.7) - restriction: || (== net6.0) (== net6.0-windows7.0) (== net8.0) (== net8.0-windows7.0) (&& (== netstandard2.0) (>= net452)) (&& (== netstandard2.0) (>= net6.0))
      DevExpress.Persistent.Base (24.1.7) - restriction: || (== net6.0) (== net6.0-windows7.0) (== net8.0) (== net8.0-windows7.0) (&& (== netstandard2.0) (>= net452)) (&& (== netstandard2.0) (>= net6.0))
    DevExpress.ExpressApp.Dashboards.Blazor (24.1.7) - restriction: || (== net6.0) (== net6.0-windows7.0) (== net8.0) (== net8.0-windows7.0) (&& (== netstandard2.0) (>= net6.0))
      DevExpress.AspNetCore.Dashboard (24.1.7) - restriction: || (== net6.0) (== net6.0-windows7.0) (== net8.0) (== net8.0-windows7.0) (&& (== netstandard2.0) (>= net6.0))
      DevExpress.Blazor.Dashboard (24.1.7) - restriction: || (== net6.0) (== net6.0-windows7.0) (== net8.0) (== net8.0-windows7.0) (&& (== netstandard2.0) (>= net6.0))
      DevExpress.Dashboard.Core (24.1.7) - restriction: || (== net6.0) (== net6.0-windows7.0) (== net8.0) (== net8.0-windows7.0) (&& (== netstandard2.0) (>= net6.0))
      DevExpress.Data (24.1.7) - restriction: || (== net6.0) (== net6.0-windows7.0) (== net8.0) (== net8.0-windows7.0) (&& (== netstandard2.0) (>= net6.0))
      DevExpress.DataAccess (24.1.7) - restriction: || (== net6.0) (== net6.0-windows7.0) (== net8.0) (== net8.0-windows7.0) (&& (== netstandard2.0) (>= net6.0))
      DevExpress.ExpressApp (24.1.7) - restriction: || (== net6.0) (== net6.0-windows7.0) (== net8.0) (== net8.0-windows7.0) (&& (== netstandard2.0) (>= net6.0))
      DevExpress.ExpressApp.AspNetCore (24.1.7) - restriction: || (== net6.0) (== net6.0-windows7.0) (== net8.0) (== net8.0-windows7.0) (&& (== netstandard2.0) (>= net6.0))
      DevExpress.ExpressApp.Blazor (24.1.7) - restriction: || (== net6.0) (== net6.0-windows7.0) (== net8.0) (== net8.0-windows7.0) (&& (== netstandard2.0) (>= net6.0))
      DevExpress.ExpressApp.Dashboards (24.1.7) - restriction: || (== net6.0) (== net6.0-windows7.0) (== net8.0) (== net8.0-windows7.0) (&& (== netstandard2.0) (>= net6.0))
      DevExpress.Persistent.Base (24.1.7) - restriction: || (== net6.0) (== net6.0-windows7.0) (== net8.0) (== net8.0-windows7.0) (&& (== netstandard2.0) (>= net6.0))
      DevExpress.Web.Dashboard.Common (24.1.7) - restriction: || (== net6.0) (== net6.0-windows7.0) (== net8.0) (== net8.0-windows7.0) (&& (== netstandard2.0) (>= net6.0))
      Microsoft.Extensions.Configuration.Abstractions (>= 6.0) - restriction: || (== net6.0) (== net6.0-windows7.0) (== net8.0) (== net8.0-windows7.0) (&& (== netstandard2.0) (>= net6.0))
      Microsoft.Extensions.DependencyInjection.Abstractions (>= 6.0) - restriction: || (== net6.0) (== net6.0-windows7.0) (== net8.0) (== net8.0-windows7.0) (&& (== netstandard2.0) (>= net6.0))
      Microsoft.Extensions.DependencyModel (>= 6.0.1) - restriction: || (== net6.0) (== net6.0-windows7.0) (== net8.0) (== net8.0-windows7.0) (&& (== netstandard2.0) (>= net6.0))
      Microsoft.Extensions.Hosting.Abstractions (>= 6.0) - restriction: || (== net6.0) (== net6.0-windows7.0) (== net8.0) (== net8.0-windows7.0) (&& (== netstandard2.0) (>= net6.0))
      Microsoft.Extensions.Logging.Abstractions (>= 6.0.4) - restriction: || (== net6.0) (== net6.0-windows7.0) (== net8.0) (== net8.0-windows7.0) (&& (== netstandard2.0) (>= net6.0))
      Microsoft.Extensions.Options (>= 6.0) - restriction: || (== net6.0) (== net6.0-windows7.0) (== net8.0) (== net8.0-windows7.0) (&& (== netstandard2.0) (>= net6.0))
      Microsoft.Extensions.Primitives (>= 6.0) - restriction: || (== net6.0) (== net6.0-windows7.0) (== net8.0) (== net8.0-windows7.0) (&& (== netstandard2.0) (>= net6.0))
      System.Diagnostics.EventLog (>= 6.0) - restriction: || (== net6.0) (== net6.0-windows7.0) (== net8.0) (== net8.0-windows7.0) (&& (== netstandard2.0) (>= net6.0))
      System.Text.Json (>= 8.0.5) - restriction: || (== net6.0) (== net6.0-windows7.0) (== net8.0) (== net8.0-windows7.0) (&& (== netstandard2.0) (>= net6.0))
    DevExpress.ExpressApp.Dashboards.Win (24.1.7) - restriction: || (&& (== net6.0) (>= net452)) (&& (== net6.0) (>= net6.0-windows7.0)) (== net6.0-windows7.0) (&& (== net8.0) (>= net452)) (&& (== net8.0) (>= net6.0-windows7.0)) (&& (== net8.0-windows7.0) (>= net452)) (&& (== net8.0-windows7.0) (>= net6.0-windows7.0)) (&& (== netstandard2.0) (>= net452)) (&& (== netstandard2.0) (>= net6.0-windows7.0))
      DevExpress.Dashboard.Core (24.1.7) - restriction: || (&& (== net6.0) (>= net452)) (&& (== net6.0) (>= net6.0-windows7.0)) (== net6.0-windows7.0) (&& (== net8.0) (>= net452)) (&& (== net8.0) (>= net6.0-windows7.0)) (&& (== net8.0-windows7.0) (>= net452)) (&& (== net8.0-windows7.0) (>= net6.0-windows7.0)) (&& (== netstandard2.0) (>= net452)) (&& (== netstandard2.0) (>= net6.0-windows7.0))
      DevExpress.Data (24.1.7) - restriction: || (&& (== net6.0) (>= net452)) (&& (== net6.0) (>= net6.0-windows7.0)) (== net6.0-windows7.0) (&& (== net8.0) (>= net452)) (&& (== net8.0) (>= net6.0-windows7.0)) (&& (== net8.0-windows7.0) (>= net452)) (&& (== net8.0-windows7.0) (>= net6.0-windows7.0)) (&& (== netstandard2.0) (>= net452)) (&& (== netstandard2.0) (>= net6.0-windows7.0))
      DevExpress.DataAccess (24.1.7) - restriction: || (&& (== net6.0) (>= net452)) (&& (== net6.0) (>= net6.0-windows7.0)) (== net6.0-windows7.0) (&& (== net8.0) (>= net452)) (&& (== net8.0) (>= net6.0-windows7.0)) (&& (== net8.0-windows7.0) (>= net452)) (&& (== net8.0-windows7.0) (>= net6.0-windows7.0)) (&& (== netstandard2.0) (>= net452)) (&& (== netstandard2.0) (>= net6.0-windows7.0))
      DevExpress.DataAccess.UI (24.1.7) - restriction: || (&& (== net6.0) (>= net452)) (&& (== net6.0) (>= net6.0-windows7.0)) (== net6.0-windows7.0) (&& (== net8.0) (>= net452)) (&& (== net8.0) (>= net6.0-windows7.0)) (&& (== net8.0-windows7.0) (>= net452)) (&& (== net8.0-windows7.0) (>= net6.0-windows7.0)) (&& (== netstandard2.0) (>= net452)) (&& (== netstandard2.0) (>= net6.0-windows7.0))
      DevExpress.ExpressApp (24.1.7) - restriction: || (&& (== net6.0) (>= net452)) (&& (== net6.0) (>= net6.0-windows7.0)) (== net6.0-windows7.0) (&& (== net8.0) (>= net452)) (&& (== net8.0) (>= net6.0-windows7.0)) (&& (== net8.0-windows7.0) (>= net452)) (&& (== net8.0-windows7.0) (>= net6.0-windows7.0)) (&& (== netstandard2.0) (>= net452)) (&& (== netstandard2.0) (>= net6.0-windows7.0))
      DevExpress.ExpressApp.Dashboards (24.1.7) - restriction: || (&& (== net6.0) (>= net452)) (&& (== net6.0) (>= net6.0-windows7.0)) (== net6.0-windows7.0) (&& (== net8.0) (>= net452)) (&& (== net8.0) (>= net6.0-windows7.0)) (&& (== net8.0-windows7.0) (>= net452)) (&& (== net8.0-windows7.0) (>= net6.0-windows7.0)) (&& (== netstandard2.0) (>= net452)) (&& (== netstandard2.0) (>= net6.0-windows7.0))
      DevExpress.ExpressApp.Win (24.1.7) - restriction: || (&& (== net6.0) (>= net452)) (&& (== net6.0) (>= net6.0-windows7.0)) (== net6.0-windows7.0) (&& (== net8.0) (>= net452)) (&& (== net8.0) (>= net6.0-windows7.0)) (&& (== net8.0-windows7.0) (>= net452)) (&& (== net8.0-windows7.0) (>= net6.0-windows7.0)) (&& (== netstandard2.0) (>= net452)) (&& (== netstandard2.0) (>= net6.0-windows7.0))
      DevExpress.Persistent.Base (24.1.7) - restriction: || (&& (== net6.0) (>= net452)) (&& (== net6.0) (>= net6.0-windows7.0)) (== net6.0-windows7.0) (&& (== net8.0) (>= net452)) (&& (== net8.0) (>= net6.0-windows7.0)) (&& (== net8.0-windows7.0) (>= net452)) (&& (== net8.0-windows7.0) (>= net6.0-windows7.0)) (&& (== netstandard2.0) (>= net452)) (&& (== netstandard2.0) (>= net6.0-windows7.0))
      DevExpress.Utils (24.1.7) - restriction: || (&& (== net6.0) (>= net452)) (&& (== net6.0) (>= net6.0-windows7.0)) (== net6.0-windows7.0) (&& (== net8.0) (>= net452)) (&& (== net8.0) (>= net6.0-windows7.0)) (&& (== net8.0-windows7.0) (>= net452)) (&& (== net8.0-windows7.0) (>= net6.0-windows7.0)) (&& (== netstandard2.0) (>= net452)) (&& (== netstandard2.0) (>= net6.0-windows7.0))
      DevExpress.Win.Dashboard (24.1.7) - restriction: || (&& (== net6.0) (>= net452)) (&& (== net6.0) (>= net6.0-windows7.0)) (== net6.0-windows7.0) (&& (== net8.0) (>= net452)) (&& (== net8.0) (>= net6.0-windows7.0)) (&& (== net8.0-windows7.0) (>= net452)) (&& (== net8.0-windows7.0) (>= net6.0-windows7.0)) (&& (== netstandard2.0) (>= net452)) (&& (== netstandard2.0) (>= net6.0-windows7.0))
      DevExpress.Win.Navigation (24.1.7) - restriction: || (&& (== net6.0) (>= net452)) (&& (== net6.0) (>= net6.0-windows7.0)) (== net6.0-windows7.0) (&& (== net8.0) (>= net452)) (&& (== net8.0) (>= net6.0-windows7.0)) (&& (== net8.0-windows7.0) (>= net452)) (&& (== net8.0-windows7.0) (>= net6.0-windows7.0)) (&& (== netstandard2.0) (>= net452)) (&& (== netstandard2.0) (>= net6.0-windows7.0))
      System.Configuration.ConfigurationManager (>= 6.0.1) - restriction: || (&& (== net6.0) (>= net6.0-windows7.0)) (== net6.0-windows7.0) (&& (== net8.0) (>= net6.0-windows7.0)) (&& (== net8.0-windows7.0) (>= net6.0-windows7.0)) (&& (== netstandard2.0) (>= net6.0-windows7.0))
      System.Diagnostics.EventLog (>= 6.0) - restriction: || (&& (== net6.0) (>= net6.0-windows7.0)) (== net6.0-windows7.0) (&& (== net8.0) (>= net6.0-windows7.0)) (&& (== net8.0-windows7.0) (>= net6.0-windows7.0)) (&& (== netstandard2.0) (>= net6.0-windows7.0))
      System.Drawing.Common (>= 6.0) - restriction: || (&& (== net6.0) (>= net6.0-windows7.0)) (== net6.0-windows7.0) (&& (== net8.0) (>= net6.0-windows7.0)) (&& (== net8.0-windows7.0) (>= net6.0-windows7.0)) (&& (== netstandard2.0) (>= net6.0-windows7.0))
    DevExpress.ExpressApp.EasyTest.BlazorAdapter (24.1.7) - restriction: || (== net6.0) (== net6.0-windows7.0) (== net8.0) (== net8.0-windows7.0) (&& (== netstandard2.0) (>= net6.0))
      DevExpress.Data (24.1.7) - restriction: || (== net6.0) (== net6.0-windows7.0) (== net8.0) (== net8.0-windows7.0) (&& (== netstandard2.0) (>= net6.0))
      DevExpress.EasyTest (24.1.7) - restriction: || (== net6.0) (== net6.0-windows7.0) (== net8.0) (== net8.0-windows7.0) (&& (== netstandard2.0) (>= net6.0))
      Selenium.Support (>= 4.4) - restriction: || (== net6.0) (== net6.0-windows7.0) (== net8.0) (== net8.0-windows7.0) (&& (== netstandard2.0) (>= net6.0))
      System.Drawing.Common (>= 6.0) - restriction: || (== net6.0) (== net6.0-windows7.0) (== net8.0) (== net8.0-windows7.0) (&& (== netstandard2.0) (>= net6.0))
      System.Text.Json (>= 8.0.5) - restriction: || (== net6.0) (== net6.0-windows7.0) (== net8.0) (== net8.0-windows7.0) (&& (== netstandard2.0) (>= net6.0))
    DevExpress.ExpressApp.EasyTest.WinAdapter (24.1.7)
      DevExpress.Data (24.1.7) - restriction: || (&& (== net6.0) (>= net452)) (&& (== net6.0) (>= net6.0-windows7.0)) (== net6.0-windows7.0) (&& (== net8.0) (>= net452)) (&& (== net8.0) (>= net6.0-windows7.0)) (&& (== net8.0-windows7.0) (>= net452)) (&& (== net8.0-windows7.0) (>= net6.0-windows7.0)) (&& (== netstandard2.0) (>= net452)) (&& (== netstandard2.0) (>= net6.0-windows7.0))
      DevExpress.DataAccess.UI (24.1.7) - restriction: || (&& (== net6.0) (>= net452)) (&& (== net6.0) (>= net6.0-windows7.0)) (== net6.0-windows7.0) (&& (== net8.0) (>= net452)) (&& (== net8.0) (>= net6.0-windows7.0)) (&& (== net8.0-windows7.0) (>= net452)) (&& (== net8.0-windows7.0) (>= net6.0-windows7.0)) (&& (== netstandard2.0) (>= net452)) (&& (== netstandard2.0) (>= net6.0-windows7.0))
      DevExpress.EasyTest (24.1.7) - restriction: || (&& (== net6.0) (>= net452)) (&& (== net6.0) (>= net6.0-windows7.0)) (== net6.0-windows7.0) (&& (== net8.0) (>= net452)) (&& (== net8.0) (>= net6.0-windows7.0)) (&& (== net8.0-windows7.0) (>= net452)) (&& (== net8.0-windows7.0) (>= net6.0-windows7.0)) (&& (== netstandard2.0) (>= net452)) (&& (== netstandard2.0) (>= net6.0-windows7.0))
      DevExpress.ExpressApp (24.1.7) - restriction: || (&& (== net6.0) (>= net452)) (&& (== net6.0) (>= net6.0-windows7.0)) (== net6.0-windows7.0) (&& (== net8.0) (>= net452)) (&& (== net8.0) (>= net6.0-windows7.0)) (&& (== net8.0-windows7.0) (>= net452)) (&& (== net8.0-windows7.0) (>= net6.0-windows7.0)) (&& (== netstandard2.0) (>= net452)) (&& (== netstandard2.0) (>= net6.0-windows7.0))
      DevExpress.ExpressApp.Office.Win (24.1.7) - restriction: || (&& (== net6.0) (>= net452)) (&& (== net6.0) (>= net6.0-windows7.0)) (== net6.0-windows7.0) (&& (== net8.0) (>= net452)) (&& (== net8.0) (>= net6.0-windows7.0)) (&& (== net8.0-windows7.0) (>= net452)) (&& (== net8.0-windows7.0) (>= net6.0-windows7.0)) (&& (== netstandard2.0) (>= net452)) (&& (== netstandard2.0) (>= net6.0-windows7.0))
      DevExpress.ExpressApp.PivotChart.Win (24.1.7) - restriction: || (&& (== net6.0) (>= net452)) (&& (== net6.0) (>= net6.0-windows7.0)) (== net6.0-windows7.0) (&& (== net8.0) (>= net452)) (&& (== net8.0) (>= net6.0-windows7.0)) (&& (== net8.0-windows7.0) (>= net452)) (&& (== net8.0-windows7.0) (>= net6.0-windows7.0)) (&& (== netstandard2.0) (>= net452)) (&& (== netstandard2.0) (>= net6.0-windows7.0))
      DevExpress.ExpressApp.Win (24.1.7) - restriction: || (&& (== net6.0) (>= net452)) (&& (== net6.0) (>= net6.0-windows7.0)) (== net6.0-windows7.0) (&& (== net8.0) (>= net452)) (&& (== net8.0) (>= net6.0-windows7.0)) (&& (== net8.0-windows7.0) (>= net452)) (&& (== net8.0-windows7.0) (>= net6.0-windows7.0)) (&& (== netstandard2.0) (>= net452)) (&& (== netstandard2.0) (>= net6.0-windows7.0))
      DevExpress.PivotGrid.Core (24.1.7) - restriction: || (&& (== net6.0) (>= net452)) (&& (== net6.0) (>= net6.0-windows7.0)) (== net6.0-windows7.0) (&& (== net8.0) (>= net452)) (&& (== net8.0) (>= net6.0-windows7.0)) (&& (== net8.0-windows7.0) (>= net452)) (&& (== net8.0-windows7.0) (>= net6.0-windows7.0)) (&& (== netstandard2.0) (>= net452)) (&& (== netstandard2.0) (>= net6.0-windows7.0))
      DevExpress.Scheduler.Core (24.1.7) - restriction: || (&& (== net6.0) (>= net452)) (&& (== net6.0) (>= net6.0-windows7.0)) (== net6.0-windows7.0) (&& (== net8.0) (>= net452)) (&& (== net8.0) (>= net6.0-windows7.0)) (&& (== net8.0-windows7.0) (>= net452)) (&& (== net8.0-windows7.0) (>= net6.0-windows7.0)) (&& (== netstandard2.0) (>= net452)) (&& (== netstandard2.0) (>= net6.0-windows7.0))
      DevExpress.Scheduler.CoreDesktop (24.1.7) - restriction: || (&& (== net6.0) (>= net452)) (&& (== net6.0) (>= net6.0-windows7.0)) (== net6.0-windows7.0) (&& (== net8.0) (>= net452)) (&& (== net8.0) (>= net6.0-windows7.0)) (&& (== net8.0-windows7.0) (>= net452)) (&& (== net8.0-windows7.0) (>= net6.0-windows7.0)) (&& (== netstandard2.0) (>= net452)) (&& (== netstandard2.0) (>= net6.0-windows7.0))
      DevExpress.Spreadsheet.Core (24.1.7) - restriction: || (&& (== net6.0) (>= net452)) (&& (== net6.0) (>= net6.0-windows7.0)) (== net6.0-windows7.0) (&& (== net8.0) (>= net452)) (&& (== net8.0) (>= net6.0-windows7.0)) (&& (== net8.0-windows7.0) (>= net452)) (&& (== net8.0-windows7.0) (>= net6.0-windows7.0)) (&& (== netstandard2.0) (>= net452)) (&& (== netstandard2.0) (>= net6.0-windows7.0))
      DevExpress.Utils (24.1.7) - restriction: || (&& (== net6.0) (>= net452)) (&& (== net6.0) (>= net6.0-windows7.0)) (== net6.0-windows7.0) (&& (== net8.0) (>= net452)) (&& (== net8.0) (>= net6.0-windows7.0)) (&& (== net8.0-windows7.0) (>= net452)) (&& (== net8.0-windows7.0) (>= net6.0-windows7.0)) (&& (== netstandard2.0) (>= net452)) (&& (== netstandard2.0) (>= net6.0-windows7.0))
      DevExpress.Win (24.1.7) - restriction: || (&& (== net6.0) (>= net452)) (&& (== net6.0) (>= net6.0-windows7.0)) (== net6.0-windows7.0) (&& (== net8.0) (>= net452)) (&& (== net8.0) (>= net6.0-windows7.0)) (&& (== net8.0-windows7.0) (>= net452)) (&& (== net8.0-windows7.0) (>= net6.0-windows7.0)) (&& (== netstandard2.0) (>= net452)) (&& (== netstandard2.0) (>= net6.0-windows7.0))
      DevExpress.Win.Grid (24.1.7) - restriction: || (&& (== net6.0) (>= net452)) (&& (== net6.0) (>= net6.0-windows7.0)) (== net6.0-windows7.0) (&& (== net8.0) (>= net452)) (&& (== net8.0) (>= net6.0-windows7.0)) (&& (== net8.0-windows7.0) (>= net452)) (&& (== net8.0-windows7.0) (>= net6.0-windows7.0)) (&& (== netstandard2.0) (>= net452)) (&& (== netstandard2.0) (>= net6.0-windows7.0))
      DevExpress.Win.Navigation (24.1.7) - restriction: || (&& (== net6.0) (>= net452)) (&& (== net6.0) (>= net6.0-windows7.0)) (== net6.0-windows7.0) (&& (== net8.0) (>= net452)) (&& (== net8.0) (>= net6.0-windows7.0)) (&& (== net8.0-windows7.0) (>= net452)) (&& (== net8.0-windows7.0) (>= net6.0-windows7.0)) (&& (== netstandard2.0) (>= net452)) (&& (== netstandard2.0) (>= net6.0-windows7.0))
      DevExpress.Win.PivotGrid (24.1.7) - restriction: || (&& (== net6.0) (>= net452)) (&& (== net6.0) (>= net6.0-windows7.0)) (== net6.0-windows7.0) (&& (== net8.0) (>= net452)) (&& (== net8.0) (>= net6.0-windows7.0)) (&& (== net8.0-windows7.0) (>= net452)) (&& (== net8.0-windows7.0) (>= net6.0-windows7.0)) (&& (== netstandard2.0) (>= net452)) (&& (== netstandard2.0) (>= net6.0-windows7.0))
      DevExpress.Win.RichEdit (24.1.7) - restriction: || (&& (== net6.0) (>= net452)) (&& (== net6.0) (>= net6.0-windows7.0)) (== net6.0-windows7.0) (&& (== net8.0) (>= net452)) (&& (== net8.0) (>= net6.0-windows7.0)) (&& (== net8.0-windows7.0) (>= net452)) (&& (== net8.0-windows7.0) (>= net6.0-windows7.0)) (&& (== netstandard2.0) (>= net452)) (&& (== netstandard2.0) (>= net6.0-windows7.0))
      DevExpress.Win.Scheduler (24.1.7) - restriction: || (&& (== net6.0) (>= net452)) (&& (== net6.0) (>= net6.0-windows7.0)) (== net6.0-windows7.0) (&& (== net8.0) (>= net452)) (&& (== net8.0) (>= net6.0-windows7.0)) (&& (== net8.0-windows7.0) (>= net452)) (&& (== net8.0-windows7.0) (>= net6.0-windows7.0)) (&& (== netstandard2.0) (>= net452)) (&& (== netstandard2.0) (>= net6.0-windows7.0))
      DevExpress.Win.Spreadsheet (24.1.7) - restriction: || (&& (== net6.0) (>= net452)) (&& (== net6.0) (>= net6.0-windows7.0)) (== net6.0-windows7.0) (&& (== net8.0) (>= net452)) (&& (== net8.0) (>= net6.0-windows7.0)) (&& (== net8.0-windows7.0) (>= net452)) (&& (== net8.0-windows7.0) (>= net6.0-windows7.0)) (&& (== netstandard2.0) (>= net452)) (&& (== netstandard2.0) (>= net6.0-windows7.0))
      DevExpress.Win.TreeList (24.1.7) - restriction: || (&& (== net6.0) (>= net452)) (&& (== net6.0) (>= net6.0-windows7.0)) (== net6.0-windows7.0) (&& (== net8.0) (>= net452)) (&& (== net8.0) (>= net6.0-windows7.0)) (&& (== net8.0-windows7.0) (>= net452)) (&& (== net8.0-windows7.0) (>= net6.0-windows7.0)) (&& (== netstandard2.0) (>= net452)) (&& (== netstandard2.0) (>= net6.0-windows7.0))
      DevExpress.Win.VerticalGrid (24.1.7) - restriction: || (&& (== net6.0) (>= net452)) (&& (== net6.0) (>= net6.0-windows7.0)) (== net6.0-windows7.0) (&& (== net8.0) (>= net452)) (&& (== net8.0) (>= net6.0-windows7.0)) (&& (== net8.0-windows7.0) (>= net452)) (&& (== net8.0-windows7.0) (>= net6.0-windows7.0)) (&& (== netstandard2.0) (>= net452)) (&& (== netstandard2.0) (>= net6.0-windows7.0))
      System.Configuration.ConfigurationManager (>= 6.0.1) - restriction: || (&& (== net6.0) (>= net6.0-windows7.0)) (== net6.0-windows7.0) (&& (== net8.0) (>= net6.0-windows7.0)) (&& (== net8.0-windows7.0) (>= net6.0-windows7.0)) (&& (== netstandard2.0) (>= net6.0-windows7.0))
      System.Diagnostics.EventLog (>= 6.0) - restriction: || (&& (== net6.0) (>= net6.0-windows7.0)) (== net6.0-windows7.0) (&& (== net8.0) (>= net6.0-windows7.0)) (&& (== net8.0-windows7.0) (>= net6.0-windows7.0)) (&& (== netstandard2.0) (>= net6.0-windows7.0))
      System.Drawing.Common (>= 6.0) - restriction: || (&& (== net6.0) (>= net6.0-windows7.0)) (== net6.0-windows7.0) (&& (== net8.0) (>= net6.0-windows7.0)) (&& (== net8.0-windows7.0) (>= net6.0-windows7.0)) (&& (== netstandard2.0) (>= net6.0-windows7.0))
    DevExpress.ExpressApp.FileAttachment.Blazor (24.1.7) - restriction: || (== net6.0) (== net6.0-windows7.0) (== net8.0) (== net8.0-windows7.0) (&& (== netstandard2.0) (>= net6.0))
      DevExpress.Blazor (24.1.7) - restriction: || (== net6.0) (== net6.0-windows7.0) (== net8.0) (== net8.0-windows7.0) (&& (== netstandard2.0) (>= net6.0))
      DevExpress.Data (24.1.7) - restriction: || (== net6.0) (== net6.0-windows7.0) (== net8.0) (== net8.0-windows7.0) (&& (== netstandard2.0) (>= net6.0))
      DevExpress.ExpressApp (24.1.7) - restriction: || (== net6.0) (== net6.0-windows7.0) (== net8.0) (== net8.0-windows7.0) (&& (== netstandard2.0) (>= net6.0))
      DevExpress.ExpressApp.Blazor (24.1.7) - restriction: || (== net6.0) (== net6.0-windows7.0) (== net8.0) (== net8.0-windows7.0) (&& (== netstandard2.0) (>= net6.0))
      DevExpress.Persistent.Base (24.1.7) - restriction: || (== net6.0) (== net6.0-windows7.0) (== net8.0) (== net8.0-windows7.0) (&& (== netstandard2.0) (>= net6.0))
      Microsoft.Extensions.DependencyInjection.Abstractions (>= 6.0) - restriction: || (== net6.0) (== net6.0-windows7.0) (== net8.0) (== net8.0-windows7.0) (&& (== netstandard2.0) (>= net6.0))
      Microsoft.Extensions.Logging.Abstractions (>= 6.0.4) - restriction: || (== net6.0) (== net6.0-windows7.0) (== net8.0) (== net8.0-windows7.0) (&& (== netstandard2.0) (>= net6.0))
      Microsoft.Extensions.Options (>= 6.0) - restriction: || (== net6.0) (== net6.0-windows7.0) (== net8.0) (== net8.0-windows7.0) (&& (== netstandard2.0) (>= net6.0))
      Microsoft.Extensions.Primitives (>= 6.0) - restriction: || (== net6.0) (== net6.0-windows7.0) (== net8.0) (== net8.0-windows7.0) (&& (== netstandard2.0) (>= net6.0))
    DevExpress.ExpressApp.FileAttachment.Win (24.1.7) - restriction: || (&& (== net6.0) (>= net452)) (&& (== net6.0) (>= net6.0-windows7.0)) (== net6.0-windows7.0) (&& (== net8.0) (>= net452)) (&& (== net8.0) (>= net6.0-windows7.0)) (&& (== net8.0-windows7.0) (>= net452)) (&& (== net8.0-windows7.0) (>= net6.0-windows7.0)) (&& (== netstandard2.0) (>= net452)) (&& (== netstandard2.0) (>= net6.0-windows7.0))
      DevExpress.Data (24.1.7) - restriction: || (&& (== net6.0) (>= net452)) (&& (== net6.0) (>= net6.0-windows7.0)) (== net6.0-windows7.0) (&& (== net8.0) (>= net452)) (&& (== net8.0) (>= net6.0-windows7.0)) (&& (== net8.0-windows7.0) (>= net452)) (&& (== net8.0-windows7.0) (>= net6.0-windows7.0)) (&& (== netstandard2.0) (>= net452)) (&& (== netstandard2.0) (>= net6.0-windows7.0))
      DevExpress.Data.Desktop (24.1.7) - restriction: || (&& (== net6.0) (>= net452)) (&& (== net6.0) (>= net6.0-windows7.0)) (== net6.0-windows7.0) (&& (== net8.0) (>= net452)) (&& (== net8.0) (>= net6.0-windows7.0)) (&& (== net8.0-windows7.0) (>= net452)) (&& (== net8.0-windows7.0) (>= net6.0-windows7.0)) (&& (== netstandard2.0) (>= net452)) (&& (== netstandard2.0) (>= net6.0-windows7.0))
      DevExpress.ExpressApp (24.1.7) - restriction: || (&& (== net6.0) (>= net452)) (&& (== net6.0) (>= net6.0-windows7.0)) (== net6.0-windows7.0) (&& (== net8.0) (>= net452)) (&& (== net8.0) (>= net6.0-windows7.0)) (&& (== net8.0-windows7.0) (>= net452)) (&& (== net8.0-windows7.0) (>= net6.0-windows7.0)) (&& (== netstandard2.0) (>= net452)) (&& (== netstandard2.0) (>= net6.0-windows7.0))
      DevExpress.ExpressApp.Win (24.1.7) - restriction: || (&& (== net6.0) (>= net452)) (&& (== net6.0) (>= net6.0-windows7.0)) (== net6.0-windows7.0) (&& (== net8.0) (>= net452)) (&& (== net8.0) (>= net6.0-windows7.0)) (&& (== net8.0-windows7.0) (>= net452)) (&& (== net8.0-windows7.0) (>= net6.0-windows7.0)) (&& (== netstandard2.0) (>= net452)) (&& (== netstandard2.0) (>= net6.0-windows7.0))
      DevExpress.Persistent.Base (24.1.7) - restriction: || (&& (== net6.0) (>= net452)) (&& (== net6.0) (>= net6.0-windows7.0)) (== net6.0-windows7.0) (&& (== net8.0) (>= net452)) (&& (== net8.0) (>= net6.0-windows7.0)) (&& (== net8.0-windows7.0) (>= net452)) (&& (== net8.0-windows7.0) (>= net6.0-windows7.0)) (&& (== netstandard2.0) (>= net452)) (&& (== netstandard2.0) (>= net6.0-windows7.0))
      DevExpress.Utils (24.1.7) - restriction: || (&& (== net6.0) (>= net452)) (&& (== net6.0) (>= net6.0-windows7.0)) (== net6.0-windows7.0) (&& (== net8.0) (>= net452)) (&& (== net8.0) (>= net6.0-windows7.0)) (&& (== net8.0-windows7.0) (>= net452)) (&& (== net8.0-windows7.0) (>= net6.0-windows7.0)) (&& (== netstandard2.0) (>= net452)) (&& (== netstandard2.0) (>= net6.0-windows7.0))
      DevExpress.Win.Navigation (24.1.7) - restriction: || (&& (== net6.0) (>= net452)) (&& (== net6.0) (>= net6.0-windows7.0)) (== net6.0-windows7.0) (&& (== net8.0) (>= net452)) (&& (== net8.0) (>= net6.0-windows7.0)) (&& (== net8.0-windows7.0) (>= net452)) (&& (== net8.0-windows7.0) (>= net6.0-windows7.0)) (&& (== netstandard2.0) (>= net452)) (&& (== netstandard2.0) (>= net6.0-windows7.0))
      System.Configuration.ConfigurationManager (>= 6.0.1) - restriction: || (&& (== net6.0) (>= net6.0-windows7.0)) (== net6.0-windows7.0) (&& (== net8.0) (>= net6.0-windows7.0)) (&& (== net8.0-windows7.0) (>= net6.0-windows7.0)) (&& (== netstandard2.0) (>= net6.0-windows7.0))
      System.Diagnostics.EventLog (>= 6.0) - restriction: || (&& (== net6.0) (>= net6.0-windows7.0)) (== net6.0-windows7.0) (&& (== net8.0) (>= net6.0-windows7.0)) (&& (== net8.0-windows7.0) (>= net6.0-windows7.0)) (&& (== netstandard2.0) (>= net6.0-windows7.0))
      System.Drawing.Common (>= 6.0) - restriction: || (&& (== net6.0) (>= net6.0-windows7.0)) (== net6.0-windows7.0) (&& (== net8.0) (>= net6.0-windows7.0)) (&& (== net8.0-windows7.0) (>= net6.0-windows7.0)) (&& (== netstandard2.0) (>= net6.0-windows7.0))
    DevExpress.ExpressApp.Kpi (24.1.7) - restriction: || (== net6.0) (== net6.0-windows7.0) (== net8.0) (== net8.0-windows7.0) (&& (== netstandard2.0) (>= net452)) (&& (== netstandard2.0) (>= net6.0))
      DevExpress.Data (24.1.7) - restriction: || (== net6.0) (== net6.0-windows7.0) (== net8.0) (== net8.0-windows7.0) (&& (== netstandard2.0) (>= net452)) (&& (== netstandard2.0) (>= net6.0))
      DevExpress.ExpressApp (24.1.7) - restriction: || (== net6.0) (== net6.0-windows7.0) (== net8.0) (== net8.0-windows7.0) (&& (== netstandard2.0) (>= net452)) (&& (== netstandard2.0) (>= net6.0))
      DevExpress.ExpressApp.Validation (24.1.7) - restriction: || (== net6.0) (== net6.0-windows7.0) (== net8.0) (== net8.0-windows7.0) (&& (== netstandard2.0) (>= net452)) (&& (== netstandard2.0) (>= net6.0))
      DevExpress.Persistent.Base (24.1.7) - restriction: || (== net6.0) (== net6.0-windows7.0) (== net8.0) (== net8.0-windows7.0) (&& (== netstandard2.0) (>= net452)) (&& (== netstandard2.0) (>= net6.0))
      System.Drawing.Common (>= 6.0) - restriction: || (== net6.0) (== net6.0-windows7.0) (== net8.0) (== net8.0-windows7.0) (&& (== netstandard2.0) (>= net6.0))
    DevExpress.ExpressApp.Notifications (24.1.7) - restriction: || (== net6.0) (== net6.0-windows7.0) (== net8.0) (== net8.0-windows7.0) (&& (== netstandard2.0) (>= net452)) (&& (== netstandard2.0) (>= net6.0)) (&& (== netstandard2.0) (>= net6.0-windows7.0))
      DevExpress.Data (24.1.7) - restriction: || (== net6.0) (== net6.0-windows7.0) (== net8.0) (== net8.0-windows7.0) (&& (== netstandard2.0) (>= net452)) (&& (== netstandard2.0) (>= net6.0))
      DevExpress.ExpressApp (24.1.7) - restriction: || (== net6.0) (== net6.0-windows7.0) (== net8.0) (== net8.0-windows7.0) (&& (== netstandard2.0) (>= net452)) (&& (== netstandard2.0) (>= net6.0))
      DevExpress.Persistent.Base (24.1.7) - restriction: || (== net6.0) (== net6.0-windows7.0) (== net8.0) (== net8.0-windows7.0) (&& (== netstandard2.0) (>= net452)) (&& (== netstandard2.0) (>= net6.0))
    DevExpress.ExpressApp.Notifications.Blazor (24.1.7) - restriction: || (== net6.0) (== net6.0-windows7.0) (== net8.0) (== net8.0-windows7.0) (&& (== netstandard2.0) (>= net6.0))
      DevExpress.Data (24.1.7) - restriction: || (== net6.0) (== net6.0-windows7.0) (== net8.0) (== net8.0-windows7.0) (&& (== netstandard2.0) (>= net6.0))
      DevExpress.ExpressApp (24.1.7) - restriction: || (== net6.0) (== net6.0-windows7.0) (== net8.0) (== net8.0-windows7.0) (&& (== netstandard2.0) (>= net6.0))
      DevExpress.ExpressApp.AspNetCore (24.1.7) - restriction: || (== net6.0) (== net6.0-windows7.0) (== net8.0) (== net8.0-windows7.0) (&& (== netstandard2.0) (>= net6.0))
      DevExpress.ExpressApp.Blazor (24.1.7) - restriction: || (== net6.0) (== net6.0-windows7.0) (== net8.0) (== net8.0-windows7.0) (&& (== netstandard2.0) (>= net6.0))
      DevExpress.ExpressApp.Notifications (24.1.7) - restriction: || (== net6.0) (== net6.0-windows7.0) (== net8.0) (== net8.0-windows7.0) (&& (== netstandard2.0) (>= net6.0))
      DevExpress.Persistent.Base (24.1.7) - restriction: || (== net6.0) (== net6.0-windows7.0) (== net8.0) (== net8.0-windows7.0) (&& (== netstandard2.0) (>= net6.0))
    DevExpress.ExpressApp.Notifications.Win (24.1.7) - restriction: || (&& (== net6.0) (>= net452)) (&& (== net6.0) (>= net6.0-windows7.0)) (== net6.0-windows7.0) (&& (== net8.0) (>= net452)) (&& (== net8.0) (>= net6.0-windows7.0)) (&& (== net8.0-windows7.0) (>= net452)) (&& (== net8.0-windows7.0) (>= net6.0-windows7.0)) (&& (== netstandard2.0) (>= net452)) (&& (== netstandard2.0) (>= net6.0-windows7.0))
      DevExpress.Data (24.1.7) - restriction: || (&& (== net6.0) (>= net452)) (&& (== net6.0) (>= net6.0-windows7.0)) (== net6.0-windows7.0) (&& (== net8.0) (>= net452)) (&& (== net8.0) (>= net6.0-windows7.0)) (&& (== net8.0-windows7.0) (>= net452)) (&& (== net8.0-windows7.0) (>= net6.0-windows7.0)) (&& (== netstandard2.0) (>= net452)) (&& (== netstandard2.0) (>= net6.0-windows7.0))
      DevExpress.ExpressApp (24.1.7) - restriction: || (&& (== net6.0) (>= net452)) (&& (== net6.0) (>= net6.0-windows7.0)) (== net6.0-windows7.0) (&& (== net8.0) (>= net452)) (&& (== net8.0) (>= net6.0-windows7.0)) (&& (== net8.0-windows7.0) (>= net452)) (&& (== net8.0-windows7.0) (>= net6.0-windows7.0)) (&& (== netstandard2.0) (>= net452)) (&& (== netstandard2.0) (>= net6.0-windows7.0))
      DevExpress.ExpressApp.Notifications (24.1.7) - restriction: || (&& (== net6.0) (>= net452)) (&& (== net6.0) (>= net6.0-windows7.0)) (== net6.0-windows7.0) (&& (== net8.0) (>= net452)) (&& (== net8.0) (>= net6.0-windows7.0)) (&& (== net8.0-windows7.0) (>= net452)) (&& (== net8.0-windows7.0) (>= net6.0-windows7.0)) (&& (== netstandard2.0) (>= net452)) (&& (== netstandard2.0) (>= net6.0-windows7.0))
      DevExpress.ExpressApp.Win (24.1.7) - restriction: || (&& (== net6.0) (>= net452)) (&& (== net6.0) (>= net6.0-windows7.0)) (== net6.0-windows7.0) (&& (== net8.0) (>= net452)) (&& (== net8.0) (>= net6.0-windows7.0)) (&& (== net8.0-windows7.0) (>= net452)) (&& (== net8.0-windows7.0) (>= net6.0-windows7.0)) (&& (== netstandard2.0) (>= net452)) (&& (== netstandard2.0) (>= net6.0-windows7.0))
      DevExpress.Utils (24.1.7) - restriction: || (&& (== net6.0) (>= net452)) (&& (== net6.0) (>= net6.0-windows7.0)) (== net6.0-windows7.0) (&& (== net8.0) (>= net452)) (&& (== net8.0) (>= net6.0-windows7.0)) (&& (== net8.0-windows7.0) (>= net452)) (&& (== net8.0-windows7.0) (>= net6.0-windows7.0)) (&& (== netstandard2.0) (>= net452)) (&& (== netstandard2.0) (>= net6.0-windows7.0))
      DevExpress.Win.Grid (24.1.7) - restriction: || (&& (== net6.0) (>= net452)) (&& (== net6.0) (>= net6.0-windows7.0)) (== net6.0-windows7.0) (&& (== net8.0) (>= net452)) (&& (== net8.0) (>= net6.0-windows7.0)) (&& (== net8.0-windows7.0) (>= net452)) (&& (== net8.0-windows7.0) (>= net6.0-windows7.0)) (&& (== netstandard2.0) (>= net452)) (&& (== netstandard2.0) (>= net6.0-windows7.0))
      DevExpress.Win.Navigation (24.1.7) - restriction: || (&& (== net6.0) (>= net452)) (&& (== net6.0) (>= net6.0-windows7.0)) (== net6.0-windows7.0) (&& (== net8.0) (>= net452)) (&& (== net8.0) (>= net6.0-windows7.0)) (&& (== net8.0-windows7.0) (>= net452)) (&& (== net8.0-windows7.0) (>= net6.0-windows7.0)) (&& (== netstandard2.0) (>= net452)) (&& (== netstandard2.0) (>= net6.0-windows7.0))
      System.Configuration.ConfigurationManager (>= 6.0.1) - restriction: || (&& (== net6.0) (>= net6.0-windows7.0)) (== net6.0-windows7.0) (&& (== net8.0) (>= net6.0-windows7.0)) (&& (== net8.0-windows7.0) (>= net6.0-windows7.0)) (&& (== netstandard2.0) (>= net6.0-windows7.0))
      System.Diagnostics.EventLog (>= 6.0) - restriction: || (&& (== net6.0) (>= net6.0-windows7.0)) (== net6.0-windows7.0) (&& (== net8.0) (>= net6.0-windows7.0)) (&& (== net8.0-windows7.0) (>= net6.0-windows7.0)) (&& (== netstandard2.0) (>= net6.0-windows7.0))
      System.Drawing.Common (>= 6.0) - restriction: || (&& (== net6.0) (>= net6.0-windows7.0)) (== net6.0-windows7.0) (&& (== net8.0) (>= net6.0-windows7.0)) (&& (== net8.0-windows7.0) (>= net6.0-windows7.0)) (&& (== netstandard2.0) (>= net6.0-windows7.0))
    DevExpress.ExpressApp.Objects (24.1.7) - restriction: || (== net6.0) (== net6.0-windows7.0) (== net8.0) (== net8.0-windows7.0) (&& (== netstandard2.0) (>= net452)) (&& (== netstandard2.0) (>= net6.0))
      DevExpress.Data (24.1.7) - restriction: || (== net6.0) (== net6.0-windows7.0) (== net8.0) (== net8.0-windows7.0) (&& (== netstandard2.0) (>= net452)) (&& (== netstandard2.0) (>= net6.0))
      DevExpress.ExpressApp (24.1.7) - restriction: || (== net6.0) (== net6.0-windows7.0) (== net8.0) (== net8.0-windows7.0) (&& (== netstandard2.0) (>= net452)) (&& (== netstandard2.0) (>= net6.0))
      System.Formats.Asn1 (>= 8.0.1) - restriction: || (== net6.0) (== net6.0-windows7.0) (== net8.0) (== net8.0-windows7.0) (&& (== netstandard2.0) (>= net6.0))
      System.Security.Cryptography.Xml (>= 6.0.1) - restriction: || (== net6.0) (== net6.0-windows7.0) (== net8.0) (== net8.0-windows7.0) (&& (== netstandard2.0) (>= net6.0))
    DevExpress.ExpressApp.Office (24.1.7)
      DevExpress.Data (24.1.7) - restriction: || (== net6.0) (== net6.0-windows7.0) (== net8.0) (== net8.0-windows7.0) (&& (== netstandard2.0) (>= net452)) (&& (== netstandard2.0) (>= net6.0))
      DevExpress.ExpressApp (24.1.7) - restriction: || (== net6.0) (== net6.0-windows7.0) (== net8.0) (== net8.0-windows7.0) (&& (== netstandard2.0) (>= net452)) (&& (== netstandard2.0) (>= net6.0))
      DevExpress.Office.Core (24.1.7) - restriction: || (== net6.0) (== net6.0-windows7.0) (== net8.0) (== net8.0-windows7.0) (&& (== netstandard2.0) (>= net452)) (&& (== netstandard2.0) (>= net6.0))
      DevExpress.Persistent.Base (24.1.7) - restriction: || (== net6.0) (== net6.0-windows7.0) (== net8.0) (== net8.0-windows7.0) (&& (== netstandard2.0) (>= net452)) (&& (== netstandard2.0) (>= net6.0))
      DevExpress.RichEdit.Core (24.1.7) - restriction: || (== net6.0) (== net6.0-windows7.0) (== net8.0) (== net8.0-windows7.0) (&& (== netstandard2.0) (>= net452)) (&& (== netstandard2.0) (>= net6.0))
      DevExpress.Spreadsheet.Core (24.1.7) - restriction: || (== net6.0) (== net6.0-windows7.0) (== net8.0) (== net8.0-windows7.0) (&& (== netstandard2.0) (>= net452)) (&& (== netstandard2.0) (>= net6.0))
    DevExpress.ExpressApp.Office.Blazor (24.1.7) - restriction: || (== net6.0) (== net6.0-windows7.0) (== net8.0) (== net8.0-windows7.0) (&& (== netstandard2.0) (>= net6.0))
      DevExpress.Blazor (24.1.7) - restriction: || (== net6.0) (== net6.0-windows7.0) (== net8.0) (== net8.0-windows7.0) (&& (== netstandard2.0) (>= net6.0))
      DevExpress.Blazor.RichEdit (24.1.7) - restriction: || (== net6.0) (== net6.0-windows7.0) (== net8.0) (== net8.0-windows7.0) (&& (== netstandard2.0) (>= net6.0))
      DevExpress.ExpressApp (24.1.7) - restriction: || (== net6.0) (== net6.0-windows7.0) (== net8.0) (== net8.0-windows7.0) (&& (== netstandard2.0) (>= net6.0))
      DevExpress.ExpressApp.AspNetCore (24.1.7) - restriction: || (== net6.0) (== net6.0-windows7.0) (== net8.0) (== net8.0-windows7.0) (&& (== netstandard2.0) (>= net6.0))
      DevExpress.ExpressApp.Blazor (24.1.7) - restriction: || (== net6.0) (== net6.0-windows7.0) (== net8.0) (== net8.0-windows7.0) (&& (== netstandard2.0) (>= net6.0))
      DevExpress.ExpressApp.Office (24.1.7) - restriction: || (== net6.0) (== net6.0-windows7.0) (== net8.0) (== net8.0-windows7.0) (&& (== netstandard2.0) (>= net6.0))
      DevExpress.Office.Core (24.1.7) - restriction: || (== net6.0) (== net6.0-windows7.0) (== net8.0) (== net8.0-windows7.0) (&& (== netstandard2.0) (>= net6.0))
      DevExpress.Persistent.Base (24.1.7) - restriction: || (== net6.0) (== net6.0-windows7.0) (== net8.0) (== net8.0-windows7.0) (&& (== netstandard2.0) (>= net6.0))
      DevExpress.RichEdit.Core (24.1.7) - restriction: || (== net6.0) (== net6.0-windows7.0) (== net8.0) (== net8.0-windows7.0) (&& (== netstandard2.0) (>= net6.0))
      Microsoft.Extensions.Configuration.Abstractions (>= 6.0) - restriction: || (== net6.0) (== net6.0-windows7.0) (== net8.0) (== net8.0-windows7.0) (&& (== netstandard2.0) (>= net6.0))
      Microsoft.Extensions.DependencyInjection.Abstractions (>= 6.0) - restriction: || (== net6.0) (== net6.0-windows7.0) (== net8.0) (== net8.0-windows7.0) (&& (== netstandard2.0) (>= net6.0))
      Microsoft.Extensions.Hosting.Abstractions (>= 6.0) - restriction: || (== net6.0) (== net6.0-windows7.0) (== net8.0) (== net8.0-windows7.0) (&& (== netstandard2.0) (>= net6.0))
      Microsoft.Extensions.Logging.Abstractions (>= 6.0.4) - restriction: || (== net6.0) (== net6.0-windows7.0) (== net8.0) (== net8.0-windows7.0) (&& (== netstandard2.0) (>= net6.0))
      Microsoft.Extensions.Options (>= 6.0) - restriction: || (== net6.0) (== net6.0-windows7.0) (== net8.0) (== net8.0-windows7.0) (&& (== netstandard2.0) (>= net6.0))
      Microsoft.Extensions.Primitives (>= 6.0) - restriction: || (== net6.0) (== net6.0-windows7.0) (== net8.0) (== net8.0-windows7.0) (&& (== netstandard2.0) (>= net6.0))
      System.Diagnostics.EventLog (>= 6.0) - restriction: || (== net6.0) (== net6.0-windows7.0) (== net8.0) (== net8.0-windows7.0) (&& (== netstandard2.0) (>= net6.0))
    DevExpress.ExpressApp.Office.Win (24.1.7) - restriction: || (&& (== net6.0) (>= net452)) (&& (== net6.0) (>= net6.0-windows7.0)) (== net6.0-windows7.0) (&& (== net8.0) (>= net452)) (&& (== net8.0) (>= net6.0-windows7.0)) (&& (== net8.0-windows7.0) (>= net452)) (&& (== net8.0-windows7.0) (>= net6.0-windows7.0)) (&& (== netstandard2.0) (>= net452)) (&& (== netstandard2.0) (>= net6.0-windows7.0))
      DevExpress.Data (24.1.7) - restriction: || (&& (== net6.0) (>= net452)) (&& (== net6.0) (>= net6.0-windows7.0)) (== net6.0-windows7.0) (&& (== net8.0) (>= net452)) (&& (== net8.0) (>= net6.0-windows7.0)) (&& (== net8.0-windows7.0) (>= net452)) (&& (== net8.0-windows7.0) (>= net6.0-windows7.0)) (&& (== netstandard2.0) (>= net452)) (&& (== netstandard2.0) (>= net6.0-windows7.0))
      DevExpress.ExpressApp (24.1.7) - restriction: || (&& (== net6.0) (>= net452)) (&& (== net6.0) (>= net6.0-windows7.0)) (== net6.0-windows7.0) (&& (== net8.0) (>= net452)) (&& (== net8.0) (>= net6.0-windows7.0)) (&& (== net8.0-windows7.0) (>= net452)) (&& (== net8.0-windows7.0) (>= net6.0-windows7.0)) (&& (== netstandard2.0) (>= net452)) (&& (== netstandard2.0) (>= net6.0-windows7.0))
      DevExpress.ExpressApp.Office (24.1.7) - restriction: || (&& (== net6.0) (>= net452)) (&& (== net6.0) (>= net6.0-windows7.0)) (== net6.0-windows7.0) (&& (== net8.0) (>= net452)) (&& (== net8.0) (>= net6.0-windows7.0)) (&& (== net8.0-windows7.0) (>= net452)) (&& (== net8.0-windows7.0) (>= net6.0-windows7.0)) (&& (== netstandard2.0) (>= net452)) (&& (== netstandard2.0) (>= net6.0-windows7.0))
      DevExpress.ExpressApp.Win (24.1.7) - restriction: || (&& (== net6.0) (>= net452)) (&& (== net6.0) (>= net6.0-windows7.0)) (== net6.0-windows7.0) (&& (== net8.0) (>= net452)) (&& (== net8.0) (>= net6.0-windows7.0)) (&& (== net8.0-windows7.0) (>= net452)) (&& (== net8.0-windows7.0) (>= net6.0-windows7.0)) (&& (== netstandard2.0) (>= net452)) (&& (== netstandard2.0) (>= net6.0-windows7.0))
      DevExpress.Office.Core (24.1.7) - restriction: || (&& (== net6.0) (>= net452)) (&& (== net6.0) (>= net6.0-windows7.0)) (== net6.0-windows7.0) (&& (== net8.0) (>= net452)) (&& (== net8.0) (>= net6.0-windows7.0)) (&& (== net8.0-windows7.0) (>= net452)) (&& (== net8.0-windows7.0) (>= net6.0-windows7.0)) (&& (== netstandard2.0) (>= net452)) (&& (== netstandard2.0) (>= net6.0-windows7.0))
      DevExpress.Persistent.Base (24.1.7) - restriction: || (&& (== net6.0) (>= net452)) (&& (== net6.0) (>= net6.0-windows7.0)) (== net6.0-windows7.0) (&& (== net8.0) (>= net452)) (&& (== net8.0) (>= net6.0-windows7.0)) (&& (== net8.0-windows7.0) (>= net452)) (&& (== net8.0-windows7.0) (>= net6.0-windows7.0)) (&& (== netstandard2.0) (>= net452)) (&& (== netstandard2.0) (>= net6.0-windows7.0))
      DevExpress.Printing.Core (24.1.7) - restriction: || (&& (== net6.0) (>= net452)) (&& (== net6.0) (>= net6.0-windows7.0)) (== net6.0-windows7.0) (&& (== net8.0) (>= net452)) (&& (== net8.0) (>= net6.0-windows7.0)) (&& (== net8.0-windows7.0) (>= net452)) (&& (== net8.0-windows7.0) (>= net6.0-windows7.0)) (&& (== netstandard2.0) (>= net452)) (&& (== netstandard2.0) (>= net6.0-windows7.0))
      DevExpress.RichEdit.Core (24.1.7) - restriction: || (&& (== net6.0) (>= net452)) (&& (== net6.0) (>= net6.0-windows7.0)) (== net6.0-windows7.0) (&& (== net8.0) (>= net452)) (&& (== net8.0) (>= net6.0-windows7.0)) (&& (== net8.0-windows7.0) (>= net452)) (&& (== net8.0-windows7.0) (>= net6.0-windows7.0)) (&& (== netstandard2.0) (>= net452)) (&& (== netstandard2.0) (>= net6.0-windows7.0))
      DevExpress.Spreadsheet.Core (24.1.7) - restriction: || (&& (== net6.0) (>= net452)) (&& (== net6.0) (>= net6.0-windows7.0)) (== net6.0-windows7.0) (&& (== net8.0) (>= net452)) (&& (== net8.0) (>= net6.0-windows7.0)) (&& (== net8.0-windows7.0) (>= net452)) (&& (== net8.0-windows7.0) (>= net6.0-windows7.0)) (&& (== netstandard2.0) (>= net452)) (&& (== netstandard2.0) (>= net6.0-windows7.0))
      DevExpress.Utils (24.1.7) - restriction: || (&& (== net6.0) (>= net452)) (&& (== net6.0) (>= net6.0-windows7.0)) (== net6.0-windows7.0) (&& (== net8.0) (>= net452)) (&& (== net8.0) (>= net6.0-windows7.0)) (&& (== net8.0-windows7.0) (>= net452)) (&& (== net8.0-windows7.0) (>= net6.0-windows7.0)) (&& (== netstandard2.0) (>= net452)) (&& (== netstandard2.0) (>= net6.0-windows7.0))
      DevExpress.Win.Grid (24.1.7) - restriction: || (&& (== net6.0) (>= net452)) (&& (== net6.0) (>= net6.0-windows7.0)) (== net6.0-windows7.0) (&& (== net8.0) (>= net452)) (&& (== net8.0) (>= net6.0-windows7.0)) (&& (== net8.0-windows7.0) (>= net452)) (&& (== net8.0-windows7.0) (>= net6.0-windows7.0)) (&& (== netstandard2.0) (>= net452)) (&& (== netstandard2.0) (>= net6.0-windows7.0))
      DevExpress.Win.Navigation (24.1.7) - restriction: || (&& (== net6.0) (>= net452)) (&& (== net6.0) (>= net6.0-windows7.0)) (== net6.0-windows7.0) (&& (== net8.0) (>= net452)) (&& (== net8.0) (>= net6.0-windows7.0)) (&& (== net8.0-windows7.0) (>= net452)) (&& (== net8.0-windows7.0) (>= net6.0-windows7.0)) (&& (== netstandard2.0) (>= net452)) (&& (== netstandard2.0) (>= net6.0-windows7.0))
      DevExpress.Win.RichEdit (24.1.7) - restriction: || (&& (== net6.0) (>= net452)) (&& (== net6.0) (>= net6.0-windows7.0)) (== net6.0-windows7.0) (&& (== net8.0) (>= net452)) (&& (== net8.0) (>= net6.0-windows7.0)) (&& (== net8.0-windows7.0) (>= net452)) (&& (== net8.0-windows7.0) (>= net6.0-windows7.0)) (&& (== netstandard2.0) (>= net452)) (&& (== netstandard2.0) (>= net6.0-windows7.0))
      DevExpress.Win.Spreadsheet (24.1.7) - restriction: || (&& (== net6.0) (>= net452)) (&& (== net6.0) (>= net6.0-windows7.0)) (== net6.0-windows7.0) (&& (== net8.0) (>= net452)) (&& (== net8.0) (>= net6.0-windows7.0)) (&& (== net8.0-windows7.0) (>= net452)) (&& (== net8.0-windows7.0) (>= net6.0-windows7.0)) (&& (== netstandard2.0) (>= net452)) (&& (== netstandard2.0) (>= net6.0-windows7.0))
      System.Configuration.ConfigurationManager (>= 6.0.1) - restriction: || (&& (== net6.0) (>= net6.0-windows7.0)) (== net6.0-windows7.0) (&& (== net8.0) (>= net6.0-windows7.0)) (&& (== net8.0-windows7.0) (>= net6.0-windows7.0)) (&& (== netstandard2.0) (>= net6.0-windows7.0))
      System.Diagnostics.EventLog (>= 6.0) - restriction: || (&& (== net6.0) (>= net6.0-windows7.0)) (== net6.0-windows7.0) (&& (== net8.0) (>= net6.0-windows7.0)) (&& (== net8.0-windows7.0) (>= net6.0-windows7.0)) (&& (== netstandard2.0) (>= net6.0-windows7.0))
      System.Drawing.Common (>= 6.0) - restriction: || (&& (== net6.0) (>= net6.0-windows7.0)) (== net6.0-windows7.0) (&& (== net8.0) (>= net6.0-windows7.0)) (&& (== net8.0-windows7.0) (>= net6.0-windows7.0)) (&& (== netstandard2.0) (>= net6.0-windows7.0))
    DevExpress.ExpressApp.PivotChart (24.1.7) - restriction: || (== net6.0) (== net6.0-windows7.0) (== net8.0) (== net8.0-windows7.0) (&& (== netstandard2.0) (>= net452)) (&& (== netstandard2.0) (>= net6.0)) (&& (== netstandard2.0) (>= net6.0-windows7.0))
      DevExpress.Charts (24.1.7) - restriction: || (== net6.0) (== net6.0-windows7.0) (== net8.0) (== net8.0-windows7.0) (&& (== netstandard2.0) (>= net452)) (&& (== netstandard2.0) (>= net6.0))
      DevExpress.Data (24.1.7) - restriction: || (== net6.0) (== net6.0-windows7.0) (== net8.0) (== net8.0-windows7.0) (&& (== netstandard2.0) (>= net452)) (&& (== netstandard2.0) (>= net6.0))
      DevExpress.ExpressApp (24.1.7) - restriction: || (== net6.0) (== net6.0-windows7.0) (== net8.0) (== net8.0-windows7.0) (&& (== netstandard2.0) (>= net452)) (&& (== netstandard2.0) (>= net6.0))
      DevExpress.Persistent.Base (24.1.7) - restriction: || (== net6.0) (== net6.0-windows7.0) (== net8.0) (== net8.0-windows7.0) (&& (== netstandard2.0) (>= net452)) (&& (== netstandard2.0) (>= net6.0))
      DevExpress.PivotGrid.Core (24.1.7) - restriction: || (== net6.0) (== net6.0-windows7.0) (== net8.0) (== net8.0-windows7.0) (&& (== netstandard2.0) (>= net452)) (&& (== netstandard2.0) (>= net6.0))
    DevExpress.ExpressApp.PivotChart.Win (24.1.7) - restriction: || (&& (== net6.0) (>= net452)) (&& (== net6.0) (>= net6.0-windows7.0)) (== net6.0-windows7.0) (&& (== net8.0) (>= net452)) (&& (== net8.0) (>= net6.0-windows7.0)) (&& (== net8.0-windows7.0) (>= net452)) (&& (== net8.0-windows7.0) (>= net6.0-windows7.0)) (&& (== netstandard2.0) (>= net452)) (&& (== netstandard2.0) (>= net6.0-windows7.0))
      DevExpress.Charts (24.1.7) - restriction: || (&& (== net6.0) (>= net452)) (&& (== net6.0) (>= net6.0-windows7.0)) (== net6.0-windows7.0) (&& (== net8.0) (>= net452)) (&& (== net8.0) (>= net6.0-windows7.0)) (&& (== net8.0-windows7.0) (>= net452)) (&& (== net8.0-windows7.0) (>= net6.0-windows7.0)) (&& (== netstandard2.0) (>= net452)) (&& (== netstandard2.0) (>= net6.0-windows7.0))
      DevExpress.Data (24.1.7) - restriction: || (&& (== net6.0) (>= net452)) (&& (== net6.0) (>= net6.0-windows7.0)) (== net6.0-windows7.0) (&& (== net8.0) (>= net452)) (&& (== net8.0) (>= net6.0-windows7.0)) (&& (== net8.0-windows7.0) (>= net452)) (&& (== net8.0-windows7.0) (>= net6.0-windows7.0)) (&& (== netstandard2.0) (>= net452)) (&& (== netstandard2.0) (>= net6.0-windows7.0))
      DevExpress.ExpressApp (24.1.7) - restriction: || (&& (== net6.0) (>= net452)) (&& (== net6.0) (>= net6.0-windows7.0)) (== net6.0-windows7.0) (&& (== net8.0) (>= net452)) (&& (== net8.0) (>= net6.0-windows7.0)) (&& (== net8.0-windows7.0) (>= net452)) (&& (== net8.0-windows7.0) (>= net6.0-windows7.0)) (&& (== netstandard2.0) (>= net452)) (&& (== netstandard2.0) (>= net6.0-windows7.0))
      DevExpress.ExpressApp.PivotChart (24.1.7) - restriction: || (&& (== net6.0) (>= net452)) (&& (== net6.0) (>= net6.0-windows7.0)) (== net6.0-windows7.0) (&& (== net8.0) (>= net452)) (&& (== net8.0) (>= net6.0-windows7.0)) (&& (== net8.0-windows7.0) (>= net452)) (&& (== net8.0-windows7.0) (>= net6.0-windows7.0)) (&& (== netstandard2.0) (>= net452)) (&& (== netstandard2.0) (>= net6.0-windows7.0))
      DevExpress.ExpressApp.Win (24.1.7) - restriction: || (&& (== net6.0) (>= net452)) (&& (== net6.0) (>= net6.0-windows7.0)) (== net6.0-windows7.0) (&& (== net8.0) (>= net452)) (&& (== net8.0) (>= net6.0-windows7.0)) (&& (== net8.0-windows7.0) (>= net452)) (&& (== net8.0-windows7.0) (>= net6.0-windows7.0)) (&& (== netstandard2.0) (>= net452)) (&& (== netstandard2.0) (>= net6.0-windows7.0))
      DevExpress.Persistent.Base (24.1.7) - restriction: || (&& (== net6.0) (>= net452)) (&& (== net6.0) (>= net6.0-windows7.0)) (== net6.0-windows7.0) (&& (== net8.0) (>= net452)) (&& (== net8.0) (>= net6.0-windows7.0)) (&& (== net8.0-windows7.0) (>= net452)) (&& (== net8.0-windows7.0) (>= net6.0-windows7.0)) (&& (== netstandard2.0) (>= net452)) (&& (== netstandard2.0) (>= net6.0-windows7.0))
      DevExpress.PivotGrid.Core (24.1.7) - restriction: || (&& (== net6.0) (>= net452)) (&& (== net6.0) (>= net6.0-windows7.0)) (== net6.0-windows7.0) (&& (== net8.0) (>= net452)) (&& (== net8.0) (>= net6.0-windows7.0)) (&& (== net8.0-windows7.0) (>= net452)) (&& (== net8.0-windows7.0) (>= net6.0-windows7.0)) (&& (== netstandard2.0) (>= net452)) (&& (== netstandard2.0) (>= net6.0-windows7.0))
      DevExpress.Printing.Core (24.1.7) - restriction: || (&& (== net6.0) (>= net452)) (&& (== net6.0) (>= net6.0-windows7.0)) (== net6.0-windows7.0) (&& (== net8.0) (>= net452)) (&& (== net8.0) (>= net6.0-windows7.0)) (&& (== net8.0-windows7.0) (>= net452)) (&& (== net8.0-windows7.0) (>= net6.0-windows7.0)) (&& (== netstandard2.0) (>= net452)) (&& (== netstandard2.0) (>= net6.0-windows7.0))
      DevExpress.Utils (24.1.7) - restriction: || (&& (== net6.0) (>= net452)) (&& (== net6.0) (>= net6.0-windows7.0)) (== net6.0-windows7.0) (&& (== net8.0) (>= net452)) (&& (== net8.0) (>= net6.0-windows7.0)) (&& (== net8.0-windows7.0) (>= net452)) (&& (== net8.0-windows7.0) (>= net6.0-windows7.0)) (&& (== netstandard2.0) (>= net452)) (&& (== netstandard2.0) (>= net6.0-windows7.0))
      DevExpress.Win.Charts (24.1.7) - restriction: || (&& (== net6.0) (>= net452)) (&& (== net6.0) (>= net6.0-windows7.0)) (== net6.0-windows7.0) (&& (== net8.0) (>= net452)) (&& (== net8.0) (>= net6.0-windows7.0)) (&& (== net8.0-windows7.0) (>= net452)) (&& (== net8.0-windows7.0) (>= net6.0-windows7.0)) (&& (== netstandard2.0) (>= net452)) (&& (== netstandard2.0) (>= net6.0-windows7.0))
      DevExpress.Win.Navigation (24.1.7) - restriction: || (&& (== net6.0) (>= net452)) (&& (== net6.0) (>= net6.0-windows7.0)) (== net6.0-windows7.0) (&& (== net8.0) (>= net452)) (&& (== net8.0) (>= net6.0-windows7.0)) (&& (== net8.0-windows7.0) (>= net452)) (&& (== net8.0-windows7.0) (>= net6.0-windows7.0)) (&& (== netstandard2.0) (>= net452)) (&& (== netstandard2.0) (>= net6.0-windows7.0))
      DevExpress.Win.PivotGrid (24.1.7) - restriction: || (&& (== net6.0) (>= net452)) (&& (== net6.0) (>= net6.0-windows7.0)) (== net6.0-windows7.0) (&& (== net8.0) (>= net452)) (&& (== net8.0) (>= net6.0-windows7.0)) (&& (== net8.0-windows7.0) (>= net452)) (&& (== net8.0-windows7.0) (>= net6.0-windows7.0)) (&& (== netstandard2.0) (>= net452)) (&& (== netstandard2.0) (>= net6.0-windows7.0))
      System.Configuration.ConfigurationManager (>= 6.0.1) - restriction: || (&& (== net6.0) (>= net6.0-windows7.0)) (== net6.0-windows7.0) (&& (== net8.0) (>= net6.0-windows7.0)) (&& (== net8.0-windows7.0) (>= net6.0-windows7.0)) (&& (== netstandard2.0) (>= net6.0-windows7.0))
      System.Diagnostics.EventLog (>= 6.0) - restriction: || (&& (== net6.0) (>= net6.0-windows7.0)) (== net6.0-windows7.0) (&& (== net8.0) (>= net6.0-windows7.0)) (&& (== net8.0-windows7.0) (>= net6.0-windows7.0)) (&& (== netstandard2.0) (>= net6.0-windows7.0))
      System.Drawing.Common (>= 6.0) - restriction: || (&& (== net6.0) (>= net6.0-windows7.0)) (== net6.0-windows7.0) (&& (== net8.0) (>= net6.0-windows7.0)) (&& (== net8.0-windows7.0) (>= net6.0-windows7.0)) (&& (== netstandard2.0) (>= net6.0-windows7.0))
    DevExpress.ExpressApp.PivotGrid (24.1.7) - restriction: || (== net6.0) (== net6.0-windows7.0) (== net8.0) (== net8.0-windows7.0) (&& (== netstandard2.0) (>= net452)) (&& (== netstandard2.0) (>= net6.0)) (&& (== netstandard2.0) (>= net6.0-windows7.0))
      DevExpress.Data (24.1.7) - restriction: || (== net6.0) (== net6.0-windows7.0) (== net8.0) (== net8.0-windows7.0) (&& (== netstandard2.0) (>= net452)) (&& (== netstandard2.0) (>= net6.0))
      DevExpress.ExpressApp (24.1.7) - restriction: || (== net6.0) (== net6.0-windows7.0) (== net8.0) (== net8.0-windows7.0) (&& (== netstandard2.0) (>= net452)) (&& (== netstandard2.0) (>= net6.0))
      DevExpress.PivotGrid.Core (24.1.7) - restriction: || (== net6.0) (== net6.0-windows7.0) (== net8.0) (== net8.0-windows7.0) (&& (== netstandard2.0) (>= net452)) (&& (== netstandard2.0) (>= net6.0))
      System.Formats.Asn1 (>= 8.0.1) - restriction: || (== net6.0) (== net6.0-windows7.0) (== net8.0) (== net8.0-windows7.0) (&& (== netstandard2.0) (>= net6.0))
      System.Security.Cryptography.Xml (>= 6.0.1) - restriction: || (== net6.0) (== net6.0-windows7.0) (== net8.0) (== net8.0-windows7.0) (&& (== netstandard2.0) (>= net6.0))
    DevExpress.ExpressApp.PivotGrid.Win (24.1.7) - restriction: || (&& (== net6.0) (>= net452)) (&& (== net6.0) (>= net6.0-windows7.0)) (== net6.0-windows7.0) (&& (== net8.0) (>= net452)) (&& (== net8.0) (>= net6.0-windows7.0)) (&& (== net8.0-windows7.0) (>= net452)) (&& (== net8.0-windows7.0) (>= net6.0-windows7.0)) (&& (== netstandard2.0) (>= net452)) (&& (== netstandard2.0) (>= net6.0-windows7.0))
      DevExpress.Charts (24.1.7) - restriction: || (&& (== net6.0) (>= net452)) (&& (== net6.0) (>= net6.0-windows7.0)) (== net6.0-windows7.0) (&& (== net8.0) (>= net452)) (&& (== net8.0) (>= net6.0-windows7.0)) (&& (== net8.0-windows7.0) (>= net452)) (&& (== net8.0-windows7.0) (>= net6.0-windows7.0)) (&& (== netstandard2.0) (>= net452)) (&& (== netstandard2.0) (>= net6.0-windows7.0))
      DevExpress.Data (24.1.7) - restriction: || (&& (== net6.0) (>= net452)) (&& (== net6.0) (>= net6.0-windows7.0)) (== net6.0-windows7.0) (&& (== net8.0) (>= net452)) (&& (== net8.0) (>= net6.0-windows7.0)) (&& (== net8.0-windows7.0) (>= net452)) (&& (== net8.0-windows7.0) (>= net6.0-windows7.0)) (&& (== netstandard2.0) (>= net452)) (&& (== netstandard2.0) (>= net6.0-windows7.0))
      DevExpress.ExpressApp (24.1.7) - restriction: || (&& (== net6.0) (>= net452)) (&& (== net6.0) (>= net6.0-windows7.0)) (== net6.0-windows7.0) (&& (== net8.0) (>= net452)) (&& (== net8.0) (>= net6.0-windows7.0)) (&& (== net8.0-windows7.0) (>= net452)) (&& (== net8.0-windows7.0) (>= net6.0-windows7.0)) (&& (== netstandard2.0) (>= net452)) (&& (== netstandard2.0) (>= net6.0-windows7.0))
      DevExpress.ExpressApp.PivotGrid (24.1.7) - restriction: || (&& (== net6.0) (>= net452)) (&& (== net6.0) (>= net6.0-windows7.0)) (== net6.0-windows7.0) (&& (== net8.0) (>= net452)) (&& (== net8.0) (>= net6.0-windows7.0)) (&& (== net8.0-windows7.0) (>= net452)) (&& (== net8.0-windows7.0) (>= net6.0-windows7.0)) (&& (== netstandard2.0) (>= net452)) (&& (== netstandard2.0) (>= net6.0-windows7.0))
      DevExpress.ExpressApp.Win (24.1.7) - restriction: || (&& (== net6.0) (>= net452)) (&& (== net6.0) (>= net6.0-windows7.0)) (== net6.0-windows7.0) (&& (== net8.0) (>= net452)) (&& (== net8.0) (>= net6.0-windows7.0)) (&& (== net8.0-windows7.0) (>= net452)) (&& (== net8.0-windows7.0) (>= net6.0-windows7.0)) (&& (== netstandard2.0) (>= net452)) (&& (== netstandard2.0) (>= net6.0-windows7.0))
      DevExpress.PivotGrid.Core (24.1.7) - restriction: || (&& (== net6.0) (>= net452)) (&& (== net6.0) (>= net6.0-windows7.0)) (== net6.0-windows7.0) (&& (== net8.0) (>= net452)) (&& (== net8.0) (>= net6.0-windows7.0)) (&& (== net8.0-windows7.0) (>= net452)) (&& (== net8.0-windows7.0) (>= net6.0-windows7.0)) (&& (== netstandard2.0) (>= net452)) (&& (== netstandard2.0) (>= net6.0-windows7.0))
      DevExpress.Printing.Core (24.1.7) - restriction: || (&& (== net6.0) (>= net452)) (&& (== net6.0) (>= net6.0-windows7.0)) (== net6.0-windows7.0) (&& (== net8.0) (>= net452)) (&& (== net8.0) (>= net6.0-windows7.0)) (&& (== net8.0-windows7.0) (>= net452)) (&& (== net8.0-windows7.0) (>= net6.0-windows7.0)) (&& (== netstandard2.0) (>= net452)) (&& (== netstandard2.0) (>= net6.0-windows7.0))
      DevExpress.Utils (24.1.7) - restriction: || (&& (== net6.0) (>= net452)) (&& (== net6.0) (>= net6.0-windows7.0)) (== net6.0-windows7.0) (&& (== net8.0) (>= net452)) (&& (== net8.0) (>= net6.0-windows7.0)) (&& (== net8.0-windows7.0) (>= net452)) (&& (== net8.0-windows7.0) (>= net6.0-windows7.0)) (&& (== netstandard2.0) (>= net452)) (&& (== netstandard2.0) (>= net6.0-windows7.0))
      DevExpress.Win.Charts (24.1.7) - restriction: || (&& (== net6.0) (>= net452)) (&& (== net6.0) (>= net6.0-windows7.0)) (== net6.0-windows7.0) (&& (== net8.0) (>= net452)) (&& (== net8.0) (>= net6.0-windows7.0)) (&& (== net8.0-windows7.0) (>= net452)) (&& (== net8.0-windows7.0) (>= net6.0-windows7.0)) (&& (== netstandard2.0) (>= net452)) (&& (== netstandard2.0) (>= net6.0-windows7.0))
      DevExpress.Win.Navigation (24.1.7) - restriction: || (&& (== net6.0) (>= net452)) (&& (== net6.0) (>= net6.0-windows7.0)) (== net6.0-windows7.0) (&& (== net8.0) (>= net452)) (&& (== net8.0) (>= net6.0-windows7.0)) (&& (== net8.0-windows7.0) (>= net452)) (&& (== net8.0-windows7.0) (>= net6.0-windows7.0)) (&& (== netstandard2.0) (>= net452)) (&& (== netstandard2.0) (>= net6.0-windows7.0))
      DevExpress.Win.PivotGrid (24.1.7) - restriction: || (&& (== net6.0) (>= net452)) (&& (== net6.0) (>= net6.0-windows7.0)) (== net6.0-windows7.0) (&& (== net8.0) (>= net452)) (&& (== net8.0) (>= net6.0-windows7.0)) (&& (== net8.0-windows7.0) (>= net452)) (&& (== net8.0-windows7.0) (>= net6.0-windows7.0)) (&& (== netstandard2.0) (>= net452)) (&& (== netstandard2.0) (>= net6.0-windows7.0))
      System.Configuration.ConfigurationManager (>= 6.0.1) - restriction: || (&& (== net6.0) (>= net6.0-windows7.0)) (== net6.0-windows7.0) (&& (== net8.0) (>= net6.0-windows7.0)) (&& (== net8.0-windows7.0) (>= net6.0-windows7.0)) (&& (== netstandard2.0) (>= net6.0-windows7.0))
      System.Diagnostics.EventLog (>= 6.0) - restriction: || (&& (== net6.0) (>= net6.0-windows7.0)) (== net6.0-windows7.0) (&& (== net8.0) (>= net6.0-windows7.0)) (&& (== net8.0-windows7.0) (>= net6.0-windows7.0)) (&& (== netstandard2.0) (>= net6.0-windows7.0))
      System.Drawing.Common (>= 6.0) - restriction: || (&& (== net6.0) (>= net6.0-windows7.0)) (== net6.0-windows7.0) (&& (== net8.0) (>= net6.0-windows7.0)) (&& (== net8.0-windows7.0) (>= net6.0-windows7.0)) (&& (== netstandard2.0) (>= net6.0-windows7.0))
    DevExpress.ExpressApp.ReportsV2 (24.1.7) - restriction: || (== net6.0) (== net6.0-windows7.0) (== net8.0) (== net8.0-windows7.0) (&& (== netstandard2.0) (>= net452)) (&& (== netstandard2.0) (>= net6.0)) (&& (== netstandard2.0) (>= net6.0-windows7.0))
      DevExpress.Data (24.1.7) - restriction: || (== net6.0) (== net6.0-windows7.0) (== net8.0) (== net8.0-windows7.0) (&& (== netstandard2.0) (>= net452)) (&& (== netstandard2.0) (>= net6.0))
      DevExpress.ExpressApp (24.1.7) - restriction: || (== net6.0) (== net6.0-windows7.0) (== net8.0) (== net8.0-windows7.0) (&& (== netstandard2.0) (>= net452)) (&& (== netstandard2.0) (>= net6.0))
      DevExpress.Persistent.Base (24.1.7) - restriction: || (== net6.0) (== net6.0-windows7.0) (== net8.0) (== net8.0-windows7.0) (&& (== netstandard2.0) (>= net452)) (&& (== netstandard2.0) (>= net6.0))
      DevExpress.Printing.Core (24.1.7) - restriction: || (== net6.0) (== net6.0-windows7.0) (== net8.0) (== net8.0-windows7.0) (&& (== netstandard2.0) (>= net452)) (&& (== netstandard2.0) (>= net6.0))
      DevExpress.Reporting.Core (24.1.7) - restriction: || (== net6.0) (== net6.0-windows7.0) (== net8.0) (== net8.0-windows7.0) (&& (== netstandard2.0) (>= net452)) (&& (== netstandard2.0) (>= net6.0))
      Microsoft.Extensions.Configuration.Abstractions (>= 6.0) - restriction: || (== net6.0) (== net6.0-windows7.0) (== net8.0) (== net8.0-windows7.0) (&& (== netstandard2.0) (>= net6.0))
      Microsoft.Extensions.DependencyInjection.Abstractions (>= 6.0) - restriction: || (== net6.0) (== net6.0-windows7.0) (== net8.0) (== net8.0-windows7.0) (&& (== netstandard2.0) (>= net6.0))
      Microsoft.Extensions.Options (>= 6.0) - restriction: || (== net6.0) (== net6.0-windows7.0) (== net8.0) (== net8.0-windows7.0) (&& (== netstandard2.0) (>= net6.0))
    DevExpress.ExpressApp.ReportsV2.Blazor (24.1.7) - restriction: || (== net6.0) (== net6.0-windows7.0) (== net8.0) (== net8.0-windows7.0) (&& (== netstandard2.0) (>= net6.0))
      DevExpress.AspNetCore.Reporting (24.1.7) - restriction: || (== net6.0) (== net6.0-windows7.0) (== net8.0) (== net8.0-windows7.0) (&& (== netstandard2.0) (>= net6.0))
      DevExpress.Blazor (24.1.7) - restriction: || (== net6.0) (== net6.0-windows7.0) (== net8.0) (== net8.0-windows7.0) (&& (== netstandard2.0) (>= net6.0))
      DevExpress.Blazor.Reporting.JSBasedControls (24.1.7) - restriction: || (== net6.0) (== net6.0-windows7.0) (== net8.0) (== net8.0-windows7.0) (&& (== netstandard2.0) (>= net6.0))
      DevExpress.Blazor.Reporting.JSBasedControls.Common (24.1.7) - restriction: || (== net6.0) (== net6.0-windows7.0) (== net8.0) (== net8.0-windows7.0) (&& (== netstandard2.0) (>= net6.0))
      DevExpress.Blazor.Reporting.Viewer (24.1.7) - restriction: || (== net6.0) (== net6.0-windows7.0) (== net8.0) (== net8.0-windows7.0) (&& (== netstandard2.0) (>= net6.0))
      DevExpress.Data (24.1.7) - restriction: || (== net6.0) (== net6.0-windows7.0) (== net8.0) (== net8.0-windows7.0) (&& (== netstandard2.0) (>= net6.0))
      DevExpress.ExpressApp (24.1.7) - restriction: || (== net6.0) (== net6.0-windows7.0) (== net8.0) (== net8.0-windows7.0) (&& (== netstandard2.0) (>= net6.0))
      DevExpress.ExpressApp.AspNetCore (24.1.7) - restriction: || (== net6.0) (== net6.0-windows7.0) (== net8.0) (== net8.0-windows7.0) (&& (== netstandard2.0) (>= net6.0))
      DevExpress.ExpressApp.Blazor (24.1.7) - restriction: || (== net6.0) (== net6.0-windows7.0) (== net8.0) (== net8.0-windows7.0) (&& (== netstandard2.0) (>= net6.0))
      DevExpress.ExpressApp.ReportsV2 (24.1.7) - restriction: || (== net6.0) (== net6.0-windows7.0) (== net8.0) (== net8.0-windows7.0) (&& (== netstandard2.0) (>= net6.0))
      DevExpress.Persistent.Base (24.1.7) - restriction: || (== net6.0) (== net6.0-windows7.0) (== net8.0) (== net8.0-windows7.0) (&& (== netstandard2.0) (>= net6.0))
      DevExpress.Printing.Core (24.1.7) - restriction: || (== net6.0) (== net6.0-windows7.0) (== net8.0) (== net8.0-windows7.0) (&& (== netstandard2.0) (>= net6.0))
      DevExpress.Reporting.Core (24.1.7) - restriction: || (== net6.0) (== net6.0-windows7.0) (== net8.0) (== net8.0-windows7.0) (&& (== netstandard2.0) (>= net6.0))
      DevExpress.Web.Reporting.Common (24.1.7) - restriction: || (== net6.0) (== net6.0-windows7.0) (== net8.0) (== net8.0-windows7.0) (&& (== netstandard2.0) (>= net6.0))
      Microsoft.Extensions.Configuration.Abstractions (>= 6.0) - restriction: || (== net6.0) (== net6.0-windows7.0) (== net8.0) (== net8.0-windows7.0) (&& (== netstandard2.0) (>= net6.0))
      Microsoft.Extensions.DependencyInjection.Abstractions (>= 6.0) - restriction: || (== net6.0) (== net6.0-windows7.0) (== net8.0) (== net8.0-windows7.0) (&& (== netstandard2.0) (>= net6.0))
      Microsoft.Extensions.DependencyModel (>= 6.0.1) - restriction: || (== net6.0) (== net6.0-windows7.0) (== net8.0) (== net8.0-windows7.0) (&& (== netstandard2.0) (>= net6.0))
      Microsoft.Extensions.Hosting.Abstractions (>= 6.0) - restriction: || (== net6.0) (== net6.0-windows7.0) (== net8.0) (== net8.0-windows7.0) (&& (== netstandard2.0) (>= net6.0))
      Microsoft.Extensions.Logging.Abstractions (>= 6.0.4) - restriction: || (== net6.0) (== net6.0-windows7.0) (== net8.0) (== net8.0-windows7.0) (&& (== netstandard2.0) (>= net6.0))
      Microsoft.Extensions.Options (>= 6.0) - restriction: || (== net6.0) (== net6.0-windows7.0) (== net8.0) (== net8.0-windows7.0) (&& (== netstandard2.0) (>= net6.0))
      Microsoft.Extensions.Primitives (>= 6.0) - restriction: || (== net6.0) (== net6.0-windows7.0) (== net8.0) (== net8.0-windows7.0) (&& (== netstandard2.0) (>= net6.0))
      System.Diagnostics.EventLog (>= 6.0) - restriction: || (== net6.0) (== net6.0-windows7.0) (== net8.0) (== net8.0-windows7.0) (&& (== netstandard2.0) (>= net6.0))
      System.Text.Json (>= 8.0.5) - restriction: || (== net6.0) (== net6.0-windows7.0) (== net8.0) (== net8.0-windows7.0) (&& (== netstandard2.0) (>= net6.0))
    DevExpress.ExpressApp.ReportsV2.Win (24.1.7) - restriction: || (&& (== net6.0) (>= net452)) (&& (== net6.0) (>= net6.0-windows7.0)) (== net6.0-windows7.0) (&& (== net8.0) (>= net452)) (&& (== net8.0) (>= net6.0-windows7.0)) (&& (== net8.0-windows7.0) (>= net452)) (&& (== net8.0-windows7.0) (>= net6.0-windows7.0)) (&& (== netstandard2.0) (>= net452)) (&& (== netstandard2.0) (>= net6.0-windows7.0))
      DevExpress.Data (24.1.7) - restriction: || (&& (== net6.0) (>= net452)) (&& (== net6.0) (>= net6.0-windows7.0)) (== net6.0-windows7.0) (&& (== net8.0) (>= net452)) (&& (== net8.0) (>= net6.0-windows7.0)) (&& (== net8.0-windows7.0) (>= net452)) (&& (== net8.0-windows7.0) (>= net6.0-windows7.0)) (&& (== netstandard2.0) (>= net452)) (&& (== netstandard2.0) (>= net6.0-windows7.0))
      DevExpress.DataAccess (24.1.7) - restriction: || (&& (== net6.0) (>= net452)) (&& (== net6.0) (>= net6.0-windows7.0)) (== net6.0-windows7.0) (&& (== net8.0) (>= net452)) (&& (== net8.0) (>= net6.0-windows7.0)) (&& (== net8.0-windows7.0) (>= net452)) (&& (== net8.0-windows7.0) (>= net6.0-windows7.0)) (&& (== netstandard2.0) (>= net452)) (&& (== netstandard2.0) (>= net6.0-windows7.0))
      DevExpress.DataAccess.UI (24.1.7) - restriction: || (&& (== net6.0) (>= net452)) (&& (== net6.0) (>= net6.0-windows7.0)) (== net6.0-windows7.0) (&& (== net8.0) (>= net452)) (&& (== net8.0) (>= net6.0-windows7.0)) (&& (== net8.0-windows7.0) (>= net452)) (&& (== net8.0-windows7.0) (>= net6.0-windows7.0)) (&& (== netstandard2.0) (>= net452)) (&& (== netstandard2.0) (>= net6.0-windows7.0))
      DevExpress.ExpressApp (24.1.7) - restriction: || (&& (== net6.0) (>= net452)) (&& (== net6.0) (>= net6.0-windows7.0)) (== net6.0-windows7.0) (&& (== net8.0) (>= net452)) (&& (== net8.0) (>= net6.0-windows7.0)) (&& (== net8.0-windows7.0) (>= net452)) (&& (== net8.0-windows7.0) (>= net6.0-windows7.0)) (&& (== netstandard2.0) (>= net452)) (&& (== netstandard2.0) (>= net6.0-windows7.0))
      DevExpress.ExpressApp.ReportsV2 (24.1.7) - restriction: || (&& (== net6.0) (>= net452)) (&& (== net6.0) (>= net6.0-windows7.0)) (== net6.0-windows7.0) (&& (== net8.0) (>= net452)) (&& (== net8.0) (>= net6.0-windows7.0)) (&& (== net8.0-windows7.0) (>= net452)) (&& (== net8.0-windows7.0) (>= net6.0-windows7.0)) (&& (== netstandard2.0) (>= net452)) (&& (== netstandard2.0) (>= net6.0-windows7.0))
      DevExpress.ExpressApp.Win (24.1.7) - restriction: || (&& (== net6.0) (>= net452)) (&& (== net6.0) (>= net6.0-windows7.0)) (== net6.0-windows7.0) (&& (== net8.0) (>= net452)) (&& (== net8.0) (>= net6.0-windows7.0)) (&& (== net8.0-windows7.0) (>= net452)) (&& (== net8.0-windows7.0) (>= net6.0-windows7.0)) (&& (== netstandard2.0) (>= net452)) (&& (== netstandard2.0) (>= net6.0-windows7.0))
      DevExpress.Persistent.Base (24.1.7) - restriction: || (&& (== net6.0) (>= net452)) (&& (== net6.0) (>= net6.0-windows7.0)) (== net6.0-windows7.0) (&& (== net8.0) (>= net452)) (&& (== net8.0) (>= net6.0-windows7.0)) (&& (== net8.0-windows7.0) (>= net452)) (&& (== net8.0-windows7.0) (>= net6.0-windows7.0)) (&& (== netstandard2.0) (>= net452)) (&& (== netstandard2.0) (>= net6.0-windows7.0))
      DevExpress.Printing.Core (24.1.7) - restriction: || (&& (== net6.0) (>= net452)) (&& (== net6.0) (>= net6.0-windows7.0)) (== net6.0-windows7.0) (&& (== net8.0) (>= net452)) (&& (== net8.0) (>= net6.0-windows7.0)) (&& (== net8.0-windows7.0) (>= net452)) (&& (== net8.0-windows7.0) (>= net6.0-windows7.0)) (&& (== netstandard2.0) (>= net452)) (&& (== netstandard2.0) (>= net6.0-windows7.0))
      DevExpress.Reporting.Core (24.1.7) - restriction: || (&& (== net6.0) (>= net452)) (&& (== net6.0) (>= net6.0-windows7.0)) (== net6.0-windows7.0) (&& (== net8.0) (>= net452)) (&& (== net8.0) (>= net6.0-windows7.0)) (&& (== net8.0-windows7.0) (>= net452)) (&& (== net8.0-windows7.0) (>= net6.0-windows7.0)) (&& (== netstandard2.0) (>= net452)) (&& (== netstandard2.0) (>= net6.0-windows7.0))
      DevExpress.Utils (24.1.7) - restriction: || (&& (== net6.0) (>= net452)) (&& (== net6.0) (>= net6.0-windows7.0)) (== net6.0-windows7.0) (&& (== net8.0) (>= net452)) (&& (== net8.0) (>= net6.0-windows7.0)) (&& (== net8.0-windows7.0) (>= net452)) (&& (== net8.0-windows7.0) (>= net6.0-windows7.0)) (&& (== netstandard2.0) (>= net452)) (&& (== netstandard2.0) (>= net6.0-windows7.0))
      DevExpress.Utils.UI (24.1.7) - restriction: || (&& (== net6.0) (>= net452)) (&& (== net6.0) (>= net6.0-windows7.0)) (== net6.0-windows7.0) (&& (== net8.0) (>= net452)) (&& (== net8.0) (>= net6.0-windows7.0)) (&& (== net8.0-windows7.0) (>= net452)) (&& (== net8.0-windows7.0) (>= net6.0-windows7.0)) (&& (== netstandard2.0) (>= net452)) (&& (== netstandard2.0) (>= net6.0-windows7.0))
      DevExpress.Win.Grid (24.1.7) - restriction: || (&& (== net6.0) (>= net452)) (&& (== net6.0) (>= net6.0-windows7.0)) (== net6.0-windows7.0) (&& (== net8.0) (>= net452)) (&& (== net8.0) (>= net6.0-windows7.0)) (&& (== net8.0-windows7.0) (>= net452)) (&& (== net8.0-windows7.0) (>= net6.0-windows7.0)) (&& (== netstandard2.0) (>= net452)) (&& (== netstandard2.0) (>= net6.0-windows7.0))
      DevExpress.Win.Navigation (24.1.7) - restriction: || (&& (== net6.0) (>= net452)) (&& (== net6.0) (>= net6.0-windows7.0)) (== net6.0-windows7.0) (&& (== net8.0) (>= net452)) (&& (== net8.0) (>= net6.0-windows7.0)) (&& (== net8.0-windows7.0) (>= net452)) (&& (== net8.0-windows7.0) (>= net6.0-windows7.0)) (&& (== netstandard2.0) (>= net452)) (&& (== netstandard2.0) (>= net6.0-windows7.0))
      DevExpress.Win.Printing (24.1.7) - restriction: || (&& (== net6.0) (>= net452)) (&& (== net6.0) (>= net6.0-windows7.0)) (== net6.0-windows7.0) (&& (== net8.0) (>= net452)) (&& (== net8.0) (>= net6.0-windows7.0)) (&& (== net8.0-windows7.0) (>= net452)) (&& (== net8.0-windows7.0) (>= net6.0-windows7.0)) (&& (== netstandard2.0) (>= net452)) (&& (== netstandard2.0) (>= net6.0-windows7.0))
      DevExpress.Win.Reporting (24.1.7) - restriction: || (&& (== net6.0) (>= net452)) (&& (== net6.0) (>= net6.0-windows7.0)) (== net6.0-windows7.0) (&& (== net8.0) (>= net452)) (&& (== net8.0) (>= net6.0-windows7.0)) (&& (== net8.0-windows7.0) (>= net452)) (&& (== net8.0-windows7.0) (>= net6.0-windows7.0)) (&& (== netstandard2.0) (>= net452)) (&& (== netstandard2.0) (>= net6.0-windows7.0))
      DevExpress.Win.TreeList (24.1.7) - restriction: || (&& (== net6.0) (>= net452)) (&& (== net6.0) (>= net6.0-windows7.0)) (== net6.0-windows7.0) (&& (== net8.0) (>= net452)) (&& (== net8.0) (>= net6.0-windows7.0)) (&& (== net8.0-windows7.0) (>= net452)) (&& (== net8.0-windows7.0) (>= net6.0-windows7.0)) (&& (== netstandard2.0) (>= net452)) (&& (== netstandard2.0) (>= net6.0-windows7.0))
      Microsoft.Extensions.DependencyInjection.Abstractions (>= 6.0) - restriction: || (&& (== net6.0) (>= net6.0-windows7.0)) (== net6.0-windows7.0) (&& (== net8.0) (>= net6.0-windows7.0)) (&& (== net8.0-windows7.0) (>= net6.0-windows7.0)) (&& (== netstandard2.0) (>= net6.0-windows7.0))
      Microsoft.Extensions.Options.ConfigurationExtensions (>= 6.0) - restriction: || (&& (== net6.0) (>= net6.0-windows7.0)) (== net6.0-windows7.0) (&& (== net8.0) (>= net6.0-windows7.0)) (&& (== net8.0-windows7.0) (>= net6.0-windows7.0)) (&& (== netstandard2.0) (>= net6.0-windows7.0))
      System.Configuration.ConfigurationManager (>= 6.0.1) - restriction: || (&& (== net6.0) (>= net6.0-windows7.0)) (== net6.0-windows7.0) (&& (== net8.0) (>= net6.0-windows7.0)) (&& (== net8.0-windows7.0) (>= net6.0-windows7.0)) (&& (== netstandard2.0) (>= net6.0-windows7.0))
      System.Diagnostics.EventLog (>= 6.0) - restriction: || (&& (== net6.0) (>= net6.0-windows7.0)) (== net6.0-windows7.0) (&& (== net8.0) (>= net6.0-windows7.0)) (&& (== net8.0-windows7.0) (>= net6.0-windows7.0)) (&& (== netstandard2.0) (>= net6.0-windows7.0))
    DevExpress.ExpressApp.Scheduler (24.1.7) - restriction: || (== net6.0) (== net6.0-windows7.0) (== net8.0) (== net8.0-windows7.0) (&& (== netstandard2.0) (>= net452)) (&& (== netstandard2.0) (>= net6.0)) (&& (== netstandard2.0) (>= net6.0-windows7.0))
      DevExpress.Data (24.1.7) - restriction: || (== net6.0) (== net6.0-windows7.0) (== net8.0) (== net8.0-windows7.0) (&& (== netstandard2.0) (>= net452)) (&& (== netstandard2.0) (>= net6.0))
      DevExpress.ExpressApp (24.1.7) - restriction: || (== net6.0) (== net6.0-windows7.0) (== net8.0) (== net8.0-windows7.0) (&& (== netstandard2.0) (>= net452)) (&& (== netstandard2.0) (>= net6.0))
      DevExpress.Persistent.Base (24.1.7) - restriction: || (== net6.0) (== net6.0-windows7.0) (== net8.0) (== net8.0-windows7.0) (&& (== netstandard2.0) (>= net452)) (&& (== netstandard2.0) (>= net6.0))
      DevExpress.Scheduler.Core (24.1.7) - restriction: || (== net6.0) (== net6.0-windows7.0) (== net8.0) (== net8.0-windows7.0) (&& (== netstandard2.0) (>= net452)) (&& (== netstandard2.0) (>= net6.0))
    DevExpress.ExpressApp.Scheduler.Blazor (24.1.7) - restriction: || (== net6.0) (== net6.0-windows7.0) (== net8.0) (== net8.0-windows7.0) (&& (== netstandard2.0) (>= net6.0))
      DevExpress.Blazor (24.1.7) - restriction: || (== net6.0) (== net6.0-windows7.0) (== net8.0) (== net8.0-windows7.0) (&& (== netstandard2.0) (>= net6.0))
      DevExpress.Data (24.1.7) - restriction: || (== net6.0) (== net6.0-windows7.0) (== net8.0) (== net8.0-windows7.0) (&& (== netstandard2.0) (>= net6.0))
      DevExpress.ExpressApp (24.1.7) - restriction: || (== net6.0) (== net6.0-windows7.0) (== net8.0) (== net8.0-windows7.0) (&& (== netstandard2.0) (>= net6.0))
      DevExpress.ExpressApp.AspNetCore (24.1.7) - restriction: || (== net6.0) (== net6.0-windows7.0) (== net8.0) (== net8.0-windows7.0) (&& (== netstandard2.0) (>= net6.0))
      DevExpress.ExpressApp.Blazor (24.1.7) - restriction: || (== net6.0) (== net6.0-windows7.0) (== net8.0) (== net8.0-windows7.0) (&& (== netstandard2.0) (>= net6.0))
      DevExpress.ExpressApp.Notifications (24.1.7) - restriction: || (== net6.0) (== net6.0-windows7.0) (== net8.0) (== net8.0-windows7.0) (&& (== netstandard2.0) (>= net6.0))
      DevExpress.ExpressApp.Scheduler (24.1.7) - restriction: || (== net6.0) (== net6.0-windows7.0) (== net8.0) (== net8.0-windows7.0) (&& (== netstandard2.0) (>= net6.0))
      DevExpress.Persistent.Base (24.1.7) - restriction: || (== net6.0) (== net6.0-windows7.0) (== net8.0) (== net8.0-windows7.0) (&& (== netstandard2.0) (>= net6.0))
      DevExpress.Scheduler.Core (24.1.7) - restriction: || (== net6.0) (== net6.0-windows7.0) (== net8.0) (== net8.0-windows7.0) (&& (== netstandard2.0) (>= net6.0))
      Microsoft.Extensions.DependencyInjection.Abstractions (>= 6.0) - restriction: || (== net6.0) (== net6.0-windows7.0) (== net8.0) (== net8.0-windows7.0) (&& (== netstandard2.0) (>= net6.0))
      Microsoft.Extensions.Logging.Abstractions (>= 6.0.4) - restriction: || (== net6.0) (== net6.0-windows7.0) (== net8.0) (== net8.0-windows7.0) (&& (== netstandard2.0) (>= net6.0))
      Microsoft.Extensions.Options (>= 6.0) - restriction: || (== net6.0) (== net6.0-windows7.0) (== net8.0) (== net8.0-windows7.0) (&& (== netstandard2.0) (>= net6.0))
      Microsoft.Extensions.Primitives (>= 6.0) - restriction: || (== net6.0) (== net6.0-windows7.0) (== net8.0) (== net8.0-windows7.0) (&& (== netstandard2.0) (>= net6.0))
    DevExpress.ExpressApp.Scheduler.Win (24.1.7) - restriction: || (&& (== net6.0) (>= net452)) (&& (== net6.0) (>= net6.0-windows7.0)) (== net6.0-windows7.0) (&& (== net8.0) (>= net452)) (&& (== net8.0) (>= net6.0-windows7.0)) (&& (== net8.0-windows7.0) (>= net452)) (&& (== net8.0-windows7.0) (>= net6.0-windows7.0)) (&& (== netstandard2.0) (>= net452)) (&& (== netstandard2.0) (>= net6.0-windows7.0))
      DevExpress.Data (24.1.7) - restriction: || (&& (== net6.0) (>= net452)) (&& (== net6.0) (>= net6.0-windows7.0)) (== net6.0-windows7.0) (&& (== net8.0) (>= net452)) (&& (== net8.0) (>= net6.0-windows7.0)) (&& (== net8.0-windows7.0) (>= net452)) (&& (== net8.0-windows7.0) (>= net6.0-windows7.0)) (&& (== netstandard2.0) (>= net452)) (&& (== netstandard2.0) (>= net6.0-windows7.0))
      DevExpress.ExpressApp (24.1.7) - restriction: || (&& (== net6.0) (>= net452)) (&& (== net6.0) (>= net6.0-windows7.0)) (== net6.0-windows7.0) (&& (== net8.0) (>= net452)) (&& (== net8.0) (>= net6.0-windows7.0)) (&& (== net8.0-windows7.0) (>= net452)) (&& (== net8.0-windows7.0) (>= net6.0-windows7.0)) (&& (== netstandard2.0) (>= net452)) (&& (== netstandard2.0) (>= net6.0-windows7.0))
      DevExpress.ExpressApp.Scheduler (24.1.7) - restriction: || (&& (== net6.0) (>= net452)) (&& (== net6.0) (>= net6.0-windows7.0)) (== net6.0-windows7.0) (&& (== net8.0) (>= net452)) (&& (== net8.0) (>= net6.0-windows7.0)) (&& (== net8.0-windows7.0) (>= net452)) (&& (== net8.0-windows7.0) (>= net6.0-windows7.0)) (&& (== netstandard2.0) (>= net452)) (&& (== netstandard2.0) (>= net6.0-windows7.0))
      DevExpress.ExpressApp.Win (24.1.7) - restriction: || (&& (== net6.0) (>= net452)) (&& (== net6.0) (>= net6.0-windows7.0)) (== net6.0-windows7.0) (&& (== net8.0) (>= net452)) (&& (== net8.0) (>= net6.0-windows7.0)) (&& (== net8.0-windows7.0) (>= net452)) (&& (== net8.0-windows7.0) (>= net6.0-windows7.0)) (&& (== netstandard2.0) (>= net452)) (&& (== netstandard2.0) (>= net6.0-windows7.0))
      DevExpress.Persistent.Base (24.1.7) - restriction: || (&& (== net6.0) (>= net452)) (&& (== net6.0) (>= net6.0-windows7.0)) (== net6.0-windows7.0) (&& (== net8.0) (>= net452)) (&& (== net8.0) (>= net6.0-windows7.0)) (&& (== net8.0-windows7.0) (>= net452)) (&& (== net8.0-windows7.0) (>= net6.0-windows7.0)) (&& (== netstandard2.0) (>= net452)) (&& (== netstandard2.0) (>= net6.0-windows7.0))
      DevExpress.Printing.Core (24.1.7) - restriction: || (&& (== net6.0) (>= net452)) (&& (== net6.0) (>= net6.0-windows7.0)) (== net6.0-windows7.0) (&& (== net8.0) (>= net452)) (&& (== net8.0) (>= net6.0-windows7.0)) (&& (== net8.0-windows7.0) (>= net452)) (&& (== net8.0-windows7.0) (>= net6.0-windows7.0)) (&& (== netstandard2.0) (>= net452)) (&& (== netstandard2.0) (>= net6.0-windows7.0))
      DevExpress.Scheduler.Core (24.1.7) - restriction: || (&& (== net6.0) (>= net452)) (&& (== net6.0) (>= net6.0-windows7.0)) (== net6.0-windows7.0) (&& (== net8.0) (>= net452)) (&& (== net8.0) (>= net6.0-windows7.0)) (&& (== net8.0-windows7.0) (>= net452)) (&& (== net8.0-windows7.0) (>= net6.0-windows7.0)) (&& (== netstandard2.0) (>= net452)) (&& (== netstandard2.0) (>= net6.0-windows7.0))
      DevExpress.Scheduler.CoreDesktop (24.1.7) - restriction: || (&& (== net6.0) (>= net452)) (&& (== net6.0) (>= net6.0-windows7.0)) (== net6.0-windows7.0) (&& (== net8.0) (>= net452)) (&& (== net8.0) (>= net6.0-windows7.0)) (&& (== net8.0-windows7.0) (>= net452)) (&& (== net8.0-windows7.0) (>= net6.0-windows7.0)) (&& (== netstandard2.0) (>= net452)) (&& (== netstandard2.0) (>= net6.0-windows7.0))
      DevExpress.Utils (24.1.7) - restriction: || (&& (== net6.0) (>= net452)) (&& (== net6.0) (>= net6.0-windows7.0)) (== net6.0-windows7.0) (&& (== net8.0) (>= net452)) (&& (== net8.0) (>= net6.0-windows7.0)) (&& (== net8.0-windows7.0) (>= net452)) (&& (== net8.0-windows7.0) (>= net6.0-windows7.0)) (&& (== netstandard2.0) (>= net452)) (&& (== netstandard2.0) (>= net6.0-windows7.0))
      DevExpress.Win.Navigation (24.1.7) - restriction: || (&& (== net6.0) (>= net452)) (&& (== net6.0) (>= net6.0-windows7.0)) (== net6.0-windows7.0) (&& (== net8.0) (>= net452)) (&& (== net8.0) (>= net6.0-windows7.0)) (&& (== net8.0-windows7.0) (>= net452)) (&& (== net8.0-windows7.0) (>= net6.0-windows7.0)) (&& (== netstandard2.0) (>= net452)) (&& (== netstandard2.0) (>= net6.0-windows7.0))
      DevExpress.Win.Scheduler (24.1.7) - restriction: || (&& (== net6.0) (>= net452)) (&& (== net6.0) (>= net6.0-windows7.0)) (== net6.0-windows7.0) (&& (== net8.0) (>= net452)) (&& (== net8.0) (>= net6.0-windows7.0)) (&& (== net8.0-windows7.0) (>= net452)) (&& (== net8.0-windows7.0) (>= net6.0-windows7.0)) (&& (== netstandard2.0) (>= net452)) (&& (== netstandard2.0) (>= net6.0-windows7.0))
      System.Configuration.ConfigurationManager (>= 6.0.1) - restriction: || (&& (== net6.0) (>= net6.0-windows7.0)) (== net6.0-windows7.0) (&& (== net8.0) (>= net6.0-windows7.0)) (&& (== net8.0-windows7.0) (>= net6.0-windows7.0)) (&& (== netstandard2.0) (>= net6.0-windows7.0))
      System.Diagnostics.EventLog (>= 6.0) - restriction: || (&& (== net6.0) (>= net6.0-windows7.0)) (== net6.0-windows7.0) (&& (== net8.0) (>= net6.0-windows7.0)) (&& (== net8.0-windows7.0) (>= net6.0-windows7.0)) (&& (== netstandard2.0) (>= net6.0-windows7.0))
      System.Drawing.Common (>= 6.0) - restriction: || (&& (== net6.0) (>= net6.0-windows7.0)) (== net6.0-windows7.0) (&& (== net8.0) (>= net6.0-windows7.0)) (&& (== net8.0-windows7.0) (>= net6.0-windows7.0)) (&& (== netstandard2.0) (>= net6.0-windows7.0))
    DevExpress.ExpressApp.ScriptRecorder (24.1.7) - restriction: || (== net6.0) (== net6.0-windows7.0) (== net8.0) (== net8.0-windows7.0) (&& (== netstandard2.0) (>= net452)) (&& (== netstandard2.0) (>= net6.0)) (&& (== netstandard2.0) (>= net6.0-windows7.0))
      DevExpress.ExpressApp (24.1.7) - restriction: || (== net6.0) (== net6.0-windows7.0) (== net8.0) (== net8.0-windows7.0) (&& (== netstandard2.0) (>= net452)) (&& (== netstandard2.0) (>= net6.0))
      System.Formats.Asn1 (>= 8.0.1) - restriction: || (== net6.0) (== net6.0-windows7.0) (== net8.0) (== net8.0-windows7.0) (&& (== netstandard2.0) (>= net6.0))
      System.Security.Cryptography.Xml (>= 6.0.1) - restriction: || (== net6.0) (== net6.0-windows7.0) (== net8.0) (== net8.0-windows7.0) (&& (== netstandard2.0) (>= net6.0))
    DevExpress.ExpressApp.ScriptRecorder.Win (24.1.7) - restriction: || (&& (== net6.0) (>= net452)) (&& (== net6.0) (>= net6.0-windows7.0)) (== net6.0-windows7.0) (&& (== net8.0) (>= net452)) (&& (== net8.0) (>= net6.0-windows7.0)) (&& (== net8.0-windows7.0) (>= net452)) (&& (== net8.0-windows7.0) (>= net6.0-windows7.0)) (&& (== netstandard2.0) (>= net452)) (&& (== netstandard2.0) (>= net6.0-windows7.0))
      DevExpress.Data (24.1.7) - restriction: || (&& (== net6.0) (>= net452)) (&& (== net6.0) (>= net6.0-windows7.0)) (== net6.0-windows7.0) (&& (== net8.0) (>= net452)) (&& (== net8.0) (>= net6.0-windows7.0)) (&& (== net8.0-windows7.0) (>= net452)) (&& (== net8.0-windows7.0) (>= net6.0-windows7.0)) (&& (== netstandard2.0) (>= net452)) (&& (== netstandard2.0) (>= net6.0-windows7.0))
      DevExpress.ExpressApp (24.1.7) - restriction: || (&& (== net6.0) (>= net452)) (&& (== net6.0) (>= net6.0-windows7.0)) (== net6.0-windows7.0) (&& (== net8.0) (>= net452)) (&& (== net8.0) (>= net6.0-windows7.0)) (&& (== net8.0-windows7.0) (>= net452)) (&& (== net8.0-windows7.0) (>= net6.0-windows7.0)) (&& (== netstandard2.0) (>= net452)) (&& (== netstandard2.0) (>= net6.0-windows7.0))
      DevExpress.ExpressApp.ScriptRecorder (24.1.7) - restriction: || (&& (== net6.0) (>= net452)) (&& (== net6.0) (>= net6.0-windows7.0)) (== net6.0-windows7.0) (&& (== net8.0) (>= net452)) (&& (== net8.0) (>= net6.0-windows7.0)) (&& (== net8.0-windows7.0) (>= net452)) (&& (== net8.0-windows7.0) (>= net6.0-windows7.0)) (&& (== netstandard2.0) (>= net452)) (&& (== netstandard2.0) (>= net6.0-windows7.0))
      DevExpress.ExpressApp.Win (24.1.7) - restriction: || (&& (== net6.0) (>= net452)) (&& (== net6.0) (>= net6.0-windows7.0)) (== net6.0-windows7.0) (&& (== net8.0) (>= net452)) (&& (== net8.0) (>= net6.0-windows7.0)) (&& (== net8.0-windows7.0) (>= net452)) (&& (== net8.0-windows7.0) (>= net6.0-windows7.0)) (&& (== netstandard2.0) (>= net452)) (&& (== netstandard2.0) (>= net6.0-windows7.0))
      DevExpress.Utils (24.1.7) - restriction: || (&& (== net6.0) (>= net452)) (&& (== net6.0) (>= net6.0-windows7.0)) (== net6.0-windows7.0) (&& (== net8.0) (>= net452)) (&& (== net8.0) (>= net6.0-windows7.0)) (&& (== net8.0-windows7.0) (>= net452)) (&& (== net8.0-windows7.0) (>= net6.0-windows7.0)) (&& (== netstandard2.0) (>= net452)) (&& (== netstandard2.0) (>= net6.0-windows7.0))
      DevExpress.Win.Navigation (24.1.7) - restriction: || (&& (== net6.0) (>= net452)) (&& (== net6.0) (>= net6.0-windows7.0)) (== net6.0-windows7.0) (&& (== net8.0) (>= net452)) (&& (== net8.0) (>= net6.0-windows7.0)) (&& (== net8.0-windows7.0) (>= net452)) (&& (== net8.0-windows7.0) (>= net6.0-windows7.0)) (&& (== netstandard2.0) (>= net452)) (&& (== netstandard2.0) (>= net6.0-windows7.0))
      System.Configuration.ConfigurationManager (>= 6.0.1) - restriction: || (&& (== net6.0) (>= net6.0-windows7.0)) (== net6.0-windows7.0) (&& (== net8.0) (>= net6.0-windows7.0)) (&& (== net8.0-windows7.0) (>= net6.0-windows7.0)) (&& (== netstandard2.0) (>= net6.0-windows7.0))
      System.Diagnostics.EventLog (>= 6.0) - restriction: || (&& (== net6.0) (>= net6.0-windows7.0)) (== net6.0-windows7.0) (&& (== net8.0) (>= net6.0-windows7.0)) (&& (== net8.0-windows7.0) (>= net6.0-windows7.0)) (&& (== netstandard2.0) (>= net6.0-windows7.0))
      System.Drawing.Common (>= 6.0) - restriction: || (&& (== net6.0) (>= net6.0-windows7.0)) (== net6.0-windows7.0) (&& (== net8.0) (>= net6.0-windows7.0)) (&& (== net8.0-windows7.0) (>= net6.0-windows7.0)) (&& (== netstandard2.0) (>= net6.0-windows7.0))
    DevExpress.ExpressApp.Security (24.1.7) - restriction: || (== net6.0) (== net6.0-windows7.0) (== net8.0) (== net8.0-windows7.0) (&& (== netstandard2.0) (>= net452)) (&& (== netstandard2.0) (>= net6.0)) (&& (== netstandard2.0) (>= net6.0-windows7.0))
      DevExpress.Data (24.1.7) - restriction: || (== net6.0) (== net6.0-windows7.0) (== net8.0) (== net8.0-windows7.0) (&& (== netstandard2.0) (>= net452)) (&& (== netstandard2.0) (>= net6.0))
      DevExpress.Drawing (24.1.7) - restriction: || (== net6.0) (== net6.0-windows7.0) (== net8.0) (== net8.0-windows7.0) (&& (== netstandard2.0) (>= net452)) (&& (== netstandard2.0) (>= net6.0))
      DevExpress.ExpressApp (24.1.7) - restriction: || (== net6.0) (== net6.0-windows7.0) (== net8.0) (== net8.0-windows7.0) (&& (== netstandard2.0) (>= net452)) (&& (== netstandard2.0) (>= net6.0))
      DevExpress.Persistent.Base (24.1.7) - restriction: || (== net6.0) (== net6.0-windows7.0) (== net8.0) (== net8.0-windows7.0) (&& (== netstandard2.0) (>= net452)) (&& (== netstandard2.0) (>= net6.0))
      MessagePack (>= 2.5.187) - restriction: || (== net6.0) (== net6.0-windows7.0) (== net8.0) (== net8.0-windows7.0) (&& (== netstandard2.0) (>= net6.0))
      Microsoft.Extensions.DependencyInjection.Abstractions (>= 6.0) - restriction: || (== net6.0) (== net6.0-windows7.0) (== net8.0) (== net8.0-windows7.0) (&& (== netstandard2.0) (>= net6.0))
      Microsoft.Extensions.Options (>= 6.0) - restriction: || (== net6.0) (== net6.0-windows7.0) (== net8.0) (== net8.0-windows7.0) (&& (== netstandard2.0) (>= net6.0))
      System.Security.Permissions (>= 6.0) - restriction: || (== net6.0) (== net6.0-windows7.0) (== net8.0) (== net8.0-windows7.0) (&& (== netstandard2.0) (>= net6.0))
    DevExpress.ExpressApp.Security.AspNetCore (24.1.7) - restriction: || (== net6.0) (== net6.0-windows7.0) (== net8.0) (== net8.0-windows7.0) (&& (== netstandard2.0) (>= net6.0))
      DevExpress.Data (24.1.7) - restriction: || (== net6.0) (== net6.0-windows7.0) (== net8.0) (== net8.0-windows7.0) (&& (== netstandard2.0) (>= net6.0))
      DevExpress.ExpressApp (24.1.7) - restriction: || (== net6.0) (== net6.0-windows7.0) (== net8.0) (== net8.0-windows7.0) (&& (== netstandard2.0) (>= net6.0))
      DevExpress.ExpressApp.AspNetCore (24.1.7) - restriction: || (== net6.0) (== net6.0-windows7.0) (== net8.0) (== net8.0-windows7.0) (&& (== netstandard2.0) (>= net6.0))
      DevExpress.ExpressApp.Security (24.1.7) - restriction: || (== net6.0) (== net6.0-windows7.0) (== net8.0) (== net8.0-windows7.0) (&& (== netstandard2.0) (>= net6.0))
      Microsoft.Extensions.Configuration.Abstractions (>= 6.0) - restriction: || (== net6.0) (== net6.0-windows7.0) (== net8.0) (== net8.0-windows7.0) (&& (== netstandard2.0) (>= net6.0))
      Microsoft.Extensions.DependencyInjection.Abstractions (>= 6.0) - restriction: || (== net6.0) (== net6.0-windows7.0) (== net8.0) (== net8.0-windows7.0) (&& (== netstandard2.0) (>= net6.0))
      Microsoft.Extensions.Options (>= 6.0) - restriction: || (== net6.0) (== net6.0-windows7.0) (== net8.0) (== net8.0-windows7.0) (&& (== netstandard2.0) (>= net6.0))
      System.Data.SqlClient (>= 4.8.6) - restriction: || (== net6.0) (== net6.0-windows7.0) (== net8.0) (== net8.0-windows7.0) (&& (== netstandard2.0) (>= net6.0))
      System.Diagnostics.EventLog (>= 6.0) - restriction: || (== net6.0) (== net6.0-windows7.0) (== net8.0) (== net8.0-windows7.0) (&& (== netstandard2.0) (>= net6.0))
    DevExpress.ExpressApp.Security.Xpo (24.1.7)
      DevExpress.Data (24.1.7) - restriction: || (== net6.0) (== net6.0-windows7.0) (== net8.0) (== net8.0-windows7.0) (&& (== netstandard2.0) (>= net452)) (&& (== netstandard2.0) (>= net6.0))
      DevExpress.ExpressApp (24.1.7) - restriction: || (== net6.0) (== net6.0-windows7.0) (== net8.0) (== net8.0-windows7.0) (&& (== netstandard2.0) (>= net452)) (&& (== netstandard2.0) (>= net6.0))
      DevExpress.ExpressApp.Security (24.1.7) - restriction: || (== net6.0) (== net6.0-windows7.0) (== net8.0) (== net8.0-windows7.0) (&& (== netstandard2.0) (>= net452)) (&& (== netstandard2.0) (>= net6.0))
      DevExpress.ExpressApp.Xpo (24.1.7) - restriction: || (== net6.0) (== net6.0-windows7.0) (== net8.0) (== net8.0-windows7.0) (&& (== netstandard2.0) (>= net452)) (&& (== netstandard2.0) (>= net6.0))
      DevExpress.Persistent.Base (24.1.7) - restriction: || (== net6.0) (== net6.0-windows7.0) (== net8.0) (== net8.0-windows7.0) (&& (== netstandard2.0) (>= net452)) (&& (== netstandard2.0) (>= net6.0))
      DevExpress.Xpo (24.1.7) - restriction: || (== net6.0) (== net6.0-windows7.0) (== net8.0) (== net8.0-windows7.0) (&& (== netstandard2.0) (>= net452)) (&& (== netstandard2.0) (>= net6.0))
      MessagePack (>= 2.5.187) - restriction: || (== net6.0) (== net6.0-windows7.0) (== net8.0) (== net8.0-windows7.0) (&& (== netstandard2.0) (>= net6.0))
      Microsoft.Extensions.DependencyInjection.Abstractions (>= 6.0) - restriction: || (== net6.0) (== net6.0-windows7.0) (== net8.0) (== net8.0-windows7.0) (&& (== netstandard2.0) (>= net6.0))
      Microsoft.Extensions.Options (>= 6.0) - restriction: || (== net6.0) (== net6.0-windows7.0) (== net8.0) (== net8.0-windows7.0) (&& (== netstandard2.0) (>= net6.0))
      System.ServiceModel.Http (>= 6.2) - restriction: || (== net6.0) (== net6.0-windows7.0) (== net8.0) (== net8.0-windows7.0) (&& (== netstandard2.0) (>= net6.0))
      System.ServiceModel.NetTcp (>= 6.2) - restriction: || (== net6.0) (== net6.0-windows7.0) (== net8.0) (== net8.0-windows7.0) (&& (== netstandard2.0) (>= net6.0))
    DevExpress.ExpressApp.StateMachine (24.1.7) - restriction: || (== net6.0) (== net6.0-windows7.0) (== net8.0) (== net8.0-windows7.0) (&& (== netstandard2.0) (>= net452)) (&& (== netstandard2.0) (>= net6.0))
      DevExpress.Data (24.1.7) - restriction: || (== net6.0) (== net6.0-windows7.0) (== net8.0) (== net8.0-windows7.0) (&& (== netstandard2.0) (>= net452)) (&& (== netstandard2.0) (>= net6.0))
      DevExpress.Drawing (24.1.7) - restriction: || (== net6.0) (== net6.0-windows7.0) (== net8.0) (== net8.0-windows7.0) (&& (== netstandard2.0) (>= net452)) (&& (== netstandard2.0) (>= net6.0))
      DevExpress.ExpressApp (24.1.7) - restriction: || (== net6.0) (== net6.0-windows7.0) (== net8.0) (== net8.0-windows7.0) (&& (== netstandard2.0) (>= net452)) (&& (== netstandard2.0) (>= net6.0))
      DevExpress.ExpressApp.ConditionalAppearance (24.1.7) - restriction: || (== net6.0) (== net6.0-windows7.0) (== net8.0) (== net8.0-windows7.0) (&& (== netstandard2.0) (>= net452)) (&& (== netstandard2.0) (>= net6.0))
      DevExpress.ExpressApp.Validation (24.1.7) - restriction: || (== net6.0) (== net6.0-windows7.0) (== net8.0) (== net8.0-windows7.0) (&& (== netstandard2.0) (>= net452)) (&& (== netstandard2.0) (>= net6.0))
      DevExpress.Persistent.Base (24.1.7) - restriction: || (== net6.0) (== net6.0-windows7.0) (== net8.0) (== net8.0-windows7.0) (&& (== netstandard2.0) (>= net452)) (&& (== netstandard2.0) (>= net6.0))
    DevExpress.ExpressApp.TreeListEditors (24.1.7) - restriction: || (== net6.0) (== net6.0-windows7.0) (== net8.0) (== net8.0-windows7.0) (&& (== netstandard2.0) (>= net452)) (&& (== netstandard2.0) (>= net6.0)) (&& (== netstandard2.0) (>= net6.0-windows7.0))
      DevExpress.Data (24.1.7) - restriction: || (== net6.0) (== net6.0-windows7.0) (== net8.0) (== net8.0-windows7.0) (&& (== netstandard2.0) (>= net452)) (&& (== netstandard2.0) (>= net6.0))
      DevExpress.Drawing (24.1.7) - restriction: || (== net6.0) (== net6.0-windows7.0) (== net8.0) (== net8.0-windows7.0) (&& (== netstandard2.0) (>= net452)) (&& (== netstandard2.0) (>= net6.0))
      DevExpress.ExpressApp (24.1.7) - restriction: || (== net6.0) (== net6.0-windows7.0) (== net8.0) (== net8.0-windows7.0) (&& (== netstandard2.0) (>= net452)) (&& (== netstandard2.0) (>= net6.0))
      DevExpress.Persistent.Base (24.1.7) - restriction: || (== net6.0) (== net6.0-windows7.0) (== net8.0) (== net8.0-windows7.0) (&& (== netstandard2.0) (>= net452)) (&& (== netstandard2.0) (>= net6.0))
    DevExpress.ExpressApp.TreeListEditors.Win (24.1.7) - restriction: || (&& (== net6.0) (>= net452)) (&& (== net6.0) (>= net6.0-windows7.0)) (== net6.0-windows7.0) (&& (== net8.0) (>= net452)) (&& (== net8.0) (>= net6.0-windows7.0)) (&& (== net8.0-windows7.0) (>= net452)) (&& (== net8.0-windows7.0) (>= net6.0-windows7.0)) (&& (== netstandard2.0) (>= net452)) (&& (== netstandard2.0) (>= net6.0-windows7.0))
      DevExpress.Data (24.1.7) - restriction: || (&& (== net6.0) (>= net452)) (&& (== net6.0) (>= net6.0-windows7.0)) (== net6.0-windows7.0) (&& (== net8.0) (>= net452)) (&& (== net8.0) (>= net6.0-windows7.0)) (&& (== net8.0-windows7.0) (>= net452)) (&& (== net8.0-windows7.0) (>= net6.0-windows7.0)) (&& (== netstandard2.0) (>= net452)) (&& (== netstandard2.0) (>= net6.0-windows7.0))
      DevExpress.ExpressApp (24.1.7) - restriction: || (&& (== net6.0) (>= net452)) (&& (== net6.0) (>= net6.0-windows7.0)) (== net6.0-windows7.0) (&& (== net8.0) (>= net452)) (&& (== net8.0) (>= net6.0-windows7.0)) (&& (== net8.0-windows7.0) (>= net452)) (&& (== net8.0-windows7.0) (>= net6.0-windows7.0)) (&& (== netstandard2.0) (>= net452)) (&& (== netstandard2.0) (>= net6.0-windows7.0))
      DevExpress.ExpressApp.TreeListEditors (24.1.7) - restriction: || (&& (== net6.0) (>= net452)) (&& (== net6.0) (>= net6.0-windows7.0)) (== net6.0-windows7.0) (&& (== net8.0) (>= net452)) (&& (== net8.0) (>= net6.0-windows7.0)) (&& (== net8.0-windows7.0) (>= net452)) (&& (== net8.0-windows7.0) (>= net6.0-windows7.0)) (&& (== netstandard2.0) (>= net452)) (&& (== netstandard2.0) (>= net6.0-windows7.0))
      DevExpress.ExpressApp.Win (24.1.7) - restriction: || (&& (== net6.0) (>= net452)) (&& (== net6.0) (>= net6.0-windows7.0)) (== net6.0-windows7.0) (&& (== net8.0) (>= net452)) (&& (== net8.0) (>= net6.0-windows7.0)) (&& (== net8.0-windows7.0) (>= net452)) (&& (== net8.0-windows7.0) (>= net6.0-windows7.0)) (&& (== netstandard2.0) (>= net452)) (&& (== netstandard2.0) (>= net6.0-windows7.0))
      DevExpress.Persistent.Base (24.1.7) - restriction: || (&& (== net6.0) (>= net452)) (&& (== net6.0) (>= net6.0-windows7.0)) (== net6.0-windows7.0) (&& (== net8.0) (>= net452)) (&& (== net8.0) (>= net6.0-windows7.0)) (&& (== net8.0-windows7.0) (>= net452)) (&& (== net8.0-windows7.0) (>= net6.0-windows7.0)) (&& (== netstandard2.0) (>= net452)) (&& (== netstandard2.0) (>= net6.0-windows7.0))
      DevExpress.Printing.Core (24.1.7) - restriction: || (&& (== net6.0) (>= net452)) (&& (== net6.0) (>= net6.0-windows7.0)) (== net6.0-windows7.0) (&& (== net8.0) (>= net452)) (&& (== net8.0) (>= net6.0-windows7.0)) (&& (== net8.0-windows7.0) (>= net452)) (&& (== net8.0-windows7.0) (>= net6.0-windows7.0)) (&& (== netstandard2.0) (>= net452)) (&& (== netstandard2.0) (>= net6.0-windows7.0))
      DevExpress.Utils (24.1.7) - restriction: || (&& (== net6.0) (>= net452)) (&& (== net6.0) (>= net6.0-windows7.0)) (== net6.0-windows7.0) (&& (== net8.0) (>= net452)) (&& (== net8.0) (>= net6.0-windows7.0)) (&& (== net8.0-windows7.0) (>= net452)) (&& (== net8.0-windows7.0) (>= net6.0-windows7.0)) (&& (== netstandard2.0) (>= net452)) (&& (== netstandard2.0) (>= net6.0-windows7.0))
      DevExpress.Win.Navigation (24.1.7) - restriction: || (&& (== net6.0) (>= net452)) (&& (== net6.0) (>= net6.0-windows7.0)) (== net6.0-windows7.0) (&& (== net8.0) (>= net452)) (&& (== net8.0) (>= net6.0-windows7.0)) (&& (== net8.0-windows7.0) (>= net452)) (&& (== net8.0-windows7.0) (>= net6.0-windows7.0)) (&& (== netstandard2.0) (>= net452)) (&& (== netstandard2.0) (>= net6.0-windows7.0))
      DevExpress.Win.TreeList (24.1.7) - restriction: || (&& (== net6.0) (>= net452)) (&& (== net6.0) (>= net6.0-windows7.0)) (== net6.0-windows7.0) (&& (== net8.0) (>= net452)) (&& (== net8.0) (>= net6.0-windows7.0)) (&& (== net8.0-windows7.0) (>= net452)) (&& (== net8.0-windows7.0) (>= net6.0-windows7.0)) (&& (== netstandard2.0) (>= net452)) (&& (== netstandard2.0) (>= net6.0-windows7.0))
      System.Configuration.ConfigurationManager (>= 6.0.1) - restriction: || (&& (== net6.0) (>= net6.0-windows7.0)) (== net6.0-windows7.0) (&& (== net8.0) (>= net6.0-windows7.0)) (&& (== net8.0-windows7.0) (>= net6.0-windows7.0)) (&& (== netstandard2.0) (>= net6.0-windows7.0))
      System.Diagnostics.EventLog (>= 6.0) - restriction: || (&& (== net6.0) (>= net6.0-windows7.0)) (== net6.0-windows7.0) (&& (== net8.0) (>= net6.0-windows7.0)) (&& (== net8.0-windows7.0) (>= net6.0-windows7.0)) (&& (== netstandard2.0) (>= net6.0-windows7.0))
      System.Drawing.Common (>= 6.0) - restriction: || (&& (== net6.0) (>= net6.0-windows7.0)) (== net6.0-windows7.0) (&& (== net8.0) (>= net6.0-windows7.0)) (&& (== net8.0-windows7.0) (>= net6.0-windows7.0)) (&& (== netstandard2.0) (>= net6.0-windows7.0))
    DevExpress.ExpressApp.Validation (24.1.7) - restriction: || (== net6.0) (== net6.0-windows7.0) (== net8.0) (== net8.0-windows7.0) (&& (== netstandard2.0) (>= net452)) (&& (== netstandard2.0) (>= net6.0)) (&& (== netstandard2.0) (>= net6.0-windows7.0))
      DevExpress.Data (24.1.7) - restriction: || (== net6.0) (== net6.0-windows7.0) (== net8.0) (== net8.0-windows7.0) (&& (== netstandard2.0) (>= net452)) (&& (== netstandard2.0) (>= net6.0))
      DevExpress.ExpressApp (24.1.7) - restriction: || (== net6.0) (== net6.0-windows7.0) (== net8.0) (== net8.0-windows7.0) (&& (== netstandard2.0) (>= net452)) (&& (== netstandard2.0) (>= net6.0))
      DevExpress.Persistent.Base (24.1.7) - restriction: || (== net6.0) (== net6.0-windows7.0) (== net8.0) (== net8.0-windows7.0) (&& (== netstandard2.0) (>= net452)) (&& (== netstandard2.0) (>= net6.0))
      Microsoft.Extensions.DependencyInjection.Abstractions (>= 6.0) - restriction: || (== net6.0) (== net6.0-windows7.0) (== net8.0) (== net8.0-windows7.0) (&& (== netstandard2.0) (>= net6.0))
      Microsoft.Extensions.Options (>= 6.0) - restriction: || (== net6.0) (== net6.0-windows7.0) (== net8.0) (== net8.0-windows7.0) (&& (== netstandard2.0) (>= net6.0))
      System.Drawing.Common (>= 6.0) - restriction: || (== net6.0) (== net6.0-windows7.0) (== net8.0) (== net8.0-windows7.0) (&& (== netstandard2.0) (>= net6.0))
    DevExpress.ExpressApp.Validation.Blazor (24.1.7)
      DevExpress.Data (24.1.7) - restriction: || (== net6.0) (== net6.0-windows7.0) (== net8.0) (== net8.0-windows7.0) (&& (== netstandard2.0) (>= net6.0))
      DevExpress.ExpressApp (24.1.7) - restriction: || (== net6.0) (== net6.0-windows7.0) (== net8.0) (== net8.0-windows7.0) (&& (== netstandard2.0) (>= net6.0))
      DevExpress.ExpressApp.Blazor (24.1.7) - restriction: || (== net6.0) (== net6.0-windows7.0) (== net8.0) (== net8.0-windows7.0) (&& (== netstandard2.0) (>= net6.0))
      DevExpress.ExpressApp.Validation (24.1.7) - restriction: || (== net6.0) (== net6.0-windows7.0) (== net8.0) (== net8.0-windows7.0) (&& (== netstandard2.0) (>= net6.0))
      DevExpress.Persistent.Base (24.1.7) - restriction: || (== net6.0) (== net6.0-windows7.0) (== net8.0) (== net8.0-windows7.0) (&& (== netstandard2.0) (>= net6.0))
      Microsoft.Extensions.DependencyInjection.Abstractions (>= 6.0) - restriction: || (== net6.0) (== net6.0-windows7.0) (== net8.0) (== net8.0-windows7.0) (&& (== netstandard2.0) (>= net6.0))
      Microsoft.Extensions.Logging.Abstractions (>= 6.0.4) - restriction: || (== net6.0) (== net6.0-windows7.0) (== net8.0) (== net8.0-windows7.0) (&& (== netstandard2.0) (>= net6.0))
      Microsoft.Extensions.Options (>= 6.0) - restriction: || (== net6.0) (== net6.0-windows7.0) (== net8.0) (== net8.0-windows7.0) (&& (== netstandard2.0) (>= net6.0))
      Microsoft.Extensions.Primitives (>= 6.0) - restriction: || (== net6.0) (== net6.0-windows7.0) (== net8.0) (== net8.0-windows7.0) (&& (== netstandard2.0) (>= net6.0))
    DevExpress.ExpressApp.Validation.Win (24.1.7) - restriction: || (&& (== net6.0) (>= net452)) (&& (== net6.0) (>= net6.0-windows7.0)) (== net6.0-windows7.0) (&& (== net8.0) (>= net452)) (&& (== net8.0) (>= net6.0-windows7.0)) (&& (== net8.0-windows7.0) (>= net452)) (&& (== net8.0-windows7.0) (>= net6.0-windows7.0)) (&& (== netstandard2.0) (>= net452)) (&& (== netstandard2.0) (>= net6.0-windows7.0))
      DevExpress.Data (24.1.7) - restriction: || (&& (== net6.0) (>= net452)) (&& (== net6.0) (>= net6.0-windows7.0)) (== net6.0-windows7.0) (&& (== net8.0) (>= net452)) (&& (== net8.0) (>= net6.0-windows7.0)) (&& (== net8.0-windows7.0) (>= net452)) (&& (== net8.0-windows7.0) (>= net6.0-windows7.0)) (&& (== netstandard2.0) (>= net452)) (&& (== netstandard2.0) (>= net6.0-windows7.0))
      DevExpress.ExpressApp (24.1.7) - restriction: || (&& (== net6.0) (>= net452)) (&& (== net6.0) (>= net6.0-windows7.0)) (== net6.0-windows7.0) (&& (== net8.0) (>= net452)) (&& (== net8.0) (>= net6.0-windows7.0)) (&& (== net8.0-windows7.0) (>= net452)) (&& (== net8.0-windows7.0) (>= net6.0-windows7.0)) (&& (== netstandard2.0) (>= net452)) (&& (== netstandard2.0) (>= net6.0-windows7.0))
      DevExpress.ExpressApp.Validation (24.1.7) - restriction: || (&& (== net6.0) (>= net452)) (&& (== net6.0) (>= net6.0-windows7.0)) (== net6.0-windows7.0) (&& (== net8.0) (>= net452)) (&& (== net8.0) (>= net6.0-windows7.0)) (&& (== net8.0-windows7.0) (>= net452)) (&& (== net8.0-windows7.0) (>= net6.0-windows7.0)) (&& (== netstandard2.0) (>= net452)) (&& (== netstandard2.0) (>= net6.0-windows7.0))
      DevExpress.ExpressApp.Win (24.1.7) - restriction: || (&& (== net6.0) (>= net452)) (&& (== net6.0) (>= net6.0-windows7.0)) (== net6.0-windows7.0) (&& (== net8.0) (>= net452)) (&& (== net8.0) (>= net6.0-windows7.0)) (&& (== net8.0-windows7.0) (>= net452)) (&& (== net8.0-windows7.0) (>= net6.0-windows7.0)) (&& (== netstandard2.0) (>= net452)) (&& (== netstandard2.0) (>= net6.0-windows7.0))
      DevExpress.Persistent.Base (24.1.7) - restriction: || (&& (== net6.0) (>= net452)) (&& (== net6.0) (>= net6.0-windows7.0)) (== net6.0-windows7.0) (&& (== net8.0) (>= net452)) (&& (== net8.0) (>= net6.0-windows7.0)) (&& (== net8.0-windows7.0) (>= net452)) (&& (== net8.0-windows7.0) (>= net6.0-windows7.0)) (&& (== netstandard2.0) (>= net452)) (&& (== netstandard2.0) (>= net6.0-windows7.0))
      DevExpress.Win.Grid (24.1.7) - restriction: || (&& (== net6.0) (>= net452)) (&& (== net6.0) (>= net6.0-windows7.0)) (== net6.0-windows7.0) (&& (== net8.0) (>= net452)) (&& (== net8.0) (>= net6.0-windows7.0)) (&& (== net8.0-windows7.0) (>= net452)) (&& (== net8.0-windows7.0) (>= net6.0-windows7.0)) (&& (== netstandard2.0) (>= net452)) (&& (== netstandard2.0) (>= net6.0-windows7.0))
      DevExpress.Win.Navigation (24.1.7) - restriction: || (&& (== net6.0) (>= net452)) (&& (== net6.0) (>= net6.0-windows7.0)) (== net6.0-windows7.0) (&& (== net8.0) (>= net452)) (&& (== net8.0) (>= net6.0-windows7.0)) (&& (== net8.0-windows7.0) (>= net452)) (&& (== net8.0-windows7.0) (>= net6.0-windows7.0)) (&& (== netstandard2.0) (>= net452)) (&& (== netstandard2.0) (>= net6.0-windows7.0))
      Microsoft.Extensions.DependencyInjection.Abstractions (>= 6.0) - restriction: || (&& (== net6.0) (>= net6.0-windows7.0)) (== net6.0-windows7.0) (&& (== net8.0) (>= net6.0-windows7.0)) (&& (== net8.0-windows7.0) (>= net6.0-windows7.0)) (&& (== netstandard2.0) (>= net6.0-windows7.0))
      System.Configuration.ConfigurationManager (>= 6.0.1) - restriction: || (&& (== net6.0) (>= net6.0-windows7.0)) (== net6.0-windows7.0) (&& (== net8.0) (>= net6.0-windows7.0)) (&& (== net8.0-windows7.0) (>= net6.0-windows7.0)) (&& (== netstandard2.0) (>= net6.0-windows7.0))
      System.Diagnostics.EventLog (>= 6.0) - restriction: || (&& (== net6.0) (>= net6.0-windows7.0)) (== net6.0-windows7.0) (&& (== net8.0) (>= net6.0-windows7.0)) (&& (== net8.0-windows7.0) (>= net6.0-windows7.0)) (&& (== netstandard2.0) (>= net6.0-windows7.0))
      System.Drawing.Common (>= 6.0) - restriction: || (&& (== net6.0) (>= net6.0-windows7.0)) (== net6.0-windows7.0) (&& (== net8.0) (>= net6.0-windows7.0)) (&& (== net8.0-windows7.0) (>= net6.0-windows7.0)) (&& (== netstandard2.0) (>= net6.0-windows7.0))
    DevExpress.ExpressApp.ViewVariantsModule (24.1.7) - restriction: || (== net6.0) (== net6.0-windows7.0) (== net8.0) (== net8.0-windows7.0) (&& (== netstandard2.0) (>= net452)) (&& (== netstandard2.0) (>= net6.0))
      DevExpress.Data (24.1.7) - restriction: || (== net6.0) (== net6.0-windows7.0) (== net8.0) (== net8.0-windows7.0) (&& (== netstandard2.0) (>= net452)) (&& (== netstandard2.0) (>= net6.0))
      DevExpress.ExpressApp (24.1.7) - restriction: || (== net6.0) (== net6.0-windows7.0) (== net8.0) (== net8.0-windows7.0) (&& (== netstandard2.0) (>= net452)) (&& (== netstandard2.0) (>= net6.0))
      System.Formats.Asn1 (>= 8.0.1) - restriction: || (== net6.0) (== net6.0-windows7.0) (== net8.0) (== net8.0-windows7.0) (&& (== netstandard2.0) (>= net6.0))
      System.Security.Cryptography.Xml (>= 6.0.1) - restriction: || (== net6.0) (== net6.0-windows7.0) (== net8.0) (== net8.0-windows7.0) (&& (== netstandard2.0) (>= net6.0))
    DevExpress.ExpressApp.Web.All (24.1.7)
    DevExpress.ExpressApp.Win (24.1.7) - restriction: || (&& (== net6.0) (>= net452)) (&& (== net6.0) (>= net6.0-windows7.0)) (== net6.0-windows7.0) (&& (== net8.0) (>= net452)) (&& (== net8.0) (>= net6.0-windows7.0)) (&& (== net8.0-windows7.0) (>= net452)) (&& (== net8.0-windows7.0) (>= net6.0-windows7.0)) (&& (== netstandard2.0) (>= net452)) (&& (== netstandard2.0) (>= net6.0-windows7.0))
      DevExpress.Data (24.1.7) - restriction: || (&& (== net6.0) (>= net452)) (&& (== net6.0) (>= net6.0-windows7.0)) (== net6.0-windows7.0) (&& (== net8.0) (>= net452)) (&& (== net8.0) (>= net6.0-windows7.0)) (&& (== net8.0-windows7.0) (>= net452)) (&& (== net8.0-windows7.0) (>= net6.0-windows7.0)) (&& (== netstandard2.0) (>= net452)) (&& (== netstandard2.0) (>= net6.0-windows7.0))
      DevExpress.Data.Desktop (24.1.7) - restriction: || (&& (== net6.0) (>= net452)) (&& (== net6.0) (>= net6.0-windows7.0)) (== net6.0-windows7.0) (&& (== net8.0) (>= net452)) (&& (== net8.0) (>= net6.0-windows7.0)) (&& (== net8.0-windows7.0) (>= net452)) (&& (== net8.0-windows7.0) (>= net6.0-windows7.0)) (&& (== netstandard2.0) (>= net452)) (&& (== netstandard2.0) (>= net6.0-windows7.0))
      DevExpress.DataAccess.UI (24.1.7) - restriction: || (&& (== net6.0) (>= net452)) (&& (== net6.0) (>= net6.0-windows7.0)) (== net6.0-windows7.0) (&& (== net8.0) (>= net452)) (&& (== net8.0) (>= net6.0-windows7.0)) (&& (== net8.0-windows7.0) (>= net452)) (&& (== net8.0-windows7.0) (>= net6.0-windows7.0)) (&& (== netstandard2.0) (>= net452)) (&& (== netstandard2.0) (>= net6.0-windows7.0))
      DevExpress.Drawing (24.1.7) - restriction: || (&& (== net6.0) (>= net452)) (&& (== net6.0) (>= net6.0-windows7.0)) (== net6.0-windows7.0) (&& (== net8.0) (>= net452)) (&& (== net8.0) (>= net6.0-windows7.0)) (&& (== net8.0-windows7.0) (>= net452)) (&& (== net8.0-windows7.0) (>= net6.0-windows7.0)) (&& (== netstandard2.0) (>= net452)) (&& (== netstandard2.0) (>= net6.0-windows7.0))
      DevExpress.ExpressApp (24.1.7) - restriction: || (&& (== net6.0) (>= net452)) (&& (== net6.0) (>= net6.0-windows7.0)) (== net6.0-windows7.0) (&& (== net8.0) (>= net452)) (&& (== net8.0) (>= net6.0-windows7.0)) (&& (== net8.0-windows7.0) (>= net452)) (&& (== net8.0-windows7.0) (>= net6.0-windows7.0)) (&& (== netstandard2.0) (>= net452)) (&& (== netstandard2.0) (>= net6.0-windows7.0))
      DevExpress.ExpressApp.Security (24.1.7) - restriction: || (&& (== net6.0) (>= net6.0-windows7.0)) (== net6.0-windows7.0) (&& (== net8.0) (>= net6.0-windows7.0)) (&& (== net8.0-windows7.0) (>= net6.0-windows7.0)) (&& (== netstandard2.0) (>= net6.0-windows7.0))
      DevExpress.Office.Core (24.1.7) - restriction: || (&& (== net6.0) (>= net452)) (&& (== net6.0) (>= net6.0-windows7.0)) (== net6.0-windows7.0) (&& (== net8.0) (>= net452)) (&& (== net8.0) (>= net6.0-windows7.0)) (&& (== net8.0-windows7.0) (>= net452)) (&& (== net8.0-windows7.0) (>= net6.0-windows7.0)) (&& (== netstandard2.0) (>= net452)) (&& (== netstandard2.0) (>= net6.0-windows7.0))
      DevExpress.Persistent.Base (24.1.7) - restriction: || (&& (== net6.0) (>= net452)) (&& (== net6.0) (>= net6.0-windows7.0)) (== net6.0-windows7.0) (&& (== net8.0) (>= net452)) (&& (== net8.0) (>= net6.0-windows7.0)) (&& (== net8.0-windows7.0) (>= net452)) (&& (== net8.0-windows7.0) (>= net6.0-windows7.0)) (&& (== netstandard2.0) (>= net452)) (&& (== netstandard2.0) (>= net6.0-windows7.0))
      DevExpress.Printing.Core (24.1.7) - restriction: || (&& (== net6.0) (>= net452)) (&& (== net6.0) (>= net6.0-windows7.0)) (== net6.0-windows7.0) (&& (== net8.0) (>= net452)) (&& (== net8.0) (>= net6.0-windows7.0)) (&& (== net8.0-windows7.0) (>= net452)) (&& (== net8.0-windows7.0) (>= net6.0-windows7.0)) (&& (== netstandard2.0) (>= net452)) (&& (== netstandard2.0) (>= net6.0-windows7.0))
      DevExpress.RichEdit.Core (24.1.7) - restriction: || (&& (== net6.0) (>= net452)) (&& (== net6.0) (>= net6.0-windows7.0)) (== net6.0-windows7.0) (&& (== net8.0) (>= net452)) (&& (== net8.0) (>= net6.0-windows7.0)) (&& (== net8.0-windows7.0) (>= net452)) (&& (== net8.0-windows7.0) (>= net6.0-windows7.0)) (&& (== netstandard2.0) (>= net452)) (&& (== netstandard2.0) (>= net6.0-windows7.0))
      DevExpress.Utils (24.1.7) - restriction: || (&& (== net6.0) (>= net452)) (&& (== net6.0) (>= net6.0-windows7.0)) (== net6.0-windows7.0) (&& (== net8.0) (>= net452)) (&& (== net8.0) (>= net6.0-windows7.0)) (&& (== net8.0-windows7.0) (>= net452)) (&& (== net8.0-windows7.0) (>= net6.0-windows7.0)) (&& (== netstandard2.0) (>= net452)) (&& (== netstandard2.0) (>= net6.0-windows7.0))
      DevExpress.Win (24.1.7) - restriction: || (&& (== net6.0) (>= net452)) (&& (== net6.0) (>= net6.0-windows7.0)) (== net6.0-windows7.0) (&& (== net8.0) (>= net452)) (&& (== net8.0) (>= net6.0-windows7.0)) (&& (== net8.0-windows7.0) (>= net452)) (&& (== net8.0-windows7.0) (>= net6.0-windows7.0)) (&& (== netstandard2.0) (>= net452)) (&& (== netstandard2.0) (>= net6.0-windows7.0))
      DevExpress.Win.BonusSkins (24.1.7) - restriction: || (&& (== net6.0) (>= net452)) (&& (== net6.0) (>= net6.0-windows7.0)) (== net6.0-windows7.0) (&& (== net8.0) (>= net452)) (&& (== net8.0) (>= net6.0-windows7.0)) (&& (== net8.0-windows7.0) (>= net452)) (&& (== net8.0-windows7.0) (>= net6.0-windows7.0)) (&& (== netstandard2.0) (>= net452)) (&& (== netstandard2.0) (>= net6.0-windows7.0))
      DevExpress.Win.Grid (24.1.7) - restriction: || (&& (== net6.0) (>= net452)) (&& (== net6.0) (>= net6.0-windows7.0)) (== net6.0-windows7.0) (&& (== net8.0) (>= net452)) (&& (== net8.0) (>= net6.0-windows7.0)) (&& (== net8.0-windows7.0) (>= net452)) (&& (== net8.0-windows7.0) (>= net6.0-windows7.0)) (&& (== netstandard2.0) (>= net452)) (&& (== netstandard2.0) (>= net6.0-windows7.0))
      DevExpress.Win.Navigation (24.1.7) - restriction: || (&& (== net6.0) (>= net452)) (&& (== net6.0) (>= net6.0-windows7.0)) (== net6.0-windows7.0) (&& (== net8.0) (>= net452)) (&& (== net8.0) (>= net6.0-windows7.0)) (&& (== net8.0-windows7.0) (>= net452)) (&& (== net8.0-windows7.0) (>= net6.0-windows7.0)) (&& (== netstandard2.0) (>= net452)) (&& (== netstandard2.0) (>= net6.0-windows7.0))
      DevExpress.Win.Printing (24.1.7) - restriction: || (&& (== net6.0) (>= net452)) (&& (== net6.0) (>= net6.0-windows7.0)) (== net6.0-windows7.0) (&& (== net8.0) (>= net452)) (&& (== net8.0) (>= net6.0-windows7.0)) (&& (== net8.0-windows7.0) (>= net452)) (&& (== net8.0-windows7.0) (>= net6.0-windows7.0)) (&& (== netstandard2.0) (>= net452)) (&& (== netstandard2.0) (>= net6.0-windows7.0))
      DevExpress.Win.RichEdit (24.1.7) - restriction: || (&& (== net6.0) (>= net452)) (&& (== net6.0) (>= net6.0-windows7.0)) (== net6.0-windows7.0) (&& (== net8.0) (>= net452)) (&& (== net8.0) (>= net6.0-windows7.0)) (&& (== net8.0-windows7.0) (>= net452)) (&& (== net8.0-windows7.0) (>= net6.0-windows7.0)) (&& (== netstandard2.0) (>= net452)) (&& (== netstandard2.0) (>= net6.0-windows7.0))
      DevExpress.Win.TreeList (24.1.7) - restriction: || (&& (== net6.0) (>= net452)) (&& (== net6.0) (>= net6.0-windows7.0)) (== net6.0-windows7.0) (&& (== net8.0) (>= net452)) (&& (== net8.0) (>= net6.0-windows7.0)) (&& (== net8.0-windows7.0) (>= net452)) (&& (== net8.0-windows7.0) (>= net6.0-windows7.0)) (&& (== netstandard2.0) (>= net452)) (&& (== netstandard2.0) (>= net6.0-windows7.0))
      DevExpress.Win.VerticalGrid (24.1.7) - restriction: || (&& (== net6.0) (>= net452)) (&& (== net6.0) (>= net6.0-windows7.0)) (== net6.0-windows7.0) (&& (== net8.0) (>= net452)) (&& (== net8.0) (>= net6.0-windows7.0)) (&& (== net8.0-windows7.0) (>= net452)) (&& (== net8.0-windows7.0) (>= net6.0-windows7.0)) (&& (== netstandard2.0) (>= net452)) (&& (== netstandard2.0) (>= net6.0-windows7.0))
      Microsoft.Extensions.Configuration (>= 6.0) - restriction: || (&& (== net6.0) (>= net6.0-windows7.0)) (== net6.0-windows7.0) (&& (== net8.0) (>= net6.0-windows7.0)) (&& (== net8.0-windows7.0) (>= net6.0-windows7.0)) (&& (== netstandard2.0) (>= net6.0-windows7.0))
      Microsoft.Extensions.DependencyInjection (>= 6.0.1) - restriction: || (&& (== net6.0) (>= net6.0-windows7.0)) (== net6.0-windows7.0) (&& (== net8.0) (>= net6.0-windows7.0)) (&& (== net8.0-windows7.0) (>= net6.0-windows7.0)) (&& (== netstandard2.0) (>= net6.0-windows7.0))
      Microsoft.Extensions.Options (>= 6.0) - restriction: || (&& (== net6.0) (>= net6.0-windows7.0)) (== net6.0-windows7.0) (&& (== net8.0) (>= net6.0-windows7.0)) (&& (== net8.0-windows7.0) (>= net6.0-windows7.0)) (&& (== netstandard2.0) (>= net6.0-windows7.0))
      Microsoft.Identity.Client (>= 4.61.3) - restriction: || (&& (== net6.0) (>= net6.0-windows7.0)) (== net6.0-windows7.0) (&& (== net8.0) (>= net6.0-windows7.0)) (&& (== net8.0-windows7.0) (>= net6.0-windows7.0)) (&& (== netstandard2.0) (>= net6.0-windows7.0))
      Microsoft.Identity.Client.Broker (>= 4.61.3) - restriction: || (&& (== net6.0) (>= net6.0-windows7.0)) (== net6.0-windows7.0) (&& (== net8.0) (>= net6.0-windows7.0)) (&& (== net8.0-windows7.0) (>= net6.0-windows7.0)) (&& (== netstandard2.0) (>= net6.0-windows7.0))
      Microsoft.Identity.Client.Desktop (>= 4.61.3) - restriction: || (&& (== net6.0) (>= net6.0-windows7.0)) (== net6.0-windows7.0) (&& (== net8.0) (>= net6.0-windows7.0)) (&& (== net8.0-windows7.0) (>= net6.0-windows7.0)) (&& (== netstandard2.0) (>= net6.0-windows7.0))
      Microsoft.Identity.Client.NativeInterop (>= 0.16.1) - restriction: || (&& (== net6.0) (>= net6.0-windows7.0)) (== net6.0-windows7.0) (&& (== net8.0) (>= net6.0-windows7.0)) (&& (== net8.0-windows7.0) (>= net6.0-windows7.0)) (&& (== netstandard2.0) (>= net6.0-windows7.0))
      System.Configuration.ConfigurationManager (>= 6.0.1) - restriction: || (&& (== net6.0) (>= net6.0-windows7.0)) (== net6.0-windows7.0) (&& (== net8.0) (>= net6.0-windows7.0)) (&& (== net8.0-windows7.0) (>= net6.0-windows7.0)) (&& (== netstandard2.0) (>= net6.0-windows7.0))
      System.Diagnostics.EventLog (>= 6.0) - restriction: || (&& (== net6.0) (>= net6.0-windows7.0)) (== net6.0-windows7.0) (&& (== net8.0) (>= net6.0-windows7.0)) (&& (== net8.0-windows7.0) (>= net6.0-windows7.0)) (&& (== netstandard2.0) (>= net6.0-windows7.0))
      System.Drawing.Common (>= 6.0) - restriction: || (&& (== net6.0) (>= net6.0-windows7.0)) (== net6.0-windows7.0) (&& (== net8.0) (>= net6.0-windows7.0)) (&& (== net8.0-windows7.0) (>= net6.0-windows7.0)) (&& (== netstandard2.0) (>= net6.0-windows7.0))
    DevExpress.ExpressApp.Win.All (24.1.7)
      DevExpress.ExpressApp.Chart.Win (24.1.7) - restriction: || (&& (== net6.0) (>= net452)) (&& (== net6.0) (>= net6.0-windows7.0)) (== net6.0-windows7.0) (&& (== net8.0) (>= net452)) (&& (== net8.0) (>= net6.0-windows7.0)) (&& (== net8.0-windows7.0) (>= net452)) (&& (== net8.0-windows7.0) (>= net6.0-windows7.0)) (&& (== netstandard2.0) (>= net452)) (&& (== netstandard2.0) (>= net6.0-windows7.0))
      DevExpress.ExpressApp.Core.All (24.1.7) - restriction: || (&& (== net6.0) (>= net452)) (&& (== net6.0) (>= net6.0-windows7.0)) (== net6.0-windows7.0) (&& (== net8.0) (>= net452)) (&& (== net8.0) (>= net6.0-windows7.0)) (&& (== net8.0-windows7.0) (>= net452)) (&& (== net8.0-windows7.0) (>= net6.0-windows7.0)) (&& (== netstandard2.0) (>= net452)) (&& (== netstandard2.0) (>= net6.0-windows7.0))
      DevExpress.ExpressApp.Dashboards.Win (24.1.7) - restriction: || (&& (== net6.0) (>= net452)) (&& (== net6.0) (>= net6.0-windows7.0)) (== net6.0-windows7.0) (&& (== net8.0) (>= net452)) (&& (== net8.0) (>= net6.0-windows7.0)) (&& (== net8.0-windows7.0) (>= net452)) (&& (== net8.0-windows7.0) (>= net6.0-windows7.0)) (&& (== netstandard2.0) (>= net452)) (&& (== netstandard2.0) (>= net6.0-windows7.0))
      DevExpress.ExpressApp.EasyTest.WinAdapter (24.1.7) - restriction: || (&& (== net6.0) (>= net452)) (&& (== net6.0) (>= net6.0-windows7.0)) (== net6.0-windows7.0) (&& (== net8.0) (>= net452)) (&& (== net8.0) (>= net6.0-windows7.0)) (&& (== net8.0-windows7.0) (>= net452)) (&& (== net8.0-windows7.0) (>= net6.0-windows7.0)) (&& (== netstandard2.0) (>= net452)) (&& (== netstandard2.0) (>= net6.0-windows7.0))
      DevExpress.ExpressApp.FileAttachment.Win (24.1.7) - restriction: || (&& (== net6.0) (>= net452)) (&& (== net6.0) (>= net6.0-windows7.0)) (== net6.0-windows7.0) (&& (== net8.0) (>= net452)) (&& (== net8.0) (>= net6.0-windows7.0)) (&& (== net8.0-windows7.0) (>= net452)) (&& (== net8.0-windows7.0) (>= net6.0-windows7.0)) (&& (== netstandard2.0) (>= net452)) (&& (== netstandard2.0) (>= net6.0-windows7.0))
      DevExpress.ExpressApp.Notifications.Win (24.1.7) - restriction: || (&& (== net6.0) (>= net452)) (&& (== net6.0) (>= net6.0-windows7.0)) (== net6.0-windows7.0) (&& (== net8.0) (>= net452)) (&& (== net8.0) (>= net6.0-windows7.0)) (&& (== net8.0-windows7.0) (>= net452)) (&& (== net8.0-windows7.0) (>= net6.0-windows7.0)) (&& (== netstandard2.0) (>= net452)) (&& (== netstandard2.0) (>= net6.0-windows7.0))
      DevExpress.ExpressApp.Office.Win (24.1.7) - restriction: || (&& (== net6.0) (>= net452)) (&& (== net6.0) (>= net6.0-windows7.0)) (== net6.0-windows7.0) (&& (== net8.0) (>= net452)) (&& (== net8.0) (>= net6.0-windows7.0)) (&& (== net8.0-windows7.0) (>= net452)) (&& (== net8.0-windows7.0) (>= net6.0-windows7.0)) (&& (== netstandard2.0) (>= net452)) (&& (== netstandard2.0) (>= net6.0-windows7.0))
      DevExpress.ExpressApp.PivotChart.Win (24.1.7) - restriction: || (&& (== net6.0) (>= net452)) (&& (== net6.0) (>= net6.0-windows7.0)) (== net6.0-windows7.0) (&& (== net8.0) (>= net452)) (&& (== net8.0) (>= net6.0-windows7.0)) (&& (== net8.0-windows7.0) (>= net452)) (&& (== net8.0-windows7.0) (>= net6.0-windows7.0)) (&& (== netstandard2.0) (>= net452)) (&& (== netstandard2.0) (>= net6.0-windows7.0))
      DevExpress.ExpressApp.PivotGrid.Win (24.1.7) - restriction: || (&& (== net6.0) (>= net452)) (&& (== net6.0) (>= net6.0-windows7.0)) (== net6.0-windows7.0) (&& (== net8.0) (>= net452)) (&& (== net8.0) (>= net6.0-windows7.0)) (&& (== net8.0-windows7.0) (>= net452)) (&& (== net8.0-windows7.0) (>= net6.0-windows7.0)) (&& (== netstandard2.0) (>= net452)) (&& (== netstandard2.0) (>= net6.0-windows7.0))
      DevExpress.ExpressApp.ReportsV2.Win (24.1.7) - restriction: || (&& (== net6.0) (>= net452)) (&& (== net6.0) (>= net6.0-windows7.0)) (== net6.0-windows7.0) (&& (== net8.0) (>= net452)) (&& (== net8.0) (>= net6.0-windows7.0)) (&& (== net8.0-windows7.0) (>= net452)) (&& (== net8.0-windows7.0) (>= net6.0-windows7.0)) (&& (== netstandard2.0) (>= net452)) (&& (== netstandard2.0) (>= net6.0-windows7.0))
      DevExpress.ExpressApp.Scheduler.Win (24.1.7) - restriction: || (&& (== net6.0) (>= net452)) (&& (== net6.0) (>= net6.0-windows7.0)) (== net6.0-windows7.0) (&& (== net8.0) (>= net452)) (&& (== net8.0) (>= net6.0-windows7.0)) (&& (== net8.0-windows7.0) (>= net452)) (&& (== net8.0-windows7.0) (>= net6.0-windows7.0)) (&& (== netstandard2.0) (>= net452)) (&& (== netstandard2.0) (>= net6.0-windows7.0))
      DevExpress.ExpressApp.ScriptRecorder.Win (24.1.7) - restriction: || (&& (== net6.0) (>= net452)) (&& (== net6.0) (>= net6.0-windows7.0)) (== net6.0-windows7.0) (&& (== net8.0) (>= net452)) (&& (== net8.0) (>= net6.0-windows7.0)) (&& (== net8.0-windows7.0) (>= net452)) (&& (== net8.0-windows7.0) (>= net6.0-windows7.0)) (&& (== netstandard2.0) (>= net452)) (&& (== netstandard2.0) (>= net6.0-windows7.0))
      DevExpress.ExpressApp.TreeListEditors.Win (24.1.7) - restriction: || (&& (== net6.0) (>= net452)) (&& (== net6.0) (>= net6.0-windows7.0)) (== net6.0-windows7.0) (&& (== net8.0) (>= net452)) (&& (== net8.0) (>= net6.0-windows7.0)) (&& (== net8.0-windows7.0) (>= net452)) (&& (== net8.0-windows7.0) (>= net6.0-windows7.0)) (&& (== netstandard2.0) (>= net452)) (&& (== netstandard2.0) (>= net6.0-windows7.0))
      DevExpress.ExpressApp.Validation.Win (24.1.7) - restriction: || (&& (== net6.0) (>= net452)) (&& (== net6.0) (>= net6.0-windows7.0)) (== net6.0-windows7.0) (&& (== net8.0) (>= net452)) (&& (== net8.0) (>= net6.0-windows7.0)) (&& (== net8.0-windows7.0) (>= net452)) (&& (== net8.0-windows7.0) (>= net6.0-windows7.0)) (&& (== netstandard2.0) (>= net452)) (&& (== netstandard2.0) (>= net6.0-windows7.0))
      DevExpress.ExpressApp.Win (24.1.7) - restriction: || (&& (== net6.0) (>= net452)) (&& (== net6.0) (>= net6.0-windows7.0)) (== net6.0-windows7.0) (&& (== net8.0) (>= net452)) (&& (== net8.0) (>= net6.0-windows7.0)) (&& (== net8.0-windows7.0) (>= net452)) (&& (== net8.0-windows7.0) (>= net6.0-windows7.0)) (&& (== netstandard2.0) (>= net452)) (&& (== netstandard2.0) (>= net6.0-windows7.0))
    DevExpress.ExpressApp.Xpo (24.1.7) - restriction: || (== net6.0) (== net6.0-windows7.0) (== net8.0) (== net8.0-windows7.0) (&& (== netstandard2.0) (>= net452)) (&& (== netstandard2.0) (>= net6.0))
      DevExpress.Data (24.1.7) - restriction: || (== net6.0) (== net6.0-windows7.0) (== net8.0) (== net8.0-windows7.0) (&& (== netstandard2.0) (>= net452)) (&& (== netstandard2.0) (>= net6.0))
      DevExpress.Drawing (24.1.7) - restriction: || (== net6.0) (== net6.0-windows7.0) (== net8.0) (== net8.0-windows7.0) (&& (== netstandard2.0) (>= net452)) (&& (== netstandard2.0) (>= net6.0))
      DevExpress.ExpressApp (24.1.7) - restriction: || (== net6.0) (== net6.0-windows7.0) (== net8.0) (== net8.0-windows7.0) (&& (== netstandard2.0) (>= net452)) (&& (== netstandard2.0) (>= net6.0))
      DevExpress.Xpo (24.1.7) - restriction: || (== net6.0) (== net6.0-windows7.0) (== net8.0) (== net8.0-windows7.0) (&& (== netstandard2.0) (>= net452)) (&& (== netstandard2.0) (>= net6.0))
      Microsoft.Extensions.DependencyInjection.Abstractions (>= 6.0) - restriction: || (== net6.0) (== net6.0-windows7.0) (== net8.0) (== net8.0-windows7.0) (&& (== netstandard2.0) (>= net6.0))
      System.Drawing.Common (>= 6.0) - restriction: || (== net6.0) (== net6.0-windows7.0) (== net8.0) (== net8.0-windows7.0) (&& (== netstandard2.0) (>= net6.0))
      System.Security.Permissions (>= 6.0) - restriction: || (== net6.0) (== net6.0-windows7.0) (== net8.0) (== net8.0-windows7.0) (&& (== netstandard2.0) (>= net6.0))
    DevExpress.Gauges.Core (24.1.7) - restriction: || (== net6.0) (== net6.0-windows7.0) (== net8.0) (== net8.0-windows7.0) (&& (== netstandard2.0) (>= net452)) (&& (== netstandard2.0) (>= net6.0)) (&& (== netstandard2.0) (>= net6.0-windows7.0))
      DevExpress.Data (24.1.7) - restriction: || (== net6.0) (== net6.0-windows7.0) (== net8.0) (== net8.0-windows7.0) (&& (== netstandard2.0) (>= net452)) (&& (== netstandard2.0) (>= net6.0))
      DevExpress.Drawing (24.1.7) - restriction: || (== net6.0) (== net6.0-windows7.0) (== net8.0) (== net8.0-windows7.0) (&& (== netstandard2.0) (>= net452)) (&& (== netstandard2.0) (>= net6.0))
      DevExpress.Printing.Core (24.1.7) - restriction: || (== net6.0) (== net6.0-windows7.0) (== net8.0) (== net8.0-windows7.0) (&& (== netstandard2.0) (>= net452)) (&& (== netstandard2.0) (>= net6.0))
      System.Drawing.Common (>= 4.7.2) - restriction: || (== net6.0) (== net6.0-windows7.0) (== net8.0) (== net8.0-windows7.0) (&& (== netstandard2.0) (>= net6.0))
    DevExpress.Images (24.1.7) - restriction: || (&& (== net6.0) (>= net452)) (&& (== net6.0) (>= net6.0-windows7.0)) (== net6.0-windows7.0) (&& (== net8.0) (>= net452)) (&& (== net8.0) (>= net6.0-windows7.0)) (&& (== net8.0-windows7.0) (>= net452)) (&& (== net8.0-windows7.0) (>= net6.0-windows7.0)) (&& (== netstandard2.0) (>= net452)) (&& (== netstandard2.0) (>= net6.0-windows7.0))
      DevExpress.Data (24.1.7) - restriction: || (== net6.0) (== net6.0-windows7.0) (== net8.0) (== net8.0-windows7.0) (&& (== netstandard2.0) (>= net452)) (&& (== netstandard2.0) (>= net6.0))
      DevExpress.Drawing (24.1.7) - restriction: || (== net6.0) (== net6.0-windows7.0) (== net8.0) (== net8.0-windows7.0) (&& (== netstandard2.0) (>= net452)) (&& (== netstandard2.0) (>= net6.0))
      System.Drawing.Common (>= 4.7.2) - restriction: || (== net6.0) (== net6.0-windows7.0) (== net8.0) (== net8.0-windows7.0) (&& (== netstandard2.0) (>= net6.0))
    DevExpress.Map.Core (24.1.7) - restriction: || (== net6.0) (== net6.0-windows7.0) (== net8.0) (== net8.0-windows7.0) (&& (== netstandard2.0) (>= net452)) (&& (== netstandard2.0) (>= net6.0)) (&& (== netstandard2.0) (>= net6.0-windows7.0))
      DevExpress.Data (24.1.7) - restriction: || (== net6.0) (== net6.0-windows7.0) (== net8.0) (== net8.0-windows7.0) (&& (== netstandard2.0) (>= net452)) (&& (== netstandard2.0) (>= net6.0))
      DevExpress.Drawing (24.1.7) - restriction: || (== net6.0) (== net6.0-windows7.0) (== net8.0) (== net8.0-windows7.0) (&& (== netstandard2.0) (>= net452)) (&& (== netstandard2.0) (>= net6.0))
      DevExpress.Printing.Core (24.1.7) - restriction: || (== net6.0) (== net6.0-windows7.0) (== net8.0) (== net8.0-windows7.0) (&& (== netstandard2.0) (>= net452)) (&& (== netstandard2.0) (>= net6.0))
      System.Drawing.Common (>= 4.7.2) - restriction: || (== net6.0) (== net6.0-windows7.0) (== net8.0) (== net8.0-windows7.0) (&& (== netstandard2.0) (>= net6.0))
    DevExpress.Office.Core (24.1.7) - restriction: || (== net6.0) (== net6.0-windows7.0) (== net8.0) (== net8.0-windows7.0) (&& (== netstandard2.0) (>= net452)) (&& (== netstandard2.0) (>= net6.0)) (&& (== netstandard2.0) (>= net6.0-windows7.0))
      DevExpress.Data (24.1.7) - restriction: || (== net6.0) (== net6.0-windows7.0) (== net8.0) (== net8.0-windows7.0) (&& (== netstandard2.0) (>= net452)) (&& (== netstandard2.0) (>= net6.0))
      DevExpress.Drawing (24.1.7) - restriction: || (== net6.0) (== net6.0-windows7.0) (== net8.0) (== net8.0-windows7.0) (&& (== netstandard2.0) (>= net452)) (&& (== netstandard2.0) (>= net6.0))
      DevExpress.Pdf.Core (24.1.7) - restriction: || (== net6.0) (== net6.0-windows7.0) (== net8.0) (== net8.0-windows7.0) (&& (== netstandard2.0) (>= net452)) (&& (== netstandard2.0) (>= net6.0))
      DevExpress.Printing.Core (24.1.7) - restriction: || (== net6.0) (== net6.0-windows7.0) (== net8.0) (== net8.0-windows7.0) (&& (== netstandard2.0) (>= net452)) (&& (== netstandard2.0) (>= net6.0))
      System.Drawing.Common (>= 4.7.2) - restriction: || (== net6.0) (== net6.0-windows7.0) (== net8.0) (== net8.0-windows7.0) (&& (== netstandard2.0) (>= net6.0))
    DevExpress.Pdf.Core (24.1.7) - restriction: || (== net6.0) (== net6.0-windows7.0) (== net8.0) (== net8.0-windows7.0) (&& (== netstandard2.0) (>= net452)) (&& (== netstandard2.0) (>= net6.0)) (&& (== netstandard2.0) (>= net6.0-windows7.0))
      DevExpress.Data (24.1.7) - restriction: || (== net6.0) (== net6.0-windows7.0) (== net8.0) (== net8.0-windows7.0) (&& (== netstandard2.0) (>= net452)) (&& (== netstandard2.0) (>= net6.0))
      DevExpress.Drawing (24.1.7) - restriction: || (== net6.0) (== net6.0-windows7.0) (== net8.0) (== net8.0-windows7.0) (&& (== netstandard2.0) (>= net452)) (&& (== netstandard2.0) (>= net6.0))
      System.Drawing.Common (>= 4.7.2) - restriction: || (== net6.0) (== net6.0-windows7.0) (== net8.0) (== net8.0-windows7.0) (&& (== netstandard2.0) (>= net6.0))
      System.Formats.Asn1 (>= 6.0.1) - restriction: || (== net6.0) (== net6.0-windows7.0) (== net8.0) (== net8.0-windows7.0) (&& (== netstandard2.0) (>= net6.0))
      System.Security.Cryptography.Pkcs (>= 6.0.3) - restriction: || (== net6.0) (== net6.0-windows7.0) (== net8.0) (== net8.0-windows7.0) (&& (== netstandard2.0) (>= net6.0))
    DevExpress.Pdf.Drawing (24.1.7) - restriction: || (== net6.0) (== net6.0-windows7.0) (== net8.0) (== net8.0-windows7.0) (&& (== netstandard2.0) (>= net6.0))
      DevExpress.Data (24.1.7) - restriction: || (== net6.0) (== net6.0-windows7.0) (== net8.0) (== net8.0-windows7.0) (&& (== netstandard2.0) (>= net452)) (&& (== netstandard2.0) (>= net6.0))
      DevExpress.Drawing (24.1.7) - restriction: || (== net6.0) (== net6.0-windows7.0) (== net8.0) (== net8.0-windows7.0) (&& (== netstandard2.0) (>= net452)) (&& (== netstandard2.0) (>= net6.0))
      DevExpress.Pdf.Core (24.1.7) - restriction: || (== net6.0) (== net6.0-windows7.0) (== net8.0) (== net8.0-windows7.0) (&& (== netstandard2.0) (>= net452)) (&& (== netstandard2.0) (>= net6.0))
      System.Drawing.Common (>= 4.7.2) - restriction: || (== net6.0) (== net6.0-windows7.0) (== net8.0) (== net8.0-windows7.0) (&& (== netstandard2.0) (>= net6.0))
    DevExpress.Persistent.Base (24.1.7) - restriction: || (== net6.0) (== net6.0-windows7.0) (== net8.0) (== net8.0-windows7.0) (&& (== netstandard2.0) (>= net452)) (&& (== netstandard2.0) (>= net6.0)) (&& (== netstandard2.0) (>= net6.0-windows7.0))
      DevExpress.Data (24.1.7) - restriction: || (== net6.0) (== net6.0-windows7.0) (== net8.0) (== net8.0-windows7.0) (&& (== netstandard2.0) (>= net452)) (&& (== netstandard2.0) (>= net6.0))
      DevExpress.DataAccess (24.1.7) - restriction: || (== net6.0) (== net6.0-windows7.0) (== net8.0) (== net8.0-windows7.0) (&& (== netstandard2.0) (>= net452)) (&& (== netstandard2.0) (>= net6.0))
      DevExpress.Drawing (24.1.7) - restriction: || (== net6.0) (== net6.0-windows7.0) (== net8.0) (== net8.0-windows7.0) (&& (== netstandard2.0) (>= net452)) (&& (== netstandard2.0) (>= net6.0))
      DevExpress.ExpressApp (24.1.7) - restriction: || (== net6.0) (== net6.0-windows7.0) (== net8.0) (== net8.0-windows7.0) (&& (== netstandard2.0) (>= net452)) (&& (== netstandard2.0) (>= net6.0))
      DevExpress.Printing.Core (24.1.7) - restriction: || (== net6.0) (== net6.0-windows7.0) (== net8.0) (== net8.0-windows7.0) (&& (== netstandard2.0) (>= net452)) (&& (== netstandard2.0) (>= net6.0))
      Microsoft.Extensions.DependencyInjection.Abstractions (>= 6.0) - restriction: || (== net6.0) (== net6.0-windows7.0) (== net8.0) (== net8.0-windows7.0) (&& (== netstandard2.0) (>= net6.0))
      Microsoft.Extensions.Options (>= 6.0) - restriction: || (== net6.0) (== net6.0-windows7.0) (== net8.0) (== net8.0-windows7.0) (&& (== netstandard2.0) (>= net6.0))
    DevExpress.Persistent.BaseImpl.Xpo (24.1.7) - restriction: || (== net6.0) (== net6.0-windows7.0) (== net8.0) (== net8.0-windows7.0) (&& (== netstandard2.0) (>= net452)) (&& (== netstandard2.0) (>= net6.0))
      DevExpress.Data (24.1.7) - restriction: || (== net6.0) (== net6.0-windows7.0) (== net8.0) (== net8.0-windows7.0) (&& (== netstandard2.0) (>= net452)) (&& (== netstandard2.0) (>= net6.0))
      DevExpress.Drawing (24.1.7) - restriction: || (== net6.0) (== net6.0-windows7.0) (== net8.0) (== net8.0-windows7.0) (&& (== netstandard2.0) (>= net452)) (&& (== netstandard2.0) (>= net6.0))
      DevExpress.ExpressApp (24.1.7) - restriction: || (== net6.0) (== net6.0-windows7.0) (== net8.0) (== net8.0-windows7.0) (&& (== netstandard2.0) (>= net452)) (&& (== netstandard2.0) (>= net6.0))
      DevExpress.ExpressApp.Objects (24.1.7) - restriction: || (== net6.0) (== net6.0-windows7.0) (== net8.0) (== net8.0-windows7.0) (&& (== netstandard2.0) (>= net452)) (&& (== netstandard2.0) (>= net6.0))
      DevExpress.ExpressApp.Xpo (24.1.7) - restriction: || (== net6.0) (== net6.0-windows7.0) (== net8.0) (== net8.0-windows7.0) (&& (== netstandard2.0) (>= net452)) (&& (== netstandard2.0) (>= net6.0))
      DevExpress.Persistent.Base (24.1.7) - restriction: || (== net6.0) (== net6.0-windows7.0) (== net8.0) (== net8.0-windows7.0) (&& (== netstandard2.0) (>= net452)) (&& (== netstandard2.0) (>= net6.0))
      DevExpress.Scheduler.Core (24.1.7) - restriction: || (== net6.0) (== net6.0-windows7.0) (== net8.0) (== net8.0-windows7.0) (&& (== netstandard2.0) (>= net452)) (&& (== netstandard2.0) (>= net6.0))
      DevExpress.Xpo (24.1.7) - restriction: || (== net6.0) (== net6.0-windows7.0) (== net8.0) (== net8.0-windows7.0) (&& (== netstandard2.0) (>= net452)) (&& (== netstandard2.0) (>= net6.0))
      Microsoft.Extensions.Options (>= 6.0) - restriction: || (== net6.0) (== net6.0-windows7.0) (== net8.0) (== net8.0-windows7.0) (&& (== netstandard2.0) (>= net6.0))
    DevExpress.PivotGrid.Core (24.1.7) - restriction: || (== net6.0) (== net6.0-windows7.0) (== net8.0) (== net8.0-windows7.0) (&& (== netstandard2.0) (>= net452)) (&& (== netstandard2.0) (>= net6.0)) (&& (== netstandard2.0) (>= net6.0-windows7.0))
      DevExpress.Data (24.1.7) - restriction: || (== net6.0) (== net6.0-windows7.0) (== net8.0) (== net8.0-windows7.0) (&& (== netstandard2.0) (>= net452)) (&& (== netstandard2.0) (>= net6.0))
      DevExpress.Drawing (24.1.7) - restriction: || (== net6.0) (== net6.0-windows7.0) (== net8.0) (== net8.0-windows7.0) (&& (== netstandard2.0) (>= net452)) (&& (== netstandard2.0) (>= net6.0))
      DevExpress.Printing.Core (24.1.7) - restriction: || (== net6.0) (== net6.0-windows7.0) (== net8.0) (== net8.0-windows7.0) (&& (== netstandard2.0) (>= net452)) (&& (== netstandard2.0) (>= net6.0))
      System.Drawing.Common (>= 4.7.2) - restriction: || (== net6.0) (== net6.0-windows7.0) (== net8.0) (== net8.0-windows7.0) (&& (== netstandard2.0) (>= net6.0))
    DevExpress.Printing.Core (24.1.7) - restriction: || (== net6.0) (== net6.0-windows7.0) (== net8.0) (== net8.0-windows7.0) (&& (== netstandard2.0) (>= net452)) (&& (== netstandard2.0) (>= net6.0)) (&& (== netstandard2.0) (>= net6.0-windows7.0))
      DevExpress.Data (24.1.7) - restriction: || (== net6.0) (== net6.0-windows7.0) (== net8.0) (== net8.0-windows7.0) (&& (== netstandard2.0) (>= net452)) (&& (== netstandard2.0) (>= net6.0))
      DevExpress.Drawing (24.1.7) - restriction: || (== net6.0) (== net6.0-windows7.0) (== net8.0) (== net8.0-windows7.0) (&& (== netstandard2.0) (>= net452)) (&& (== netstandard2.0) (>= net6.0))
      DevExpress.Pdf.Core (24.1.7) - restriction: || (== net6.0) (== net6.0-windows7.0) (== net8.0) (== net8.0-windows7.0) (&& (== netstandard2.0) (>= net452)) (&& (== netstandard2.0) (>= net6.0))
      DevExpress.Pdf.Drawing (24.1.7) - restriction: || (== net6.0) (== net6.0-windows7.0) (== net8.0) (== net8.0-windows7.0) (&& (== netstandard2.0) (>= net452)) (&& (== netstandard2.0) (>= net6.0))
      System.Drawing.Common (>= 4.7.2) - restriction: || (== net6.0) (== net6.0-windows7.0) (== net8.0) (== net8.0-windows7.0) (&& (== netstandard2.0) (>= net6.0))
      System.Formats.Asn1 (>= 6.0.1) - restriction: || (== net6.0) (== net6.0-windows7.0) (== net8.0) (== net8.0-windows7.0) (&& (== netstandard2.0) (>= net6.0))
      System.Security.Cryptography.Pkcs (>= 6.0.3) - restriction: || (== net6.0) (== net6.0-windows7.0) (== net8.0) (== net8.0-windows7.0) (&& (== netstandard2.0) (>= net6.0))
      System.ServiceModel.Http (>= 6.2) - restriction: || (== net6.0) (== net6.0-windows7.0) (== net8.0) (== net8.0-windows7.0) (&& (== netstandard2.0) (>= net6.0))
    DevExpress.Reporting.Core (24.1.7) - restriction: || (== net6.0) (== net6.0-windows7.0) (== net8.0) (== net8.0-windows7.0) (&& (== netstandard2.0) (>= net452)) (&& (== netstandard2.0) (>= net6.0)) (&& (== netstandard2.0) (>= net6.0-windows7.0))
      DevExpress.Charts (24.1.7) - restriction: || (== net6.0) (== net6.0-windows7.0) (== net8.0) (== net8.0-windows7.0) (&& (== netstandard2.0) (>= net452)) (&& (== netstandard2.0) (>= net6.0))
      DevExpress.Charts.Core (24.1.7) - restriction: || (== net6.0) (== net6.0-windows7.0) (== net8.0) (== net8.0-windows7.0) (&& (== netstandard2.0) (>= net452)) (&& (== netstandard2.0) (>= net6.0))
      DevExpress.CodeParser (24.1.7) - restriction: || (== net6.0) (== net6.0-windows7.0) (== net8.0) (== net8.0-windows7.0) (&& (== netstandard2.0) (>= net452)) (&& (== netstandard2.0) (>= net6.0))
      DevExpress.Data (24.1.7) - restriction: || (== net6.0) (== net6.0-windows7.0) (== net8.0) (== net8.0-windows7.0) (&& (== netstandard2.0) (>= net452)) (&& (== netstandard2.0) (>= net6.0))
      DevExpress.DataAccess (24.1.7) - restriction: || (== net6.0) (== net6.0-windows7.0) (== net8.0) (== net8.0-windows7.0) (&& (== netstandard2.0) (>= net452)) (&& (== netstandard2.0) (>= net6.0))
      DevExpress.Drawing (24.1.7) - restriction: || (== net6.0) (== net6.0-windows7.0) (== net8.0) (== net8.0-windows7.0) (&& (== netstandard2.0) (>= net452)) (&& (== netstandard2.0) (>= net6.0))
      DevExpress.Gauges.Core (24.1.7) - restriction: || (== net6.0) (== net6.0-windows7.0) (== net8.0) (== net8.0-windows7.0) (&& (== netstandard2.0) (>= net452)) (&& (== netstandard2.0) (>= net6.0))
      DevExpress.Office.Core (24.1.7) - restriction: || (== net6.0) (== net6.0-windows7.0) (== net8.0) (== net8.0-windows7.0) (&& (== netstandard2.0) (>= net452)) (&& (== netstandard2.0) (>= net6.0))
      DevExpress.Pdf.Core (24.1.7) - restriction: || (== net6.0) (== net6.0-windows7.0) (== net8.0) (== net8.0-windows7.0) (&& (== netstandard2.0) (>= net452)) (&& (== netstandard2.0) (>= net6.0))
      DevExpress.Pdf.Drawing (24.1.7) - restriction: || (== net6.0) (== net6.0-windows7.0) (== net8.0) (== net8.0-windows7.0) (&& (== netstandard2.0) (>= net452)) (&& (== netstandard2.0) (>= net6.0))
      DevExpress.PivotGrid.Core (24.1.7) - restriction: || (== net6.0) (== net6.0-windows7.0) (== net8.0) (== net8.0-windows7.0) (&& (== netstandard2.0) (>= net452)) (&& (== netstandard2.0) (>= net6.0))
      DevExpress.Printing.Core (24.1.7) - restriction: || (== net6.0) (== net6.0-windows7.0) (== net8.0) (== net8.0-windows7.0) (&& (== netstandard2.0) (>= net452)) (&& (== netstandard2.0) (>= net6.0))
      DevExpress.RichEdit.Core (24.1.7) - restriction: || (== net6.0) (== net6.0-windows7.0) (== net8.0) (== net8.0-windows7.0) (&& (== netstandard2.0) (>= net452)) (&& (== netstandard2.0) (>= net6.0))
      DevExpress.RichEdit.Export (24.1.7) - restriction: || (== net6.0) (== net6.0-windows7.0) (== net8.0) (== net8.0-windows7.0) (&& (== netstandard2.0) (>= net452)) (&& (== netstandard2.0) (>= net6.0))
      DevExpress.Sparkline.Core (24.1.7) - restriction: || (== net6.0) (== net6.0-windows7.0) (== net8.0) (== net8.0-windows7.0) (&& (== netstandard2.0) (>= net452)) (&& (== netstandard2.0) (>= net6.0))
      DevExpress.Xpo (24.1.7) - restriction: || (== net6.0) (== net6.0-windows7.0) (== net8.0) (== net8.0-windows7.0) (&& (== netstandard2.0) (>= net452)) (&& (== netstandard2.0) (>= net6.0))
      System.CodeDom (>= 4.4) - restriction: || (== net6.0) (== net6.0-windows7.0) (== net8.0) (== net8.0-windows7.0) (&& (== netstandard2.0) (>= net6.0))
      System.Drawing.Common (>= 4.7.2) - restriction: || (== net6.0) (== net6.0-windows7.0) (== net8.0) (== net8.0-windows7.0) (&& (== netstandard2.0) (>= net6.0))
    DevExpress.RichEdit.Core (24.1.7) - restriction: || (== net6.0) (== net6.0-windows7.0) (== net8.0) (== net8.0-windows7.0) (&& (== netstandard2.0) (>= net452)) (&& (== netstandard2.0) (>= net6.0)) (&& (== netstandard2.0) (>= net6.0-windows7.0))
      DevExpress.Data (24.1.7) - restriction: || (== net6.0) (== net6.0-windows7.0) (== net8.0) (== net8.0-windows7.0) (&& (== netstandard2.0) (>= net452)) (&& (== netstandard2.0) (>= net6.0))
      DevExpress.Drawing (24.1.7) - restriction: || (== net6.0) (== net6.0-windows7.0) (== net8.0) (== net8.0-windows7.0) (&& (== netstandard2.0) (>= net452)) (&& (== netstandard2.0) (>= net6.0))
      DevExpress.Office.Core (24.1.7) - restriction: || (== net6.0) (== net6.0-windows7.0) (== net8.0) (== net8.0-windows7.0) (&& (== netstandard2.0) (>= net452)) (&& (== netstandard2.0) (>= net6.0))
      DevExpress.Pdf.Core (24.1.7) - restriction: || (== net6.0) (== net6.0-windows7.0) (== net8.0) (== net8.0-windows7.0) (&& (== netstandard2.0) (>= net452)) (&& (== netstandard2.0) (>= net6.0))
      DevExpress.Printing.Core (24.1.7) - restriction: || (== net6.0) (== net6.0-windows7.0) (== net8.0) (== net8.0-windows7.0) (&& (== netstandard2.0) (>= net452)) (&& (== netstandard2.0) (>= net6.0))
      System.Drawing.Common (>= 4.7.2) - restriction: || (== net6.0) (== net6.0-windows7.0) (== net8.0) (== net8.0-windows7.0) (&& (== netstandard2.0) (>= net6.0))
    DevExpress.RichEdit.Export (24.1.7) - restriction: || (== net6.0) (== net6.0-windows7.0) (== net8.0) (== net8.0-windows7.0) (&& (== netstandard2.0) (>= net452)) (&& (== netstandard2.0) (>= net6.0)) (&& (== netstandard2.0) (>= net6.0-windows7.0))
      DevExpress.Data (24.1.7) - restriction: || (== net6.0) (== net6.0-windows7.0) (== net8.0) (== net8.0-windows7.0) (&& (== netstandard2.0) (>= net452)) (&& (== netstandard2.0) (>= net6.0))
      DevExpress.Drawing (24.1.7) - restriction: || (== net6.0) (== net6.0-windows7.0) (== net8.0) (== net8.0-windows7.0) (&& (== netstandard2.0) (>= net452)) (&& (== netstandard2.0) (>= net6.0))
      DevExpress.Office.Core (24.1.7) - restriction: || (== net6.0) (== net6.0-windows7.0) (== net8.0) (== net8.0-windows7.0) (&& (== netstandard2.0) (>= net452)) (&& (== netstandard2.0) (>= net6.0))
      DevExpress.Printing.Core (24.1.7) - restriction: || (== net6.0) (== net6.0-windows7.0) (== net8.0) (== net8.0-windows7.0) (&& (== netstandard2.0) (>= net452)) (&& (== netstandard2.0) (>= net6.0))
      DevExpress.RichEdit.Core (24.1.7) - restriction: || (== net6.0) (== net6.0-windows7.0) (== net8.0) (== net8.0-windows7.0) (&& (== netstandard2.0) (>= net452)) (&& (== netstandard2.0) (>= net6.0))
      System.Drawing.Common (>= 4.7.2) - restriction: || (== net6.0) (== net6.0-windows7.0) (== net8.0) (== net8.0-windows7.0) (&& (== netstandard2.0) (>= net6.0))
    DevExpress.Scheduler.Core (24.1.7) - restriction: || (== net6.0) (== net6.0-windows7.0) (== net8.0) (== net8.0-windows7.0) (&& (== netstandard2.0) (>= net452)) (&& (== netstandard2.0) (>= net6.0)) (&& (== netstandard2.0) (>= net6.0-windows7.0))
      DevExpress.Data (24.1.7) - restriction: || (== net6.0) (== net6.0-windows7.0) (== net8.0) (== net8.0-windows7.0) (&& (== netstandard2.0) (>= net452)) (&& (== netstandard2.0) (>= net6.0))
      System.Drawing.Common (>= 4.7.2) - restriction: || (== net6.0) (== net6.0-windows7.0) (== net8.0) (== net8.0-windows7.0) (&& (== netstandard2.0) (>= net6.0))
    DevExpress.Scheduler.CoreDesktop (24.1.7) - restriction: || (&& (== net6.0) (>= net452)) (&& (== net6.0) (>= net6.0-windows7.0)) (== net6.0-windows7.0) (&& (== net8.0) (>= net452)) (&& (== net8.0) (>= net6.0-windows7.0)) (&& (== net8.0-windows7.0) (>= net452)) (&& (== net8.0-windows7.0) (>= net6.0-windows7.0)) (&& (== netstandard2.0) (>= net452)) (&& (== netstandard2.0) (>= net6.0-windows7.0))
      DevExpress.Data (24.1.7) - restriction: || (&& (== net6.0) (>= net452)) (&& (== net6.0) (>= net6.0-windows7.0)) (== net6.0-windows7.0) (&& (== net8.0) (>= net452)) (&& (== net8.0) (>= net6.0-windows7.0)) (&& (== net8.0-windows7.0) (>= net452)) (&& (== net8.0-windows7.0) (>= net6.0-windows7.0)) (&& (== netstandard2.0) (>= net452)) (&& (== netstandard2.0) (>= net6.0-windows7.0))
      DevExpress.Data.Desktop (24.1.7) - restriction: || (&& (== net6.0) (>= net452)) (&& (== net6.0) (>= net6.0-windows7.0)) (== net6.0-windows7.0) (&& (== net8.0) (>= net452)) (&& (== net8.0) (>= net6.0-windows7.0)) (&& (== net8.0-windows7.0) (>= net452)) (&& (== net8.0-windows7.0) (>= net6.0-windows7.0)) (&& (== netstandard2.0) (>= net452)) (&& (== netstandard2.0) (>= net6.0-windows7.0))
      DevExpress.Drawing (24.1.7) - restriction: || (&& (== net6.0) (>= net452)) (&& (== net6.0) (>= net6.0-windows7.0)) (== net6.0-windows7.0) (&& (== net8.0) (>= net452)) (&& (== net8.0) (>= net6.0-windows7.0)) (&& (== net8.0-windows7.0) (>= net452)) (&& (== net8.0-windows7.0) (>= net6.0-windows7.0)) (&& (== netstandard2.0) (>= net452)) (&& (== netstandard2.0) (>= net6.0-windows7.0))
      DevExpress.Images (24.1.7) - restriction: || (&& (== net6.0) (>= net452)) (&& (== net6.0) (>= net6.0-windows7.0)) (== net6.0-windows7.0) (&& (== net8.0) (>= net452)) (&& (== net8.0) (>= net6.0-windows7.0)) (&& (== net8.0-windows7.0) (>= net452)) (&& (== net8.0-windows7.0) (>= net6.0-windows7.0)) (&& (== netstandard2.0) (>= net452)) (&& (== netstandard2.0) (>= net6.0-windows7.0))
      DevExpress.Printing.Core (24.1.7) - restriction: || (&& (== net6.0) (>= net452)) (&& (== net6.0) (>= net6.0-windows7.0)) (== net6.0-windows7.0) (&& (== net8.0) (>= net452)) (&& (== net8.0) (>= net6.0-windows7.0)) (&& (== net8.0-windows7.0) (>= net452)) (&& (== net8.0-windows7.0) (>= net6.0-windows7.0)) (&& (== netstandard2.0) (>= net452)) (&& (== netstandard2.0) (>= net6.0-windows7.0))
      DevExpress.Scheduler.Core (24.1.7) - restriction: || (&& (== net6.0) (>= net452)) (&& (== net6.0) (>= net6.0-windows7.0)) (== net6.0-windows7.0) (&& (== net8.0) (>= net452)) (&& (== net8.0) (>= net6.0-windows7.0)) (&& (== net8.0-windows7.0) (>= net452)) (&& (== net8.0-windows7.0) (>= net6.0-windows7.0)) (&& (== netstandard2.0) (>= net452)) (&& (== netstandard2.0) (>= net6.0-windows7.0))
    DevExpress.Sparkline.Core (24.1.7) - restriction: || (== net6.0) (== net6.0-windows7.0) (== net8.0) (== net8.0-windows7.0) (&& (== netstandard2.0) (>= net452)) (&& (== netstandard2.0) (>= net6.0)) (&& (== netstandard2.0) (>= net6.0-windows7.0))
      DevExpress.Data (24.1.7) - restriction: || (== net6.0) (== net6.0-windows7.0) (== net8.0) (== net8.0-windows7.0) (&& (== netstandard2.0) (>= net452)) (&& (== netstandard2.0) (>= net6.0))
      DevExpress.Drawing (24.1.7) - restriction: || (== net6.0) (== net6.0-windows7.0) (== net8.0) (== net8.0-windows7.0) (&& (== netstandard2.0) (>= net452)) (&& (== netstandard2.0) (>= net6.0))
      System.Drawing.Common (>= 4.7.2) - restriction: || (== net6.0) (== net6.0-windows7.0) (== net8.0) (== net8.0-windows7.0) (&& (== netstandard2.0) (>= net6.0))
    DevExpress.SpellChecker.Core (24.1.7) - restriction: || (== net6.0) (== net6.0-windows7.0) (== net8.0) (== net8.0-windows7.0) (&& (== netstandard2.0) (>= net452)) (&& (== netstandard2.0) (>= net6.0)) (&& (== netstandard2.0) (>= net6.0-windows7.0))
      DevExpress.Data (24.1.7) - restriction: || (== net6.0) (== net6.0-windows7.0) (== net8.0) (== net8.0-windows7.0) (&& (== netstandard2.0) (>= net452)) (&& (== netstandard2.0) (>= net6.0))
    DevExpress.Spreadsheet.Core (24.1.7) - restriction: || (== net6.0) (== net6.0-windows7.0) (== net8.0) (== net8.0-windows7.0) (&& (== netstandard2.0) (>= net452)) (&& (== netstandard2.0) (>= net6.0)) (&& (== netstandard2.0) (>= net6.0-windows7.0))
      DevExpress.Data (24.1.7) - restriction: || (== net6.0) (== net6.0-windows7.0) (== net8.0) (== net8.0-windows7.0) (&& (== netstandard2.0) (>= net452)) (&& (== netstandard2.0) (>= net6.0))
      DevExpress.DataAccess (24.1.7) - restriction: || (== net6.0) (== net6.0-windows7.0) (== net8.0) (== net8.0-windows7.0) (&& (== netstandard2.0) (>= net452)) (&& (== netstandard2.0) (>= net6.0))
      DevExpress.DataVisualization.Core (24.1.7) - restriction: || (== net6.0) (== net6.0-windows7.0) (== net8.0) (== net8.0-windows7.0) (&& (== netstandard2.0) (>= net452)) (&& (== netstandard2.0) (>= net6.0))
      DevExpress.Drawing (24.1.7) - restriction: || (== net6.0) (== net6.0-windows7.0) (== net8.0) (== net8.0-windows7.0) (&& (== netstandard2.0) (>= net452)) (&& (== netstandard2.0) (>= net6.0))
      DevExpress.Office.Core (24.1.7) - restriction: || (== net6.0) (== net6.0-windows7.0) (== net8.0) (== net8.0-windows7.0) (&& (== netstandard2.0) (>= net452)) (&& (== netstandard2.0) (>= net6.0))
      DevExpress.Pdf.Core (24.1.7) - restriction: || (== net6.0) (== net6.0-windows7.0) (== net8.0) (== net8.0-windows7.0) (&& (== netstandard2.0) (>= net452)) (&& (== netstandard2.0) (>= net6.0))
      DevExpress.Printing.Core (24.1.7) - restriction: || (== net6.0) (== net6.0-windows7.0) (== net8.0) (== net8.0-windows7.0) (&& (== netstandard2.0) (>= net452)) (&& (== netstandard2.0) (>= net6.0))
      DevExpress.Sparkline.Core (24.1.7) - restriction: || (== net6.0) (== net6.0-windows7.0) (== net8.0) (== net8.0-windows7.0) (&& (== netstandard2.0) (>= net452)) (&& (== netstandard2.0) (>= net6.0))
      System.Drawing.Common (>= 4.7.2) - restriction: || (== net6.0) (== net6.0-windows7.0) (== net8.0) (== net8.0-windows7.0) (&& (== netstandard2.0) (>= net6.0))
    DevExpress.TreeMap (24.1.7) - restriction: || (== net6.0) (== net6.0-windows7.0) (== net8.0) (== net8.0-windows7.0) (&& (== netstandard2.0) (>= net452)) (&& (== netstandard2.0) (>= net6.0)) (&& (== netstandard2.0) (>= net6.0-windows7.0))
      DevExpress.Data (24.1.7) - restriction: || (== net6.0) (== net6.0-windows7.0) (== net8.0) (== net8.0-windows7.0) (&& (== netstandard2.0) (>= net452)) (&& (== netstandard2.0) (>= net6.0))
      DevExpress.DataVisualization.Core (24.1.7) - restriction: || (== net6.0) (== net6.0-windows7.0) (== net8.0) (== net8.0-windows7.0) (&& (== netstandard2.0) (>= net452)) (&& (== netstandard2.0) (>= net6.0))
      DevExpress.Drawing (24.1.7) - restriction: || (== net6.0) (== net6.0-windows7.0) (== net8.0) (== net8.0-windows7.0) (&& (== netstandard2.0) (>= net452)) (&& (== netstandard2.0) (>= net6.0))
      DevExpress.Printing.Core (24.1.7) - restriction: || (== net6.0) (== net6.0-windows7.0) (== net8.0) (== net8.0-windows7.0) (&& (== netstandard2.0) (>= net452)) (&& (== netstandard2.0) (>= net6.0))
      DevExpress.TreeMap.Core (24.1.7) - restriction: || (== net6.0) (== net6.0-windows7.0) (== net8.0) (== net8.0-windows7.0) (&& (== netstandard2.0) (>= net452)) (&& (== netstandard2.0) (>= net6.0))
      System.Drawing.Common (>= 4.7.2) - restriction: || (== net6.0) (== net6.0-windows7.0) (== net8.0) (== net8.0-windows7.0) (&& (== netstandard2.0) (>= net6.0))
    DevExpress.TreeMap.Core (24.1.7) - restriction: || (== net6.0) (== net6.0-windows7.0) (== net8.0) (== net8.0-windows7.0) (&& (== netstandard2.0) (>= net452)) (&& (== netstandard2.0) (>= net6.0)) (&& (== netstandard2.0) (>= net6.0-windows7.0))
      DevExpress.Data (24.1.7) - restriction: || (== net6.0) (== net6.0-windows7.0) (== net8.0) (== net8.0-windows7.0) (&& (== netstandard2.0) (>= net452)) (&& (== netstandard2.0) (>= net6.0))
    DevExpress.Utils (24.1.7) - restriction: || (&& (== net6.0) (>= net452)) (&& (== net6.0) (>= net6.0-windows7.0)) (== net6.0-windows7.0) (&& (== net8.0) (>= net452)) (&& (== net8.0) (>= net6.0-windows7.0)) (&& (== net8.0-windows7.0) (>= net452)) (&& (== net8.0-windows7.0) (>= net6.0-windows7.0)) (&& (== netstandard2.0) (>= net452)) (&& (== netstandard2.0) (>= net6.0-windows7.0))
      DevExpress.Data (24.1.7) - restriction: || (&& (== net6.0) (>= net452)) (&& (== net6.0) (>= net6.0-windows7.0)) (== net6.0-windows7.0) (&& (== net8.0) (>= net452)) (&& (== net8.0) (>= net6.0-windows7.0)) (&& (== net8.0-windows7.0) (>= net452)) (&& (== net8.0-windows7.0) (>= net6.0-windows7.0)) (&& (== netstandard2.0) (>= net452)) (&& (== netstandard2.0) (>= net6.0-windows7.0))
      DevExpress.Data.Desktop (24.1.7) - restriction: || (&& (== net6.0) (>= net452)) (&& (== net6.0) (>= net6.0-windows7.0)) (== net6.0-windows7.0) (&& (== net8.0) (>= net452)) (&& (== net8.0) (>= net6.0-windows7.0)) (&& (== net8.0-windows7.0) (>= net452)) (&& (== net8.0-windows7.0) (>= net6.0-windows7.0)) (&& (== netstandard2.0) (>= net452)) (&& (== netstandard2.0) (>= net6.0-windows7.0))
      DevExpress.Drawing (24.1.7) - restriction: || (&& (== net6.0) (>= net452)) (&& (== net6.0) (>= net6.0-windows7.0)) (== net6.0-windows7.0) (&& (== net8.0) (>= net452)) (&& (== net8.0) (>= net6.0-windows7.0)) (&& (== net8.0-windows7.0) (>= net452)) (&& (== net8.0-windows7.0) (>= net6.0-windows7.0)) (&& (== netstandard2.0) (>= net452)) (&& (== netstandard2.0) (>= net6.0-windows7.0))
      DevExpress.Printing.Core (24.1.7) - restriction: || (&& (== net6.0) (>= net452)) (&& (== net6.0) (>= net6.0-windows7.0)) (== net6.0-windows7.0) (&& (== net8.0) (>= net452)) (&& (== net8.0) (>= net6.0-windows7.0)) (&& (== net8.0-windows7.0) (>= net452)) (&& (== net8.0-windows7.0) (>= net6.0-windows7.0)) (&& (== netstandard2.0) (>= net452)) (&& (== netstandard2.0) (>= net6.0-windows7.0))
    DevExpress.Utils.UI (24.1.7) - restriction: || (&& (== net6.0) (>= net452)) (&& (== net6.0) (>= net6.0-windows7.0)) (== net6.0-windows7.0) (&& (== net8.0) (>= net452)) (&& (== net8.0) (>= net6.0-windows7.0)) (&& (== net8.0-windows7.0) (>= net452)) (&& (== net8.0-windows7.0) (>= net6.0-windows7.0)) (&& (== netstandard2.0) (>= net452)) (&& (== netstandard2.0) (>= net6.0-windows7.0))
      DevExpress.Data (24.1.7) - restriction: || (&& (== net6.0) (>= net452)) (&& (== net6.0) (>= net6.0-windows7.0)) (== net6.0-windows7.0) (&& (== net8.0) (>= net452)) (&& (== net8.0) (>= net6.0-windows7.0)) (&& (== net8.0-windows7.0) (>= net452)) (&& (== net8.0-windows7.0) (>= net6.0-windows7.0)) (&& (== netstandard2.0) (>= net452)) (&& (== netstandard2.0) (>= net6.0-windows7.0))
      DevExpress.Data.Desktop (24.1.7) - restriction: || (&& (== net6.0) (>= net452)) (&& (== net6.0) (>= net6.0-windows7.0)) (== net6.0-windows7.0) (&& (== net8.0) (>= net452)) (&& (== net8.0) (>= net6.0-windows7.0)) (&& (== net8.0-windows7.0) (>= net452)) (&& (== net8.0-windows7.0) (>= net6.0-windows7.0)) (&& (== netstandard2.0) (>= net452)) (&& (== netstandard2.0) (>= net6.0-windows7.0))
      DevExpress.DataAccess (24.1.7) - restriction: || (&& (== net6.0) (>= net452)) (&& (== net6.0) (>= net6.0-windows7.0)) (== net6.0-windows7.0) (&& (== net8.0) (>= net452)) (&& (== net8.0) (>= net6.0-windows7.0)) (&& (== net8.0-windows7.0) (>= net452)) (&& (== net8.0-windows7.0) (>= net6.0-windows7.0)) (&& (== netstandard2.0) (>= net452)) (&& (== netstandard2.0) (>= net6.0-windows7.0))
      DevExpress.Drawing (24.1.7) - restriction: || (&& (== net6.0) (>= net452)) (&& (== net6.0) (>= net6.0-windows7.0)) (== net6.0-windows7.0) (&& (== net8.0) (>= net452)) (&& (== net8.0) (>= net6.0-windows7.0)) (&& (== net8.0-windows7.0) (>= net452)) (&& (== net8.0-windows7.0) (>= net6.0-windows7.0)) (&& (== netstandard2.0) (>= net452)) (&& (== netstandard2.0) (>= net6.0-windows7.0))
      DevExpress.Printing.Core (24.1.7) - restriction: || (&& (== net6.0) (>= net452)) (&& (== net6.0) (>= net6.0-windows7.0)) (== net6.0-windows7.0) (&& (== net8.0) (>= net452)) (&& (== net8.0) (>= net6.0-windows7.0)) (&& (== net8.0-windows7.0) (>= net452)) (&& (== net8.0-windows7.0) (>= net6.0-windows7.0)) (&& (== netstandard2.0) (>= net452)) (&& (== netstandard2.0) (>= net6.0-windows7.0))
      DevExpress.RichEdit.Core (24.1.7) - restriction: || (&& (== net6.0) (>= net452)) (&& (== net6.0) (>= net6.0-windows7.0)) (== net6.0-windows7.0) (&& (== net8.0) (>= net452)) (&& (== net8.0) (>= net6.0-windows7.0)) (&& (== net8.0-windows7.0) (>= net452)) (&& (== net8.0-windows7.0) (>= net6.0-windows7.0)) (&& (== netstandard2.0) (>= net452)) (&& (== netstandard2.0) (>= net6.0-windows7.0))
      DevExpress.Utils (24.1.7) - restriction: || (&& (== net6.0) (>= net452)) (&& (== net6.0) (>= net6.0-windows7.0)) (== net6.0-windows7.0) (&& (== net8.0) (>= net452)) (&& (== net8.0) (>= net6.0-windows7.0)) (&& (== net8.0-windows7.0) (>= net452)) (&& (== net8.0-windows7.0) (>= net6.0-windows7.0)) (&& (== netstandard2.0) (>= net452)) (&& (== netstandard2.0) (>= net6.0-windows7.0))
      DevExpress.Win.Navigation (24.1.7) - restriction: || (&& (== net6.0) (>= net452)) (&& (== net6.0) (>= net6.0-windows7.0)) (== net6.0-windows7.0) (&& (== net8.0) (>= net452)) (&& (== net8.0) (>= net6.0-windows7.0)) (&& (== net8.0-windows7.0) (>= net452)) (&& (== net8.0-windows7.0) (>= net6.0-windows7.0)) (&& (== netstandard2.0) (>= net452)) (&& (== netstandard2.0) (>= net6.0-windows7.0))
      DevExpress.Win.Printing (24.1.7) - restriction: || (&& (== net6.0) (>= net452)) (&& (== net6.0) (>= net6.0-windows7.0)) (== net6.0-windows7.0) (&& (== net8.0) (>= net452)) (&& (== net8.0) (>= net6.0-windows7.0)) (&& (== net8.0-windows7.0) (>= net452)) (&& (== net8.0-windows7.0) (>= net6.0-windows7.0)) (&& (== netstandard2.0) (>= net452)) (&& (== netstandard2.0) (>= net6.0-windows7.0))
      DevExpress.Win.RichEdit (24.1.7) - restriction: || (&& (== net6.0) (>= net452)) (&& (== net6.0) (>= net6.0-windows7.0)) (== net6.0-windows7.0) (&& (== net8.0) (>= net452)) (&& (== net8.0) (>= net6.0-windows7.0)) (&& (== net8.0-windows7.0) (>= net452)) (&& (== net8.0-windows7.0) (>= net6.0-windows7.0)) (&& (== netstandard2.0) (>= net452)) (&& (== netstandard2.0) (>= net6.0-windows7.0))
      DevExpress.Win.TreeList (24.1.7) - restriction: || (&& (== net6.0) (>= net452)) (&& (== net6.0) (>= net6.0-windows7.0)) (== net6.0-windows7.0) (&& (== net8.0) (>= net452)) (&& (== net8.0) (>= net6.0-windows7.0)) (&& (== net8.0-windows7.0) (>= net452)) (&& (== net8.0-windows7.0) (>= net6.0-windows7.0)) (&& (== netstandard2.0) (>= net452)) (&& (== netstandard2.0) (>= net6.0-windows7.0))
      DevExpress.Win.VerticalGrid (24.1.7) - restriction: || (&& (== net6.0) (>= net452)) (&& (== net6.0) (>= net6.0-windows7.0)) (== net6.0-windows7.0) (&& (== net8.0) (>= net452)) (&& (== net8.0) (>= net6.0-windows7.0)) (&& (== net8.0-windows7.0) (>= net452)) (&& (== net8.0-windows7.0) (>= net6.0-windows7.0)) (&& (== netstandard2.0) (>= net452)) (&& (== netstandard2.0) (>= net6.0-windows7.0))
    DevExpress.Web.Dashboard.Common (24.1.7) - restriction: || (== net6.0) (== net6.0-windows7.0) (== net8.0) (== net8.0-windows7.0) (&& (== netstandard2.0) (>= net6.0))
      DevExpress.Dashboard.Core (24.1.7) - restriction: || (== net6.0) (== net6.0-windows7.0) (== net8.0) (== net8.0-windows7.0) (&& (== netstandard2.0) (>= net452)) (&& (== netstandard2.0) (>= net6.0))
      DevExpress.Data (24.1.7) - restriction: || (== net6.0) (== net6.0-windows7.0) (== net8.0) (== net8.0-windows7.0) (&& (== netstandard2.0) (>= net452)) (&& (== netstandard2.0) (>= net6.0))
      DevExpress.DataAccess (24.1.7) - restriction: || (== net6.0) (== net6.0-windows7.0) (== net8.0) (== net8.0-windows7.0) (&& (== netstandard2.0) (>= net452)) (&& (== netstandard2.0) (>= net6.0))
      DevExpress.Drawing (24.1.7) - restriction: || (== net6.0) (== net6.0-windows7.0) (== net8.0) (== net8.0-windows7.0) (&& (== netstandard2.0) (>= net452)) (&& (== netstandard2.0) (>= net6.0))
      DevExpress.PivotGrid.Core (24.1.7) - restriction: || (== net6.0) (== net6.0-windows7.0) (== net8.0) (== net8.0-windows7.0) (&& (== netstandard2.0) (>= net452)) (&& (== netstandard2.0) (>= net6.0))
      DevExpress.Printing.Core (24.1.7) - restriction: || (== net6.0) (== net6.0-windows7.0) (== net8.0) (== net8.0-windows7.0) (&& (== netstandard2.0) (>= net452)) (&& (== netstandard2.0) (>= net6.0))
      DevExpress.Reporting.Core (24.1.7) - restriction: || (== net6.0) (== net6.0-windows7.0) (== net8.0) (== net8.0-windows7.0) (&& (== netstandard2.0) (>= net452)) (&& (== netstandard2.0) (>= net6.0))
    DevExpress.Web.Reporting.Common (24.1.7) - restriction: || (== net6.0) (== net6.0-windows7.0) (== net8.0) (== net8.0-windows7.0) (&& (== netstandard2.0) (>= net6.0))
      DevExpress.Charts (24.1.7) - restriction: || (== net6.0) (== net6.0-windows7.0) (== net8.0) (== net8.0-windows7.0) (&& (== netstandard2.0) (>= net452)) (&& (== netstandard2.0) (>= net6.0))
      DevExpress.Charts.Core (24.1.7) - restriction: || (== net6.0) (== net6.0-windows7.0) (== net8.0) (== net8.0-windows7.0) (&& (== netstandard2.0) (>= net452)) (&& (== netstandard2.0) (>= net6.0))
      DevExpress.Data (24.1.7) - restriction: || (== net6.0) (== net6.0-windows7.0) (== net8.0) (== net8.0-windows7.0) (&& (== netstandard2.0) (>= net452)) (&& (== netstandard2.0) (>= net6.0))
      DevExpress.DataAccess (24.1.7) - restriction: || (== net6.0) (== net6.0-windows7.0) (== net8.0) (== net8.0-windows7.0) (&& (== netstandard2.0) (>= net452)) (&& (== netstandard2.0) (>= net6.0))
      DevExpress.Drawing (24.1.7) - restriction: || (== net6.0) (== net6.0-windows7.0) (== net8.0) (== net8.0-windows7.0) (&& (== netstandard2.0) (>= net452)) (&& (== netstandard2.0) (>= net6.0))
      DevExpress.Gauges.Core (24.1.7) - restriction: || (== net6.0) (== net6.0-windows7.0) (== net8.0) (== net8.0-windows7.0) (&& (== netstandard2.0) (>= net452)) (&& (== netstandard2.0) (>= net6.0))
      DevExpress.PivotGrid.Core (24.1.7) - restriction: || (== net6.0) (== net6.0-windows7.0) (== net8.0) (== net8.0-windows7.0) (&& (== netstandard2.0) (>= net452)) (&& (== netstandard2.0) (>= net6.0))
      DevExpress.Printing.Core (24.1.7) - restriction: || (== net6.0) (== net6.0-windows7.0) (== net8.0) (== net8.0-windows7.0) (&& (== netstandard2.0) (>= net452)) (&& (== netstandard2.0) (>= net6.0))
      DevExpress.Reporting.Core (24.1.7) - restriction: || (== net6.0) (== net6.0-windows7.0) (== net8.0) (== net8.0-windows7.0) (&& (== netstandard2.0) (>= net452)) (&& (== netstandard2.0) (>= net6.0))
      DevExpress.Sparkline.Core (24.1.7) - restriction: || (== net6.0) (== net6.0-windows7.0) (== net8.0) (== net8.0-windows7.0) (&& (== netstandard2.0) (>= net452)) (&& (== netstandard2.0) (>= net6.0))
      DevExpress.Xpo (24.1.7) - restriction: || (== net6.0) (== net6.0-windows7.0) (== net8.0) (== net8.0-windows7.0) (&& (== netstandard2.0) (>= net452)) (&& (== netstandard2.0) (>= net6.0))
    DevExpress.Web.Reporting.Common.Services (24.1.7) - restriction: || (== net6.0) (== net6.0-windows7.0) (== net8.0) (== net8.0-windows7.0) (&& (== netstandard2.0) (>= net6.0))
      DevExpress.Data (24.1.7) - restriction: || (== net6.0) (== net6.0-windows7.0) (== net8.0) (== net8.0-windows7.0) (&& (== netstandard2.0) (>= net6.0))
      DevExpress.DataAccess (24.1.7) - restriction: || (== net6.0) (== net6.0-windows7.0) (== net8.0) (== net8.0-windows7.0) (&& (== netstandard2.0) (>= net6.0))
      DevExpress.Reporting.Core (24.1.7) - restriction: || (== net6.0) (== net6.0-windows7.0) (== net8.0) (== net8.0-windows7.0) (&& (== netstandard2.0) (>= net6.0))
      DevExpress.Web.Reporting.Common (24.1.7) - restriction: || (== net6.0) (== net6.0-windows7.0) (== net8.0) (== net8.0-windows7.0) (&& (== netstandard2.0) (>= net6.0))
      Microsoft.Extensions.DependencyInjection (>= 6.0) - restriction: || (== net6.0) (== net6.0-windows7.0) (== net8.0) (== net8.0-windows7.0) (&& (== netstandard2.0) (>= net6.0))
      Microsoft.Extensions.Options (>= 6.0) - restriction: || (== net6.0) (== net6.0-windows7.0) (== net8.0) (== net8.0-windows7.0) (&& (== netstandard2.0) (>= net6.0))
      System.Text.Json (>= 6.0.10) - restriction: || (== net6.0) (== net6.0-windows7.0) (== net8.0) (== net8.0-windows7.0) (&& (== netstandard2.0) (>= net6.0))
      System.Threading.AccessControl (>= 4.4) - restriction: || (== net6.0) (== net6.0-windows7.0) (== net8.0) (== net8.0-windows7.0) (&& (== netstandard2.0) (>= net6.0))
    DevExpress.Web.Resources (24.1.7) - restriction: || (== net6.0) (== net6.0-windows7.0) (== net8.0) (== net8.0-windows7.0) (&& (== netstandard2.0) (>= net6.0))
      DevExpress.AspNetCore.Core (24.1.7) - restriction: || (== net6.0) (== net6.0-windows7.0) (== net8.0) (== net8.0-windows7.0) (&& (== netstandard2.0) (>= net6.0))
      DevExpress.Data (24.1.7) - restriction: || (== net6.0) (== net6.0-windows7.0) (== net8.0) (== net8.0-windows7.0) (&& (== netstandard2.0) (>= net452)) (&& (== netstandard2.0) (>= net6.0))
    DevExpress.Win (24.1.7) - restriction: || (&& (== net6.0) (>= net452)) (&& (== net6.0) (>= net6.0-windows7.0)) (== net6.0-windows7.0) (&& (== net8.0) (>= net452)) (&& (== net8.0) (>= net6.0-windows7.0)) (&& (== net8.0-windows7.0) (>= net452)) (&& (== net8.0-windows7.0) (>= net6.0-windows7.0)) (&& (== netstandard2.0) (>= net452)) (&& (== netstandard2.0) (>= net6.0-windows7.0))
      DevExpress.Data (24.1.7) - restriction: || (&& (== net6.0) (>= net452)) (&& (== net6.0) (>= net6.0-windows7.0)) (== net6.0-windows7.0) (&& (== net8.0) (>= net452)) (&& (== net8.0) (>= net6.0-windows7.0)) (&& (== net8.0-windows7.0) (>= net452)) (&& (== net8.0-windows7.0) (>= net6.0-windows7.0)) (&& (== netstandard2.0) (>= net452)) (&& (== netstandard2.0) (>= net6.0-windows7.0))
      DevExpress.Data.Desktop (24.1.7) - restriction: || (&& (== net6.0) (>= net452)) (&& (== net6.0) (>= net6.0-windows7.0)) (== net6.0-windows7.0) (&& (== net8.0) (>= net452)) (&& (== net8.0) (>= net6.0-windows7.0)) (&& (== net8.0-windows7.0) (>= net452)) (&& (== net8.0-windows7.0) (>= net6.0-windows7.0)) (&& (== netstandard2.0) (>= net452)) (&& (== netstandard2.0) (>= net6.0-windows7.0))
      DevExpress.Drawing (24.1.7) - restriction: || (&& (== net6.0) (>= net452)) (&& (== net6.0) (>= net6.0-windows7.0)) (== net6.0-windows7.0) (&& (== net8.0) (>= net452)) (&& (== net8.0) (>= net6.0-windows7.0)) (&& (== net8.0-windows7.0) (>= net452)) (&& (== net8.0-windows7.0) (>= net6.0-windows7.0)) (&& (== netstandard2.0) (>= net452)) (&& (== netstandard2.0) (>= net6.0-windows7.0))
      DevExpress.RichEdit.Export (24.1.7) - restriction: || (&& (== net6.0) (>= net452)) (&& (== net6.0) (>= net6.0-windows7.0)) (== net6.0-windows7.0) (&& (== net8.0) (>= net452)) (&& (== net8.0) (>= net6.0-windows7.0)) (&& (== net8.0-windows7.0) (>= net452)) (&& (== net8.0-windows7.0) (>= net6.0-windows7.0)) (&& (== netstandard2.0) (>= net452)) (&& (== netstandard2.0) (>= net6.0-windows7.0))
      DevExpress.Utils (24.1.7) - restriction: || (&& (== net6.0) (>= net452)) (&& (== net6.0) (>= net6.0-windows7.0)) (== net6.0-windows7.0) (&& (== net8.0) (>= net452)) (&& (== net8.0) (>= net6.0-windows7.0)) (&& (== net8.0-windows7.0) (>= net452)) (&& (== net8.0-windows7.0) (>= net6.0-windows7.0)) (&& (== netstandard2.0) (>= net452)) (&& (== netstandard2.0) (>= net6.0-windows7.0))
      DevExpress.Win.Grid (24.1.7) - restriction: || (&& (== net6.0) (>= net452)) (&& (== net6.0) (>= net6.0-windows7.0)) (== net6.0-windows7.0) (&& (== net8.0) (>= net452)) (&& (== net8.0) (>= net6.0-windows7.0)) (&& (== net8.0-windows7.0) (>= net452)) (&& (== net8.0-windows7.0) (>= net6.0-windows7.0)) (&& (== netstandard2.0) (>= net452)) (&& (== netstandard2.0) (>= net6.0-windows7.0))
      DevExpress.Win.Navigation (24.1.7) - restriction: || (&& (== net6.0) (>= net452)) (&& (== net6.0) (>= net6.0-windows7.0)) (== net6.0-windows7.0) (&& (== net8.0) (>= net452)) (&& (== net8.0) (>= net6.0-windows7.0)) (&& (== net8.0-windows7.0) (>= net452)) (&& (== net8.0-windows7.0) (>= net6.0-windows7.0)) (&& (== netstandard2.0) (>= net452)) (&& (== netstandard2.0) (>= net6.0-windows7.0))
      DevExpress.Win.PivotGrid (24.1.7) - restriction: || (&& (== net6.0) (>= net452)) (&& (== net6.0) (>= net6.0-windows7.0)) (== net6.0-windows7.0) (&& (== net8.0) (>= net452)) (&& (== net8.0) (>= net6.0-windows7.0)) (&& (== net8.0-windows7.0) (>= net452)) (&& (== net8.0-windows7.0) (>= net6.0-windows7.0)) (&& (== netstandard2.0) (>= net452)) (&& (== netstandard2.0) (>= net6.0-windows7.0))
      DevExpress.Win.Printing (24.1.7) - restriction: || (&& (== net6.0) (>= net452)) (&& (== net6.0) (>= net6.0-windows7.0)) (== net6.0-windows7.0) (&& (== net8.0) (>= net452)) (&& (== net8.0) (>= net6.0-windows7.0)) (&& (== net8.0-windows7.0) (>= net452)) (&& (== net8.0-windows7.0) (>= net6.0-windows7.0)) (&& (== netstandard2.0) (>= net452)) (&& (== netstandard2.0) (>= net6.0-windows7.0))
      DevExpress.Win.TreeList (24.1.7) - restriction: || (&& (== net6.0) (>= net452)) (&& (== net6.0) (>= net6.0-windows7.0)) (== net6.0-windows7.0) (&& (== net8.0) (>= net452)) (&& (== net8.0) (>= net6.0-windows7.0)) (&& (== net8.0-windows7.0) (>= net452)) (&& (== net8.0-windows7.0) (>= net6.0-windows7.0)) (&& (== netstandard2.0) (>= net452)) (&& (== netstandard2.0) (>= net6.0-windows7.0))
      DevExpress.Win.VerticalGrid (24.1.7) - restriction: || (&& (== net6.0) (>= net452)) (&& (== net6.0) (>= net6.0-windows7.0)) (== net6.0-windows7.0) (&& (== net8.0) (>= net452)) (&& (== net8.0) (>= net6.0-windows7.0)) (&& (== net8.0-windows7.0) (>= net452)) (&& (== net8.0-windows7.0) (>= net6.0-windows7.0)) (&& (== netstandard2.0) (>= net452)) (&& (== netstandard2.0) (>= net6.0-windows7.0))
    DevExpress.Win.BonusSkins (24.1.7) - restriction: || (&& (== net6.0) (>= net452)) (&& (== net6.0) (>= net6.0-windows7.0)) (== net6.0-windows7.0) (&& (== net8.0) (>= net452)) (&& (== net8.0) (>= net6.0-windows7.0)) (&& (== net8.0-windows7.0) (>= net452)) (&& (== net8.0-windows7.0) (>= net6.0-windows7.0)) (&& (== netstandard2.0) (>= net452)) (&& (== netstandard2.0) (>= net6.0-windows7.0))
      DevExpress.Utils (24.1.7) - restriction: || (&& (== net6.0) (>= net452)) (&& (== net6.0) (>= net6.0-windows7.0)) (== net6.0-windows7.0) (&& (== net8.0) (>= net452)) (&& (== net8.0) (>= net6.0-windows7.0)) (&& (== net8.0-windows7.0) (>= net452)) (&& (== net8.0-windows7.0) (>= net6.0-windows7.0)) (&& (== netstandard2.0) (>= net452)) (&& (== netstandard2.0) (>= net6.0-windows7.0))
    DevExpress.Win.Charts (24.1.7) - restriction: || (&& (== net6.0) (>= net452)) (&& (== net6.0) (>= net6.0-windows7.0)) (== net6.0-windows7.0) (&& (== net8.0) (>= net452)) (&& (== net8.0) (>= net6.0-windows7.0)) (&& (== net8.0-windows7.0) (>= net452)) (&& (== net8.0-windows7.0) (>= net6.0-windows7.0)) (&& (== netstandard2.0) (>= net452)) (&& (== netstandard2.0) (>= net6.0-windows7.0))
      DevExpress.Charts (24.1.7) - restriction: || (&& (== net6.0) (>= net452)) (&& (== net6.0) (>= net6.0-windows7.0)) (== net6.0-windows7.0) (&& (== net8.0) (>= net452)) (&& (== net8.0) (>= net6.0-windows7.0)) (&& (== net8.0-windows7.0) (>= net452)) (&& (== net8.0-windows7.0) (>= net6.0-windows7.0)) (&& (== netstandard2.0) (>= net452)) (&& (== netstandard2.0) (>= net6.0-windows7.0))
      DevExpress.Charts.Core (24.1.7) - restriction: || (&& (== net6.0) (>= net452)) (&& (== net6.0) (>= net6.0-windows7.0)) (== net6.0-windows7.0) (&& (== net8.0) (>= net452)) (&& (== net8.0) (>= net6.0-windows7.0)) (&& (== net8.0-windows7.0) (>= net452)) (&& (== net8.0-windows7.0) (>= net6.0-windows7.0)) (&& (== netstandard2.0) (>= net452)) (&& (== netstandard2.0) (>= net6.0-windows7.0))
      DevExpress.Data (24.1.7) - restriction: || (&& (== net6.0) (>= net452)) (&& (== net6.0) (>= net6.0-windows7.0)) (== net6.0-windows7.0) (&& (== net8.0) (>= net452)) (&& (== net8.0) (>= net6.0-windows7.0)) (&& (== net8.0-windows7.0) (>= net452)) (&& (== net8.0-windows7.0) (>= net6.0-windows7.0)) (&& (== netstandard2.0) (>= net452)) (&& (== netstandard2.0) (>= net6.0-windows7.0))
      DevExpress.Data.Desktop (24.1.7) - restriction: || (&& (== net6.0) (>= net452)) (&& (== net6.0) (>= net6.0-windows7.0)) (== net6.0-windows7.0) (&& (== net8.0) (>= net452)) (&& (== net8.0) (>= net6.0-windows7.0)) (&& (== net8.0-windows7.0) (>= net452)) (&& (== net8.0-windows7.0) (>= net6.0-windows7.0)) (&& (== netstandard2.0) (>= net452)) (&& (== netstandard2.0) (>= net6.0-windows7.0))
      DevExpress.DataAccess.UI (24.1.7) - restriction: || (&& (== net6.0) (>= net452)) (&& (== net6.0) (>= net6.0-windows7.0)) (== net6.0-windows7.0) (&& (== net8.0) (>= net452)) (&& (== net8.0) (>= net6.0-windows7.0)) (&& (== net8.0-windows7.0) (>= net452)) (&& (== net8.0-windows7.0) (>= net6.0-windows7.0)) (&& (== netstandard2.0) (>= net452)) (&& (== netstandard2.0) (>= net6.0-windows7.0))
      DevExpress.Drawing (24.1.7) - restriction: || (&& (== net6.0) (>= net452)) (&& (== net6.0) (>= net6.0-windows7.0)) (== net6.0-windows7.0) (&& (== net8.0) (>= net452)) (&& (== net8.0) (>= net6.0-windows7.0)) (&& (== net8.0-windows7.0) (>= net452)) (&& (== net8.0-windows7.0) (>= net6.0-windows7.0)) (&& (== netstandard2.0) (>= net452)) (&& (== netstandard2.0) (>= net6.0-windows7.0))
      DevExpress.Printing.Core (24.1.7) - restriction: || (&& (== net6.0) (>= net452)) (&& (== net6.0) (>= net6.0-windows7.0)) (== net6.0-windows7.0) (&& (== net8.0) (>= net452)) (&& (== net8.0) (>= net6.0-windows7.0)) (&& (== net8.0-windows7.0) (>= net452)) (&& (== net8.0-windows7.0) (>= net6.0-windows7.0)) (&& (== netstandard2.0) (>= net452)) (&& (== netstandard2.0) (>= net6.0-windows7.0))
      DevExpress.Utils (24.1.7) - restriction: || (&& (== net6.0) (>= net452)) (&& (== net6.0) (>= net6.0-windows7.0)) (== net6.0-windows7.0) (&& (== net8.0) (>= net452)) (&& (== net8.0) (>= net6.0-windows7.0)) (&& (== net8.0-windows7.0) (>= net452)) (&& (== net8.0-windows7.0) (>= net6.0-windows7.0)) (&& (== netstandard2.0) (>= net452)) (&& (== netstandard2.0) (>= net6.0-windows7.0))
      DevExpress.Utils.UI (24.1.7) - restriction: || (&& (== net6.0) (>= net452)) (&& (== net6.0) (>= net6.0-windows7.0)) (== net6.0-windows7.0) (&& (== net8.0) (>= net452)) (&& (== net8.0) (>= net6.0-windows7.0)) (&& (== net8.0-windows7.0) (>= net452)) (&& (== net8.0-windows7.0) (>= net6.0-windows7.0)) (&& (== netstandard2.0) (>= net452)) (&& (== netstandard2.0) (>= net6.0-windows7.0))
      DevExpress.Win (24.1.7) - restriction: || (&& (== net6.0) (>= net452)) (&& (== net6.0) (>= net6.0-windows7.0)) (== net6.0-windows7.0) (&& (== net8.0) (>= net452)) (&& (== net8.0) (>= net6.0-windows7.0)) (&& (== net8.0-windows7.0) (>= net452)) (&& (== net8.0-windows7.0) (>= net6.0-windows7.0)) (&& (== netstandard2.0) (>= net452)) (&& (== netstandard2.0) (>= net6.0-windows7.0))
      DevExpress.Win.Grid (24.1.7) - restriction: || (&& (== net6.0) (>= net452)) (&& (== net6.0) (>= net6.0-windows7.0)) (== net6.0-windows7.0) (&& (== net8.0) (>= net452)) (&& (== net8.0) (>= net6.0-windows7.0)) (&& (== net8.0-windows7.0) (>= net452)) (&& (== net8.0-windows7.0) (>= net6.0-windows7.0)) (&& (== netstandard2.0) (>= net452)) (&& (== netstandard2.0) (>= net6.0-windows7.0))
      DevExpress.Win.Navigation (24.1.7) - restriction: || (&& (== net6.0) (>= net452)) (&& (== net6.0) (>= net6.0-windows7.0)) (== net6.0-windows7.0) (&& (== net8.0) (>= net452)) (&& (== net8.0) (>= net6.0-windows7.0)) (&& (== net8.0-windows7.0) (>= net452)) (&& (== net8.0-windows7.0) (>= net6.0-windows7.0)) (&& (== netstandard2.0) (>= net452)) (&& (== netstandard2.0) (>= net6.0-windows7.0))
      DevExpress.Win.Printing (24.1.7) - restriction: || (&& (== net6.0) (>= net452)) (&& (== net6.0) (>= net6.0-windows7.0)) (== net6.0-windows7.0) (&& (== net8.0) (>= net452)) (&& (== net8.0) (>= net6.0-windows7.0)) (&& (== net8.0-windows7.0) (>= net452)) (&& (== net8.0-windows7.0) (>= net6.0-windows7.0)) (&& (== netstandard2.0) (>= net452)) (&& (== netstandard2.0) (>= net6.0-windows7.0))
      DevExpress.Win.TreeList (24.1.7) - restriction: || (&& (== net6.0) (>= net452)) (&& (== net6.0) (>= net6.0-windows7.0)) (== net6.0-windows7.0) (&& (== net8.0) (>= net452)) (&& (== net8.0) (>= net6.0-windows7.0)) (&& (== net8.0-windows7.0) (>= net452)) (&& (== net8.0-windows7.0) (>= net6.0-windows7.0)) (&& (== netstandard2.0) (>= net452)) (&& (== netstandard2.0) (>= net6.0-windows7.0))
      DevExpress.Win.VerticalGrid (24.1.7) - restriction: || (&& (== net6.0) (>= net452)) (&& (== net6.0) (>= net6.0-windows7.0)) (== net6.0-windows7.0) (&& (== net8.0) (>= net452)) (&& (== net8.0) (>= net6.0-windows7.0)) (&& (== net8.0-windows7.0) (>= net452)) (&& (== net8.0-windows7.0) (>= net6.0-windows7.0)) (&& (== netstandard2.0) (>= net452)) (&& (== netstandard2.0) (>= net6.0-windows7.0))
    DevExpress.Win.Dashboard (24.1.7) - restriction: || (&& (== net6.0) (>= net452)) (&& (== net6.0) (>= net6.0-windows7.0)) (== net6.0-windows7.0) (&& (== net8.0) (>= net452)) (&& (== net8.0) (>= net6.0-windows7.0)) (&& (== net8.0-windows7.0) (>= net452)) (&& (== net8.0-windows7.0) (>= net6.0-windows7.0)) (&& (== netstandard2.0) (>= net452)) (&& (== netstandard2.0) (>= net6.0-windows7.0))
      DevExpress.Charts (24.1.7) - restriction: || (&& (== net6.0) (>= net452)) (&& (== net6.0) (>= net6.0-windows7.0)) (== net6.0-windows7.0) (&& (== net8.0) (>= net452)) (&& (== net8.0) (>= net6.0-windows7.0)) (&& (== net8.0-windows7.0) (>= net452)) (&& (== net8.0-windows7.0) (>= net6.0-windows7.0)) (&& (== netstandard2.0) (>= net452)) (&& (== netstandard2.0) (>= net6.0-windows7.0))
      DevExpress.Charts.Core (24.1.7) - restriction: || (&& (== net6.0) (>= net452)) (&& (== net6.0) (>= net6.0-windows7.0)) (== net6.0-windows7.0) (&& (== net8.0) (>= net452)) (&& (== net8.0) (>= net6.0-windows7.0)) (&& (== net8.0-windows7.0) (>= net452)) (&& (== net8.0-windows7.0) (>= net6.0-windows7.0)) (&& (== netstandard2.0) (>= net452)) (&& (== netstandard2.0) (>= net6.0-windows7.0))
      DevExpress.Dashboard.Core (24.1.7) - restriction: || (&& (== net6.0) (>= net452)) (&& (== net6.0) (>= net6.0-windows7.0)) (== net6.0-windows7.0) (&& (== net8.0) (>= net452)) (&& (== net8.0) (>= net6.0-windows7.0)) (&& (== net8.0-windows7.0) (>= net452)) (&& (== net8.0-windows7.0) (>= net6.0-windows7.0)) (&& (== netstandard2.0) (>= net452)) (&& (== netstandard2.0) (>= net6.0-windows7.0))
      DevExpress.Data (24.1.7) - restriction: || (&& (== net6.0) (>= net452)) (&& (== net6.0) (>= net6.0-windows7.0)) (== net6.0-windows7.0) (&& (== net8.0) (>= net452)) (&& (== net8.0) (>= net6.0-windows7.0)) (&& (== net8.0-windows7.0) (>= net452)) (&& (== net8.0-windows7.0) (>= net6.0-windows7.0)) (&& (== netstandard2.0) (>= net452)) (&& (== netstandard2.0) (>= net6.0-windows7.0))
      DevExpress.Data.Desktop (24.1.7) - restriction: || (&& (== net6.0) (>= net452)) (&& (== net6.0) (>= net6.0-windows7.0)) (== net6.0-windows7.0) (&& (== net8.0) (>= net452)) (&& (== net8.0) (>= net6.0-windows7.0)) (&& (== net8.0-windows7.0) (>= net452)) (&& (== net8.0-windows7.0) (>= net6.0-windows7.0)) (&& (== netstandard2.0) (>= net452)) (&& (== netstandard2.0) (>= net6.0-windows7.0))
      DevExpress.DataAccess (24.1.7) - restriction: || (&& (== net6.0) (>= net452)) (&& (== net6.0) (>= net6.0-windows7.0)) (== net6.0-windows7.0) (&& (== net8.0) (>= net452)) (&& (== net8.0) (>= net6.0-windows7.0)) (&& (== net8.0-windows7.0) (>= net452)) (&& (== net8.0-windows7.0) (>= net6.0-windows7.0)) (&& (== netstandard2.0) (>= net452)) (&& (== netstandard2.0) (>= net6.0-windows7.0))
      DevExpress.DataAccess.UI (24.1.7) - restriction: || (&& (== net6.0) (>= net452)) (&& (== net6.0) (>= net6.0-windows7.0)) (== net6.0-windows7.0) (&& (== net8.0) (>= net452)) (&& (== net8.0) (>= net6.0-windows7.0)) (&& (== net8.0-windows7.0) (>= net452)) (&& (== net8.0-windows7.0) (>= net6.0-windows7.0)) (&& (== netstandard2.0) (>= net452)) (&& (== netstandard2.0) (>= net6.0-windows7.0))
      DevExpress.Drawing (24.1.7) - restriction: || (&& (== net6.0) (>= net452)) (&& (== net6.0) (>= net6.0-windows7.0)) (== net6.0-windows7.0) (&& (== net8.0) (>= net452)) (&& (== net8.0) (>= net6.0-windows7.0)) (&& (== net8.0-windows7.0) (>= net452)) (&& (== net8.0-windows7.0) (>= net6.0-windows7.0)) (&& (== netstandard2.0) (>= net452)) (&& (== netstandard2.0) (>= net6.0-windows7.0))
      DevExpress.Gauges.Core (24.1.7) - restriction: || (&& (== net6.0) (>= net452)) (&& (== net6.0) (>= net6.0-windows7.0)) (== net6.0-windows7.0) (&& (== net8.0) (>= net452)) (&& (== net8.0) (>= net6.0-windows7.0)) (&& (== net8.0-windows7.0) (>= net452)) (&& (== net8.0-windows7.0) (>= net6.0-windows7.0)) (&& (== netstandard2.0) (>= net452)) (&& (== netstandard2.0) (>= net6.0-windows7.0))
      DevExpress.Map.Core (24.1.7) - restriction: || (&& (== net6.0) (>= net452)) (&& (== net6.0) (>= net6.0-windows7.0)) (== net6.0-windows7.0) (&& (== net8.0) (>= net452)) (&& (== net8.0) (>= net6.0-windows7.0)) (&& (== net8.0-windows7.0) (>= net452)) (&& (== net8.0-windows7.0) (>= net6.0-windows7.0)) (&& (== netstandard2.0) (>= net452)) (&& (== netstandard2.0) (>= net6.0-windows7.0))
      DevExpress.Office.Core (24.1.7) - restriction: || (&& (== net6.0) (>= net452)) (&& (== net6.0) (>= net6.0-windows7.0)) (== net6.0-windows7.0) (&& (== net8.0) (>= net452)) (&& (== net8.0) (>= net6.0-windows7.0)) (&& (== net8.0-windows7.0) (>= net452)) (&& (== net8.0-windows7.0) (>= net6.0-windows7.0)) (&& (== netstandard2.0) (>= net452)) (&& (== netstandard2.0) (>= net6.0-windows7.0))
      DevExpress.PivotGrid.Core (24.1.7) - restriction: || (&& (== net6.0) (>= net452)) (&& (== net6.0) (>= net6.0-windows7.0)) (== net6.0-windows7.0) (&& (== net8.0) (>= net452)) (&& (== net8.0) (>= net6.0-windows7.0)) (&& (== net8.0-windows7.0) (>= net452)) (&& (== net8.0-windows7.0) (>= net6.0-windows7.0)) (&& (== netstandard2.0) (>= net452)) (&& (== netstandard2.0) (>= net6.0-windows7.0))
      DevExpress.Printing.Core (24.1.7) - restriction: || (&& (== net6.0) (>= net452)) (&& (== net6.0) (>= net6.0-windows7.0)) (== net6.0-windows7.0) (&& (== net8.0) (>= net452)) (&& (== net8.0) (>= net6.0-windows7.0)) (&& (== net8.0-windows7.0) (>= net452)) (&& (== net8.0-windows7.0) (>= net6.0-windows7.0)) (&& (== netstandard2.0) (>= net452)) (&& (== netstandard2.0) (>= net6.0-windows7.0))
      DevExpress.Reporting.Core (24.1.7) - restriction: || (&& (== net6.0) (>= net452)) (&& (== net6.0) (>= net6.0-windows7.0)) (== net6.0-windows7.0) (&& (== net8.0) (>= net452)) (&& (== net8.0) (>= net6.0-windows7.0)) (&& (== net8.0-windows7.0) (>= net452)) (&& (== net8.0-windows7.0) (>= net6.0-windows7.0)) (&& (== netstandard2.0) (>= net452)) (&& (== netstandard2.0) (>= net6.0-windows7.0))
      DevExpress.RichEdit.Core (24.1.7) - restriction: || (&& (== net6.0) (>= net452)) (&& (== net6.0) (>= net6.0-windows7.0)) (== net6.0-windows7.0) (&& (== net8.0) (>= net452)) (&& (== net8.0) (>= net6.0-windows7.0)) (&& (== net8.0-windows7.0) (>= net452)) (&& (== net8.0-windows7.0) (>= net6.0-windows7.0)) (&& (== netstandard2.0) (>= net452)) (&& (== netstandard2.0) (>= net6.0-windows7.0))
      DevExpress.Sparkline.Core (24.1.7) - restriction: || (&& (== net6.0) (>= net452)) (&& (== net6.0) (>= net6.0-windows7.0)) (== net6.0-windows7.0) (&& (== net8.0) (>= net452)) (&& (== net8.0) (>= net6.0-windows7.0)) (&& (== net8.0-windows7.0) (>= net452)) (&& (== net8.0-windows7.0) (>= net6.0-windows7.0)) (&& (== netstandard2.0) (>= net452)) (&& (== netstandard2.0) (>= net6.0-windows7.0))
      DevExpress.TreeMap (24.1.7) - restriction: || (&& (== net6.0) (>= net452)) (&& (== net6.0) (>= net6.0-windows7.0)) (== net6.0-windows7.0) (&& (== net8.0) (>= net452)) (&& (== net8.0) (>= net6.0-windows7.0)) (&& (== net8.0-windows7.0) (>= net452)) (&& (== net8.0-windows7.0) (>= net6.0-windows7.0)) (&& (== netstandard2.0) (>= net452)) (&& (== netstandard2.0) (>= net6.0-windows7.0))
      DevExpress.TreeMap.Core (24.1.7) - restriction: || (&& (== net6.0) (>= net452)) (&& (== net6.0) (>= net6.0-windows7.0)) (== net6.0-windows7.0) (&& (== net8.0) (>= net452)) (&& (== net8.0) (>= net6.0-windows7.0)) (&& (== net8.0-windows7.0) (>= net452)) (&& (== net8.0-windows7.0) (>= net6.0-windows7.0)) (&& (== netstandard2.0) (>= net452)) (&& (== netstandard2.0) (>= net6.0-windows7.0))
      DevExpress.Utils (24.1.7) - restriction: || (&& (== net6.0) (>= net452)) (&& (== net6.0) (>= net6.0-windows7.0)) (== net6.0-windows7.0) (&& (== net8.0) (>= net452)) (&& (== net8.0) (>= net6.0-windows7.0)) (&& (== net8.0-windows7.0) (>= net452)) (&& (== net8.0-windows7.0) (>= net6.0-windows7.0)) (&& (== netstandard2.0) (>= net452)) (&& (== netstandard2.0) (>= net6.0-windows7.0))
      DevExpress.Utils.UI (24.1.7) - restriction: || (&& (== net6.0) (>= net452)) (&& (== net6.0) (>= net6.0-windows7.0)) (== net6.0-windows7.0) (&& (== net8.0) (>= net452)) (&& (== net8.0) (>= net6.0-windows7.0)) (&& (== net8.0-windows7.0) (>= net452)) (&& (== net8.0-windows7.0) (>= net6.0-windows7.0)) (&& (== netstandard2.0) (>= net452)) (&& (== netstandard2.0) (>= net6.0-windows7.0))
      DevExpress.Win.Charts (24.1.7) - restriction: || (&& (== net6.0) (>= net452)) (&& (== net6.0) (>= net6.0-windows7.0)) (== net6.0-windows7.0) (&& (== net8.0) (>= net452)) (&& (== net8.0) (>= net6.0-windows7.0)) (&& (== net8.0-windows7.0) (>= net452)) (&& (== net8.0-windows7.0) (>= net6.0-windows7.0)) (&& (== netstandard2.0) (>= net452)) (&& (== netstandard2.0) (>= net6.0-windows7.0))
      DevExpress.Win.Gauges (24.1.7) - restriction: || (&& (== net6.0) (>= net452)) (&& (== net6.0) (>= net6.0-windows7.0)) (== net6.0-windows7.0) (&& (== net8.0) (>= net452)) (&& (== net8.0) (>= net6.0-windows7.0)) (&& (== net8.0-windows7.0) (>= net452)) (&& (== net8.0-windows7.0) (>= net6.0-windows7.0)) (&& (== netstandard2.0) (>= net452)) (&& (== netstandard2.0) (>= net6.0-windows7.0))
      DevExpress.Win.Grid (24.1.7) - restriction: || (&& (== net6.0) (>= net452)) (&& (== net6.0) (>= net6.0-windows7.0)) (== net6.0-windows7.0) (&& (== net8.0) (>= net452)) (&& (== net8.0) (>= net6.0-windows7.0)) (&& (== net8.0-windows7.0) (>= net452)) (&& (== net8.0-windows7.0) (>= net6.0-windows7.0)) (&& (== netstandard2.0) (>= net452)) (&& (== netstandard2.0) (>= net6.0-windows7.0))
      DevExpress.Win.Map (24.1.7) - restriction: || (&& (== net6.0) (>= net452)) (&& (== net6.0) (>= net6.0-windows7.0)) (== net6.0-windows7.0) (&& (== net8.0) (>= net452)) (&& (== net8.0) (>= net6.0-windows7.0)) (&& (== net8.0-windows7.0) (>= net452)) (&& (== net8.0-windows7.0) (>= net6.0-windows7.0)) (&& (== netstandard2.0) (>= net452)) (&& (== netstandard2.0) (>= net6.0-windows7.0))
      DevExpress.Win.Navigation (24.1.7) - restriction: || (&& (== net6.0) (>= net452)) (&& (== net6.0) (>= net6.0-windows7.0)) (== net6.0-windows7.0) (&& (== net8.0) (>= net452)) (&& (== net8.0) (>= net6.0-windows7.0)) (&& (== net8.0-windows7.0) (>= net452)) (&& (== net8.0-windows7.0) (>= net6.0-windows7.0)) (&& (== netstandard2.0) (>= net452)) (&& (== netstandard2.0) (>= net6.0-windows7.0))
      DevExpress.Win.PivotGrid (24.1.7) - restriction: || (&& (== net6.0) (>= net452)) (&& (== net6.0) (>= net6.0-windows7.0)) (== net6.0-windows7.0) (&& (== net8.0) (>= net452)) (&& (== net8.0) (>= net6.0-windows7.0)) (&& (== net8.0-windows7.0) (>= net452)) (&& (== net8.0-windows7.0) (>= net6.0-windows7.0)) (&& (== netstandard2.0) (>= net452)) (&& (== netstandard2.0) (>= net6.0-windows7.0))
      DevExpress.Win.Printing (24.1.7) - restriction: || (&& (== net6.0) (>= net452)) (&& (== net6.0) (>= net6.0-windows7.0)) (== net6.0-windows7.0) (&& (== net8.0) (>= net452)) (&& (== net8.0) (>= net6.0-windows7.0)) (&& (== net8.0-windows7.0) (>= net452)) (&& (== net8.0-windows7.0) (>= net6.0-windows7.0)) (&& (== netstandard2.0) (>= net452)) (&& (== netstandard2.0) (>= net6.0-windows7.0))
      DevExpress.Win.RichEdit (24.1.7) - restriction: || (&& (== net6.0) (>= net452)) (&& (== net6.0) (>= net6.0-windows7.0)) (== net6.0-windows7.0) (&& (== net8.0) (>= net452)) (&& (== net8.0) (>= net6.0-windows7.0)) (&& (== net8.0-windows7.0) (>= net452)) (&& (== net8.0-windows7.0) (>= net6.0-windows7.0)) (&& (== netstandard2.0) (>= net452)) (&& (== netstandard2.0) (>= net6.0-windows7.0))
      DevExpress.Win.TreeList (24.1.7) - restriction: || (&& (== net6.0) (>= net452)) (&& (== net6.0) (>= net6.0-windows7.0)) (== net6.0-windows7.0) (&& (== net8.0) (>= net452)) (&& (== net8.0) (>= net6.0-windows7.0)) (&& (== net8.0-windows7.0) (>= net452)) (&& (== net8.0-windows7.0) (>= net6.0-windows7.0)) (&& (== netstandard2.0) (>= net452)) (&& (== netstandard2.0) (>= net6.0-windows7.0))
      DevExpress.Win.TreeMap (24.1.7) - restriction: || (&& (== net6.0) (>= net452)) (&& (== net6.0) (>= net6.0-windows7.0)) (== net6.0-windows7.0) (&& (== net8.0) (>= net452)) (&& (== net8.0) (>= net6.0-windows7.0)) (&& (== net8.0-windows7.0) (>= net452)) (&& (== net8.0-windows7.0) (>= net6.0-windows7.0)) (&& (== netstandard2.0) (>= net452)) (&& (== netstandard2.0) (>= net6.0-windows7.0))
      DevExpress.Xpo (24.1.7) - restriction: || (&& (== net6.0) (>= net452)) (&& (== net6.0) (>= net6.0-windows7.0)) (== net6.0-windows7.0) (&& (== net8.0) (>= net452)) (&& (== net8.0) (>= net6.0-windows7.0)) (&& (== net8.0-windows7.0) (>= net452)) (&& (== net8.0-windows7.0) (>= net6.0-windows7.0)) (&& (== netstandard2.0) (>= net452)) (&& (== netstandard2.0) (>= net6.0-windows7.0))
    DevExpress.Win.Diagram (24.1.7) - restriction: || (&& (== net6.0) (>= net452)) (&& (== net6.0) (>= net6.0-windows7.0)) (== net6.0-windows7.0) (&& (== net8.0) (>= net452)) (&& (== net8.0) (>= net6.0-windows7.0)) (&& (== net8.0-windows7.0) (>= net452)) (&& (== net8.0-windows7.0) (>= net6.0-windows7.0)) (&& (== netstandard2.0) (>= net452)) (&& (== netstandard2.0) (>= net6.0-windows7.0))
      DevExpress.Data (24.1.7) - restriction: || (&& (== net6.0) (>= net452)) (&& (== net6.0) (>= net6.0-windows7.0)) (== net6.0-windows7.0) (&& (== net8.0) (>= net452)) (&& (== net8.0) (>= net6.0-windows7.0)) (&& (== net8.0-windows7.0) (>= net452)) (&& (== net8.0-windows7.0) (>= net6.0-windows7.0)) (&& (== netstandard2.0) (>= net452)) (&& (== netstandard2.0) (>= net6.0-windows7.0))
      DevExpress.Data.Desktop (24.1.7) - restriction: || (&& (== net6.0) (>= net452)) (&& (== net6.0) (>= net6.0-windows7.0)) (== net6.0-windows7.0) (&& (== net8.0) (>= net452)) (&& (== net8.0) (>= net6.0-windows7.0)) (&& (== net8.0-windows7.0) (>= net452)) (&& (== net8.0-windows7.0) (>= net6.0-windows7.0)) (&& (== netstandard2.0) (>= net452)) (&& (== netstandard2.0) (>= net6.0-windows7.0))
      DevExpress.Diagram.Core (24.1.7) - restriction: || (&& (== net6.0) (>= net452)) (&& (== net6.0) (>= net6.0-windows7.0)) (== net6.0-windows7.0) (&& (== net8.0) (>= net452)) (&& (== net8.0) (>= net6.0-windows7.0)) (&& (== net8.0-windows7.0) (>= net452)) (&& (== net8.0-windows7.0) (>= net6.0-windows7.0)) (&& (== netstandard2.0) (>= net452)) (&& (== netstandard2.0) (>= net6.0-windows7.0))
      DevExpress.Drawing (24.1.7) - restriction: || (&& (== net6.0) (>= net452)) (&& (== net6.0) (>= net6.0-windows7.0)) (== net6.0-windows7.0) (&& (== net8.0) (>= net452)) (&& (== net8.0) (>= net6.0-windows7.0)) (&& (== net8.0-windows7.0) (>= net452)) (&& (== net8.0-windows7.0) (>= net6.0-windows7.0)) (&& (== netstandard2.0) (>= net452)) (&& (== netstandard2.0) (>= net6.0-windows7.0))
      DevExpress.Pdf.Core (24.1.7) - restriction: || (&& (== net6.0) (>= net452)) (&& (== net6.0) (>= net6.0-windows7.0)) (== net6.0-windows7.0) (&& (== net8.0) (>= net452)) (&& (== net8.0) (>= net6.0-windows7.0)) (&& (== net8.0-windows7.0) (>= net452)) (&& (== net8.0-windows7.0) (>= net6.0-windows7.0)) (&& (== netstandard2.0) (>= net452)) (&& (== netstandard2.0) (>= net6.0-windows7.0))
      DevExpress.Printing.Core (24.1.7) - restriction: || (&& (== net6.0) (>= net452)) (&& (== net6.0) (>= net6.0-windows7.0)) (== net6.0-windows7.0) (&& (== net8.0) (>= net452)) (&& (== net8.0) (>= net6.0-windows7.0)) (&& (== net8.0-windows7.0) (>= net452)) (&& (== net8.0-windows7.0) (>= net6.0-windows7.0)) (&& (== netstandard2.0) (>= net452)) (&& (== netstandard2.0) (>= net6.0-windows7.0))
      DevExpress.Utils (24.1.7) - restriction: || (&& (== net6.0) (>= net452)) (&& (== net6.0) (>= net6.0-windows7.0)) (== net6.0-windows7.0) (&& (== net8.0) (>= net452)) (&& (== net8.0) (>= net6.0-windows7.0)) (&& (== net8.0-windows7.0) (>= net452)) (&& (== net8.0-windows7.0) (>= net6.0-windows7.0)) (&& (== netstandard2.0) (>= net452)) (&& (== netstandard2.0) (>= net6.0-windows7.0))
      DevExpress.Win.Navigation (24.1.7) - restriction: || (&& (== net6.0) (>= net452)) (&& (== net6.0) (>= net6.0-windows7.0)) (== net6.0-windows7.0) (&& (== net8.0) (>= net452)) (&& (== net8.0) (>= net6.0-windows7.0)) (&& (== net8.0-windows7.0) (>= net452)) (&& (== net8.0-windows7.0) (>= net6.0-windows7.0)) (&& (== netstandard2.0) (>= net452)) (&& (== netstandard2.0) (>= net6.0-windows7.0))
      DevExpress.Win.Printing (24.1.7) - restriction: || (&& (== net6.0) (>= net452)) (&& (== net6.0) (>= net6.0-windows7.0)) (== net6.0-windows7.0) (&& (== net8.0) (>= net452)) (&& (== net8.0) (>= net6.0-windows7.0)) (&& (== net8.0-windows7.0) (>= net452)) (&& (== net8.0-windows7.0) (>= net6.0-windows7.0)) (&& (== netstandard2.0) (>= net452)) (&& (== netstandard2.0) (>= net6.0-windows7.0))
      DevExpress.Win.VerticalGrid (24.1.7) - restriction: || (&& (== net6.0) (>= net452)) (&& (== net6.0) (>= net6.0-windows7.0)) (== net6.0-windows7.0) (&& (== net8.0) (>= net452)) (&& (== net8.0) (>= net6.0-windows7.0)) (&& (== net8.0-windows7.0) (>= net452)) (&& (== net8.0-windows7.0) (>= net6.0-windows7.0)) (&& (== netstandard2.0) (>= net452)) (&& (== netstandard2.0) (>= net6.0-windows7.0))
    DevExpress.Win.Gauges (24.1.7) - restriction: || (&& (== net6.0) (>= net452)) (&& (== net6.0) (>= net6.0-windows7.0)) (== net6.0-windows7.0) (&& (== net8.0) (>= net452)) (&& (== net8.0) (>= net6.0-windows7.0)) (&& (== net8.0-windows7.0) (>= net452)) (&& (== net8.0-windows7.0) (>= net6.0-windows7.0)) (&& (== netstandard2.0) (>= net452)) (&& (== netstandard2.0) (>= net6.0-windows7.0))
      DevExpress.Data (24.1.7) - restriction: || (&& (== net6.0) (>= net452)) (&& (== net6.0) (>= net6.0-windows7.0)) (== net6.0-windows7.0) (&& (== net8.0) (>= net452)) (&& (== net8.0) (>= net6.0-windows7.0)) (&& (== net8.0-windows7.0) (>= net452)) (&& (== net8.0-windows7.0) (>= net6.0-windows7.0)) (&& (== netstandard2.0) (>= net452)) (&& (== netstandard2.0) (>= net6.0-windows7.0))
      DevExpress.Data.Desktop (24.1.7) - restriction: || (&& (== net6.0) (>= net452)) (&& (== net6.0) (>= net6.0-windows7.0)) (== net6.0-windows7.0) (&& (== net8.0) (>= net452)) (&& (== net8.0) (>= net6.0-windows7.0)) (&& (== net8.0-windows7.0) (>= net452)) (&& (== net8.0-windows7.0) (>= net6.0-windows7.0)) (&& (== netstandard2.0) (>= net452)) (&& (== netstandard2.0) (>= net6.0-windows7.0))
      DevExpress.Drawing (24.1.7) - restriction: || (&& (== net6.0) (>= net452)) (&& (== net6.0) (>= net6.0-windows7.0)) (== net6.0-windows7.0) (&& (== net8.0) (>= net452)) (&& (== net8.0) (>= net6.0-windows7.0)) (&& (== net8.0-windows7.0) (>= net452)) (&& (== net8.0-windows7.0) (>= net6.0-windows7.0)) (&& (== netstandard2.0) (>= net452)) (&& (== netstandard2.0) (>= net6.0-windows7.0))
      DevExpress.Gauges.Core (24.1.7) - restriction: || (&& (== net6.0) (>= net452)) (&& (== net6.0) (>= net6.0-windows7.0)) (== net6.0-windows7.0) (&& (== net8.0) (>= net452)) (&& (== net8.0) (>= net6.0-windows7.0)) (&& (== net8.0-windows7.0) (>= net452)) (&& (== net8.0-windows7.0) (>= net6.0-windows7.0)) (&& (== netstandard2.0) (>= net452)) (&& (== netstandard2.0) (>= net6.0-windows7.0))
      DevExpress.Printing.Core (24.1.7) - restriction: || (&& (== net6.0) (>= net452)) (&& (== net6.0) (>= net6.0-windows7.0)) (== net6.0-windows7.0) (&& (== net8.0) (>= net452)) (&& (== net8.0) (>= net6.0-windows7.0)) (&& (== net8.0-windows7.0) (>= net452)) (&& (== net8.0-windows7.0) (>= net6.0-windows7.0)) (&& (== netstandard2.0) (>= net452)) (&& (== netstandard2.0) (>= net6.0-windows7.0))
      DevExpress.Utils (24.1.7) - restriction: || (&& (== net6.0) (>= net452)) (&& (== net6.0) (>= net6.0-windows7.0)) (== net6.0-windows7.0) (&& (== net8.0) (>= net452)) (&& (== net8.0) (>= net6.0-windows7.0)) (&& (== net8.0-windows7.0) (>= net452)) (&& (== net8.0-windows7.0) (>= net6.0-windows7.0)) (&& (== netstandard2.0) (>= net452)) (&& (== netstandard2.0) (>= net6.0-windows7.0))
      DevExpress.Win.Navigation (24.1.7) - restriction: || (&& (== net6.0) (>= net452)) (&& (== net6.0) (>= net6.0-windows7.0)) (== net6.0-windows7.0) (&& (== net8.0) (>= net452)) (&& (== net8.0) (>= net6.0-windows7.0)) (&& (== net8.0-windows7.0) (>= net452)) (&& (== net8.0-windows7.0) (>= net6.0-windows7.0)) (&& (== netstandard2.0) (>= net452)) (&& (== netstandard2.0) (>= net6.0-windows7.0))
      DevExpress.Win.Printing (24.1.7) - restriction: || (&& (== net6.0) (>= net452)) (&& (== net6.0) (>= net6.0-windows7.0)) (== net6.0-windows7.0) (&& (== net8.0) (>= net452)) (&& (== net8.0) (>= net6.0-windows7.0)) (&& (== net8.0-windows7.0) (>= net452)) (&& (== net8.0-windows7.0) (>= net6.0-windows7.0)) (&& (== netstandard2.0) (>= net452)) (&& (== netstandard2.0) (>= net6.0-windows7.0))
    DevExpress.Win.Grid (24.1.7) - restriction: || (&& (== net6.0) (>= net452)) (&& (== net6.0) (>= net6.0-windows7.0)) (== net6.0-windows7.0) (&& (== net8.0) (>= net452)) (&& (== net8.0) (>= net6.0-windows7.0)) (&& (== net8.0-windows7.0) (>= net452)) (&& (== net8.0-windows7.0) (>= net6.0-windows7.0)) (&& (== netstandard2.0) (>= net452)) (&& (== netstandard2.0) (>= net6.0-windows7.0))
      DevExpress.Data (24.1.7) - restriction: || (&& (== net6.0) (>= net452)) (&& (== net6.0) (>= net6.0-windows7.0)) (== net6.0-windows7.0) (&& (== net8.0) (>= net452)) (&& (== net8.0) (>= net6.0-windows7.0)) (&& (== net8.0-windows7.0) (>= net452)) (&& (== net8.0-windows7.0) (>= net6.0-windows7.0)) (&& (== netstandard2.0) (>= net452)) (&& (== netstandard2.0) (>= net6.0-windows7.0))
      DevExpress.Data.Desktop (24.1.7) - restriction: || (&& (== net6.0) (>= net452)) (&& (== net6.0) (>= net6.0-windows7.0)) (== net6.0-windows7.0) (&& (== net8.0) (>= net452)) (&& (== net8.0) (>= net6.0-windows7.0)) (&& (== net8.0-windows7.0) (>= net452)) (&& (== net8.0-windows7.0) (>= net6.0-windows7.0)) (&& (== netstandard2.0) (>= net452)) (&& (== netstandard2.0) (>= net6.0-windows7.0))
      DevExpress.Drawing (24.1.7) - restriction: || (&& (== net6.0) (>= net452)) (&& (== net6.0) (>= net6.0-windows7.0)) (== net6.0-windows7.0) (&& (== net8.0) (>= net452)) (&& (== net8.0) (>= net6.0-windows7.0)) (&& (== net8.0-windows7.0) (>= net452)) (&& (== net8.0-windows7.0) (>= net6.0-windows7.0)) (&& (== netstandard2.0) (>= net452)) (&& (== netstandard2.0) (>= net6.0-windows7.0))
      DevExpress.Printing.Core (24.1.7) - restriction: || (&& (== net6.0) (>= net452)) (&& (== net6.0) (>= net6.0-windows7.0)) (== net6.0-windows7.0) (&& (== net8.0) (>= net452)) (&& (== net8.0) (>= net6.0-windows7.0)) (&& (== net8.0-windows7.0) (>= net452)) (&& (== net8.0-windows7.0) (>= net6.0-windows7.0)) (&& (== netstandard2.0) (>= net452)) (&& (== netstandard2.0) (>= net6.0-windows7.0))
      DevExpress.Utils (24.1.7) - restriction: || (&& (== net6.0) (>= net452)) (&& (== net6.0) (>= net6.0-windows7.0)) (== net6.0-windows7.0) (&& (== net8.0) (>= net452)) (&& (== net8.0) (>= net6.0-windows7.0)) (&& (== net8.0-windows7.0) (>= net452)) (&& (== net8.0-windows7.0) (>= net6.0-windows7.0)) (&& (== netstandard2.0) (>= net452)) (&& (== netstandard2.0) (>= net6.0-windows7.0))
      DevExpress.Win.Navigation (24.1.7) - restriction: || (&& (== net6.0) (>= net452)) (&& (== net6.0) (>= net6.0-windows7.0)) (== net6.0-windows7.0) (&& (== net8.0) (>= net452)) (&& (== net8.0) (>= net6.0-windows7.0)) (&& (== net8.0-windows7.0) (>= net452)) (&& (== net8.0-windows7.0) (>= net6.0-windows7.0)) (&& (== netstandard2.0) (>= net452)) (&& (== netstandard2.0) (>= net6.0-windows7.0))
      DevExpress.Win.Printing (24.1.7) - restriction: || (&& (== net6.0) (>= net452)) (&& (== net6.0) (>= net6.0-windows7.0)) (== net6.0-windows7.0) (&& (== net8.0) (>= net452)) (&& (== net8.0) (>= net6.0-windows7.0)) (&& (== net8.0-windows7.0) (>= net452)) (&& (== net8.0-windows7.0) (>= net6.0-windows7.0)) (&& (== netstandard2.0) (>= net452)) (&& (== netstandard2.0) (>= net6.0-windows7.0))
    DevExpress.Win.Map (24.1.7) - restriction: || (&& (== net6.0) (>= net452)) (&& (== net6.0) (>= net6.0-windows7.0)) (== net6.0-windows7.0) (&& (== net8.0) (>= net452)) (&& (== net8.0) (>= net6.0-windows7.0)) (&& (== net8.0-windows7.0) (>= net452)) (&& (== net8.0-windows7.0) (>= net6.0-windows7.0)) (&& (== netstandard2.0) (>= net452)) (&& (== netstandard2.0) (>= net6.0-windows7.0))
      DevExpress.Data (24.1.7) - restriction: || (&& (== net6.0) (>= net452)) (&& (== net6.0) (>= net6.0-windows7.0)) (== net6.0-windows7.0) (&& (== net8.0) (>= net452)) (&& (== net8.0) (>= net6.0-windows7.0)) (&& (== net8.0-windows7.0) (>= net452)) (&& (== net8.0-windows7.0) (>= net6.0-windows7.0)) (&& (== netstandard2.0) (>= net452)) (&& (== netstandard2.0) (>= net6.0-windows7.0))
      DevExpress.Data.Desktop (24.1.7) - restriction: || (&& (== net6.0) (>= net452)) (&& (== net6.0) (>= net6.0-windows7.0)) (== net6.0-windows7.0) (&& (== net8.0) (>= net452)) (&& (== net8.0) (>= net6.0-windows7.0)) (&& (== net8.0-windows7.0) (>= net452)) (&& (== net8.0-windows7.0) (>= net6.0-windows7.0)) (&& (== netstandard2.0) (>= net452)) (&& (== netstandard2.0) (>= net6.0-windows7.0))
      DevExpress.Drawing (24.1.7) - restriction: || (&& (== net6.0) (>= net452)) (&& (== net6.0) (>= net6.0-windows7.0)) (== net6.0-windows7.0) (&& (== net8.0) (>= net452)) (&& (== net8.0) (>= net6.0-windows7.0)) (&& (== net8.0-windows7.0) (>= net452)) (&& (== net8.0-windows7.0) (>= net6.0-windows7.0)) (&& (== netstandard2.0) (>= net452)) (&& (== netstandard2.0) (>= net6.0-windows7.0))
      DevExpress.Map.Core (24.1.7) - restriction: || (&& (== net6.0) (>= net452)) (&& (== net6.0) (>= net6.0-windows7.0)) (== net6.0-windows7.0) (&& (== net8.0) (>= net452)) (&& (== net8.0) (>= net6.0-windows7.0)) (&& (== net8.0-windows7.0) (>= net452)) (&& (== net8.0-windows7.0) (>= net6.0-windows7.0)) (&& (== netstandard2.0) (>= net452)) (&& (== netstandard2.0) (>= net6.0-windows7.0))
      DevExpress.Printing.Core (24.1.7) - restriction: || (&& (== net6.0) (>= net452)) (&& (== net6.0) (>= net6.0-windows7.0)) (== net6.0-windows7.0) (&& (== net8.0) (>= net452)) (&& (== net8.0) (>= net6.0-windows7.0)) (&& (== net8.0-windows7.0) (>= net452)) (&& (== net8.0-windows7.0) (>= net6.0-windows7.0)) (&& (== netstandard2.0) (>= net452)) (&& (== netstandard2.0) (>= net6.0-windows7.0))
      DevExpress.Utils (24.1.7) - restriction: || (&& (== net6.0) (>= net452)) (&& (== net6.0) (>= net6.0-windows7.0)) (== net6.0-windows7.0) (&& (== net8.0) (>= net452)) (&& (== net8.0) (>= net6.0-windows7.0)) (&& (== net8.0-windows7.0) (>= net452)) (&& (== net8.0-windows7.0) (>= net6.0-windows7.0)) (&& (== netstandard2.0) (>= net452)) (&& (== netstandard2.0) (>= net6.0-windows7.0))
      DevExpress.Win.Navigation (24.1.7) - restriction: || (&& (== net6.0) (>= net452)) (&& (== net6.0) (>= net6.0-windows7.0)) (== net6.0-windows7.0) (&& (== net8.0) (>= net452)) (&& (== net8.0) (>= net6.0-windows7.0)) (&& (== net8.0-windows7.0) (>= net452)) (&& (== net8.0-windows7.0) (>= net6.0-windows7.0)) (&& (== netstandard2.0) (>= net452)) (&& (== netstandard2.0) (>= net6.0-windows7.0))
      DevExpress.Win.Printing (24.1.7) - restriction: || (&& (== net6.0) (>= net452)) (&& (== net6.0) (>= net6.0-windows7.0)) (== net6.0-windows7.0) (&& (== net8.0) (>= net452)) (&& (== net8.0) (>= net6.0-windows7.0)) (&& (== net8.0-windows7.0) (>= net452)) (&& (== net8.0-windows7.0) (>= net6.0-windows7.0)) (&& (== netstandard2.0) (>= net452)) (&& (== netstandard2.0) (>= net6.0-windows7.0))
      System.Data.SqlClient (>= 4.8.6) - restriction: || (&& (== net6.0) (>= net6.0-windows7.0)) (== net6.0-windows7.0) (&& (== net8.0) (>= net6.0-windows7.0)) (&& (== net8.0-windows7.0) (>= net6.0-windows7.0)) (&& (== netstandard2.0) (>= net6.0-windows7.0))
    DevExpress.Win.Navigation (24.1.7) - restriction: || (&& (== net6.0) (>= net452)) (&& (== net6.0) (>= net6.0-windows7.0)) (== net6.0-windows7.0) (&& (== net8.0) (>= net452)) (&& (== net8.0) (>= net6.0-windows7.0)) (&& (== net8.0-windows7.0) (>= net452)) (&& (== net8.0-windows7.0) (>= net6.0-windows7.0)) (&& (== netstandard2.0) (>= net452)) (&& (== netstandard2.0) (>= net6.0-windows7.0))
      DevExpress.Data (24.1.7) - restriction: || (&& (== net6.0) (>= net452)) (&& (== net6.0) (>= net6.0-windows7.0)) (== net6.0-windows7.0) (&& (== net8.0) (>= net452)) (&& (== net8.0) (>= net6.0-windows7.0)) (&& (== net8.0-windows7.0) (>= net452)) (&& (== net8.0-windows7.0) (>= net6.0-windows7.0)) (&& (== netstandard2.0) (>= net452)) (&& (== netstandard2.0) (>= net6.0-windows7.0))
      DevExpress.Data.Desktop (24.1.7) - restriction: || (&& (== net6.0) (>= net452)) (&& (== net6.0) (>= net6.0-windows7.0)) (== net6.0-windows7.0) (&& (== net8.0) (>= net452)) (&& (== net8.0) (>= net6.0-windows7.0)) (&& (== net8.0-windows7.0) (>= net452)) (&& (== net8.0-windows7.0) (>= net6.0-windows7.0)) (&& (== netstandard2.0) (>= net452)) (&& (== netstandard2.0) (>= net6.0-windows7.0))
      DevExpress.Drawing (24.1.7) - restriction: || (&& (== net6.0) (>= net452)) (&& (== net6.0) (>= net6.0-windows7.0)) (== net6.0-windows7.0) (&& (== net8.0) (>= net452)) (&& (== net8.0) (>= net6.0-windows7.0)) (&& (== net8.0-windows7.0) (>= net452)) (&& (== net8.0-windows7.0) (>= net6.0-windows7.0)) (&& (== netstandard2.0) (>= net452)) (&& (== netstandard2.0) (>= net6.0-windows7.0))
      DevExpress.Printing.Core (24.1.7) - restriction: || (&& (== net6.0) (>= net452)) (&& (== net6.0) (>= net6.0-windows7.0)) (== net6.0-windows7.0) (&& (== net8.0) (>= net452)) (&& (== net8.0) (>= net6.0-windows7.0)) (&& (== net8.0-windows7.0) (>= net452)) (&& (== net8.0-windows7.0) (>= net6.0-windows7.0)) (&& (== netstandard2.0) (>= net452)) (&& (== netstandard2.0) (>= net6.0-windows7.0))
      DevExpress.Sparkline.Core (24.1.7) - restriction: || (&& (== net6.0) (>= net452)) (&& (== net6.0) (>= net6.0-windows7.0)) (== net6.0-windows7.0) (&& (== net8.0) (>= net452)) (&& (== net8.0) (>= net6.0-windows7.0)) (&& (== net8.0-windows7.0) (>= net452)) (&& (== net8.0-windows7.0) (>= net6.0-windows7.0)) (&& (== netstandard2.0) (>= net452)) (&& (== netstandard2.0) (>= net6.0-windows7.0))
      DevExpress.Utils (24.1.7) - restriction: || (&& (== net6.0) (>= net452)) (&& (== net6.0) (>= net6.0-windows7.0)) (== net6.0-windows7.0) (&& (== net8.0) (>= net452)) (&& (== net8.0) (>= net6.0-windows7.0)) (&& (== net8.0-windows7.0) (>= net452)) (&& (== net8.0-windows7.0) (>= net6.0-windows7.0)) (&& (== netstandard2.0) (>= net452)) (&& (== netstandard2.0) (>= net6.0-windows7.0))
    DevExpress.Win.PivotGrid (24.1.7) - restriction: || (&& (== net6.0) (>= net452)) (&& (== net6.0) (>= net6.0-windows7.0)) (== net6.0-windows7.0) (&& (== net8.0) (>= net452)) (&& (== net8.0) (>= net6.0-windows7.0)) (&& (== net8.0-windows7.0) (>= net452)) (&& (== net8.0-windows7.0) (>= net6.0-windows7.0)) (&& (== netstandard2.0) (>= net452)) (&& (== netstandard2.0) (>= net6.0-windows7.0))
      DevExpress.Data (24.1.7) - restriction: || (&& (== net6.0) (>= net452)) (&& (== net6.0) (>= net6.0-windows7.0)) (== net6.0-windows7.0) (&& (== net8.0) (>= net452)) (&& (== net8.0) (>= net6.0-windows7.0)) (&& (== net8.0-windows7.0) (>= net452)) (&& (== net8.0-windows7.0) (>= net6.0-windows7.0)) (&& (== netstandard2.0) (>= net452)) (&& (== netstandard2.0) (>= net6.0-windows7.0))
      DevExpress.Data.Desktop (24.1.7) - restriction: || (&& (== net6.0) (>= net452)) (&& (== net6.0) (>= net6.0-windows7.0)) (== net6.0-windows7.0) (&& (== net8.0) (>= net452)) (&& (== net8.0) (>= net6.0-windows7.0)) (&& (== net8.0-windows7.0) (>= net452)) (&& (== net8.0-windows7.0) (>= net6.0-windows7.0)) (&& (== netstandard2.0) (>= net452)) (&& (== netstandard2.0) (>= net6.0-windows7.0))
      DevExpress.Drawing (24.1.7) - restriction: || (&& (== net6.0) (>= net452)) (&& (== net6.0) (>= net6.0-windows7.0)) (== net6.0-windows7.0) (&& (== net8.0) (>= net452)) (&& (== net8.0) (>= net6.0-windows7.0)) (&& (== net8.0-windows7.0) (>= net452)) (&& (== net8.0-windows7.0) (>= net6.0-windows7.0)) (&& (== netstandard2.0) (>= net452)) (&& (== netstandard2.0) (>= net6.0-windows7.0))
      DevExpress.PivotGrid.Core (24.1.7) - restriction: || (&& (== net6.0) (>= net452)) (&& (== net6.0) (>= net6.0-windows7.0)) (== net6.0-windows7.0) (&& (== net8.0) (>= net452)) (&& (== net8.0) (>= net6.0-windows7.0)) (&& (== net8.0-windows7.0) (>= net452)) (&& (== net8.0-windows7.0) (>= net6.0-windows7.0)) (&& (== netstandard2.0) (>= net452)) (&& (== netstandard2.0) (>= net6.0-windows7.0))
      DevExpress.Printing.Core (24.1.7) - restriction: || (&& (== net6.0) (>= net452)) (&& (== net6.0) (>= net6.0-windows7.0)) (== net6.0-windows7.0) (&& (== net8.0) (>= net452)) (&& (== net8.0) (>= net6.0-windows7.0)) (&& (== net8.0-windows7.0) (>= net452)) (&& (== net8.0-windows7.0) (>= net6.0-windows7.0)) (&& (== netstandard2.0) (>= net452)) (&& (== netstandard2.0) (>= net6.0-windows7.0))
      DevExpress.Utils (24.1.7) - restriction: || (&& (== net6.0) (>= net452)) (&& (== net6.0) (>= net6.0-windows7.0)) (== net6.0-windows7.0) (&& (== net8.0) (>= net452)) (&& (== net8.0) (>= net6.0-windows7.0)) (&& (== net8.0-windows7.0) (>= net452)) (&& (== net8.0-windows7.0) (>= net6.0-windows7.0)) (&& (== netstandard2.0) (>= net452)) (&& (== netstandard2.0) (>= net6.0-windows7.0))
      DevExpress.Win.Navigation (24.1.7) - restriction: || (&& (== net6.0) (>= net452)) (&& (== net6.0) (>= net6.0-windows7.0)) (== net6.0-windows7.0) (&& (== net8.0) (>= net452)) (&& (== net8.0) (>= net6.0-windows7.0)) (&& (== net8.0-windows7.0) (>= net452)) (&& (== net8.0-windows7.0) (>= net6.0-windows7.0)) (&& (== netstandard2.0) (>= net452)) (&& (== netstandard2.0) (>= net6.0-windows7.0))
    DevExpress.Win.Printing (24.1.7) - restriction: || (&& (== net6.0) (>= net452)) (&& (== net6.0) (>= net6.0-windows7.0)) (== net6.0-windows7.0) (&& (== net8.0) (>= net452)) (&& (== net8.0) (>= net6.0-windows7.0)) (&& (== net8.0-windows7.0) (>= net452)) (&& (== net8.0-windows7.0) (>= net6.0-windows7.0)) (&& (== netstandard2.0) (>= net452)) (&& (== netstandard2.0) (>= net6.0-windows7.0))
      DevExpress.Data (24.1.7) - restriction: || (&& (== net6.0) (>= net452)) (&& (== net6.0) (>= net6.0-windows7.0)) (== net6.0-windows7.0) (&& (== net8.0) (>= net452)) (&& (== net8.0) (>= net6.0-windows7.0)) (&& (== net8.0-windows7.0) (>= net452)) (&& (== net8.0-windows7.0) (>= net6.0-windows7.0)) (&& (== netstandard2.0) (>= net452)) (&& (== netstandard2.0) (>= net6.0-windows7.0))
      DevExpress.Data.Desktop (24.1.7) - restriction: || (&& (== net6.0) (>= net452)) (&& (== net6.0) (>= net6.0-windows7.0)) (== net6.0-windows7.0) (&& (== net8.0) (>= net452)) (&& (== net8.0) (>= net6.0-windows7.0)) (&& (== net8.0-windows7.0) (>= net452)) (&& (== net8.0-windows7.0) (>= net6.0-windows7.0)) (&& (== netstandard2.0) (>= net452)) (&& (== netstandard2.0) (>= net6.0-windows7.0))
      DevExpress.Drawing (24.1.7) - restriction: || (&& (== net6.0) (>= net452)) (&& (== net6.0) (>= net6.0-windows7.0)) (== net6.0-windows7.0) (&& (== net8.0) (>= net452)) (&& (== net8.0) (>= net6.0-windows7.0)) (&& (== net8.0-windows7.0) (>= net452)) (&& (== net8.0-windows7.0) (>= net6.0-windows7.0)) (&& (== netstandard2.0) (>= net452)) (&& (== netstandard2.0) (>= net6.0-windows7.0))
      DevExpress.Printing.Core (24.1.7) - restriction: || (&& (== net6.0) (>= net452)) (&& (== net6.0) (>= net6.0-windows7.0)) (== net6.0-windows7.0) (&& (== net8.0) (>= net452)) (&& (== net8.0) (>= net6.0-windows7.0)) (&& (== net8.0-windows7.0) (>= net452)) (&& (== net8.0-windows7.0) (>= net6.0-windows7.0)) (&& (== netstandard2.0) (>= net452)) (&& (== netstandard2.0) (>= net6.0-windows7.0))
      DevExpress.RichEdit.Core (24.1.7) - restriction: || (&& (== net6.0) (>= net452)) (&& (== net6.0) (>= net6.0-windows7.0)) (== net6.0-windows7.0) (&& (== net8.0) (>= net452)) (&& (== net8.0) (>= net6.0-windows7.0)) (&& (== net8.0-windows7.0) (>= net452)) (&& (== net8.0-windows7.0) (>= net6.0-windows7.0)) (&& (== netstandard2.0) (>= net452)) (&& (== netstandard2.0) (>= net6.0-windows7.0))
      DevExpress.Utils (24.1.7) - restriction: || (&& (== net6.0) (>= net452)) (&& (== net6.0) (>= net6.0-windows7.0)) (== net6.0-windows7.0) (&& (== net8.0) (>= net452)) (&& (== net8.0) (>= net6.0-windows7.0)) (&& (== net8.0-windows7.0) (>= net452)) (&& (== net8.0-windows7.0) (>= net6.0-windows7.0)) (&& (== netstandard2.0) (>= net452)) (&& (== netstandard2.0) (>= net6.0-windows7.0))
      DevExpress.Win.Navigation (24.1.7) - restriction: || (&& (== net6.0) (>= net452)) (&& (== net6.0) (>= net6.0-windows7.0)) (== net6.0-windows7.0) (&& (== net8.0) (>= net452)) (&& (== net8.0) (>= net6.0-windows7.0)) (&& (== net8.0-windows7.0) (>= net452)) (&& (== net8.0-windows7.0) (>= net6.0-windows7.0)) (&& (== netstandard2.0) (>= net452)) (&& (== netstandard2.0) (>= net6.0-windows7.0))
      DevExpress.Win.TreeList (24.1.7) - restriction: || (&& (== net6.0) (>= net452)) (&& (== net6.0) (>= net6.0-windows7.0)) (== net6.0-windows7.0) (&& (== net8.0) (>= net452)) (&& (== net8.0) (>= net6.0-windows7.0)) (&& (== net8.0-windows7.0) (>= net452)) (&& (== net8.0-windows7.0) (>= net6.0-windows7.0)) (&& (== netstandard2.0) (>= net452)) (&& (== netstandard2.0) (>= net6.0-windows7.0))
    DevExpress.Win.Reporting (24.1.7) - restriction: || (&& (== net6.0) (>= net452)) (&& (== net6.0) (>= net6.0-windows7.0)) (== net6.0-windows7.0) (&& (== net8.0) (>= net452)) (&& (== net8.0) (>= net6.0-windows7.0)) (&& (== net8.0-windows7.0) (>= net452)) (&& (== net8.0-windows7.0) (>= net6.0-windows7.0)) (&& (== netstandard2.0) (>= net452)) (&& (== netstandard2.0) (>= net6.0-windows7.0))
      DevExpress.Charts (24.1.7) - restriction: || (&& (== net6.0) (>= net452)) (&& (== net6.0) (>= net6.0-windows7.0)) (== net6.0-windows7.0) (&& (== net8.0) (>= net452)) (&& (== net8.0) (>= net6.0-windows7.0)) (&& (== net8.0-windows7.0) (>= net452)) (&& (== net8.0-windows7.0) (>= net6.0-windows7.0)) (&& (== netstandard2.0) (>= net452)) (&& (== netstandard2.0) (>= net6.0-windows7.0))
      DevExpress.Charts.Core (24.1.7) - restriction: || (&& (== net6.0) (>= net452)) (&& (== net6.0) (>= net6.0-windows7.0)) (== net6.0-windows7.0) (&& (== net8.0) (>= net452)) (&& (== net8.0) (>= net6.0-windows7.0)) (&& (== net8.0-windows7.0) (>= net452)) (&& (== net8.0-windows7.0) (>= net6.0-windows7.0)) (&& (== netstandard2.0) (>= net452)) (&& (== netstandard2.0) (>= net6.0-windows7.0))
      DevExpress.CodeParser (24.1.7) - restriction: || (&& (== net6.0) (>= net452)) (&& (== net6.0) (>= net6.0-windows7.0)) (== net6.0-windows7.0) (&& (== net8.0) (>= net452)) (&& (== net8.0) (>= net6.0-windows7.0)) (&& (== net8.0-windows7.0) (>= net452)) (&& (== net8.0-windows7.0) (>= net6.0-windows7.0)) (&& (== netstandard2.0) (>= net452)) (&& (== netstandard2.0) (>= net6.0-windows7.0))
      DevExpress.Data (24.1.7) - restriction: || (&& (== net6.0) (>= net452)) (&& (== net6.0) (>= net6.0-windows7.0)) (== net6.0-windows7.0) (&& (== net8.0) (>= net452)) (&& (== net8.0) (>= net6.0-windows7.0)) (&& (== net8.0-windows7.0) (>= net452)) (&& (== net8.0-windows7.0) (>= net6.0-windows7.0)) (&& (== netstandard2.0) (>= net452)) (&& (== netstandard2.0) (>= net6.0-windows7.0))
      DevExpress.Data.Desktop (24.1.7) - restriction: || (&& (== net6.0) (>= net452)) (&& (== net6.0) (>= net6.0-windows7.0)) (== net6.0-windows7.0) (&& (== net8.0) (>= net452)) (&& (== net8.0) (>= net6.0-windows7.0)) (&& (== net8.0-windows7.0) (>= net452)) (&& (== net8.0-windows7.0) (>= net6.0-windows7.0)) (&& (== netstandard2.0) (>= net452)) (&& (== netstandard2.0) (>= net6.0-windows7.0))
      DevExpress.DataAccess (24.1.7) - restriction: || (&& (== net6.0) (>= net452)) (&& (== net6.0) (>= net6.0-windows7.0)) (== net6.0-windows7.0) (&& (== net8.0) (>= net452)) (&& (== net8.0) (>= net6.0-windows7.0)) (&& (== net8.0-windows7.0) (>= net452)) (&& (== net8.0-windows7.0) (>= net6.0-windows7.0)) (&& (== netstandard2.0) (>= net452)) (&& (== netstandard2.0) (>= net6.0-windows7.0))
      DevExpress.DataAccess.UI (24.1.7) - restriction: || (&& (== net6.0) (>= net452)) (&& (== net6.0) (>= net6.0-windows7.0)) (== net6.0-windows7.0) (&& (== net8.0) (>= net452)) (&& (== net8.0) (>= net6.0-windows7.0)) (&& (== net8.0-windows7.0) (>= net452)) (&& (== net8.0-windows7.0) (>= net6.0-windows7.0)) (&& (== netstandard2.0) (>= net452)) (&& (== netstandard2.0) (>= net6.0-windows7.0))
      DevExpress.Drawing (24.1.7) - restriction: || (&& (== net6.0) (>= net452)) (&& (== net6.0) (>= net6.0-windows7.0)) (== net6.0-windows7.0) (&& (== net8.0) (>= net452)) (&& (== net8.0) (>= net6.0-windows7.0)) (&& (== net8.0-windows7.0) (>= net452)) (&& (== net8.0-windows7.0) (>= net6.0-windows7.0)) (&& (== netstandard2.0) (>= net452)) (&& (== netstandard2.0) (>= net6.0-windows7.0))
      DevExpress.Gauges.Core (24.1.7) - restriction: || (&& (== net6.0) (>= net452)) (&& (== net6.0) (>= net6.0-windows7.0)) (== net6.0-windows7.0) (&& (== net8.0) (>= net452)) (&& (== net8.0) (>= net6.0-windows7.0)) (&& (== net8.0-windows7.0) (>= net452)) (&& (== net8.0-windows7.0) (>= net6.0-windows7.0)) (&& (== netstandard2.0) (>= net452)) (&& (== netstandard2.0) (>= net6.0-windows7.0))
      DevExpress.Office.Core (24.1.7) - restriction: || (&& (== net6.0) (>= net452)) (&& (== net6.0) (>= net6.0-windows7.0)) (== net6.0-windows7.0) (&& (== net8.0) (>= net452)) (&& (== net8.0) (>= net6.0-windows7.0)) (&& (== net8.0-windows7.0) (>= net452)) (&& (== net8.0-windows7.0) (>= net6.0-windows7.0)) (&& (== netstandard2.0) (>= net452)) (&& (== netstandard2.0) (>= net6.0-windows7.0))
      DevExpress.PivotGrid.Core (24.1.7) - restriction: || (&& (== net6.0) (>= net452)) (&& (== net6.0) (>= net6.0-windows7.0)) (== net6.0-windows7.0) (&& (== net8.0) (>= net452)) (&& (== net8.0) (>= net6.0-windows7.0)) (&& (== net8.0-windows7.0) (>= net452)) (&& (== net8.0-windows7.0) (>= net6.0-windows7.0)) (&& (== netstandard2.0) (>= net452)) (&& (== netstandard2.0) (>= net6.0-windows7.0))
      DevExpress.Printing.Core (24.1.7) - restriction: || (&& (== net6.0) (>= net452)) (&& (== net6.0) (>= net6.0-windows7.0)) (== net6.0-windows7.0) (&& (== net8.0) (>= net452)) (&& (== net8.0) (>= net6.0-windows7.0)) (&& (== net8.0-windows7.0) (>= net452)) (&& (== net8.0-windows7.0) (>= net6.0-windows7.0)) (&& (== netstandard2.0) (>= net452)) (&& (== netstandard2.0) (>= net6.0-windows7.0))
      DevExpress.Reporting.Core (24.1.7) - restriction: || (&& (== net6.0) (>= net452)) (&& (== net6.0) (>= net6.0-windows7.0)) (== net6.0-windows7.0) (&& (== net8.0) (>= net452)) (&& (== net8.0) (>= net6.0-windows7.0)) (&& (== net8.0-windows7.0) (>= net452)) (&& (== net8.0-windows7.0) (>= net6.0-windows7.0)) (&& (== netstandard2.0) (>= net452)) (&& (== netstandard2.0) (>= net6.0-windows7.0))
      DevExpress.RichEdit.Core (24.1.7) - restriction: || (&& (== net6.0) (>= net452)) (&& (== net6.0) (>= net6.0-windows7.0)) (== net6.0-windows7.0) (&& (== net8.0) (>= net452)) (&& (== net8.0) (>= net6.0-windows7.0)) (&& (== net8.0-windows7.0) (>= net452)) (&& (== net8.0-windows7.0) (>= net6.0-windows7.0)) (&& (== netstandard2.0) (>= net452)) (&& (== netstandard2.0) (>= net6.0-windows7.0))
      DevExpress.Sparkline.Core (24.1.7) - restriction: || (&& (== net6.0) (>= net452)) (&& (== net6.0) (>= net6.0-windows7.0)) (== net6.0-windows7.0) (&& (== net8.0) (>= net452)) (&& (== net8.0) (>= net6.0-windows7.0)) (&& (== net8.0-windows7.0) (>= net452)) (&& (== net8.0-windows7.0) (>= net6.0-windows7.0)) (&& (== netstandard2.0) (>= net452)) (&& (== netstandard2.0) (>= net6.0-windows7.0))
      DevExpress.Utils (24.1.7) - restriction: || (&& (== net6.0) (>= net452)) (&& (== net6.0) (>= net6.0-windows7.0)) (== net6.0-windows7.0) (&& (== net8.0) (>= net452)) (&& (== net8.0) (>= net6.0-windows7.0)) (&& (== net8.0-windows7.0) (>= net452)) (&& (== net8.0-windows7.0) (>= net6.0-windows7.0)) (&& (== netstandard2.0) (>= net452)) (&& (== netstandard2.0) (>= net6.0-windows7.0))
      DevExpress.Utils.UI (24.1.7) - restriction: || (&& (== net6.0) (>= net452)) (&& (== net6.0) (>= net6.0-windows7.0)) (== net6.0-windows7.0) (&& (== net8.0) (>= net452)) (&& (== net8.0) (>= net6.0-windows7.0)) (&& (== net8.0-windows7.0) (>= net452)) (&& (== net8.0-windows7.0) (>= net6.0-windows7.0)) (&& (== netstandard2.0) (>= net452)) (&& (== netstandard2.0) (>= net6.0-windows7.0))
      DevExpress.Win (24.1.7) - restriction: || (&& (== net6.0) (>= net452)) (&& (== net6.0) (>= net6.0-windows7.0)) (== net6.0-windows7.0) (&& (== net8.0) (>= net452)) (&& (== net8.0) (>= net6.0-windows7.0)) (&& (== net8.0-windows7.0) (>= net452)) (&& (== net8.0-windows7.0) (>= net6.0-windows7.0)) (&& (== netstandard2.0) (>= net452)) (&& (== netstandard2.0) (>= net6.0-windows7.0))
      DevExpress.Win.Charts (24.1.7) - restriction: || (&& (== net6.0) (>= net452)) (&& (== net6.0) (>= net6.0-windows7.0)) (== net6.0-windows7.0) (&& (== net8.0) (>= net452)) (&& (== net8.0) (>= net6.0-windows7.0)) (&& (== net8.0-windows7.0) (>= net452)) (&& (== net8.0-windows7.0) (>= net6.0-windows7.0)) (&& (== netstandard2.0) (>= net452)) (&& (== netstandard2.0) (>= net6.0-windows7.0))
      DevExpress.Win.Grid (24.1.7) - restriction: || (&& (== net6.0) (>= net452)) (&& (== net6.0) (>= net6.0-windows7.0)) (== net6.0-windows7.0) (&& (== net8.0) (>= net452)) (&& (== net8.0) (>= net6.0-windows7.0)) (&& (== net8.0-windows7.0) (>= net452)) (&& (== net8.0-windows7.0) (>= net6.0-windows7.0)) (&& (== netstandard2.0) (>= net452)) (&& (== netstandard2.0) (>= net6.0-windows7.0))
      DevExpress.Win.Navigation (24.1.7) - restriction: || (&& (== net6.0) (>= net452)) (&& (== net6.0) (>= net6.0-windows7.0)) (== net6.0-windows7.0) (&& (== net8.0) (>= net452)) (&& (== net8.0) (>= net6.0-windows7.0)) (&& (== net8.0-windows7.0) (>= net452)) (&& (== net8.0-windows7.0) (>= net6.0-windows7.0)) (&& (== netstandard2.0) (>= net452)) (&& (== netstandard2.0) (>= net6.0-windows7.0))
      DevExpress.Win.PivotGrid (24.1.7) - restriction: || (&& (== net6.0) (>= net452)) (&& (== net6.0) (>= net6.0-windows7.0)) (== net6.0-windows7.0) (&& (== net8.0) (>= net452)) (&& (== net8.0) (>= net6.0-windows7.0)) (&& (== net8.0-windows7.0) (>= net452)) (&& (== net8.0-windows7.0) (>= net6.0-windows7.0)) (&& (== netstandard2.0) (>= net452)) (&& (== netstandard2.0) (>= net6.0-windows7.0))
      DevExpress.Win.Printing (24.1.7) - restriction: || (&& (== net6.0) (>= net452)) (&& (== net6.0) (>= net6.0-windows7.0)) (== net6.0-windows7.0) (&& (== net8.0) (>= net452)) (&& (== net8.0) (>= net6.0-windows7.0)) (&& (== net8.0-windows7.0) (>= net452)) (&& (== net8.0-windows7.0) (>= net6.0-windows7.0)) (&& (== netstandard2.0) (>= net452)) (&& (== netstandard2.0) (>= net6.0-windows7.0))
      DevExpress.Win.RichEdit (24.1.7) - restriction: || (&& (== net6.0) (>= net452)) (&& (== net6.0) (>= net6.0-windows7.0)) (== net6.0-windows7.0) (&& (== net8.0) (>= net452)) (&& (== net8.0) (>= net6.0-windows7.0)) (&& (== net8.0-windows7.0) (>= net452)) (&& (== net8.0-windows7.0) (>= net6.0-windows7.0)) (&& (== netstandard2.0) (>= net452)) (&& (== netstandard2.0) (>= net6.0-windows7.0))
      DevExpress.Win.TreeList (24.1.7) - restriction: || (&& (== net6.0) (>= net452)) (&& (== net6.0) (>= net6.0-windows7.0)) (== net6.0-windows7.0) (&& (== net8.0) (>= net452)) (&& (== net8.0) (>= net6.0-windows7.0)) (&& (== net8.0-windows7.0) (>= net452)) (&& (== net8.0-windows7.0) (>= net6.0-windows7.0)) (&& (== netstandard2.0) (>= net452)) (&& (== netstandard2.0) (>= net6.0-windows7.0))
      DevExpress.Win.VerticalGrid (24.1.7) - restriction: || (&& (== net6.0) (>= net452)) (&& (== net6.0) (>= net6.0-windows7.0)) (== net6.0-windows7.0) (&& (== net8.0) (>= net452)) (&& (== net8.0) (>= net6.0-windows7.0)) (&& (== net8.0-windows7.0) (>= net452)) (&& (== net8.0-windows7.0) (>= net6.0-windows7.0)) (&& (== netstandard2.0) (>= net452)) (&& (== netstandard2.0) (>= net6.0-windows7.0))
    DevExpress.Win.RichEdit (24.1.7) - restriction: || (&& (== net6.0) (>= net452)) (&& (== net6.0) (>= net6.0-windows7.0)) (== net6.0-windows7.0) (&& (== net8.0) (>= net452)) (&& (== net8.0) (>= net6.0-windows7.0)) (&& (== net8.0-windows7.0) (>= net452)) (&& (== net8.0-windows7.0) (>= net6.0-windows7.0)) (&& (== netstandard2.0) (>= net452)) (&& (== netstandard2.0) (>= net6.0-windows7.0))
      DevExpress.Data (24.1.7) - restriction: || (&& (== net6.0) (>= net452)) (&& (== net6.0) (>= net6.0-windows7.0)) (== net6.0-windows7.0) (&& (== net8.0) (>= net452)) (&& (== net8.0) (>= net6.0-windows7.0)) (&& (== net8.0-windows7.0) (>= net452)) (&& (== net8.0-windows7.0) (>= net6.0-windows7.0)) (&& (== netstandard2.0) (>= net452)) (&& (== netstandard2.0) (>= net6.0-windows7.0))
      DevExpress.Data.Desktop (24.1.7) - restriction: || (&& (== net6.0) (>= net452)) (&& (== net6.0) (>= net6.0-windows7.0)) (== net6.0-windows7.0) (&& (== net8.0) (>= net452)) (&& (== net8.0) (>= net6.0-windows7.0)) (&& (== net8.0-windows7.0) (>= net452)) (&& (== net8.0-windows7.0) (>= net6.0-windows7.0)) (&& (== netstandard2.0) (>= net452)) (&& (== netstandard2.0) (>= net6.0-windows7.0))
      DevExpress.Drawing (24.1.7) - restriction: || (&& (== net6.0) (>= net452)) (&& (== net6.0) (>= net6.0-windows7.0)) (== net6.0-windows7.0) (&& (== net8.0) (>= net452)) (&& (== net8.0) (>= net6.0-windows7.0)) (&& (== net8.0-windows7.0) (>= net452)) (&& (== net8.0-windows7.0) (>= net6.0-windows7.0)) (&& (== netstandard2.0) (>= net452)) (&& (== netstandard2.0) (>= net6.0-windows7.0))
      DevExpress.Images (24.1.7) - restriction: || (&& (== net6.0) (>= net452)) (&& (== net6.0) (>= net6.0-windows7.0)) (== net6.0-windows7.0) (&& (== net8.0) (>= net452)) (&& (== net8.0) (>= net6.0-windows7.0)) (&& (== net8.0-windows7.0) (>= net452)) (&& (== net8.0-windows7.0) (>= net6.0-windows7.0)) (&& (== netstandard2.0) (>= net452)) (&& (== netstandard2.0) (>= net6.0-windows7.0))
      DevExpress.Office.Core (24.1.7) - restriction: || (&& (== net6.0) (>= net452)) (&& (== net6.0) (>= net6.0-windows7.0)) (== net6.0-windows7.0) (&& (== net8.0) (>= net452)) (&& (== net8.0) (>= net6.0-windows7.0)) (&& (== net8.0-windows7.0) (>= net452)) (&& (== net8.0-windows7.0) (>= net6.0-windows7.0)) (&& (== netstandard2.0) (>= net452)) (&& (== netstandard2.0) (>= net6.0-windows7.0))
      DevExpress.Pdf.Core (24.1.7) - restriction: || (&& (== net6.0) (>= net452)) (&& (== net6.0) (>= net6.0-windows7.0)) (== net6.0-windows7.0) (&& (== net8.0) (>= net452)) (&& (== net8.0) (>= net6.0-windows7.0)) (&& (== net8.0-windows7.0) (>= net452)) (&& (== net8.0-windows7.0) (>= net6.0-windows7.0)) (&& (== netstandard2.0) (>= net452)) (&& (== netstandard2.0) (>= net6.0-windows7.0))
      DevExpress.Printing.Core (24.1.7) - restriction: || (&& (== net6.0) (>= net452)) (&& (== net6.0) (>= net6.0-windows7.0)) (== net6.0-windows7.0) (&& (== net8.0) (>= net452)) (&& (== net8.0) (>= net6.0-windows7.0)) (&& (== net8.0-windows7.0) (>= net452)) (&& (== net8.0-windows7.0) (>= net6.0-windows7.0)) (&& (== netstandard2.0) (>= net452)) (&& (== netstandard2.0) (>= net6.0-windows7.0))
      DevExpress.RichEdit.Core (24.1.7) - restriction: || (&& (== net6.0) (>= net452)) (&& (== net6.0) (>= net6.0-windows7.0)) (== net6.0-windows7.0) (&& (== net8.0) (>= net452)) (&& (== net8.0) (>= net6.0-windows7.0)) (&& (== net8.0-windows7.0) (>= net452)) (&& (== net8.0-windows7.0) (>= net6.0-windows7.0)) (&& (== netstandard2.0) (>= net452)) (&& (== netstandard2.0) (>= net6.0-windows7.0))
      DevExpress.Utils (24.1.7) - restriction: || (&& (== net6.0) (>= net452)) (&& (== net6.0) (>= net6.0-windows7.0)) (== net6.0-windows7.0) (&& (== net8.0) (>= net452)) (&& (== net8.0) (>= net6.0-windows7.0)) (&& (== net8.0-windows7.0) (>= net452)) (&& (== net8.0-windows7.0) (>= net6.0-windows7.0)) (&& (== netstandard2.0) (>= net452)) (&& (== netstandard2.0) (>= net6.0-windows7.0))
      DevExpress.Win.Grid (24.1.7) - restriction: || (&& (== net6.0) (>= net452)) (&& (== net6.0) (>= net6.0-windows7.0)) (== net6.0-windows7.0) (&& (== net8.0) (>= net452)) (&& (== net8.0) (>= net6.0-windows7.0)) (&& (== net8.0-windows7.0) (>= net452)) (&& (== net8.0-windows7.0) (>= net6.0-windows7.0)) (&& (== netstandard2.0) (>= net452)) (&& (== netstandard2.0) (>= net6.0-windows7.0))
      DevExpress.Win.Navigation (24.1.7) - restriction: || (&& (== net6.0) (>= net452)) (&& (== net6.0) (>= net6.0-windows7.0)) (== net6.0-windows7.0) (&& (== net8.0) (>= net452)) (&& (== net8.0) (>= net6.0-windows7.0)) (&& (== net8.0-windows7.0) (>= net452)) (&& (== net8.0-windows7.0) (>= net6.0-windows7.0)) (&& (== netstandard2.0) (>= net452)) (&& (== netstandard2.0) (>= net6.0-windows7.0))
      DevExpress.Win.Printing (24.1.7) - restriction: || (&& (== net6.0) (>= net452)) (&& (== net6.0) (>= net6.0-windows7.0)) (== net6.0-windows7.0) (&& (== net8.0) (>= net452)) (&& (== net8.0) (>= net6.0-windows7.0)) (&& (== net8.0-windows7.0) (>= net452)) (&& (== net8.0-windows7.0) (>= net6.0-windows7.0)) (&& (== netstandard2.0) (>= net452)) (&& (== netstandard2.0) (>= net6.0-windows7.0))
    DevExpress.Win.Scheduler (24.1.7) - restriction: || (&& (== net6.0) (>= net452)) (&& (== net6.0) (>= net6.0-windows7.0)) (== net6.0-windows7.0) (&& (== net8.0) (>= net452)) (&& (== net8.0) (>= net6.0-windows7.0)) (&& (== net8.0-windows7.0) (>= net452)) (&& (== net8.0-windows7.0) (>= net6.0-windows7.0)) (&& (== netstandard2.0) (>= net452)) (&& (== netstandard2.0) (>= net6.0-windows7.0))
      DevExpress.Data (24.1.7) - restriction: || (&& (== net6.0) (>= net452)) (&& (== net6.0) (>= net6.0-windows7.0)) (== net6.0-windows7.0) (&& (== net8.0) (>= net452)) (&& (== net8.0) (>= net6.0-windows7.0)) (&& (== net8.0-windows7.0) (>= net452)) (&& (== net8.0-windows7.0) (>= net6.0-windows7.0)) (&& (== netstandard2.0) (>= net452)) (&& (== netstandard2.0) (>= net6.0-windows7.0))
      DevExpress.Data.Desktop (24.1.7) - restriction: || (&& (== net6.0) (>= net452)) (&& (== net6.0) (>= net6.0-windows7.0)) (== net6.0-windows7.0) (&& (== net8.0) (>= net452)) (&& (== net8.0) (>= net6.0-windows7.0)) (&& (== net8.0-windows7.0) (>= net452)) (&& (== net8.0-windows7.0) (>= net6.0-windows7.0)) (&& (== netstandard2.0) (>= net452)) (&& (== netstandard2.0) (>= net6.0-windows7.0))
      DevExpress.Drawing (24.1.7) - restriction: || (&& (== net6.0) (>= net452)) (&& (== net6.0) (>= net6.0-windows7.0)) (== net6.0-windows7.0) (&& (== net8.0) (>= net452)) (&& (== net8.0) (>= net6.0-windows7.0)) (&& (== net8.0-windows7.0) (>= net452)) (&& (== net8.0-windows7.0) (>= net6.0-windows7.0)) (&& (== netstandard2.0) (>= net452)) (&& (== netstandard2.0) (>= net6.0-windows7.0))
      DevExpress.Printing.Core (24.1.7) - restriction: || (&& (== net6.0) (>= net452)) (&& (== net6.0) (>= net6.0-windows7.0)) (== net6.0-windows7.0) (&& (== net8.0) (>= net452)) (&& (== net8.0) (>= net6.0-windows7.0)) (&& (== net8.0-windows7.0) (>= net452)) (&& (== net8.0-windows7.0) (>= net6.0-windows7.0)) (&& (== netstandard2.0) (>= net452)) (&& (== netstandard2.0) (>= net6.0-windows7.0))
      DevExpress.Scheduler.Core (24.1.7) - restriction: || (&& (== net6.0) (>= net452)) (&& (== net6.0) (>= net6.0-windows7.0)) (== net6.0-windows7.0) (&& (== net8.0) (>= net452)) (&& (== net8.0) (>= net6.0-windows7.0)) (&& (== net8.0-windows7.0) (>= net452)) (&& (== net8.0-windows7.0) (>= net6.0-windows7.0)) (&& (== netstandard2.0) (>= net452)) (&& (== netstandard2.0) (>= net6.0-windows7.0))
      DevExpress.Scheduler.CoreDesktop (24.1.7) - restriction: || (&& (== net6.0) (>= net452)) (&& (== net6.0) (>= net6.0-windows7.0)) (== net6.0-windows7.0) (&& (== net8.0) (>= net452)) (&& (== net8.0) (>= net6.0-windows7.0)) (&& (== net8.0-windows7.0) (>= net452)) (&& (== net8.0-windows7.0) (>= net6.0-windows7.0)) (&& (== netstandard2.0) (>= net452)) (&& (== netstandard2.0) (>= net6.0-windows7.0))
      DevExpress.Utils (24.1.7) - restriction: || (&& (== net6.0) (>= net452)) (&& (== net6.0) (>= net6.0-windows7.0)) (== net6.0-windows7.0) (&& (== net8.0) (>= net452)) (&& (== net8.0) (>= net6.0-windows7.0)) (&& (== net8.0-windows7.0) (>= net452)) (&& (== net8.0-windows7.0) (>= net6.0-windows7.0)) (&& (== netstandard2.0) (>= net452)) (&& (== netstandard2.0) (>= net6.0-windows7.0))
      DevExpress.Win.Grid (24.1.7) - restriction: || (&& (== net6.0) (>= net452)) (&& (== net6.0) (>= net6.0-windows7.0)) (== net6.0-windows7.0) (&& (== net8.0) (>= net452)) (&& (== net8.0) (>= net6.0-windows7.0)) (&& (== net8.0-windows7.0) (>= net452)) (&& (== net8.0-windows7.0) (>= net6.0-windows7.0)) (&& (== netstandard2.0) (>= net452)) (&& (== netstandard2.0) (>= net6.0-windows7.0))
      DevExpress.Win.Navigation (24.1.7) - restriction: || (&& (== net6.0) (>= net452)) (&& (== net6.0) (>= net6.0-windows7.0)) (== net6.0-windows7.0) (&& (== net8.0) (>= net452)) (&& (== net8.0) (>= net6.0-windows7.0)) (&& (== net8.0-windows7.0) (>= net452)) (&& (== net8.0-windows7.0) (>= net6.0-windows7.0)) (&& (== netstandard2.0) (>= net452)) (&& (== netstandard2.0) (>= net6.0-windows7.0))
      DevExpress.Win.Printing (24.1.7) - restriction: || (&& (== net6.0) (>= net452)) (&& (== net6.0) (>= net6.0-windows7.0)) (== net6.0-windows7.0) (&& (== net8.0) (>= net452)) (&& (== net8.0) (>= net6.0-windows7.0)) (&& (== net8.0-windows7.0) (>= net452)) (&& (== net8.0-windows7.0) (>= net6.0-windows7.0)) (&& (== netstandard2.0) (>= net452)) (&& (== netstandard2.0) (>= net6.0-windows7.0))
    DevExpress.Win.SpellChecker (24.1.7)
      DevExpress.Data (24.1.7) - restriction: || (&& (== net6.0) (>= net452)) (&& (== net6.0) (>= net6.0-windows7.0)) (== net6.0-windows7.0) (&& (== net8.0) (>= net452)) (&& (== net8.0) (>= net6.0-windows7.0)) (&& (== net8.0-windows7.0) (>= net452)) (&& (== net8.0-windows7.0) (>= net6.0-windows7.0)) (&& (== netstandard2.0) (>= net452)) (&& (== netstandard2.0) (>= net6.0-windows7.0))
      DevExpress.Data.Desktop (24.1.7) - restriction: || (&& (== net6.0) (>= net452)) (&& (== net6.0) (>= net6.0-windows7.0)) (== net6.0-windows7.0) (&& (== net8.0) (>= net452)) (&& (== net8.0) (>= net6.0-windows7.0)) (&& (== net8.0-windows7.0) (>= net452)) (&& (== net8.0-windows7.0) (>= net6.0-windows7.0)) (&& (== netstandard2.0) (>= net452)) (&& (== netstandard2.0) (>= net6.0-windows7.0))
      DevExpress.SpellChecker.Core (24.1.7) - restriction: || (&& (== net6.0) (>= net452)) (&& (== net6.0) (>= net6.0-windows7.0)) (== net6.0-windows7.0) (&& (== net8.0) (>= net452)) (&& (== net8.0) (>= net6.0-windows7.0)) (&& (== net8.0-windows7.0) (>= net452)) (&& (== net8.0-windows7.0) (>= net6.0-windows7.0)) (&& (== netstandard2.0) (>= net452)) (&& (== netstandard2.0) (>= net6.0-windows7.0))
      DevExpress.Utils (24.1.7) - restriction: || (&& (== net6.0) (>= net452)) (&& (== net6.0) (>= net6.0-windows7.0)) (== net6.0-windows7.0) (&& (== net8.0) (>= net452)) (&& (== net8.0) (>= net6.0-windows7.0)) (&& (== net8.0-windows7.0) (>= net452)) (&& (== net8.0-windows7.0) (>= net6.0-windows7.0)) (&& (== netstandard2.0) (>= net452)) (&& (== netstandard2.0) (>= net6.0-windows7.0))
      DevExpress.Win.Navigation (24.1.7) - restriction: || (&& (== net6.0) (>= net452)) (&& (== net6.0) (>= net6.0-windows7.0)) (== net6.0-windows7.0) (&& (== net8.0) (>= net452)) (&& (== net8.0) (>= net6.0-windows7.0)) (&& (== net8.0-windows7.0) (>= net452)) (&& (== net8.0-windows7.0) (>= net6.0-windows7.0)) (&& (== netstandard2.0) (>= net452)) (&& (== netstandard2.0) (>= net6.0-windows7.0))
    DevExpress.Win.Spreadsheet (24.1.7) - restriction: || (&& (== net6.0) (>= net452)) (&& (== net6.0) (>= net6.0-windows7.0)) (== net6.0-windows7.0) (&& (== net8.0) (>= net452)) (&& (== net8.0) (>= net6.0-windows7.0)) (&& (== net8.0-windows7.0) (>= net452)) (&& (== net8.0-windows7.0) (>= net6.0-windows7.0)) (&& (== netstandard2.0) (>= net452)) (&& (== netstandard2.0) (>= net6.0-windows7.0))
      DevExpress.Charts (24.1.7) - restriction: || (&& (== net6.0) (>= net452)) (&& (== net6.0) (>= net6.0-windows7.0)) (== net6.0-windows7.0) (&& (== net8.0) (>= net452)) (&& (== net8.0) (>= net6.0-windows7.0)) (&& (== net8.0-windows7.0) (>= net452)) (&& (== net8.0-windows7.0) (>= net6.0-windows7.0)) (&& (== netstandard2.0) (>= net452)) (&& (== netstandard2.0) (>= net6.0-windows7.0))
      DevExpress.Data (24.1.7) - restriction: || (&& (== net6.0) (>= net452)) (&& (== net6.0) (>= net6.0-windows7.0)) (== net6.0-windows7.0) (&& (== net8.0) (>= net452)) (&& (== net8.0) (>= net6.0-windows7.0)) (&& (== net8.0-windows7.0) (>= net452)) (&& (== net8.0-windows7.0) (>= net6.0-windows7.0)) (&& (== netstandard2.0) (>= net452)) (&& (== netstandard2.0) (>= net6.0-windows7.0))
      DevExpress.Data.Desktop (24.1.7) - restriction: || (&& (== net6.0) (>= net452)) (&& (== net6.0) (>= net6.0-windows7.0)) (== net6.0-windows7.0) (&& (== net8.0) (>= net452)) (&& (== net8.0) (>= net6.0-windows7.0)) (&& (== net8.0-windows7.0) (>= net452)) (&& (== net8.0-windows7.0) (>= net6.0-windows7.0)) (&& (== netstandard2.0) (>= net452)) (&& (== netstandard2.0) (>= net6.0-windows7.0))
      DevExpress.DataAccess (24.1.7) - restriction: || (&& (== net6.0) (>= net452)) (&& (== net6.0) (>= net6.0-windows7.0)) (== net6.0-windows7.0) (&& (== net8.0) (>= net452)) (&& (== net8.0) (>= net6.0-windows7.0)) (&& (== net8.0-windows7.0) (>= net452)) (&& (== net8.0-windows7.0) (>= net6.0-windows7.0)) (&& (== netstandard2.0) (>= net452)) (&& (== netstandard2.0) (>= net6.0-windows7.0))
      DevExpress.DataAccess.UI (24.1.7) - restriction: || (&& (== net6.0) (>= net452)) (&& (== net6.0) (>= net6.0-windows7.0)) (== net6.0-windows7.0) (&& (== net8.0) (>= net452)) (&& (== net8.0) (>= net6.0-windows7.0)) (&& (== net8.0-windows7.0) (>= net452)) (&& (== net8.0-windows7.0) (>= net6.0-windows7.0)) (&& (== netstandard2.0) (>= net452)) (&& (== netstandard2.0) (>= net6.0-windows7.0))
      DevExpress.DataVisualization.Core (24.1.7) - restriction: || (&& (== net6.0) (>= net452)) (&& (== net6.0) (>= net6.0-windows7.0)) (== net6.0-windows7.0) (&& (== net8.0) (>= net452)) (&& (== net8.0) (>= net6.0-windows7.0)) (&& (== net8.0-windows7.0) (>= net452)) (&& (== net8.0-windows7.0) (>= net6.0-windows7.0)) (&& (== netstandard2.0) (>= net452)) (&& (== netstandard2.0) (>= net6.0-windows7.0))
      DevExpress.Drawing (24.1.7) - restriction: || (&& (== net6.0) (>= net452)) (&& (== net6.0) (>= net6.0-windows7.0)) (== net6.0-windows7.0) (&& (== net8.0) (>= net452)) (&& (== net8.0) (>= net6.0-windows7.0)) (&& (== net8.0-windows7.0) (>= net452)) (&& (== net8.0-windows7.0) (>= net6.0-windows7.0)) (&& (== netstandard2.0) (>= net452)) (&& (== netstandard2.0) (>= net6.0-windows7.0))
      DevExpress.Images (24.1.7) - restriction: || (&& (== net6.0) (>= net452)) (&& (== net6.0) (>= net6.0-windows7.0)) (== net6.0-windows7.0) (&& (== net8.0) (>= net452)) (&& (== net8.0) (>= net6.0-windows7.0)) (&& (== net8.0-windows7.0) (>= net452)) (&& (== net8.0-windows7.0) (>= net6.0-windows7.0)) (&& (== netstandard2.0) (>= net452)) (&& (== netstandard2.0) (>= net6.0-windows7.0))
      DevExpress.Office.Core (24.1.7) - restriction: || (&& (== net6.0) (>= net452)) (&& (== net6.0) (>= net6.0-windows7.0)) (== net6.0-windows7.0) (&& (== net8.0) (>= net452)) (&& (== net8.0) (>= net6.0-windows7.0)) (&& (== net8.0-windows7.0) (>= net452)) (&& (== net8.0-windows7.0) (>= net6.0-windows7.0)) (&& (== netstandard2.0) (>= net452)) (&& (== netstandard2.0) (>= net6.0-windows7.0))
      DevExpress.Printing.Core (24.1.7) - restriction: || (&& (== net6.0) (>= net452)) (&& (== net6.0) (>= net6.0-windows7.0)) (== net6.0-windows7.0) (&& (== net8.0) (>= net452)) (&& (== net8.0) (>= net6.0-windows7.0)) (&& (== net8.0-windows7.0) (>= net452)) (&& (== net8.0-windows7.0) (>= net6.0-windows7.0)) (&& (== netstandard2.0) (>= net452)) (&& (== netstandard2.0) (>= net6.0-windows7.0))
      DevExpress.RichEdit.Core (24.1.7) - restriction: || (&& (== net6.0) (>= net452)) (&& (== net6.0) (>= net6.0-windows7.0)) (== net6.0-windows7.0) (&& (== net8.0) (>= net452)) (&& (== net8.0) (>= net6.0-windows7.0)) (&& (== net8.0-windows7.0) (>= net452)) (&& (== net8.0-windows7.0) (>= net6.0-windows7.0)) (&& (== netstandard2.0) (>= net452)) (&& (== netstandard2.0) (>= net6.0-windows7.0))
      DevExpress.Spreadsheet.Core (24.1.7) - restriction: || (&& (== net6.0) (>= net452)) (&& (== net6.0) (>= net6.0-windows7.0)) (== net6.0-windows7.0) (&& (== net8.0) (>= net452)) (&& (== net8.0) (>= net6.0-windows7.0)) (&& (== net8.0-windows7.0) (>= net452)) (&& (== net8.0-windows7.0) (>= net6.0-windows7.0)) (&& (== netstandard2.0) (>= net452)) (&& (== netstandard2.0) (>= net6.0-windows7.0))
      DevExpress.TreeMap (24.1.7) - restriction: || (&& (== net6.0) (>= net452)) (&& (== net6.0) (>= net6.0-windows7.0)) (== net6.0-windows7.0) (&& (== net8.0) (>= net452)) (&& (== net8.0) (>= net6.0-windows7.0)) (&& (== net8.0-windows7.0) (>= net452)) (&& (== net8.0-windows7.0) (>= net6.0-windows7.0)) (&& (== netstandard2.0) (>= net452)) (&& (== netstandard2.0) (>= net6.0-windows7.0))
      DevExpress.Utils (24.1.7) - restriction: || (&& (== net6.0) (>= net452)) (&& (== net6.0) (>= net6.0-windows7.0)) (== net6.0-windows7.0) (&& (== net8.0) (>= net452)) (&& (== net8.0) (>= net6.0-windows7.0)) (&& (== net8.0-windows7.0) (>= net452)) (&& (== net8.0-windows7.0) (>= net6.0-windows7.0)) (&& (== netstandard2.0) (>= net452)) (&& (== netstandard2.0) (>= net6.0-windows7.0))
      DevExpress.Utils.UI (24.1.7) - restriction: || (&& (== net6.0) (>= net452)) (&& (== net6.0) (>= net6.0-windows7.0)) (== net6.0-windows7.0) (&& (== net8.0) (>= net452)) (&& (== net8.0) (>= net6.0-windows7.0)) (&& (== net8.0-windows7.0) (>= net452)) (&& (== net8.0-windows7.0) (>= net6.0-windows7.0)) (&& (== netstandard2.0) (>= net452)) (&& (== netstandard2.0) (>= net6.0-windows7.0))
      DevExpress.Win (24.1.7) - restriction: || (&& (== net6.0) (>= net452)) (&& (== net6.0) (>= net6.0-windows7.0)) (== net6.0-windows7.0) (&& (== net8.0) (>= net452)) (&& (== net8.0) (>= net6.0-windows7.0)) (&& (== net8.0-windows7.0) (>= net452)) (&& (== net8.0-windows7.0) (>= net6.0-windows7.0)) (&& (== netstandard2.0) (>= net452)) (&& (== netstandard2.0) (>= net6.0-windows7.0))
      DevExpress.Win.Grid (24.1.7) - restriction: || (&& (== net6.0) (>= net452)) (&& (== net6.0) (>= net6.0-windows7.0)) (== net6.0-windows7.0) (&& (== net8.0) (>= net452)) (&& (== net8.0) (>= net6.0-windows7.0)) (&& (== net8.0-windows7.0) (>= net452)) (&& (== net8.0-windows7.0) (>= net6.0-windows7.0)) (&& (== netstandard2.0) (>= net452)) (&& (== netstandard2.0) (>= net6.0-windows7.0))
      DevExpress.Win.Navigation (24.1.7) - restriction: || (&& (== net6.0) (>= net452)) (&& (== net6.0) (>= net6.0-windows7.0)) (== net6.0-windows7.0) (&& (== net8.0) (>= net452)) (&& (== net8.0) (>= net6.0-windows7.0)) (&& (== net8.0-windows7.0) (>= net452)) (&& (== net8.0-windows7.0) (>= net6.0-windows7.0)) (&& (== netstandard2.0) (>= net452)) (&& (== netstandard2.0) (>= net6.0-windows7.0))
      DevExpress.Win.Printing (24.1.7) - restriction: || (&& (== net6.0) (>= net452)) (&& (== net6.0) (>= net6.0-windows7.0)) (== net6.0-windows7.0) (&& (== net8.0) (>= net452)) (&& (== net8.0) (>= net6.0-windows7.0)) (&& (== net8.0-windows7.0) (>= net452)) (&& (== net8.0-windows7.0) (>= net6.0-windows7.0)) (&& (== netstandard2.0) (>= net452)) (&& (== netstandard2.0) (>= net6.0-windows7.0))
      DevExpress.Win.RichEdit (24.1.7) - restriction: || (&& (== net6.0) (>= net452)) (&& (== net6.0) (>= net6.0-windows7.0)) (== net6.0-windows7.0) (&& (== net8.0) (>= net452)) (&& (== net8.0) (>= net6.0-windows7.0)) (&& (== net8.0-windows7.0) (>= net452)) (&& (== net8.0-windows7.0) (>= net6.0-windows7.0)) (&& (== netstandard2.0) (>= net452)) (&& (== netstandard2.0) (>= net6.0-windows7.0))
      DevExpress.Win.TreeList (24.1.7) - restriction: || (&& (== net6.0) (>= net452)) (&& (== net6.0) (>= net6.0-windows7.0)) (== net6.0-windows7.0) (&& (== net8.0) (>= net452)) (&& (== net8.0) (>= net6.0-windows7.0)) (&& (== net8.0-windows7.0) (>= net452)) (&& (== net8.0-windows7.0) (>= net6.0-windows7.0)) (&& (== netstandard2.0) (>= net452)) (&& (== netstandard2.0) (>= net6.0-windows7.0))
    DevExpress.Win.TreeList (24.1.7) - restriction: || (&& (== net6.0) (>= net452)) (&& (== net6.0) (>= net6.0-windows7.0)) (== net6.0-windows7.0) (&& (== net8.0) (>= net452)) (&& (== net8.0) (>= net6.0-windows7.0)) (&& (== net8.0-windows7.0) (>= net452)) (&& (== net8.0-windows7.0) (>= net6.0-windows7.0)) (&& (== netstandard2.0) (>= net452)) (&& (== netstandard2.0) (>= net6.0-windows7.0))
      DevExpress.Data (24.1.7) - restriction: || (&& (== net6.0) (>= net452)) (&& (== net6.0) (>= net6.0-windows7.0)) (== net6.0-windows7.0) (&& (== net8.0) (>= net452)) (&& (== net8.0) (>= net6.0-windows7.0)) (&& (== net8.0-windows7.0) (>= net452)) (&& (== net8.0-windows7.0) (>= net6.0-windows7.0)) (&& (== netstandard2.0) (>= net452)) (&& (== netstandard2.0) (>= net6.0-windows7.0))
      DevExpress.Data.Desktop (24.1.7) - restriction: || (&& (== net6.0) (>= net452)) (&& (== net6.0) (>= net6.0-windows7.0)) (== net6.0-windows7.0) (&& (== net8.0) (>= net452)) (&& (== net8.0) (>= net6.0-windows7.0)) (&& (== net8.0-windows7.0) (>= net452)) (&& (== net8.0-windows7.0) (>= net6.0-windows7.0)) (&& (== netstandard2.0) (>= net452)) (&& (== netstandard2.0) (>= net6.0-windows7.0))
      DevExpress.Drawing (24.1.7) - restriction: || (&& (== net6.0) (>= net452)) (&& (== net6.0) (>= net6.0-windows7.0)) (== net6.0-windows7.0) (&& (== net8.0) (>= net452)) (&& (== net8.0) (>= net6.0-windows7.0)) (&& (== net8.0-windows7.0) (>= net452)) (&& (== net8.0-windows7.0) (>= net6.0-windows7.0)) (&& (== netstandard2.0) (>= net452)) (&& (== netstandard2.0) (>= net6.0-windows7.0))
      DevExpress.Printing.Core (24.1.7) - restriction: || (&& (== net6.0) (>= net452)) (&& (== net6.0) (>= net6.0-windows7.0)) (== net6.0-windows7.0) (&& (== net8.0) (>= net452)) (&& (== net8.0) (>= net6.0-windows7.0)) (&& (== net8.0-windows7.0) (>= net452)) (&& (== net8.0-windows7.0) (>= net6.0-windows7.0)) (&& (== netstandard2.0) (>= net452)) (&& (== netstandard2.0) (>= net6.0-windows7.0))
      DevExpress.Utils (24.1.7) - restriction: || (&& (== net6.0) (>= net452)) (&& (== net6.0) (>= net6.0-windows7.0)) (== net6.0-windows7.0) (&& (== net8.0) (>= net452)) (&& (== net8.0) (>= net6.0-windows7.0)) (&& (== net8.0-windows7.0) (>= net452)) (&& (== net8.0-windows7.0) (>= net6.0-windows7.0)) (&& (== netstandard2.0) (>= net452)) (&& (== netstandard2.0) (>= net6.0-windows7.0))
      DevExpress.Win.Navigation (24.1.7) - restriction: || (&& (== net6.0) (>= net452)) (&& (== net6.0) (>= net6.0-windows7.0)) (== net6.0-windows7.0) (&& (== net8.0) (>= net452)) (&& (== net8.0) (>= net6.0-windows7.0)) (&& (== net8.0-windows7.0) (>= net452)) (&& (== net8.0-windows7.0) (>= net6.0-windows7.0)) (&& (== netstandard2.0) (>= net452)) (&& (== netstandard2.0) (>= net6.0-windows7.0))
    DevExpress.Win.TreeMap (24.1.7) - restriction: || (&& (== net6.0) (>= net452)) (&& (== net6.0) (>= net6.0-windows7.0)) (== net6.0-windows7.0) (&& (== net8.0) (>= net452)) (&& (== net8.0) (>= net6.0-windows7.0)) (&& (== net8.0-windows7.0) (>= net452)) (&& (== net8.0-windows7.0) (>= net6.0-windows7.0)) (&& (== netstandard2.0) (>= net452)) (&& (== netstandard2.0) (>= net6.0-windows7.0))
      DevExpress.Data (24.1.7) - restriction: || (&& (== net6.0) (>= net452)) (&& (== net6.0) (>= net6.0-windows7.0)) (== net6.0-windows7.0) (&& (== net8.0) (>= net452)) (&& (== net8.0) (>= net6.0-windows7.0)) (&& (== net8.0-windows7.0) (>= net452)) (&& (== net8.0-windows7.0) (>= net6.0-windows7.0)) (&& (== netstandard2.0) (>= net452)) (&& (== netstandard2.0) (>= net6.0-windows7.0))
      DevExpress.Data.Desktop (24.1.7) - restriction: || (&& (== net6.0) (>= net452)) (&& (== net6.0) (>= net6.0-windows7.0)) (== net6.0-windows7.0) (&& (== net8.0) (>= net452)) (&& (== net8.0) (>= net6.0-windows7.0)) (&& (== net8.0-windows7.0) (>= net452)) (&& (== net8.0-windows7.0) (>= net6.0-windows7.0)) (&& (== netstandard2.0) (>= net452)) (&& (== netstandard2.0) (>= net6.0-windows7.0))
      DevExpress.Drawing (24.1.7) - restriction: || (&& (== net6.0) (>= net452)) (&& (== net6.0) (>= net6.0-windows7.0)) (== net6.0-windows7.0) (&& (== net8.0) (>= net452)) (&& (== net8.0) (>= net6.0-windows7.0)) (&& (== net8.0-windows7.0) (>= net452)) (&& (== net8.0-windows7.0) (>= net6.0-windows7.0)) (&& (== netstandard2.0) (>= net452)) (&& (== netstandard2.0) (>= net6.0-windows7.0))
      DevExpress.Printing.Core (24.1.7) - restriction: || (&& (== net6.0) (>= net452)) (&& (== net6.0) (>= net6.0-windows7.0)) (== net6.0-windows7.0) (&& (== net8.0) (>= net452)) (&& (== net8.0) (>= net6.0-windows7.0)) (&& (== net8.0-windows7.0) (>= net452)) (&& (== net8.0-windows7.0) (>= net6.0-windows7.0)) (&& (== netstandard2.0) (>= net452)) (&& (== netstandard2.0) (>= net6.0-windows7.0))
      DevExpress.TreeMap (24.1.7) - restriction: || (&& (== net6.0) (>= net452)) (&& (== net6.0) (>= net6.0-windows7.0)) (== net6.0-windows7.0) (&& (== net8.0) (>= net452)) (&& (== net8.0) (>= net6.0-windows7.0)) (&& (== net8.0-windows7.0) (>= net452)) (&& (== net8.0-windows7.0) (>= net6.0-windows7.0)) (&& (== netstandard2.0) (>= net452)) (&& (== netstandard2.0) (>= net6.0-windows7.0))
      DevExpress.TreeMap.Core (24.1.7) - restriction: || (&& (== net6.0) (>= net452)) (&& (== net6.0) (>= net6.0-windows7.0)) (== net6.0-windows7.0) (&& (== net8.0) (>= net452)) (&& (== net8.0) (>= net6.0-windows7.0)) (&& (== net8.0-windows7.0) (>= net452)) (&& (== net8.0-windows7.0) (>= net6.0-windows7.0)) (&& (== netstandard2.0) (>= net452)) (&& (== netstandard2.0) (>= net6.0-windows7.0))
      DevExpress.Utils (24.1.7) - restriction: || (&& (== net6.0) (>= net452)) (&& (== net6.0) (>= net6.0-windows7.0)) (== net6.0-windows7.0) (&& (== net8.0) (>= net452)) (&& (== net8.0) (>= net6.0-windows7.0)) (&& (== net8.0-windows7.0) (>= net452)) (&& (== net8.0-windows7.0) (>= net6.0-windows7.0)) (&& (== netstandard2.0) (>= net452)) (&& (== netstandard2.0) (>= net6.0-windows7.0))
      DevExpress.Win.Navigation (24.1.7) - restriction: || (&& (== net6.0) (>= net452)) (&& (== net6.0) (>= net6.0-windows7.0)) (== net6.0-windows7.0) (&& (== net8.0) (>= net452)) (&& (== net8.0) (>= net6.0-windows7.0)) (&& (== net8.0-windows7.0) (>= net452)) (&& (== net8.0-windows7.0) (>= net6.0-windows7.0)) (&& (== netstandard2.0) (>= net452)) (&& (== netstandard2.0) (>= net6.0-windows7.0))
      DevExpress.Win.Printing (24.1.7) - restriction: || (&& (== net6.0) (>= net452)) (&& (== net6.0) (>= net6.0-windows7.0)) (== net6.0-windows7.0) (&& (== net8.0) (>= net452)) (&& (== net8.0) (>= net6.0-windows7.0)) (&& (== net8.0-windows7.0) (>= net452)) (&& (== net8.0-windows7.0) (>= net6.0-windows7.0)) (&& (== netstandard2.0) (>= net452)) (&& (== netstandard2.0) (>= net6.0-windows7.0))
    DevExpress.Win.VerticalGrid (24.1.7) - restriction: || (&& (== net6.0) (>= net452)) (&& (== net6.0) (>= net6.0-windows7.0)) (== net6.0-windows7.0) (&& (== net8.0) (>= net452)) (&& (== net8.0) (>= net6.0-windows7.0)) (&& (== net8.0-windows7.0) (>= net452)) (&& (== net8.0-windows7.0) (>= net6.0-windows7.0)) (&& (== netstandard2.0) (>= net452)) (&& (== netstandard2.0) (>= net6.0-windows7.0))
      DevExpress.Data (24.1.7) - restriction: || (&& (== net6.0) (>= net452)) (&& (== net6.0) (>= net6.0-windows7.0)) (== net6.0-windows7.0) (&& (== net8.0) (>= net452)) (&& (== net8.0) (>= net6.0-windows7.0)) (&& (== net8.0-windows7.0) (>= net452)) (&& (== net8.0-windows7.0) (>= net6.0-windows7.0)) (&& (== netstandard2.0) (>= net452)) (&& (== netstandard2.0) (>= net6.0-windows7.0))
      DevExpress.Data.Desktop (24.1.7) - restriction: || (&& (== net6.0) (>= net452)) (&& (== net6.0) (>= net6.0-windows7.0)) (== net6.0-windows7.0) (&& (== net8.0) (>= net452)) (&& (== net8.0) (>= net6.0-windows7.0)) (&& (== net8.0-windows7.0) (>= net452)) (&& (== net8.0-windows7.0) (>= net6.0-windows7.0)) (&& (== netstandard2.0) (>= net452)) (&& (== netstandard2.0) (>= net6.0-windows7.0))
      DevExpress.Drawing (24.1.7) - restriction: || (&& (== net6.0) (>= net452)) (&& (== net6.0) (>= net6.0-windows7.0)) (== net6.0-windows7.0) (&& (== net8.0) (>= net452)) (&& (== net8.0) (>= net6.0-windows7.0)) (&& (== net8.0-windows7.0) (>= net452)) (&& (== net8.0-windows7.0) (>= net6.0-windows7.0)) (&& (== netstandard2.0) (>= net452)) (&& (== netstandard2.0) (>= net6.0-windows7.0))
      DevExpress.Printing.Core (24.1.7) - restriction: || (&& (== net6.0) (>= net452)) (&& (== net6.0) (>= net6.0-windows7.0)) (== net6.0-windows7.0) (&& (== net8.0) (>= net452)) (&& (== net8.0) (>= net6.0-windows7.0)) (&& (== net8.0-windows7.0) (>= net452)) (&& (== net8.0-windows7.0) (>= net6.0-windows7.0)) (&& (== netstandard2.0) (>= net452)) (&& (== netstandard2.0) (>= net6.0-windows7.0))
      DevExpress.Utils (24.1.7) - restriction: || (&& (== net6.0) (>= net452)) (&& (== net6.0) (>= net6.0-windows7.0)) (== net6.0-windows7.0) (&& (== net8.0) (>= net452)) (&& (== net8.0) (>= net6.0-windows7.0)) (&& (== net8.0-windows7.0) (>= net452)) (&& (== net8.0-windows7.0) (>= net6.0-windows7.0)) (&& (== netstandard2.0) (>= net452)) (&& (== netstandard2.0) (>= net6.0-windows7.0))
      DevExpress.Win.Navigation (24.1.7) - restriction: || (&& (== net6.0) (>= net452)) (&& (== net6.0) (>= net6.0-windows7.0)) (== net6.0-windows7.0) (&& (== net8.0) (>= net452)) (&& (== net8.0) (>= net6.0-windows7.0)) (&& (== net8.0-windows7.0) (>= net452)) (&& (== net8.0-windows7.0) (>= net6.0-windows7.0)) (&& (== netstandard2.0) (>= net452)) (&& (== netstandard2.0) (>= net6.0-windows7.0))
      DevExpress.Win.Printing (24.1.7) - restriction: || (&& (== net6.0) (>= net452)) (&& (== net6.0) (>= net6.0-windows7.0)) (== net6.0-windows7.0) (&& (== net8.0) (>= net452)) (&& (== net8.0) (>= net6.0-windows7.0)) (&& (== net8.0-windows7.0) (>= net452)) (&& (== net8.0-windows7.0) (>= net6.0-windows7.0)) (&& (== netstandard2.0) (>= net452)) (&& (== netstandard2.0) (>= net6.0-windows7.0))
