STORAGE: NONE
STRATEGY: MIN
LOWEST_MATCHING: TRUE
COPY-LOCAL: TRUE
SPECIFIC-VERSION: FALSE
RESTRICTION: || (== net9.0) (== net9.0-windows7.0)
NUGET
  remote: https://api.nuget.org/v3/index.json
    akarnokd.reactive_extensions (0.0.27-alpha)
      System.Reactive (>= 4.1.6)
    Azure.Core (1.6)
      Microsoft.Bcl.AsyncInterfaces (>= 1.0)
      System.Buffers (>= 4.5)
      System.Diagnostics.DiagnosticSource (>= 4.6)
      System.Memory (>= 4.5.3)
      System.Numerics.Vectors (>= 4.5)
      System.Text.Json (>= 4.6)
      System.Threading.Tasks.Extensions (>= 4.5.2)
    Azure.Identity (1.3)
      Azure.Core (>= 1.6)
      Microsoft.Identity.Client (>= 4.22)
      Microsoft.Identity.Client.Extensions.Msal (>= 2.16.5)
      System.Memory (>= 4.5.3)
      System.Security.Cryptography.ProtectedData (>= 4.5)
      System.Text.Json (>= 4.6)
      System.Threading.Tasks.Extensions (>= 4.5.2)
    Castle.Core (4.4)
      NETStandard.Library (>= 1.6.1)
      System.Collections.Specialized (>= 4.3)
      System.ComponentModel (>= 4.3)
      System.ComponentModel.TypeConverter (>= 4.3)
      System.Diagnostics.TraceSource (>= 4.3)
      System.Dynamic.Runtime (>= 4.3)
      System.Reflection (>= 4.3)
      System.Reflection.Emit (>= 4.3)
      System.Reflection.TypeExtensions (>= 4.3)
      System.Xml.XmlDocument (>= 4.3)
    DevExpress.Data (24.2.6)
      System.Drawing.Common (>= 4.7.2)
    DevExpress.Xpo (24.2.6)
      DevExpress.Data (24.2.6)
      Microsoft.Extensions.DependencyInjection (>= 6.0)
      System.Drawing.Common (>= 4.7.2)
      System.Security.Cryptography.Pkcs (>= 8.0.1)
      System.ServiceModel.Http (>= 6.2)
      System.ServiceModel.NetTcp (>= 6.2)
    DevExtreme.AspNet.Data (5.0.0-beta)
    DiffEngine (6.4.9)
      EmptyFiles (>= 2.3.3)
      Microsoft.Windows.Compatibility (>= 5.0)
    EmptyFiles (2.3.3)
    Enums.NET (4.0)
    FasterFlect.Xpand (2.0.7)
      System.Reflection.Emit.Lightweight (>= 4.6)
    Google.Apis (1.55)
      Google.Apis.Core (>= 1.55)
    Google.Apis.Auth (1.55)
      Google.Apis (>= 1.55)
      Google.Apis.Core (>= 1.55)
    Google.Apis.Calendar.v3 (1.55.0.2410)
      Google.Apis (>= 1.55)
      Google.Apis.Auth (>= 1.55)
    Google.Apis.Core (1.55)
      Newtonsoft.Json (>= 13.0.1)
    Google.Apis.People.v1 (1.25.0.830)
      Google.Apis (>= 1.25)
      Google.Apis.Auth (>= 1.25)
    Google.Apis.Tasks.v1 (1.55.0.2384)
      Google.Apis (>= 1.55)
      Google.Apis.Auth (>= 1.55)
    Grpc (2.23)
      Grpc.Core (>= 2.23)
    Grpc.Core (2.25)
      Grpc.Core.Api (>= 2.25)
      System.Memory (>= 4.5.3)
    Grpc.Core.Api (2.25)
      System.Memory (>= 4.5.3)
    Hangfire.AspNetCore (1.7.35)
      Hangfire.Core (1.7.35)
    Hangfire.Core (1.7.35)
      Newtonsoft.Json (>= 11.0.1)
    Hangfire.MemoryStorage (1.8)
      Hangfire.Core (>= 1.7.35)
    Hangfire.SqlServer (1.7.35)
      Hangfire.Core (1.7.35)
      System.Data.SqlClient (>= 4.4)
    Humanizer.Core (2.14.1)
    MagicOnion (2.6.3)
      Grpc (>= 2.23)
      MessagePack (>= 1.7.3.7)
      System.Buffers (>= 4.5)
      System.Collections.Immutable (>= 1.5)
      System.Runtime.CompilerServices.Unsafe (>= 4.5.2)
      System.Threading.Tasks.Extensions (>= 4.5.3)
      System.Threading.Tasks.Parallel (>= 4.3)
    MessagePack (2.5.187)
      MessagePack.Annotations (>= 2.5.187)
      Microsoft.NET.StringTools (>= 17.6.3)
    MessagePack.Annotations (2.5.187)
    Microsoft.AspNetCore (2.2)
      Microsoft.AspNetCore.Diagnostics (>= 2.2)
      Microsoft.AspNetCore.HostFiltering (>= 2.2)
      Microsoft.AspNetCore.Hosting (>= 2.2)
      Microsoft.AspNetCore.Routing (>= 2.2)
      Microsoft.AspNetCore.Server.IIS (>= 2.2)
      Microsoft.AspNetCore.Server.IISIntegration (>= 2.2)
      Microsoft.AspNetCore.Server.Kestrel (>= 2.2)
      Microsoft.AspNetCore.Server.Kestrel.Https (>= 2.2)
      Microsoft.Extensions.Configuration.CommandLine (>= 2.2)
      Microsoft.Extensions.Configuration.EnvironmentVariables (>= 2.2)
      Microsoft.Extensions.Configuration.FileExtensions (>= 2.2)
      Microsoft.Extensions.Configuration.Json (>= 2.2)
      Microsoft.Extensions.Configuration.UserSecrets (>= 2.2)
      Microsoft.Extensions.Logging (>= 2.2)
      Microsoft.Extensions.Logging.Configuration (>= 2.2)
      Microsoft.Extensions.Logging.Console (>= 2.2)
      Microsoft.Extensions.Logging.Debug (>= 2.2)
      Microsoft.Extensions.Logging.EventSource (>= 2.2)
    Microsoft.AspNetCore.Authentication.Abstractions (2.2)
      Microsoft.AspNetCore.Http.Abstractions (>= 2.2)
      Microsoft.Extensions.Logging.Abstractions (>= 2.2)
      Microsoft.Extensions.Options (>= 2.2)
    Microsoft.AspNetCore.Authentication.Core (2.2)
      Microsoft.AspNetCore.Authentication.Abstractions (>= 2.2)
      Microsoft.AspNetCore.Http (>= 2.2)
      Microsoft.AspNetCore.Http.Extensions (>= 2.2)
    Microsoft.AspNetCore.Authorization (9.0) - restriction: || (== net9.0) (&& (== net9.0-windows7.0) (>= net9.0))
      Microsoft.AspNetCore.Metadata (>= 9.0)
      Microsoft.Extensions.Logging.Abstractions (>= 9.0)
      Microsoft.Extensions.Options (>= 9.0)
    Microsoft.AspNetCore.Components (9.0)
      Microsoft.AspNetCore.Authorization (>= 9.0) - restriction: || (== net9.0) (&& (== net9.0-windows7.0) (>= net9.0))
      Microsoft.AspNetCore.Components.Analyzers (>= 9.0) - restriction: || (== net9.0) (&& (== net9.0-windows7.0) (>= net9.0))
    Microsoft.AspNetCore.Components.Analyzers (9.0) - restriction: || (== net9.0) (&& (== net9.0-windows7.0) (>= net9.0))
    Microsoft.AspNetCore.Connections.Abstractions (2.2)
      Microsoft.AspNetCore.Http.Features (>= 2.2)
      System.IO.Pipelines (>= 4.5.2)
    Microsoft.AspNetCore.Cryptography.Internal (8.0.10)
    Microsoft.AspNetCore.DataProtection (8.0.10)
      Microsoft.AspNetCore.Cryptography.Internal (>= 8.0.10)
      Microsoft.AspNetCore.DataProtection.Abstractions (>= 8.0.10)
      Microsoft.Extensions.DependencyInjection.Abstractions (>= 8.0.2)
      Microsoft.Extensions.Hosting.Abstractions (>= 8.0.1)
      Microsoft.Extensions.Logging.Abstractions (>= 8.0.2)
      Microsoft.Extensions.Options (>= 8.0.2)
      System.Security.Cryptography.Xml (>= 8.0.2)
    Microsoft.AspNetCore.DataProtection.Abstractions (8.0.10)
    Microsoft.AspNetCore.DataProtection.Extensions (8.0.10)
      Microsoft.AspNetCore.DataProtection (>= 8.0.10)
      Microsoft.Extensions.DependencyInjection (>= 8.0.1)
    Microsoft.AspNetCore.Diagnostics (2.2)
      Microsoft.AspNetCore.Diagnostics.Abstractions (>= 2.2)
      Microsoft.AspNetCore.Hosting.Abstractions (>= 2.2)
      Microsoft.AspNetCore.Http.Extensions (>= 2.2)
      Microsoft.AspNetCore.WebUtilities (>= 2.2)
      Microsoft.Extensions.FileProviders.Physical (>= 2.2)
      Microsoft.Extensions.Logging.Abstractions (>= 2.2)
      Microsoft.Extensions.Options (>= 2.2)
      System.Diagnostics.DiagnosticSource (>= 4.5)
      System.Reflection.Metadata (>= 1.6)
    Microsoft.AspNetCore.Diagnostics.Abstractions (2.2)
    Microsoft.AspNetCore.HostFiltering (2.2)
      Microsoft.AspNetCore.Hosting.Abstractions (>= 2.2)
      Microsoft.AspNetCore.Http (>= 2.2)
      Microsoft.AspNetCore.Http.Extensions (>= 2.2)
      Microsoft.Extensions.Options (>= 2.2)
    Microsoft.AspNetCore.Hosting (2.2.7)
      Microsoft.AspNetCore.Hosting.Abstractions (>= 2.2)
      Microsoft.AspNetCore.Http (>= 2.2)
      Microsoft.AspNetCore.Http.Extensions (>= 2.2)
      Microsoft.Extensions.Configuration (>= 2.2)
      Microsoft.Extensions.Configuration.EnvironmentVariables (>= 2.2.4)
      Microsoft.Extensions.Configuration.FileExtensions (>= 2.2)
      Microsoft.Extensions.DependencyInjection (>= 2.2)
      Microsoft.Extensions.FileProviders.Physical (>= 2.2)
      Microsoft.Extensions.Hosting.Abstractions (>= 2.2)
      Microsoft.Extensions.Logging (>= 2.2)
      Microsoft.Extensions.Options (>= 2.2)
      System.Diagnostics.DiagnosticSource (>= 4.5.1)
      System.Reflection.Metadata (>= 1.6)
    Microsoft.AspNetCore.Hosting.Abstractions (2.2)
      Microsoft.AspNetCore.Hosting.Server.Abstractions (>= 2.2)
      Microsoft.AspNetCore.Http.Abstractions (>= 2.2)
      Microsoft.Extensions.Hosting.Abstractions (>= 2.2)
    Microsoft.AspNetCore.Hosting.Server.Abstractions (2.2)
      Microsoft.AspNetCore.Http.Features (>= 2.2)
      Microsoft.Extensions.Configuration.Abstractions (>= 2.2)
    Microsoft.AspNetCore.Html.Abstractions (2.2)
      System.Text.Encodings.Web (>= 4.5)
    Microsoft.AspNetCore.Http (2.2)
      Microsoft.AspNetCore.Http.Abstractions (>= 2.2)
      Microsoft.AspNetCore.WebUtilities (>= 2.2)
      Microsoft.Extensions.ObjectPool (>= 2.2)
      Microsoft.Extensions.Options (>= 2.2)
      Microsoft.Net.Http.Headers (>= 2.2)
    Microsoft.AspNetCore.Http.Abstractions (2.2)
      Microsoft.AspNetCore.Http.Features (>= 2.2)
      System.Text.Encodings.Web (>= 4.5)
    Microsoft.AspNetCore.Http.Extensions (2.2)
      Microsoft.AspNetCore.Http.Abstractions (>= 2.2)
      Microsoft.Extensions.FileProviders.Abstractions (>= 2.2)
      Microsoft.Net.Http.Headers (>= 2.2)
      System.Buffers (>= 4.5)
    Microsoft.AspNetCore.Http.Features (2.2)
      Microsoft.Extensions.Primitives (>= 2.2)
    Microsoft.AspNetCore.HttpOverrides (2.2)
      Microsoft.AspNetCore.Http.Extensions (>= 2.2)
      Microsoft.Extensions.Logging.Abstractions (>= 2.2)
      Microsoft.Extensions.Options (>= 2.2)
    Microsoft.AspNetCore.Metadata (9.0) - restriction: || (== net9.0) (&& (== net9.0-windows7.0) (>= net9.0))
    Microsoft.AspNetCore.Mvc.Razor.Extensions (5.0)
      Microsoft.AspNetCore.Razor.Language (>= 5.0)
      Microsoft.CodeAnalysis.Razor (>= 5.0)
    Microsoft.AspNetCore.Razor (2.2)
      Microsoft.AspNetCore.Html.Abstractions (>= 2.2)
    Microsoft.AspNetCore.Razor.Language (5.0)
    Microsoft.AspNetCore.Razor.Runtime (2.2)
      Microsoft.AspNetCore.Html.Abstractions (>= 2.2)
      Microsoft.AspNetCore.Razor (>= 2.2)
    Microsoft.AspNetCore.Routing (2.2)
      Microsoft.AspNetCore.Http.Extensions (>= 2.2)
      Microsoft.AspNetCore.Routing.Abstractions (>= 2.2)
      Microsoft.Extensions.Logging.Abstractions (>= 2.2)
      Microsoft.Extensions.ObjectPool (>= 2.2)
      Microsoft.Extensions.Options (>= 2.2)
    Microsoft.AspNetCore.Routing.Abstractions (2.2)
      Microsoft.AspNetCore.Http.Abstractions (>= 2.2)
    Microsoft.AspNetCore.Server.IIS (2.2)
      Microsoft.AspNetCore.Authentication.Core (>= 2.2)
      Microsoft.AspNetCore.Connections.Abstractions (>= 2.2)
      Microsoft.AspNetCore.Hosting.Abstractions (>= 2.2)
      System.IO.Pipelines (>= 4.5.2)
      System.Security.Principal.Windows (>= 4.5)
    Microsoft.AspNetCore.Server.IISIntegration (2.2)
      Microsoft.AspNetCore.Authentication.Core (>= 2.2)
      Microsoft.AspNetCore.Hosting.Abstractions (>= 2.2)
      Microsoft.AspNetCore.Http (>= 2.2)
      Microsoft.AspNetCore.Http.Extensions (>= 2.2)
      Microsoft.AspNetCore.HttpOverrides (>= 2.2)
      Microsoft.Extensions.Logging.Abstractions (>= 2.2)
      Microsoft.Extensions.Options (>= 2.2)
      System.Buffers (>= 4.5)
      System.IO.Pipelines (>= 4.5.2)
      System.Memory (>= 4.5.1)
      System.Numerics.Vectors (>= 4.5)
      System.Runtime.CompilerServices.Unsafe (>= 4.5.1)
      System.Security.Principal.Windows (>= 4.5)
    Microsoft.AspNetCore.Server.Kestrel (2.2)
      Microsoft.AspNetCore.Hosting (>= 2.2)
      Microsoft.AspNetCore.Server.Kestrel.Core (>= 2.2)
      Microsoft.AspNetCore.Server.Kestrel.Https (>= 2.2)
      Microsoft.AspNetCore.Server.Kestrel.Transport.Sockets (>= 2.2)
    Microsoft.AspNetCore.Server.Kestrel.Core (2.2)
      Microsoft.AspNetCore.Hosting.Abstractions (>= 2.2)
      Microsoft.AspNetCore.Http (>= 2.2)
      Microsoft.AspNetCore.Server.Kestrel.Transport.Abstractions (>= 2.2)
      Microsoft.AspNetCore.WebUtilities (>= 2.2)
      Microsoft.Extensions.Configuration.Binder (>= 2.2)
      Microsoft.Extensions.Logging.Abstractions (>= 2.2)
      Microsoft.Extensions.Options (>= 2.2)
      Microsoft.Net.Http.Headers (>= 2.2)
      System.Memory (>= 4.5.1)
      System.Numerics.Vectors (>= 4.5)
      System.Runtime.CompilerServices.Unsafe (>= 4.5.1)
      System.Security.Cryptography.Cng (>= 4.5)
      System.Threading.Tasks.Extensions (>= 4.5.1)
    Microsoft.AspNetCore.Server.Kestrel.Https (2.2)
      Microsoft.AspNetCore.Http.Abstractions (>= 2.2)
      Microsoft.AspNetCore.Server.Kestrel.Core (>= 2.2)
    Microsoft.AspNetCore.Server.Kestrel.Transport.Abstractions (2.2)
      Microsoft.AspNetCore.Connections.Abstractions (>= 2.2)
    Microsoft.AspNetCore.Server.Kestrel.Transport.Sockets (2.2)
      Microsoft.AspNetCore.Hosting.Abstractions (>= 2.2)
      Microsoft.AspNetCore.Server.Kestrel.Transport.Abstractions (>= 2.2)
      Microsoft.Extensions.Options (>= 2.2)
    Microsoft.AspNetCore.WebUtilities (2.2)
      Microsoft.Net.Http.Headers (>= 2.2)
      System.Text.Encodings.Web (>= 4.5)
    Microsoft.Bcl.AsyncInterfaces (9.0)
    Microsoft.Bcl.TimeProvider (8.0.1)
    Microsoft.CodeAnalysis (4.12)
      Humanizer.Core (>= 2.14.1)
      Microsoft.Bcl.AsyncInterfaces (>= 8.0)
      Microsoft.CodeAnalysis.Analyzers (>= 3.3.4)
      Microsoft.CodeAnalysis.CSharp.Workspaces (4.12)
      Microsoft.CodeAnalysis.VisualBasic.Workspaces (4.12)
      System.Buffers (>= 4.5.1)
      System.Collections.Immutable (>= 8.0)
      System.Composition (>= 8.0)
      System.IO.Pipelines (>= 8.0)
      System.Memory (>= 4.5.5)
      System.Numerics.Vectors (>= 4.5)
      System.Reflection.Metadata (>= 8.0)
      System.Runtime.CompilerServices.Unsafe (>= 6.0)
      System.Text.Encoding.CodePages (>= 7.0)
      System.Threading.Channels (>= 7.0)
      System.Threading.Tasks.Extensions (>= 4.5.4)
    Microsoft.CodeAnalysis.Analyzers (3.3.4)
    Microsoft.CodeAnalysis.Common (4.12)
      Microsoft.CodeAnalysis.Analyzers (>= 3.3.4)
      System.Collections.Immutable (>= 8.0)
      System.Reflection.Metadata (>= 8.0)
    Microsoft.CodeAnalysis.CSharp (4.12)
      Microsoft.CodeAnalysis.Analyzers (>= 3.3.4)
      Microsoft.CodeAnalysis.Common (4.12)
      System.Collections.Immutable (>= 8.0)
      System.Reflection.Metadata (>= 8.0)
    Microsoft.CodeAnalysis.CSharp.Workspaces (4.12)
      Humanizer.Core (>= 2.14.1)
      Microsoft.CodeAnalysis.Analyzers (>= 3.3.4)
      Microsoft.CodeAnalysis.Common (4.12)
      Microsoft.CodeAnalysis.CSharp (4.12)
      Microsoft.CodeAnalysis.Workspaces.Common (4.12)
      System.Collections.Immutable (>= 8.0)
      System.Composition (>= 8.0)
      System.IO.Pipelines (>= 8.0)
      System.Reflection.Metadata (>= 8.0)
      System.Threading.Channels (>= 7.0)
    Microsoft.CodeAnalysis.Razor (5.0)
      Microsoft.AspNetCore.Razor.Language (>= 5.0)
      Microsoft.CodeAnalysis.Common (>= 3.7)
      Microsoft.CodeAnalysis.CSharp (>= 3.7)
    Microsoft.CodeAnalysis.VisualBasic (4.12)
      Microsoft.CodeAnalysis.Analyzers (>= 3.3.4)
      Microsoft.CodeAnalysis.Common (4.12)
      System.Collections.Immutable (>= 8.0)
      System.Reflection.Metadata (>= 8.0)
    Microsoft.CodeAnalysis.VisualBasic.Workspaces (4.12)
      Humanizer.Core (>= 2.14.1)
      Microsoft.CodeAnalysis.Analyzers (>= 3.3.4)
      Microsoft.CodeAnalysis.Common (4.12)
      Microsoft.CodeAnalysis.VisualBasic (4.12)
      Microsoft.CodeAnalysis.Workspaces.Common (4.12)
      System.Collections.Immutable (>= 8.0)
      System.Composition (>= 8.0)
      System.IO.Pipelines (>= 8.0)
      System.Reflection.Metadata (>= 8.0)
      System.Threading.Channels (>= 7.0)
    Microsoft.CodeAnalysis.Workspaces.Common (4.12)
      Humanizer.Core (>= 2.14.1)
      Microsoft.CodeAnalysis.Analyzers (>= 3.3.4)
      Microsoft.CodeAnalysis.Common (4.12)
      System.Collections.Immutable (>= 8.0)
      System.Composition (>= 8.0)
      System.IO.Pipelines (>= 8.0)
      System.Reflection.Metadata (>= 8.0)
      System.Threading.Channels (>= 7.0)
    Microsoft.CodeCoverage (17.0)
    Microsoft.CognitiveServices.Speech (1.23)
    Microsoft.CSharp (4.7)
    Microsoft.Data.SqlClient (4.1)
      Azure.Identity (>= 1.3)
      Microsoft.Data.SqlClient.SNI.runtime (>= 4.0)
      Microsoft.Identity.Client (>= 4.22)
      Microsoft.IdentityModel.JsonWebTokens (>= 6.8)
      Microsoft.IdentityModel.Protocols.OpenIdConnect (>= 6.8)
      Microsoft.Win32.Registry (>= 5.0)
      System.Buffers (>= 4.5.1)
      System.Configuration.ConfigurationManager (>= 5.0)
      System.Diagnostics.DiagnosticSource (>= 5.0)
      System.IO (>= 4.3)
      System.Resources.ResourceManager (>= 4.3)
      System.Runtime.Caching (>= 5.0)
      System.Security.Cryptography.Cng (>= 5.0)
      System.Security.Principal.Windows (>= 5.0)
      System.Text.Encoding.CodePages (>= 5.0)
      System.Text.Encodings.Web (>= 4.7.2)
    Microsoft.Data.SqlClient.SNI.runtime (4.0)
    Microsoft.Extensions.Caching.Abstractions (5.0)
      Microsoft.Extensions.Primitives (>= 5.0)
    Microsoft.Extensions.Caching.Memory (5.0)
      Microsoft.Extensions.Caching.Abstractions (>= 5.0)
      Microsoft.Extensions.DependencyInjection.Abstractions (>= 5.0)
      Microsoft.Extensions.Logging.Abstractions (>= 5.0)
      Microsoft.Extensions.Options (>= 5.0)
      Microsoft.Extensions.Primitives (>= 5.0)
    Microsoft.Extensions.Configuration (6.0)
      Microsoft.Extensions.Configuration.Abstractions (>= 6.0)
      Microsoft.Extensions.Primitives (>= 6.0)
    Microsoft.Extensions.Configuration.Abstractions (9.0)
      Microsoft.Extensions.Primitives (>= 9.0)
    Microsoft.Extensions.Configuration.Binder (6.0)
      Microsoft.Extensions.Configuration.Abstractions (>= 6.0)
    Microsoft.Extensions.Configuration.CommandLine (6.0)
      Microsoft.Extensions.Configuration (>= 6.0)
      Microsoft.Extensions.Configuration.Abstractions (>= 6.0)
    Microsoft.Extensions.Configuration.EnvironmentVariables (6.0)
      Microsoft.Extensions.Configuration (>= 6.0)
      Microsoft.Extensions.Configuration.Abstractions (>= 6.0)
    Microsoft.Extensions.Configuration.FileExtensions (6.0)
      Microsoft.Extensions.Configuration (>= 6.0)
      Microsoft.Extensions.Configuration.Abstractions (>= 6.0)
      Microsoft.Extensions.FileProviders.Abstractions (>= 6.0)
      Microsoft.Extensions.FileProviders.Physical (>= 6.0)
      Microsoft.Extensions.Primitives (>= 6.0)
    Microsoft.Extensions.Configuration.Json (6.0)
      Microsoft.Extensions.Configuration (>= 6.0)
      Microsoft.Extensions.Configuration.Abstractions (>= 6.0)
      Microsoft.Extensions.Configuration.FileExtensions (>= 6.0)
      Microsoft.Extensions.FileProviders.Abstractions (>= 6.0)
      System.Text.Json (>= 6.0)
    Microsoft.Extensions.Configuration.UserSecrets (6.0)
      Microsoft.Extensions.Configuration.Abstractions (>= 6.0)
      Microsoft.Extensions.Configuration.Json (>= 6.0)
      Microsoft.Extensions.FileProviders.Abstractions (>= 6.0)
      Microsoft.Extensions.FileProviders.Physical (>= 6.0)
    Microsoft.Extensions.DependencyInjection (8.0.1)
      Microsoft.Extensions.DependencyInjection.Abstractions (>= 8.0.2)
    Microsoft.Extensions.DependencyInjection.Abstractions (9.0)
    Microsoft.Extensions.DependencyModel (8.0.2)
    Microsoft.Extensions.Diagnostics.Abstractions (8.0.1)
      Microsoft.Extensions.DependencyInjection.Abstractions (>= 8.0.2)
      Microsoft.Extensions.Options (>= 8.0.2)
    Microsoft.Extensions.FileProviders.Abstractions (9.0)
      Microsoft.Extensions.Primitives (>= 9.0)
    Microsoft.Extensions.FileProviders.Physical (6.0)
      Microsoft.Extensions.FileProviders.Abstractions (>= 6.0)
      Microsoft.Extensions.FileSystemGlobbing (>= 6.0)
      Microsoft.Extensions.Primitives (>= 6.0)
    Microsoft.Extensions.FileSystemGlobbing (6.0)
    Microsoft.Extensions.Hosting (6.0)
      Microsoft.Extensions.Configuration (>= 6.0)
      Microsoft.Extensions.Configuration.Abstractions (>= 6.0)
      Microsoft.Extensions.Configuration.Binder (>= 6.0)
      Microsoft.Extensions.Configuration.CommandLine (>= 6.0)
      Microsoft.Extensions.Configuration.EnvironmentVariables (>= 6.0)
      Microsoft.Extensions.Configuration.FileExtensions (>= 6.0)
      Microsoft.Extensions.Configuration.Json (>= 6.0)
      Microsoft.Extensions.Configuration.UserSecrets (>= 6.0)
      Microsoft.Extensions.DependencyInjection (>= 6.0)
      Microsoft.Extensions.DependencyInjection.Abstractions (>= 6.0)
      Microsoft.Extensions.FileProviders.Abstractions (>= 6.0)
      Microsoft.Extensions.FileProviders.Physical (>= 6.0)
      Microsoft.Extensions.Hosting.Abstractions (>= 6.0)
      Microsoft.Extensions.Logging (>= 6.0)
      Microsoft.Extensions.Logging.Abstractions (>= 6.0)
      Microsoft.Extensions.Logging.Configuration (>= 6.0)
      Microsoft.Extensions.Logging.Console (>= 6.0)
      Microsoft.Extensions.Logging.Debug (>= 6.0)
      Microsoft.Extensions.Logging.EventLog (>= 6.0)
      Microsoft.Extensions.Logging.EventSource (>= 6.0)
      Microsoft.Extensions.Options (>= 6.0)
    Microsoft.Extensions.Hosting.Abstractions (8.0.1)
      Microsoft.Extensions.Configuration.Abstractions (>= 8.0)
      Microsoft.Extensions.DependencyInjection.Abstractions (>= 8.0.2)
      Microsoft.Extensions.Diagnostics.Abstractions (>= 8.0.1)
      Microsoft.Extensions.FileProviders.Abstractions (>= 8.0)
      Microsoft.Extensions.Logging.Abstractions (>= 8.0.2)
    Microsoft.Extensions.Logging (6.0)
      Microsoft.Extensions.DependencyInjection (>= 6.0)
      Microsoft.Extensions.DependencyInjection.Abstractions (>= 6.0)
      Microsoft.Extensions.Logging.Abstractions (>= 6.0)
      Microsoft.Extensions.Options (>= 6.0)
      System.Diagnostics.DiagnosticSource (>= 6.0)
    Microsoft.Extensions.Logging.Abstractions (9.0)
      Microsoft.Extensions.DependencyInjection.Abstractions (>= 9.0)
    Microsoft.Extensions.Logging.Configuration (6.0)
      Microsoft.Extensions.Configuration (>= 6.0)
      Microsoft.Extensions.Configuration.Abstractions (>= 6.0)
      Microsoft.Extensions.Configuration.Binder (>= 6.0)
      Microsoft.Extensions.DependencyInjection.Abstractions (>= 6.0)
      Microsoft.Extensions.Logging (>= 6.0)
      Microsoft.Extensions.Logging.Abstractions (>= 6.0)
      Microsoft.Extensions.Options (>= 6.0)
      Microsoft.Extensions.Options.ConfigurationExtensions (>= 6.0)
    Microsoft.Extensions.Logging.Console (6.0)
      Microsoft.Extensions.DependencyInjection.Abstractions (>= 6.0)
      Microsoft.Extensions.Logging (>= 6.0)
      Microsoft.Extensions.Logging.Abstractions (>= 6.0)
      Microsoft.Extensions.Logging.Configuration (>= 6.0)
      Microsoft.Extensions.Options (>= 6.0)
      System.Text.Json (>= 6.0)
    Microsoft.Extensions.Logging.Debug (6.0)
      Microsoft.Extensions.DependencyInjection.Abstractions (>= 6.0)
      Microsoft.Extensions.Logging (>= 6.0)
      Microsoft.Extensions.Logging.Abstractions (>= 6.0)
    Microsoft.Extensions.Logging.EventLog (6.0)
      Microsoft.Extensions.DependencyInjection.Abstractions (>= 6.0)
      Microsoft.Extensions.Logging (>= 6.0)
      Microsoft.Extensions.Logging.Abstractions (>= 6.0)
      Microsoft.Extensions.Options (>= 6.0)
      System.Diagnostics.EventLog (>= 6.0)
    Microsoft.Extensions.Logging.EventSource (6.0)
      Microsoft.Extensions.DependencyInjection.Abstractions (>= 6.0)
      Microsoft.Extensions.Logging (>= 6.0)
      Microsoft.Extensions.Logging.Abstractions (>= 6.0)
      Microsoft.Extensions.Options (>= 6.0)
      Microsoft.Extensions.Primitives (>= 6.0)
      System.Runtime.CompilerServices.Unsafe (>= 6.0)
      System.Text.Json (>= 6.0)
    Microsoft.Extensions.ObjectPool (8.0.10)
    Microsoft.Extensions.Options (9.0)
      Microsoft.Extensions.DependencyInjection.Abstractions (>= 9.0)
      Microsoft.Extensions.Primitives (>= 9.0)
    Microsoft.Extensions.Options.ConfigurationExtensions (6.0)
      Microsoft.Extensions.Configuration.Abstractions (>= 6.0)
      Microsoft.Extensions.Configuration.Binder (>= 6.0)
      Microsoft.Extensions.DependencyInjection.Abstractions (>= 6.0)
      Microsoft.Extensions.Options (>= 6.0)
      Microsoft.Extensions.Primitives (>= 6.0)
    Microsoft.Extensions.Primitives (9.0)
    Microsoft.Graph.Beta (4.22.0-preview)
      Microsoft.Graph.Core (>= 2.0.5)
      System.Net.Http (>= 4.3.4)
    Microsoft.Graph.Core (3.0)
      Microsoft.IdentityModel.Protocols.OpenIdConnect (>= 6.27)
      Microsoft.Kiota.Abstractions (>= 1.0)
      Microsoft.Kiota.Authentication.Azure (>= 1.0)
      Microsoft.Kiota.Http.HttpClientLibrary (>= 1.0)
      Microsoft.Kiota.Serialization.Form (>= 1.0)
      Microsoft.Kiota.Serialization.Json (>= 1.0)
      Microsoft.Kiota.Serialization.Text (>= 1.0)
      NETStandard.Library (>= 2.0.3)
      System.Security.Claims (>= 4.3)
    Microsoft.Identity.Client (4.22)
    Microsoft.Identity.Client.Extensions.Msal (2.16.5)
      Microsoft.Identity.Client (>= 4.22)
      System.Security.Cryptography.ProtectedData (>= 4.5)
    Microsoft.IdentityModel.Abstractions (8.2)
    Microsoft.IdentityModel.JsonWebTokens (8.2)
      Microsoft.Bcl.TimeProvider (>= 8.0.1)
      Microsoft.IdentityModel.Tokens (>= 8.2)
    Microsoft.IdentityModel.Logging (8.2)
      Microsoft.IdentityModel.Abstractions (>= 8.2)
    Microsoft.IdentityModel.Protocols (8.2)
      Microsoft.IdentityModel.Tokens (>= 8.2)
    Microsoft.IdentityModel.Protocols.OpenIdConnect (8.2)
      Microsoft.IdentityModel.Protocols (>= 8.2)
      System.IdentityModel.Tokens.Jwt (>= 8.2)
    Microsoft.IdentityModel.Tokens (8.2)
      Microsoft.Bcl.TimeProvider (>= 8.0.1)
      Microsoft.IdentityModel.Logging (>= 8.2)
    Microsoft.Kiota.Abstractions (1.0)
      System.Diagnostics.DiagnosticSource (>= 7.0.1)
      Tavis.UriTemplates (>= 2.0)
    Microsoft.Kiota.Authentication.Azure (1.0)
      Azure.Core (>= 1.28)
      Microsoft.Kiota.Abstractions (>= 1.0)
      System.Diagnostics.DiagnosticSource (>= 7.0.1)
    Microsoft.Kiota.Http.HttpClientLibrary (1.0)
      Microsoft.Kiota.Abstractions (>= 1.0)
      System.Diagnostics.DiagnosticSource (>= 7.0.1)
      System.Text.Json (>= 7.0.2)
    Microsoft.Kiota.Serialization.Form (1.0)
      Microsoft.Kiota.Abstractions (>= 1.0)
    Microsoft.Kiota.Serialization.Json (1.0)
      Microsoft.Kiota.Abstractions (>= 1.0)
      System.Text.Json (>= 7.0.2)
    Microsoft.Kiota.Serialization.Text (1.0)
      Microsoft.Kiota.Abstractions (>= 1.0)
    Microsoft.Net.Http.Headers (2.2)
      Microsoft.Extensions.Primitives (>= 2.2)
      System.Buffers (>= 4.5)
    Microsoft.NET.StringTools (17.6.3)
    Microsoft.NET.Test.Sdk (17.0)
      Microsoft.CodeCoverage (>= 17.0)
      Microsoft.TestPlatform.TestHost (>= 17.0)
    Microsoft.NETCore.Platforms (7.0.4)
    Microsoft.NETCore.Targets (5.0)
    Microsoft.Reactive.Testing (5.0)
      System.Reactive (>= 5.0)
    Microsoft.TestPlatform.ObjectModel (17.0)
      NuGet.Frameworks (>= 5.0)
      System.Reflection.Metadata (>= 1.6)
    Microsoft.TestPlatform.TestHost (17.0)
      Microsoft.TestPlatform.ObjectModel (>= 17.0)
      Newtonsoft.Json (>= 9.0.1)
    Microsoft.VisualBasic (10.3)
    Microsoft.Win32.Registry (5.0)
      System.Security.AccessControl (>= 5.0)
      System.Security.Principal.Windows (>= 5.0)
    Microsoft.Win32.Registry.AccessControl (9.0)
    Microsoft.Win32.SystemEvents (9.0)
    Microsoft.Windows.Compatibility (9.0)
      Microsoft.Win32.Registry (>= 5.0)
      Microsoft.Win32.Registry.AccessControl (>= 9.0)
      Microsoft.Win32.SystemEvents (>= 9.0)
      System.CodeDom (>= 9.0)
      System.ComponentModel.Composition (>= 9.0)
      System.ComponentModel.Composition.Registration (>= 9.0)
      System.Configuration.ConfigurationManager (>= 9.0)
      System.Data.Odbc (>= 9.0)
      System.Data.OleDb (>= 9.0)
      System.Data.SqlClient (>= 4.8.6)
      System.Diagnostics.EventLog (>= 9.0)
      System.Diagnostics.PerformanceCounter (>= 9.0)
      System.DirectoryServices (>= 9.0)
      System.DirectoryServices.AccountManagement (>= 9.0)
      System.DirectoryServices.Protocols (>= 9.0)
      System.Drawing.Common (>= 9.0)
      System.IO.Packaging (>= 9.0)
      System.IO.Ports (>= 9.0)
      System.Management (>= 9.0)
      System.Reflection.Context (>= 9.0)
      System.Runtime.Caching (>= 9.0)
      System.Security.AccessControl (>= 6.0)
      System.Security.Cryptography.Pkcs (>= 9.0)
      System.Security.Cryptography.ProtectedData (>= 9.0)
      System.Security.Cryptography.Xml (>= 9.0)
      System.Security.Permissions (>= 9.0)
      System.Security.Principal.Windows (>= 5.0)
      System.ServiceModel.Duplex (>= 4.10)
      System.ServiceModel.Http (>= 4.10)
      System.ServiceModel.NetTcp (>= 4.10)
      System.ServiceModel.Primitives (>= 4.10)
      System.ServiceModel.Security (>= 4.10)
      System.ServiceModel.Syndication (>= 9.0)
      System.ServiceProcess.ServiceController (>= 9.0)
      System.Speech (>= 9.0)
      System.Text.Encoding.CodePages (>= 9.0)
      System.Threading.AccessControl (>= 9.0)
      System.Web.Services.Description (>= 4.10)
    Mono.Cecil (0.11.5)
    Moq (4.16)
      Castle.Core (>= 4.4)
      System.Threading.Tasks.Extensions (>= 4.5.4)
    NAudio (2.1)
      NAudio.Asio (>= 2.1)
      NAudio.Core (>= 2.1)
      NAudio.Midi (>= 2.1)
      NAudio.Wasapi (>= 2.1)
      NAudio.WinMM (>= 2.1)
    NAudio.Asio (2.1)
      Microsoft.Win32.Registry (>= 4.7)
      NAudio.Core (>= 2.1)
    NAudio.Core (2.1)
    NAudio.Midi (2.1)
      NAudio.Core (>= 2.1)
    NAudio.Wasapi (2.1)
      NAudio.Core (>= 2.1)
    NAudio.WinMM (2.1)
      Microsoft.Win32.Registry (>= 4.7)
      NAudio.Core (>= 2.1)
    NETStandard.Library (2.0.3)
      Microsoft.NETCore.Platforms (>= 1.1)
    Newtonsoft.Json (13.0.1)
    NuGet.Frameworks (5.0)
    NUnit (3.13.2)
      NETStandard.Library (>= 2.0)
    NUnit3TestAdapter (4.0)
    Polly (7.2.2)
    RazorLight (2.0.0-rc.3)
      Microsoft.AspNetCore.Mvc.Razor.Extensions (>= 5.0)
      Microsoft.CodeAnalysis.Razor (>= 5.0)
      Microsoft.Extensions.Caching.Abstractions (>= 5.0)
      Microsoft.Extensions.Caching.Memory (>= 5.0)
      Microsoft.Extensions.DependencyInjection (>= 5.0)
      Microsoft.Extensions.DependencyModel (>= 5.0)
      Microsoft.Extensions.FileProviders.Physical (>= 5.0)
      Microsoft.Extensions.Primitives (>= 5.0)
      System.Buffers (>= 4.5.1)
    runtime.android-arm.runtime.native.System.IO.Ports (9.0)
    runtime.android-arm64.runtime.native.System.IO.Ports (9.0)
    runtime.android-x64.runtime.native.System.IO.Ports (9.0)
    runtime.android-x86.runtime.native.System.IO.Ports (9.0)
    runtime.debian.8-x64.runtime.native.System.Security.Cryptography.OpenSsl (4.3.2)
    runtime.fedora.23-x64.runtime.native.System.Security.Cryptography.OpenSsl (4.3.2)
    runtime.fedora.24-x64.runtime.native.System.Security.Cryptography.OpenSsl (4.3.2)
    runtime.linux-arm.runtime.native.System.IO.Ports (9.0)
    runtime.linux-arm64.runtime.native.System.IO.Ports (9.0)
    runtime.linux-bionic-arm64.runtime.native.System.IO.Ports (9.0)
    runtime.linux-bionic-x64.runtime.native.System.IO.Ports (9.0)
    runtime.linux-musl-arm.runtime.native.System.IO.Ports (9.0)
    runtime.linux-musl-arm64.runtime.native.System.IO.Ports (9.0)
    runtime.linux-musl-x64.runtime.native.System.IO.Ports (9.0)
    runtime.linux-x64.runtime.native.System.IO.Ports (9.0)
    runtime.maccatalyst-arm64.runtime.native.System.IO.Ports (9.0)
    runtime.maccatalyst-x64.runtime.native.System.IO.Ports (9.0)
    runtime.native.System (4.3)
      Microsoft.NETCore.Platforms (>= 1.1)
      Microsoft.NETCore.Targets (>= 1.1)
    runtime.native.System.Data.SqlClient.sni (4.7)
      runtime.win-arm64.runtime.native.System.Data.SqlClient.sni (>= 4.4)
      runtime.win-x64.runtime.native.System.Data.SqlClient.sni (>= 4.4)
      runtime.win-x86.runtime.native.System.Data.SqlClient.sni (>= 4.4)
    runtime.native.System.IO.Ports (9.0)
      runtime.android-arm.runtime.native.System.IO.Ports (>= 9.0)
      runtime.android-arm64.runtime.native.System.IO.Ports (>= 9.0)
      runtime.android-x64.runtime.native.System.IO.Ports (>= 9.0)
      runtime.android-x86.runtime.native.System.IO.Ports (>= 9.0)
      runtime.linux-arm.runtime.native.System.IO.Ports (>= 9.0)
      runtime.linux-arm64.runtime.native.System.IO.Ports (>= 9.0)
      runtime.linux-bionic-arm64.runtime.native.System.IO.Ports (>= 9.0)
      runtime.linux-bionic-x64.runtime.native.System.IO.Ports (>= 9.0)
      runtime.linux-musl-arm.runtime.native.System.IO.Ports (>= 9.0)
      runtime.linux-musl-arm64.runtime.native.System.IO.Ports (>= 9.0)
      runtime.linux-musl-x64.runtime.native.System.IO.Ports (>= 9.0)
      runtime.linux-x64.runtime.native.System.IO.Ports (>= 9.0)
      runtime.maccatalyst-arm64.runtime.native.System.IO.Ports (>= 9.0)
      runtime.maccatalyst-x64.runtime.native.System.IO.Ports (>= 9.0)
      runtime.osx-arm64.runtime.native.System.IO.Ports (>= 9.0)
      runtime.osx-x64.runtime.native.System.IO.Ports (>= 9.0)
    runtime.native.System.Net.Http (4.3)
      Microsoft.NETCore.Platforms (>= 1.1)
      Microsoft.NETCore.Targets (>= 1.1)
    runtime.native.System.Security.Cryptography.Apple (4.3)
      runtime.osx.10.10-x64.runtime.native.System.Security.Cryptography.Apple (>= 4.3)
    runtime.native.System.Security.Cryptography.OpenSsl (4.3.2)
      runtime.debian.8-x64.runtime.native.System.Security.Cryptography.OpenSsl (>= 4.3.2)
      runtime.fedora.23-x64.runtime.native.System.Security.Cryptography.OpenSsl (>= 4.3.2)
      runtime.fedora.24-x64.runtime.native.System.Security.Cryptography.OpenSsl (>= 4.3.2)
      runtime.opensuse.13.2-x64.runtime.native.System.Security.Cryptography.OpenSsl (>= 4.3.2)
      runtime.opensuse.42.1-x64.runtime.native.System.Security.Cryptography.OpenSsl (>= 4.3.2)
      runtime.osx.10.10-x64.runtime.native.System.Security.Cryptography.OpenSsl (>= 4.3.2)
      runtime.rhel.7-x64.runtime.native.System.Security.Cryptography.OpenSsl (>= 4.3.2)
      runtime.ubuntu.14.04-x64.runtime.native.System.Security.Cryptography.OpenSsl (>= 4.3.2)
      runtime.ubuntu.16.04-x64.runtime.native.System.Security.Cryptography.OpenSsl (>= 4.3.2)
      runtime.ubuntu.16.10-x64.runtime.native.System.Security.Cryptography.OpenSsl (>= 4.3.2)
    runtime.opensuse.13.2-x64.runtime.native.System.Security.Cryptography.OpenSsl (4.3.2)
    runtime.opensuse.42.1-x64.runtime.native.System.Security.Cryptography.OpenSsl (4.3.2)
    runtime.osx-arm64.runtime.native.System.IO.Ports (9.0)
    runtime.osx-x64.runtime.native.System.IO.Ports (9.0)
    runtime.osx.10.10-x64.runtime.native.System.Security.Cryptography.Apple (4.3)
    runtime.osx.10.10-x64.runtime.native.System.Security.Cryptography.OpenSsl (4.3.2)
    runtime.rhel.7-x64.runtime.native.System.Security.Cryptography.OpenSsl (4.3.2)
    runtime.ubuntu.14.04-x64.runtime.native.System.Security.Cryptography.OpenSsl (4.3.2)
    runtime.ubuntu.16.04-x64.runtime.native.System.Security.Cryptography.OpenSsl (4.3.2)
    runtime.ubuntu.16.10-x64.runtime.native.System.Security.Cryptography.OpenSsl (4.3.2)
    runtime.win-arm64.runtime.native.System.Data.SqlClient.sni (4.4)
    runtime.win-x64.runtime.native.System.Data.SqlClient.sni (4.4)
    runtime.win-x86.runtime.native.System.Data.SqlClient.sni (4.4)
    Selenium.Support (4.4)
      Selenium.WebDriver (>= 4.4)
    Selenium.WebDriver (4.21)
      Newtonsoft.Json (>= 13.0.1)
    Shouldly (4.0.3)
      DiffEngine (>= 6.4.9)
      EmptyFiles (>= 2.3.3)
      Microsoft.CSharp (>= 4.7)
      System.Memory (>= 4.5.4)
    System.Buffers (4.5.1)
    System.CodeDom (9.0)
    System.Collections (4.3)
      Microsoft.NETCore.Platforms (>= 1.1)
      Microsoft.NETCore.Targets (>= 1.1)
      System.Runtime (>= 4.3)
    System.Collections.Concurrent (4.3)
      System.Collections (>= 4.3)
      System.Diagnostics.Debug (>= 4.3)
      System.Diagnostics.Tracing (>= 4.3)
      System.Globalization (>= 4.3)
      System.Reflection (>= 4.3)
      System.Resources.ResourceManager (>= 4.3)
      System.Runtime (>= 4.3)
      System.Runtime.Extensions (>= 4.3)
      System.Threading (>= 4.3)
      System.Threading.Tasks (>= 4.3)
    System.Collections.Immutable (9.0)
    System.Collections.NonGeneric (4.3)
      System.Diagnostics.Debug (>= 4.3)
      System.Globalization (>= 4.3)
      System.Resources.ResourceManager (>= 4.3)
      System.Runtime (>= 4.3)
      System.Runtime.Extensions (>= 4.3)
      System.Threading (>= 4.3)
    System.Collections.Specialized (4.3)
      System.Collections.NonGeneric (>= 4.3)
      System.Globalization (>= 4.3)
      System.Globalization.Extensions (>= 4.3)
      System.Resources.ResourceManager (>= 4.3)
      System.Runtime (>= 4.3)
      System.Runtime.Extensions (>= 4.3)
      System.Threading (>= 4.3)
    System.ComponentModel (4.3)
      System.Runtime (>= 4.3)
    System.ComponentModel.Composition (9.0)
    System.ComponentModel.Composition.Registration (9.0)
      System.ComponentModel.Composition (>= 9.0)
      System.Reflection.Context (>= 9.0)
    System.ComponentModel.Primitives (4.3)
      System.ComponentModel (>= 4.3)
      System.Resources.ResourceManager (>= 4.3)
      System.Runtime (>= 4.3)
    System.ComponentModel.TypeConverter (4.3)
      System.Collections (>= 4.3)
      System.Collections.NonGeneric (>= 4.3)
      System.Collections.Specialized (>= 4.3)
      System.ComponentModel (>= 4.3)
      System.ComponentModel.Primitives (>= 4.3)
      System.Globalization (>= 4.3)
      System.Linq (>= 4.3)
      System.Reflection (>= 4.3)
      System.Reflection.Extensions (>= 4.3)
      System.Reflection.Primitives (>= 4.3)
      System.Reflection.TypeExtensions (>= 4.3)
      System.Resources.ResourceManager (>= 4.3)
      System.Runtime (>= 4.3)
      System.Runtime.Extensions (>= 4.3)
      System.Threading (>= 4.3)
    System.Composition (8.0)
      System.Composition.AttributedModel (>= 8.0)
      System.Composition.Convention (>= 8.0)
      System.Composition.Hosting (>= 8.0)
      System.Composition.Runtime (>= 8.0)
      System.Composition.TypedParts (>= 8.0)
    System.Composition.AttributedModel (8.0)
    System.Composition.Convention (8.0)
      System.Composition.AttributedModel (>= 8.0)
    System.Composition.Hosting (8.0)
      System.Composition.Runtime (>= 8.0)
    System.Composition.Runtime (8.0)
    System.Composition.TypedParts (8.0)
      System.Composition.AttributedModel (>= 8.0)
      System.Composition.Hosting (>= 8.0)
      System.Composition.Runtime (>= 8.0)
    System.Configuration.ConfigurationManager (9.0)
      System.Diagnostics.EventLog (>= 9.0)
      System.Security.Cryptography.ProtectedData (>= 9.0)
    System.Data.Odbc (9.0)
    System.Data.OleDb (8.0.1)
      System.Configuration.ConfigurationManager (>= 8.0.1)
      System.Diagnostics.PerformanceCounter (>= 8.0.1)
    System.Data.SqlClient (4.8.6)
      Microsoft.Win32.Registry (>= 4.7)
      runtime.native.System.Data.SqlClient.sni (>= 4.7)
      System.Security.Principal.Windows (>= 4.7)
    System.Diagnostics.Debug (4.3)
      Microsoft.NETCore.Platforms (>= 1.1)
      Microsoft.NETCore.Targets (>= 1.1)
      System.Runtime (>= 4.3)
    System.Diagnostics.DiagnosticSource (9.0)
    System.Diagnostics.EventLog (9.0)
    System.Diagnostics.PerformanceCounter (8.0.1)
      System.Configuration.ConfigurationManager (>= 8.0.1)
    System.Diagnostics.TraceSource (4.3)
      Microsoft.NETCore.Platforms (>= 1.1)
      runtime.native.System (>= 4.3)
      System.Collections (>= 4.3)
      System.Diagnostics.Debug (>= 4.3)
      System.Globalization (>= 4.3)
      System.Resources.ResourceManager (>= 4.3)
      System.Runtime (>= 4.3)
      System.Runtime.Extensions (>= 4.3)
      System.Threading (>= 4.3)
    System.Diagnostics.Tracing (4.3)
      Microsoft.NETCore.Platforms (>= 1.1)
      Microsoft.NETCore.Targets (>= 1.1)
      System.Runtime (>= 4.3)
    System.DirectoryServices (9.0)
    System.DirectoryServices.AccountManagement (9.0)
      System.Configuration.ConfigurationManager (>= 9.0)
      System.DirectoryServices (>= 9.0)
      System.DirectoryServices.Protocols (>= 9.0)
    System.DirectoryServices.Protocols (9.0)
    System.Drawing.Common (9.0)
      Microsoft.Win32.SystemEvents (>= 9.0)
    System.Dynamic.Runtime (4.3)
      System.Collections (>= 4.3)
      System.Diagnostics.Debug (>= 4.3)
      System.Linq (>= 4.3)
      System.Linq.Expressions (>= 4.3)
      System.ObjectModel (>= 4.3)
      System.Reflection (>= 4.3)
      System.Reflection.Emit (>= 4.3)
      System.Reflection.Emit.ILGeneration (>= 4.3)
      System.Reflection.Primitives (>= 4.3)
      System.Reflection.TypeExtensions (>= 4.3)
      System.Resources.ResourceManager (>= 4.3)
      System.Runtime (>= 4.3)
      System.Runtime.Extensions (>= 4.3)
      System.Threading (>= 4.3)
    System.Formats.Asn1 (9.0)
    System.Globalization (4.3)
      Microsoft.NETCore.Platforms (>= 1.1)
      Microsoft.NETCore.Targets (>= 1.1)
      System.Runtime (>= 4.3)
    System.Globalization.Calendars (4.3)
      Microsoft.NETCore.Platforms (>= 1.1)
      Microsoft.NETCore.Targets (>= 1.1)
      System.Globalization (>= 4.3)
      System.Runtime (>= 4.3)
    System.Globalization.Extensions (4.3)
      Microsoft.NETCore.Platforms (>= 1.1)
      System.Globalization (>= 4.3)
      System.Resources.ResourceManager (>= 4.3)
      System.Runtime (>= 4.3)
      System.Runtime.Extensions (>= 4.3)
      System.Runtime.InteropServices (>= 4.3)
    System.IdentityModel.Tokens.Jwt (8.2)
      Microsoft.IdentityModel.JsonWebTokens (>= 8.2)
      Microsoft.IdentityModel.Tokens (>= 8.2)
    System.Interactive (6.0.1)
    System.Interactive.Async (6.0.1)
      System.Linq.Async (>= 6.0.1)
    System.IO (4.3)
      Microsoft.NETCore.Platforms (>= 1.1)
      Microsoft.NETCore.Targets (>= 1.1)
      System.Runtime (>= 4.3)
      System.Text.Encoding (>= 4.3)
      System.Threading.Tasks (>= 4.3)
    System.IO.FileSystem (4.3)
      Microsoft.NETCore.Platforms (>= 1.1)
      Microsoft.NETCore.Targets (>= 1.1)
      System.IO (>= 4.3)
      System.IO.FileSystem.Primitives (>= 4.3)
      System.Runtime (>= 4.3)
      System.Runtime.Handles (>= 4.3)
      System.Text.Encoding (>= 4.3)
      System.Threading.Tasks (>= 4.3)
    System.IO.FileSystem.Primitives (4.3)
      System.Runtime (>= 4.3)
    System.IO.Packaging (9.0)
    System.IO.Pipelines (9.0)
    System.IO.Ports (9.0)
      runtime.native.System.IO.Ports (>= 9.0)
    System.Linq (4.3)
      System.Collections (>= 4.3)
      System.Diagnostics.Debug (>= 4.3)
      System.Resources.ResourceManager (>= 4.3)
      System.Runtime (>= 4.3)
      System.Runtime.Extensions (>= 4.3)
    System.Linq.Async (6.0.1)
      Microsoft.Bcl.AsyncInterfaces (>= 6.0)
    System.Linq.Expressions (4.3)
      System.Collections (>= 4.3)
      System.Diagnostics.Debug (>= 4.3)
      System.Globalization (>= 4.3)
      System.IO (>= 4.3)
      System.Linq (>= 4.3)
      System.ObjectModel (>= 4.3)
      System.Reflection (>= 4.3)
      System.Reflection.Emit (>= 4.3)
      System.Reflection.Emit.ILGeneration (>= 4.3)
      System.Reflection.Emit.Lightweight (>= 4.3)
      System.Reflection.Extensions (>= 4.3)
      System.Reflection.Primitives (>= 4.3)
      System.Reflection.TypeExtensions (>= 4.3)
      System.Resources.ResourceManager (>= 4.3)
      System.Runtime (>= 4.3)
      System.Runtime.Extensions (>= 4.3)
      System.Threading (>= 4.3)
    System.Management (9.0)
      System.CodeDom (>= 9.0)
    System.Memory (4.5.5)
    System.Net.Http (4.3.4)
      Microsoft.NETCore.Platforms (>= 1.1.1)
      runtime.native.System (>= 4.3)
      runtime.native.System.Net.Http (>= 4.3)
      runtime.native.System.Security.Cryptography.OpenSsl (>= 4.3.2)
      System.Collections (>= 4.3)
      System.Diagnostics.Debug (>= 4.3)
      System.Diagnostics.DiagnosticSource (>= 4.3)
      System.Diagnostics.Tracing (>= 4.3)
      System.Globalization (>= 4.3)
      System.Globalization.Extensions (>= 4.3)
      System.IO (>= 4.3)
      System.IO.FileSystem (>= 4.3)
      System.Net.Primitives (>= 4.3)
      System.Resources.ResourceManager (>= 4.3)
      System.Runtime (>= 4.3)
      System.Runtime.Extensions (>= 4.3)
      System.Runtime.Handles (>= 4.3)
      System.Runtime.InteropServices (>= 4.3)
      System.Security.Cryptography.Algorithms (>= 4.3)
      System.Security.Cryptography.Encoding (>= 4.3)
      System.Security.Cryptography.OpenSsl (>= 4.3)
      System.Security.Cryptography.Primitives (>= 4.3)
      System.Security.Cryptography.X509Certificates (>= 4.3)
      System.Text.Encoding (>= 4.3)
      System.Threading (>= 4.3)
      System.Threading.Tasks (>= 4.3)
    System.Net.Primitives (4.3)
      Microsoft.NETCore.Platforms (>= 1.1)
      Microsoft.NETCore.Targets (>= 1.1)
      System.Runtime (>= 4.3)
      System.Runtime.Handles (>= 4.3)
    System.Numerics.Vectors (4.5)
    System.ObjectModel (4.3)
      System.Collections (>= 4.3)
      System.Diagnostics.Debug (>= 4.3)
      System.Resources.ResourceManager (>= 4.3)
      System.Runtime (>= 4.3)
      System.Threading (>= 4.3)
    System.Private.ServiceModel (4.10.2)
      Microsoft.Bcl.AsyncInterfaces (>= 5.0)
      Microsoft.Extensions.ObjectPool (>= 5.0.10)
      System.Numerics.Vectors (>= 4.5)
      System.Reflection.DispatchProxy (>= 4.7.1)
      System.Security.Cryptography.Xml (>= 6.0.1)
      System.Security.Principal.Windows (>= 5.0)
    System.Reactive (6.0)
    System.Reflection (4.3)
      Microsoft.NETCore.Platforms (>= 1.1)
      Microsoft.NETCore.Targets (>= 1.1)
      System.IO (>= 4.3)
      System.Reflection.Primitives (>= 4.3)
      System.Runtime (>= 4.3)
    System.Reflection.Context (9.0)
    System.Reflection.DispatchProxy (4.7.1)
    System.Reflection.Emit (4.7)
    System.Reflection.Emit.ILGeneration (4.7)
    System.Reflection.Emit.Lightweight (4.7)
    System.Reflection.Extensions (4.3)
      Microsoft.NETCore.Platforms (>= 1.1)
      Microsoft.NETCore.Targets (>= 1.1)
      System.Reflection (>= 4.3)
      System.Runtime (>= 4.3)
    System.Reflection.Metadata (9.0)
    System.Reflection.Primitives (4.3)
      Microsoft.NETCore.Platforms (>= 1.1)
      Microsoft.NETCore.Targets (>= 1.1)
      System.Runtime (>= 4.3)
    System.Reflection.TypeExtensions (4.3)
      System.Reflection (>= 4.3)
      System.Runtime (>= 4.3)
    System.Resources.Extensions (8.0)
    System.Resources.ResourceManager (4.3)
      Microsoft.NETCore.Platforms (>= 1.1)
      Microsoft.NETCore.Targets (>= 1.1)
      System.Globalization (>= 4.3)
      System.Reflection (>= 4.3)
      System.Runtime (>= 4.3)
    System.Runtime (4.3)
      Microsoft.NETCore.Platforms (>= 1.1)
      Microsoft.NETCore.Targets (>= 1.1)
    System.Runtime.Caching (9.0)
      System.Configuration.ConfigurationManager (>= 9.0)
    System.Runtime.CompilerServices.Unsafe (6.1)
    System.Runtime.Extensions (4.3)
      Microsoft.NETCore.Platforms (>= 1.1)
      Microsoft.NETCore.Targets (>= 1.1)
      System.Runtime (>= 4.3)
    System.Runtime.Handles (4.3)
      Microsoft.NETCore.Platforms (>= 1.1)
      Microsoft.NETCore.Targets (>= 1.1)
      System.Runtime (>= 4.3)
    System.Runtime.InteropServices (4.3)
      Microsoft.NETCore.Platforms (>= 1.1)
      Microsoft.NETCore.Targets (>= 1.1)
      System.Reflection (>= 4.3)
      System.Reflection.Primitives (>= 4.3)
      System.Runtime (>= 4.3)
      System.Runtime.Handles (>= 4.3)
    System.Runtime.Numerics (4.3)
      System.Globalization (>= 4.3)
      System.Resources.ResourceManager (>= 4.3)
      System.Runtime (>= 4.3)
      System.Runtime.Extensions (>= 4.3)
    System.Security.AccessControl (6.0)
    System.Security.Claims (4.3)
      System.Collections (>= 4.3)
      System.Globalization (>= 4.3)
      System.IO (>= 4.3)
      System.Resources.ResourceManager (>= 4.3)
      System.Runtime (>= 4.3)
      System.Runtime.Extensions (>= 4.3)
      System.Security.Principal (>= 4.3)
    System.Security.Cryptography.Algorithms (4.3)
      Microsoft.NETCore.Platforms (>= 1.1)
      runtime.native.System.Security.Cryptography.Apple (>= 4.3)
      runtime.native.System.Security.Cryptography.OpenSsl (>= 4.3)
      System.Collections (>= 4.3)
      System.IO (>= 4.3)
      System.Resources.ResourceManager (>= 4.3)
      System.Runtime (>= 4.3)
      System.Runtime.Extensions (>= 4.3)
      System.Runtime.Handles (>= 4.3)
      System.Runtime.InteropServices (>= 4.3)
      System.Runtime.Numerics (>= 4.3)
      System.Security.Cryptography.Encoding (>= 4.3)
      System.Security.Cryptography.Primitives (>= 4.3)
      System.Text.Encoding (>= 4.3)
    System.Security.Cryptography.Cng (5.0)
      System.Formats.Asn1 (>= 5.0)
    System.Security.Cryptography.Csp (4.3)
      Microsoft.NETCore.Platforms (>= 1.1)
      System.IO (>= 4.3)
      System.Reflection (>= 4.3)
      System.Resources.ResourceManager (>= 4.3)
      System.Runtime (>= 4.3)
      System.Runtime.Extensions (>= 4.3)
      System.Runtime.Handles (>= 4.3)
      System.Runtime.InteropServices (>= 4.3)
      System.Security.Cryptography.Algorithms (>= 4.3)
      System.Security.Cryptography.Encoding (>= 4.3)
      System.Security.Cryptography.Primitives (>= 4.3)
      System.Text.Encoding (>= 4.3)
      System.Threading (>= 4.3)
    System.Security.Cryptography.Encoding (4.3)
      Microsoft.NETCore.Platforms (>= 1.1)
      runtime.native.System.Security.Cryptography.OpenSsl (>= 4.3)
      System.Collections (>= 4.3)
      System.Collections.Concurrent (>= 4.3)
      System.Linq (>= 4.3)
      System.Resources.ResourceManager (>= 4.3)
      System.Runtime (>= 4.3)
      System.Runtime.Extensions (>= 4.3)
      System.Runtime.Handles (>= 4.3)
      System.Runtime.InteropServices (>= 4.3)
      System.Security.Cryptography.Primitives (>= 4.3)
      System.Text.Encoding (>= 4.3)
    System.Security.Cryptography.OpenSsl (4.3)
      runtime.native.System.Security.Cryptography.OpenSsl (>= 4.3)
      System.Collections (>= 4.3)
      System.IO (>= 4.3)
      System.Resources.ResourceManager (>= 4.3)
      System.Runtime (>= 4.3)
      System.Runtime.Extensions (>= 4.3)
      System.Runtime.Handles (>= 4.3)
      System.Runtime.InteropServices (>= 4.3)
      System.Runtime.Numerics (>= 4.3)
      System.Security.Cryptography.Algorithms (>= 4.3)
      System.Security.Cryptography.Encoding (>= 4.3)
      System.Security.Cryptography.Primitives (>= 4.3)
      System.Text.Encoding (>= 4.3)
    System.Security.Cryptography.Pkcs (9.0)
    System.Security.Cryptography.Primitives (4.3)
      System.Diagnostics.Debug (>= 4.3)
      System.Globalization (>= 4.3)
      System.IO (>= 4.3)
      System.Resources.ResourceManager (>= 4.3)
      System.Runtime (>= 4.3)
      System.Threading (>= 4.3)
      System.Threading.Tasks (>= 4.3)
    System.Security.Cryptography.ProtectedData (9.0)
    System.Security.Cryptography.X509Certificates (4.3)
      Microsoft.NETCore.Platforms (>= 1.1)
      runtime.native.System (>= 4.3)
      runtime.native.System.Net.Http (>= 4.3)
      runtime.native.System.Security.Cryptography.OpenSsl (>= 4.3)
      System.Collections (>= 4.3)
      System.Diagnostics.Debug (>= 4.3)
      System.Globalization (>= 4.3)
      System.Globalization.Calendars (>= 4.3)
      System.IO (>= 4.3)
      System.IO.FileSystem (>= 4.3)
      System.IO.FileSystem.Primitives (>= 4.3)
      System.Resources.ResourceManager (>= 4.3)
      System.Runtime (>= 4.3)
      System.Runtime.Extensions (>= 4.3)
      System.Runtime.Handles (>= 4.3)
      System.Runtime.InteropServices (>= 4.3)
      System.Runtime.Numerics (>= 4.3)
      System.Security.Cryptography.Algorithms (>= 4.3)
      System.Security.Cryptography.Cng (>= 4.3)
      System.Security.Cryptography.Csp (>= 4.3)
      System.Security.Cryptography.Encoding (>= 4.3)
      System.Security.Cryptography.OpenSsl (>= 4.3)
      System.Security.Cryptography.Primitives (>= 4.3)
      System.Text.Encoding (>= 4.3)
      System.Threading (>= 4.3)
    System.Security.Cryptography.Xml (9.0)
      System.Security.Cryptography.Pkcs (>= 9.0)
    System.Security.Permissions (9.0)
      System.Windows.Extensions (>= 9.0)
    System.Security.Principal (4.3)
      System.Runtime (>= 4.3)
    System.Security.Principal.Windows (5.0)
    System.ServiceModel.Duplex (4.10.2)
      System.Private.ServiceModel (>= 4.10.2)
      System.ServiceModel.Primitives (>= 4.10.2)
    System.ServiceModel.Http (8.1)
      System.ServiceModel.Primitives (>= 8.1)
    System.ServiceModel.NetFramingBase (8.1)
      System.ServiceModel.Primitives (>= 8.1)
    System.ServiceModel.NetTcp (8.1)
      System.ServiceModel.NetFramingBase (>= 8.1)
      System.ServiceModel.Primitives (>= 8.1)
    System.ServiceModel.Primitives (8.1)
      Microsoft.Extensions.ObjectPool (>= 8.0.10)
      System.Security.Cryptography.Xml (>= 8.0.2)
    System.ServiceModel.Security (4.10.2)
      System.Private.ServiceModel (>= 4.10.2)
      System.ServiceModel.Primitives (>= 4.10.2)
    System.ServiceModel.Syndication (9.0)
    System.ServiceProcess.ServiceController (9.0)
      System.Diagnostics.EventLog (>= 9.0)
    System.Speech (9.0)
    System.Text.Encoding (4.3)
      Microsoft.NETCore.Platforms (>= 1.1)
      Microsoft.NETCore.Targets (>= 1.1)
      System.Runtime (>= 4.3)
    System.Text.Encoding.CodePages (9.0)
    System.Text.Encoding.Extensions (4.3)
      Microsoft.NETCore.Platforms (>= 1.1)
      Microsoft.NETCore.Targets (>= 1.1)
      System.Runtime (>= 4.3)
      System.Text.Encoding (>= 4.3)
    System.Text.Encodings.Web (9.0)
    System.Text.Json (9.0)
    System.Text.RegularExpressions (4.3)
      System.Runtime (>= 4.3)
    System.Threading (4.3)
      System.Runtime (>= 4.3)
      System.Threading.Tasks (>= 4.3)
    System.Threading.AccessControl (9.0)
    System.Threading.Channels (7.0)
    System.Threading.Tasks (4.3)
      Microsoft.NETCore.Platforms (>= 1.1)
      Microsoft.NETCore.Targets (>= 1.1)
      System.Runtime (>= 4.3)
    System.Threading.Tasks.Dataflow (7.0)
    System.Threading.Tasks.Extensions (4.5.4)
    System.Threading.Tasks.Parallel (4.3)
      System.Collections.Concurrent (>= 4.3)
      System.Diagnostics.Debug (>= 4.3)
      System.Diagnostics.Tracing (>= 4.3)
      System.Resources.ResourceManager (>= 4.3)
      System.Runtime (>= 4.3)
      System.Runtime.Extensions (>= 4.3)
      System.Threading (>= 4.3)
      System.Threading.Tasks (>= 4.3)
    System.ValueTuple (4.5)
    System.Web.Services.Description (4.10)
    System.Windows.Extensions (9.0)
    System.Xml.ReaderWriter (4.3)
      System.Collections (>= 4.3)
      System.Diagnostics.Debug (>= 4.3)
      System.Globalization (>= 4.3)
      System.IO (>= 4.3)
      System.IO.FileSystem (>= 4.3)
      System.IO.FileSystem.Primitives (>= 4.3)
      System.Resources.ResourceManager (>= 4.3)
      System.Runtime (>= 4.3)
      System.Runtime.Extensions (>= 4.3)
      System.Runtime.InteropServices (>= 4.3)
      System.Text.Encoding (>= 4.3)
      System.Text.Encoding.Extensions (>= 4.3)
      System.Text.RegularExpressions (>= 4.3)
      System.Threading.Tasks (>= 4.3)
      System.Threading.Tasks.Extensions (>= 4.3)
    System.Xml.XmlDocument (4.3)
      System.Collections (>= 4.3)
      System.Diagnostics.Debug (>= 4.3)
      System.Globalization (>= 4.3)
      System.IO (>= 4.3)
      System.Resources.ResourceManager (>= 4.3)
      System.Runtime (>= 4.3)
      System.Runtime.Extensions (>= 4.3)
      System.Text.Encoding (>= 4.3)
      System.Threading (>= 4.3)
      System.Xml.ReaderWriter (>= 4.3)
    Tavis.UriTemplates (2.0)
    TextCopy (6.1)
      Microsoft.Extensions.DependencyInjection.Abstractions (>= 6.0)
    Unofficial.Microsoft.mshtml (7.0.3300)
    Xpand.Collections (1.0.4)
    Xpand.Patcher (9.0)
      Mono.Cecil (>= 0.11.5) - restriction: || (== net9.0) (&& (== net9.0-windows7.0) (>= net9.0))
    Xpand.VersionConverter (2.202.11)
    YamlDotNet (11.2.1)
    ZString (2.5)
      System.Runtime.CompilerServices.Unsafe (>= 6.0)
  remote: c:\DevExpressPackages
    DevExpress.AspNetCore.Common (24.2.6)
      DevExpress.AspNetCore.Core (24.2.6)
      DevExpress.Data (24.2.6)
    DevExpress.AspNetCore.Core (24.2.6)
      DevExpress.Data (24.2.6)
      DevExpress.Office.Core (24.2.6)
      Microsoft.Extensions.DependencyModel (>= 8.0.2)
    DevExpress.AspNetCore.Dashboard (24.2.6)
      DevExpress.AspNetCore.Common (24.2.6)
      DevExpress.AspNetCore.Core (24.2.6)
      DevExpress.Dashboard.Core (24.2.6)
      DevExpress.Data (24.2.6)
      DevExpress.DataAccess (24.2.6)
      DevExpress.Web.Dashboard.Common (24.2.6)
      DevExpress.Web.Resources (24.2.6)
    DevExpress.AspNetCore.Reporting (24.2.6)
      DevExpress.AspNetCore.Common (24.2.6)
      DevExpress.AspNetCore.Core (24.2.6)
      DevExpress.Data (24.2.6)
      DevExpress.DataAccess (24.2.6)
      DevExpress.Printing.Core (24.2.6)
      DevExpress.Reporting.Core (24.2.6)
      DevExpress.Web.Reporting.Common (24.2.6)
      DevExpress.Web.Reporting.Common.Services (24.2.6)
      DevExpress.Web.Resources (24.2.6)
    DevExpress.Blazor (24.2.6)
      DevExpress.Blazor.Resources (24.2.6)
      DevExpress.Blazor.Themes (24.2.6)
      DevExpress.Data (24.2.6)
      DevExpress.Printing.Core (24.2.6)
      DevExtreme.AspNet.Data (>= 4.0)
      System.Drawing.Common (>= 4.7.2)
      System.Reactive (>= 5.0)
    DevExpress.Blazor.Dashboard (24.2.6)
      DevExpress.Blazor.Resources (24.2.6)
      DevExpress.Data (24.2.6)
      DevExpress.Drawing (24.2.6)
    DevExpress.Blazor.Reporting.JSBasedControls (24.2.6)
      DevExpress.Blazor.Reporting.JSBasedControls.Common (24.2.6)
      DevExpress.Data (24.2.6)
      DevExpress.DataAccess (24.2.6)
      DevExpress.Printing.Core (24.2.6)
      DevExpress.Reporting.Core (24.2.6)
      DevExpress.Web.Reporting.Common (24.2.6)
      DevExpress.Web.Reporting.Common.Services (24.2.6)
    DevExpress.Blazor.Reporting.JSBasedControls.Common (24.2.6)
      DevExpress.Blazor.Resources (24.2.6)
      DevExpress.Data (24.2.6)
    DevExpress.Blazor.Reporting.Viewer (24.2.6)
      DevExpress.Blazor (24.2.6)
      DevExpress.Blazor.Viewer (24.2.6)
      DevExpress.Data (24.2.6)
      DevExpress.DataAccess (24.2.6)
      DevExpress.Drawing (24.2.6)
      DevExpress.Printing.Core (24.2.6)
      DevExpress.Reporting.Core (24.2.6)
      System.Reactive (>= 5.0)
    DevExpress.Blazor.Resources (24.2.6)
      DevExpress.Data (24.2.6)
    DevExpress.Blazor.RichEdit (24.2.6)
      DevExpress.Blazor (24.2.6)
      DevExpress.Blazor.Resources (24.2.6)
      DevExpress.Data (24.2.6)
      DevExpress.Drawing (24.2.6)
      DevExpress.SpellChecker.Core (24.2.6)
      Microsoft.Extensions.FileProviders.Abstractions (>= 6.0)
    DevExpress.Blazor.Themes (24.2.6)
    DevExpress.Blazor.Viewer (24.2.6)
      DevExpress.Blazor (24.2.6)
      DevExpress.Blazor.Resources (24.2.6)
      DevExpress.Data (24.2.6)
      DevExpress.DataAccess (24.2.6)
      DevExpress.Drawing (24.2.6)
      DevExpress.Printing.Core (24.2.6)
      System.Reactive (>= 5.0)
    DevExpress.Charts (24.2.6)
      DevExpress.Charts.Core (24.2.6)
      DevExpress.Data (24.2.6)
      DevExpress.DataVisualization.Core (24.2.6)
      DevExpress.Drawing (24.2.6)
      DevExpress.Printing.Core (24.2.6)
      System.Drawing.Common (>= 4.7.2)
    DevExpress.Charts.Core (24.2.6)
      DevExpress.Data (24.2.6)
    DevExpress.CodeParser (24.2.6)
      DevExpress.Data (24.2.6)
      System.CodeDom (>= 4.4)
    DevExpress.Dashboard.Core (24.2.6)
      DevExpress.Charts (24.2.6)
      DevExpress.Charts.Core (24.2.6)
      DevExpress.Data (24.2.6)
      DevExpress.DataAccess (24.2.6)
      DevExpress.Drawing (24.2.6)
      DevExpress.Gauges.Core (24.2.6)
      DevExpress.Map.Core (24.2.6)
      DevExpress.Office.Core (24.2.6)
      DevExpress.PivotGrid.Core (24.2.6)
      DevExpress.Printing.Core (24.2.6)
      DevExpress.Reporting.Core (24.2.6)
      DevExpress.RichEdit.Core (24.2.6)
      DevExpress.Sparkline.Core (24.2.6)
      DevExpress.TreeMap (24.2.6)
      DevExpress.TreeMap.Core (24.2.6)
      DevExpress.Xpo (24.2.6)
      System.Drawing.Common (>= 4.7.2)
    DevExpress.DataAccess (24.2.6)
      DevExpress.CodeParser (24.2.6)
      DevExpress.Data (24.2.6)
      DevExpress.Drawing (24.2.6)
      DevExpress.Office.Core (24.2.6)
      DevExpress.Printing.Core (24.2.6)
      DevExpress.RichEdit.Core (24.2.6)
      DevExpress.Xpo (24.2.6)
      System.Configuration.ConfigurationManager (>= 8.0.1)
      System.Data.SqlClient (>= 4.8.6)
    DevExpress.DataVisualization.Core (24.2.6)
      DevExpress.Data (24.2.6)
      DevExpress.Drawing (24.2.6)
    DevExpress.Drawing (24.2.6)
      DevExpress.Data (24.2.6)
      System.Drawing.Common (>= 4.7.2)
    DevExpress.EasyTest (24.2.6)
      System.Configuration.ConfigurationManager (>= 8.0.1)
      System.Data.SqlClient (>= 4.8.6)
      System.Drawing.Common (>= 8.0.10)
      System.ServiceProcess.ServiceController (>= 8.0.1)
    DevExpress.ExpressApp (24.2.6)
      DevExpress.Data (24.2.6)
      DevExpress.Drawing (24.2.6)
      DevExpress.Images (24.2.6)
      DevExpress.Printing.Core (24.2.6)
      Microsoft.CodeAnalysis.CSharp (>= 3.3.1)
      Microsoft.Extensions.Configuration.Abstractions (>= 8.0)
      Microsoft.Extensions.DependencyInjection.Abstractions (>= 8.0.2)
      Microsoft.Extensions.ObjectPool (>= 8.0.10)
      Microsoft.Extensions.Options (>= 8.0.2)
      Microsoft.NETCore.Platforms (>= 7.0.4)
      System.Configuration.ConfigurationManager (>= 8.0.1)
      System.Diagnostics.EventLog (>= 8.0.1)
      System.Drawing.Common (>= 8.0.10)
      System.Formats.Asn1 (>= 8.0.1)
      System.Resources.Extensions (>= 8.0)
      System.Security.Cryptography.Pkcs (>= 8.0.1)
      System.Security.Cryptography.Xml (>= 8.0.2)
      System.ServiceModel.Primitives (>= 8.1)
    DevExpress.ExpressApp.AspNetCore (24.2.6)
      DevExpress.Data (24.2.6)
      DevExpress.Drawing (24.2.6)
      DevExpress.ExpressApp (24.2.6)
      DevExpress.Persistent.Base (24.2.6)
      System.Drawing.Common (>= 8.0.10)
    DevExpress.ExpressApp.AuditTrail.Xpo (24.2.6)
      DevExpress.Data (24.2.6)
      DevExpress.ExpressApp (24.2.6)
      DevExpress.ExpressApp.Xpo (24.2.6)
      DevExpress.Persistent.BaseImpl.Xpo (24.2.6)
      DevExpress.Xpo (24.2.6)
      Microsoft.Extensions.Configuration.Abstractions (>= 8.0)
      Microsoft.Extensions.DependencyInjection.Abstractions (>= 8.0.2)
      Microsoft.Extensions.Options (>= 8.0.2)
      System.Configuration.ConfigurationManager (>= 8.0.1)
    DevExpress.ExpressApp.Blazor (24.2.6)
      DevExpress.Blazor (24.2.6)
      DevExpress.Blazor.Resources (24.2.6)
      DevExpress.Data (24.2.6)
      DevExpress.Drawing (24.2.6)
      DevExpress.ExpressApp (24.2.6)
      DevExpress.ExpressApp.AspNetCore (24.2.6)
      DevExpress.ExpressApp.Security (24.2.6)
      DevExpress.ExpressApp.Security.AspNetCore (24.2.6)
      DevExpress.Persistent.Base (24.2.6)
      DevExpress.Printing.Core (24.2.6)
      DevExtreme.AspNet.Data (>= 5.0.0-beta)
      Microsoft.AspNetCore.DataProtection.Extensions (>= 8.0.10)
      System.Drawing.Common (>= 8.0.10)
      System.Formats.Asn1 (>= 8.0.1)
    DevExpress.ExpressApp.Blazor.All (24.2.6)
      DevExpress.ExpressApp.AspNetCore (24.2.6)
      DevExpress.ExpressApp.Blazor (24.2.6)
      DevExpress.ExpressApp.Core.All (24.2.6)
      DevExpress.ExpressApp.Dashboards.Blazor (24.2.6)
      DevExpress.ExpressApp.EasyTest.BlazorAdapter (24.2.6)
      DevExpress.ExpressApp.FileAttachment.Blazor (24.2.6)
      DevExpress.ExpressApp.Notifications.Blazor (24.2.6)
      DevExpress.ExpressApp.Office.Blazor (24.2.6)
      DevExpress.ExpressApp.ReportsV2.Blazor (24.2.6)
      DevExpress.ExpressApp.Scheduler.Blazor (24.2.6)
      DevExpress.ExpressApp.Security.AspNetCore (24.2.6)
      DevExpress.ExpressApp.Validation.Blazor (24.2.6)
    DevExpress.ExpressApp.Chart (24.2.6)
      DevExpress.Charts (24.2.6)
      DevExpress.Data (24.2.6)
      DevExpress.Drawing (24.2.6)
      DevExpress.ExpressApp (24.2.6)
      DevExpress.Persistent.Base (24.2.6)
    DevExpress.ExpressApp.CloneObject.Xpo (24.2.6)
      DevExpress.Data (24.2.6)
      DevExpress.ExpressApp (24.2.6)
      DevExpress.Persistent.Base (24.2.6)
    DevExpress.ExpressApp.ConditionalAppearance (24.2.6)
      DevExpress.Data (24.2.6)
      DevExpress.Drawing (24.2.6)
      DevExpress.ExpressApp (24.2.6)
      DevExpress.Persistent.Base (24.2.6)
    DevExpress.ExpressApp.Core.All (24.2.6)
      DevExpress.EasyTest (24.2.6)
      DevExpress.ExpressApp.AuditTrail.Xpo (24.2.6)
      DevExpress.ExpressApp.Chart (24.2.6)
      DevExpress.ExpressApp.CloneObject.Xpo (24.2.6)
      DevExpress.ExpressApp.ConditionalAppearance (24.2.6)
      DevExpress.ExpressApp.Dashboards (24.2.6)
      DevExpress.ExpressApp.Kpi (24.2.6)
      DevExpress.ExpressApp.Notifications (24.2.6)
      DevExpress.ExpressApp.Objects (24.2.6)
      DevExpress.ExpressApp.Office (24.2.6)
      DevExpress.ExpressApp.PivotChart (24.2.6)
      DevExpress.ExpressApp.PivotGrid (24.2.6)
      DevExpress.ExpressApp.ReportsV2 (24.2.6)
      DevExpress.ExpressApp.Scheduler (24.2.6)
      DevExpress.ExpressApp.ScriptRecorder (24.2.6)
      DevExpress.ExpressApp.Security (24.2.6)
      DevExpress.ExpressApp.StateMachine (24.2.6)
      DevExpress.ExpressApp.TreeListEditors (24.2.6)
      DevExpress.ExpressApp.Validation (24.2.6)
      DevExpress.ExpressApp.ViewVariantsModule (24.2.6)
      DevExpress.Persistent.Base (24.2.6)
    DevExpress.ExpressApp.Dashboards (24.2.6)
      DevExpress.Dashboard.Core (24.2.6)
      DevExpress.Data (24.2.6)
      DevExpress.DataAccess (24.2.6)
      DevExpress.ExpressApp (24.2.6)
      DevExpress.Persistent.Base (24.2.6)
    DevExpress.ExpressApp.Dashboards.Blazor (24.2.6)
      DevExpress.AspNetCore.Dashboard (24.2.6)
      DevExpress.Blazor.Dashboard (24.2.6)
      DevExpress.Blazor.Resources (24.2.6)
      DevExpress.Dashboard.Core (24.2.6)
      DevExpress.Data (24.2.6)
      DevExpress.DataAccess (24.2.6)
      DevExpress.ExpressApp (24.2.6)
      DevExpress.ExpressApp.AspNetCore (24.2.6)
      DevExpress.ExpressApp.Blazor (24.2.6)
      DevExpress.ExpressApp.Dashboards (24.2.6)
      DevExpress.Persistent.Base (24.2.6)
      DevExpress.Web.Dashboard.Common (24.2.6)
      Microsoft.Extensions.Configuration.Abstractions (>= 8.0)
      Microsoft.Extensions.DependencyInjection.Abstractions (>= 8.0.2)
      Microsoft.Extensions.DependencyModel (>= 8.0.2)
      Microsoft.Extensions.Hosting.Abstractions (>= 8.0.1)
      Microsoft.Extensions.Logging.Abstractions (>= 8.0.2)
      Microsoft.Extensions.Options (>= 8.0.2)
      Microsoft.Extensions.Primitives (>= 8.0)
      System.Diagnostics.EventLog (>= 8.0.1)
      System.Text.Json (>= 8.0.5)
    DevExpress.ExpressApp.EasyTest.BlazorAdapter (24.2.6)
      DevExpress.Data (24.2.6)
      DevExpress.EasyTest (24.2.6)
      Selenium.Support (>= 4.4)
      System.Drawing.Common (>= 8.0.10)
    DevExpress.ExpressApp.EasyTest.WinAdapter (24.2.6)
    DevExpress.ExpressApp.FileAttachment.Blazor (24.2.6)
      DevExpress.Blazor (24.2.6)
      DevExpress.Data (24.2.6)
      DevExpress.ExpressApp (24.2.6)
      DevExpress.ExpressApp.Blazor (24.2.6)
      DevExpress.Persistent.Base (24.2.6)
      Microsoft.Extensions.DependencyInjection.Abstractions (>= 8.0.2)
      Microsoft.Extensions.Logging.Abstractions (>= 8.0.2)
      Microsoft.Extensions.Options (>= 8.0.2)
      Microsoft.Extensions.Primitives (>= 8.0)
    DevExpress.ExpressApp.Kpi (24.2.6)
      DevExpress.Data (24.2.6)
      DevExpress.ExpressApp (24.2.6)
      DevExpress.ExpressApp.Validation (24.2.6)
      DevExpress.Persistent.Base (24.2.6)
      System.Drawing.Common (>= 8.0.10)
    DevExpress.ExpressApp.Notifications (24.2.6)
      DevExpress.Data (24.2.6)
      DevExpress.ExpressApp (24.2.6)
      DevExpress.Persistent.Base (24.2.6)
    DevExpress.ExpressApp.Notifications.Blazor (24.2.6)
      DevExpress.Data (24.2.6)
      DevExpress.ExpressApp (24.2.6)
      DevExpress.ExpressApp.AspNetCore (24.2.6)
      DevExpress.ExpressApp.Blazor (24.2.6)
      DevExpress.ExpressApp.Notifications (24.2.6)
      DevExpress.Persistent.Base (24.2.6)
    DevExpress.ExpressApp.Objects (24.2.6)
      DevExpress.Data (24.2.6)
      DevExpress.ExpressApp (24.2.6)
      System.Formats.Asn1 (>= 8.0.1)
      System.Security.Cryptography.Xml (>= 8.0.2)
    DevExpress.ExpressApp.Office (24.2.6)
      DevExpress.Data (24.2.6)
      DevExpress.ExpressApp (24.2.6)
      DevExpress.Office.Core (24.2.6)
      DevExpress.Persistent.Base (24.2.6)
      DevExpress.RichEdit.Core (24.2.6)
      DevExpress.Spreadsheet.Core (24.2.6)
    DevExpress.ExpressApp.Office.Blazor (24.2.6)
      DevExpress.Blazor (24.2.6)
      DevExpress.Blazor.RichEdit (24.2.6)
      DevExpress.ExpressApp (24.2.6)
      DevExpress.ExpressApp.AspNetCore (24.2.6)
      DevExpress.ExpressApp.Blazor (24.2.6)
      DevExpress.ExpressApp.Office (24.2.6)
      DevExpress.Office.Core (24.2.6)
      DevExpress.Persistent.Base (24.2.6)
      DevExpress.RichEdit.Core (24.2.6)
      Microsoft.Extensions.Configuration.Abstractions (>= 8.0)
      Microsoft.Extensions.DependencyInjection.Abstractions (>= 8.0.2)
      Microsoft.Extensions.Hosting.Abstractions (>= 8.0.1)
      Microsoft.Extensions.Logging.Abstractions (>= 8.0.2)
      Microsoft.Extensions.Options (>= 8.0.2)
      Microsoft.Extensions.Primitives (>= 8.0)
      System.Diagnostics.EventLog (>= 8.0.1)
    DevExpress.ExpressApp.Office.Win (24.2.6)
    DevExpress.ExpressApp.PivotChart (24.2.6)
      DevExpress.Charts (24.2.6)
      DevExpress.Data (24.2.6)
      DevExpress.ExpressApp (24.2.6)
      DevExpress.Persistent.Base (24.2.6)
      DevExpress.PivotGrid.Core (24.2.6)
    DevExpress.ExpressApp.PivotGrid (24.2.6)
      DevExpress.Data (24.2.6)
      DevExpress.ExpressApp (24.2.6)
      DevExpress.PivotGrid.Core (24.2.6)
      System.Formats.Asn1 (>= 8.0.1)
      System.Security.Cryptography.Xml (>= 8.0.2)
    DevExpress.ExpressApp.ReportsV2 (24.2.6)
      DevExpress.Data (24.2.6)
      DevExpress.ExpressApp (24.2.6)
      DevExpress.Persistent.Base (24.2.6)
      DevExpress.Printing.Core (24.2.6)
      DevExpress.Reporting.Core (24.2.6)
      Microsoft.Extensions.Configuration.Abstractions (>= 8.0)
      Microsoft.Extensions.DependencyInjection.Abstractions (>= 8.0.2)
      Microsoft.Extensions.Options (>= 8.0.2)
    DevExpress.ExpressApp.ReportsV2.Blazor (24.2.6)
      DevExpress.AspNetCore.Reporting (24.2.6)
      DevExpress.Blazor (24.2.6)
      DevExpress.Blazor.Reporting.JSBasedControls (24.2.6)
      DevExpress.Blazor.Reporting.JSBasedControls.Common (24.2.6)
      DevExpress.Blazor.Reporting.Viewer (24.2.6)
      DevExpress.Blazor.Viewer (24.2.6)
      DevExpress.Data (24.2.6)
      DevExpress.ExpressApp (24.2.6)
      DevExpress.ExpressApp.AspNetCore (24.2.6)
      DevExpress.ExpressApp.Blazor (24.2.6)
      DevExpress.ExpressApp.ReportsV2 (24.2.6)
      DevExpress.Persistent.Base (24.2.6)
      DevExpress.Printing.Core (24.2.6)
      DevExpress.Reporting.Core (24.2.6)
      DevExpress.Web.Reporting.Common (24.2.6)
      Microsoft.Extensions.Configuration.Abstractions (>= 8.0)
      Microsoft.Extensions.DependencyInjection.Abstractions (>= 8.0.2)
      Microsoft.Extensions.DependencyModel (>= 8.0.2)
      Microsoft.Extensions.Hosting.Abstractions (>= 8.0.1)
      Microsoft.Extensions.Logging.Abstractions (>= 8.0.2)
      Microsoft.Extensions.Options (>= 8.0.2)
      Microsoft.Extensions.Primitives (>= 8.0)
      System.Diagnostics.EventLog (>= 8.0.1)
      System.Text.Json (>= 8.0.5)
    DevExpress.ExpressApp.Scheduler (24.2.6)
      DevExpress.Data (24.2.6)
      DevExpress.ExpressApp (24.2.6)
      DevExpress.Persistent.Base (24.2.6)
      DevExpress.Scheduler.Core (24.2.6)
    DevExpress.ExpressApp.Scheduler.Blazor (24.2.6)
      DevExpress.Blazor (24.2.6)
      DevExpress.Data (24.2.6)
      DevExpress.ExpressApp (24.2.6)
      DevExpress.ExpressApp.AspNetCore (24.2.6)
      DevExpress.ExpressApp.Blazor (24.2.6)
      DevExpress.ExpressApp.Notifications (24.2.6)
      DevExpress.ExpressApp.Scheduler (24.2.6)
      DevExpress.Persistent.Base (24.2.6)
      DevExpress.Scheduler.Core (24.2.6)
      Microsoft.Extensions.DependencyInjection.Abstractions (>= 8.0.2)
      Microsoft.Extensions.Logging.Abstractions (>= 8.0.2)
      Microsoft.Extensions.Options (>= 8.0.2)
      Microsoft.Extensions.Primitives (>= 8.0)
    DevExpress.ExpressApp.ScriptRecorder (24.2.6)
      DevExpress.ExpressApp (24.2.6)
      System.Formats.Asn1 (>= 8.0.1)
      System.Security.Cryptography.Xml (>= 8.0.2)
    DevExpress.ExpressApp.Security (24.2.6)
      DevExpress.Data (24.2.6)
      DevExpress.Drawing (24.2.6)
      DevExpress.ExpressApp (24.2.6)
      DevExpress.Persistent.Base (24.2.6)
      MessagePack (>= 2.5.187)
      Microsoft.Extensions.DependencyInjection.Abstractions (>= 8.0.2)
      Microsoft.Extensions.Options (>= 8.0.2)
      System.Security.Permissions (>= 8.0)
    DevExpress.ExpressApp.Security.AspNetCore (24.2.6)
      DevExpress.Data (24.2.6)
      DevExpress.ExpressApp (24.2.6)
      DevExpress.ExpressApp.AspNetCore (24.2.6)
      DevExpress.ExpressApp.Security (24.2.6)
    DevExpress.ExpressApp.Security.Xpo (24.2.6)
      DevExpress.Data (24.2.6)
      DevExpress.ExpressApp (24.2.6)
      DevExpress.ExpressApp.Security (24.2.6)
      DevExpress.ExpressApp.Xpo (24.2.6)
      DevExpress.Persistent.Base (24.2.6)
      DevExpress.Xpo (24.2.6)
      MessagePack (>= 2.5.187)
      Microsoft.Extensions.DependencyInjection.Abstractions (>= 8.0.2)
      Microsoft.Extensions.Options (>= 8.0.2)
      System.Formats.Asn1 (>= 8.0.1)
      System.ServiceModel.Http (>= 8.1)
      System.ServiceModel.NetTcp (>= 8.1)
    DevExpress.ExpressApp.StateMachine (24.2.6)
      DevExpress.Data (24.2.6)
      DevExpress.Drawing (24.2.6)
      DevExpress.ExpressApp (24.2.6)
      DevExpress.ExpressApp.ConditionalAppearance (24.2.6)
      DevExpress.ExpressApp.Validation (24.2.6)
      DevExpress.Persistent.Base (24.2.6)
    DevExpress.ExpressApp.TreeListEditors (24.2.6)
      DevExpress.Data (24.2.6)
      DevExpress.Drawing (24.2.6)
      DevExpress.ExpressApp (24.2.6)
      DevExpress.Persistent.Base (24.2.6)
    DevExpress.ExpressApp.Validation (24.2.6)
      DevExpress.Data (24.2.6)
      DevExpress.ExpressApp (24.2.6)
      DevExpress.Persistent.Base (24.2.6)
      Microsoft.Extensions.DependencyInjection.Abstractions (>= 8.0.2)
      Microsoft.Extensions.Options (>= 8.0.2)
      System.Drawing.Common (>= 8.0.10)
    DevExpress.ExpressApp.Validation.Blazor (24.2.6)
      DevExpress.Data (24.2.6)
      DevExpress.ExpressApp (24.2.6)
      DevExpress.ExpressApp.Blazor (24.2.6)
      DevExpress.ExpressApp.Validation (24.2.6)
      DevExpress.Persistent.Base (24.2.6)
      Microsoft.Extensions.DependencyInjection.Abstractions (>= 8.0.2)
      Microsoft.Extensions.Logging.Abstractions (>= 8.0.2)
      Microsoft.Extensions.Options (>= 8.0.2)
      Microsoft.Extensions.Primitives (>= 8.0)
    DevExpress.ExpressApp.ViewVariantsModule (24.2.6)
      DevExpress.Data (24.2.6)
      DevExpress.ExpressApp (24.2.6)
      System.Formats.Asn1 (>= 8.0.1)
      System.Security.Cryptography.Xml (>= 8.0.2)
    DevExpress.ExpressApp.Web.All (24.2.6)
    DevExpress.ExpressApp.Win (24.2.6)
    DevExpress.ExpressApp.Win.All (24.2.6)
    DevExpress.ExpressApp.Xpo (24.2.6)
      DevExpress.Data (24.2.6)
      DevExpress.Drawing (24.2.6)
      DevExpress.ExpressApp (24.2.6)
      DevExpress.Xpo (24.2.6)
      Microsoft.Extensions.DependencyInjection.Abstractions (>= 8.0.2)
      System.Drawing.Common (>= 8.0.10)
      System.Security.Permissions (>= 8.0)
    DevExpress.Gauges.Core (24.2.6)
      DevExpress.Data (24.2.6)
      DevExpress.Drawing (24.2.6)
      DevExpress.Printing.Core (24.2.6)
      System.Drawing.Common (>= 4.7.2)
    DevExpress.Images (24.2.6)
      DevExpress.Data (24.2.6)
      DevExpress.Drawing (24.2.6)
      System.Drawing.Common (>= 4.7.2)
    DevExpress.Map.Core (24.2.6)
      DevExpress.Data (24.2.6)
      DevExpress.Drawing (24.2.6)
      DevExpress.Printing.Core (24.2.6)
      System.Drawing.Common (>= 4.7.2)
    DevExpress.Office.Core (24.2.6)
      DevExpress.Data (24.2.6)
      DevExpress.Drawing (24.2.6)
      DevExpress.Pdf.Core (24.2.6)
      DevExpress.Printing.Core (24.2.6)
      System.Drawing.Common (>= 4.7.2)
    DevExpress.Pdf.Core (24.2.6)
      DevExpress.Data (24.2.6)
      DevExpress.Drawing (24.2.6)
      System.Drawing.Common (>= 4.7.2)
      System.Security.Cryptography.Pkcs (>= 8.0.1)
    DevExpress.Pdf.Drawing (24.2.6)
      DevExpress.Data (24.2.6)
      DevExpress.Drawing (24.2.6)
      DevExpress.Pdf.Core (24.2.6)
      System.Drawing.Common (>= 4.7.2)
    DevExpress.Persistent.Base (24.2.6)
      DevExpress.Data (24.2.6)
      DevExpress.DataAccess (24.2.6)
      DevExpress.Drawing (24.2.6)
      DevExpress.ExpressApp (24.2.6)
      DevExpress.Printing.Core (24.2.6)
      Microsoft.Extensions.DependencyInjection.Abstractions (>= 8.0.2)
      Microsoft.Extensions.Options (>= 8.0.2)
    DevExpress.Persistent.BaseImpl.Xpo (24.2.6)
      DevExpress.Data (24.2.6)
      DevExpress.Drawing (24.2.6)
      DevExpress.ExpressApp (24.2.6)
      DevExpress.ExpressApp.Objects (24.2.6)
      DevExpress.ExpressApp.Xpo (24.2.6)
      DevExpress.Persistent.Base (24.2.6)
      DevExpress.Scheduler.Core (24.2.6)
      DevExpress.Xpo (24.2.6)
      Microsoft.Extensions.Options (>= 8.0.2)
    DevExpress.PivotGrid.Core (24.2.6)
      DevExpress.Data (24.2.6)
      DevExpress.Drawing (24.2.6)
      DevExpress.Printing.Core (24.2.6)
      System.Data.OleDb (>= 8.0.1)
      System.Drawing.Common (>= 4.7.2)
    DevExpress.Printing.Core (24.2.6)
      DevExpress.Data (24.2.6)
      DevExpress.Drawing (24.2.6)
      DevExpress.Pdf.Core (24.2.6)
      DevExpress.Pdf.Drawing (24.2.6)
      System.Drawing.Common (>= 4.7.2)
      System.Security.Cryptography.Pkcs (>= 8.0.1)
      System.ServiceModel.Http (>= 6.2)
    DevExpress.Reporting.Core (24.2.6)
      DevExpress.Charts (24.2.6)
      DevExpress.Charts.Core (24.2.6)
      DevExpress.CodeParser (24.2.6)
      DevExpress.Data (24.2.6)
      DevExpress.DataAccess (24.2.6)
      DevExpress.Drawing (24.2.6)
      DevExpress.Gauges.Core (24.2.6)
      DevExpress.Office.Core (24.2.6)
      DevExpress.Pdf.Core (24.2.6)
      DevExpress.Pdf.Drawing (24.2.6)
      DevExpress.PivotGrid.Core (24.2.6)
      DevExpress.Printing.Core (24.2.6)
      DevExpress.RichEdit.Core (24.2.6)
      DevExpress.RichEdit.Export (24.2.6)
      DevExpress.Sparkline.Core (24.2.6)
      DevExpress.Xpo (24.2.6)
      System.CodeDom (>= 4.4)
      System.Drawing.Common (>= 4.7.2)
    DevExpress.RichEdit.Core (24.2.6)
      DevExpress.Data (24.2.6)
      DevExpress.Drawing (24.2.6)
      DevExpress.Office.Core (24.2.6)
      DevExpress.Pdf.Core (24.2.6)
      DevExpress.Printing.Core (24.2.6)
      System.Drawing.Common (>= 4.7.2)
    DevExpress.RichEdit.Export (24.2.6)
      DevExpress.Data (24.2.6)
      DevExpress.Drawing (24.2.6)
      DevExpress.Office.Core (24.2.6)
      DevExpress.Printing.Core (24.2.6)
      DevExpress.RichEdit.Core (24.2.6)
      System.Drawing.Common (>= 4.7.2)
    DevExpress.Scheduler.Core (24.2.6)
      DevExpress.Data (24.2.6)
      System.Drawing.Common (>= 4.7.2)
    DevExpress.Sparkline.Core (24.2.6)
      DevExpress.Data (24.2.6)
      DevExpress.Drawing (24.2.6)
      System.Drawing.Common (>= 4.7.2)
    DevExpress.SpellChecker.Core (24.2.6)
      DevExpress.Data (24.2.6)
    DevExpress.Spreadsheet.Core (24.2.6)
      DevExpress.Data (24.2.6)
      DevExpress.DataAccess (24.2.6)
      DevExpress.DataVisualization.Core (24.2.6)
      DevExpress.Drawing (24.2.6)
      DevExpress.Office.Core (24.2.6)
      DevExpress.Pdf.Core (24.2.6)
      DevExpress.Printing.Core (24.2.6)
      DevExpress.Sparkline.Core (24.2.6)
      System.Drawing.Common (>= 4.7.2)
    DevExpress.TreeMap (24.2.6)
      DevExpress.Data (24.2.6)
      DevExpress.DataVisualization.Core (24.2.6)
      DevExpress.Drawing (24.2.6)
      DevExpress.Printing.Core (24.2.6)
      DevExpress.TreeMap.Core (24.2.6)
      System.Drawing.Common (>= 4.7.2)
    DevExpress.TreeMap.Core (24.2.6)
      DevExpress.Data (24.2.6)
    DevExpress.Utils (24.2.6)
    DevExpress.Web.Dashboard.Common (24.2.6)
      DevExpress.Dashboard.Core (24.2.6)
      DevExpress.Data (24.2.6)
      DevExpress.DataAccess (24.2.6)
      DevExpress.Drawing (24.2.6)
      DevExpress.PivotGrid.Core (24.2.6)
      DevExpress.Printing.Core (24.2.6)
      DevExpress.Reporting.Core (24.2.6)
    DevExpress.Web.Reporting.Common (24.2.6)
      DevExpress.Charts (24.2.6)
      DevExpress.Charts.Core (24.2.6)
      DevExpress.Data (24.2.6)
      DevExpress.DataAccess (24.2.6)
      DevExpress.Drawing (24.2.6)
      DevExpress.Gauges.Core (24.2.6)
      DevExpress.PivotGrid.Core (24.2.6)
      DevExpress.Printing.Core (24.2.6)
      DevExpress.Reporting.Core (24.2.6)
      DevExpress.Sparkline.Core (24.2.6)
      DevExpress.Xpo (24.2.6)
    DevExpress.Web.Reporting.Common.Services (24.2.6)
      DevExpress.Data (24.2.6)
      DevExpress.DataAccess (24.2.6)
      DevExpress.Reporting.Core (24.2.6)
      DevExpress.Web.Reporting.Common (24.2.6)
    DevExpress.Web.Resources (24.2.6)
      DevExpress.AspNetCore.Core (24.2.6)
      DevExpress.Data (24.2.6)
    DevExpress.Win.SpellChecker (24.2.6)
